{
  "bids_meta": {
    "AcquisitionDateTime": "20200211140929.945000",
    "ConversionSoftware": "dicm2nii.m 20180808",
    "DeviceSerialNumber": "167032",
    "EchoTime": 0.00334,
    "FlipAngle": 7,
    "ImageType": [
      "ORIGINAL",
      "PRIMARY",
      "M",
      "ND"
    ],
    "InstitutionAddress": "Queen Square 12,London,Southeast,GB,WC1N 3BG",
    "InstitutionName": "FIL",
    "InversionTime": 1.1,
    "MRAcquisitionType": "3D",
    "Manufacturer": "SIEMENS",
    "Modality": "MR",
    "PatientName": "MP02973",
    "PatientPosition": "HFS",
    "PhaseEncodingDirection": "j-",
    "RepetitionTime": 2.53,
    "ScanOptions": "IR",
    "ScanningSequence": "GR\\IR",
    "SequenceName": "*tfl3d1_16ns",
    "SequenceVariant": "SK\\SP\\MP",
    "SeriesDescription": "MPRAGE_64ch_Head",
    "SeriesNumber": 2,
    "SliceThickness": 1,
    "SoftwareVersion": "syngo MR E11",
    "dataset": "ds004081",
    "modality": "T1w",
    "subject_id": "MP02973"
  },
  "cjv": 0.5058231321661141,
  "cnr": 2.392064516107957,
  "efc": 0.5498358346588212,
  "fber": 4699.776136857228,
  "fwhm_avg": 3.958736666666667,
  "fwhm_x": 4.07501,
  "fwhm_y": 4.01874,
  "fwhm_z": 3.78246,
  "icvs_csf": 0.20029958202831333,
  "icvs_gm": 0.4200573613037056,
  "icvs_wm": 0.3796430566679811,
  "inu_med": 1.023037612438202,
  "inu_range": 0.9798827707767485,
  "provenance": {
    "md5sum": "ab9296c73f4b2dc66b35bf0dac4ca49d",
    "settings": {
      "testing": false
    },
    "software": "mriqc",
    "version": "23.0.1",
    "warnings": {
      "large_rot_frame": true,
      "small_air_mask": false
    },
    "webapi_port": null,
    "webapi_url": "https://mriqc.nimh.nih.gov/api/v1"
  },
  "qi_1": 0.0,
  "qi_2": 0.00281480793797767,
  "rpve_csf": 23.121869223753137,
  "rpve_gm": 10.8421490834392,
  "rpve_wm": 13.145457351235754,
  "size_x": 176,
  "size_y": 256,
  "size_z": 256,
  "snr_csf": 1.1582024437218055,
  "snr_gm": 7.542928851430092,
  "snr_total": 5.422409931778783,
  "snr_wm": 7.566098500184451,
  "snrd_csf": 6.452174264275839,
  "snrd_gm": 38.82220623786031,
  "snrd_total": 35.76830703926046,
  "snrd_wm": 62.03054061564524,
  "spacing_x": 1.0,
  "spacing_y": 1.0,
  "spacing_z": 1.0,
  "summary_bg_k": 3.8912049023663435,
  "summary_bg_mad": 0.0,
  "summary_bg_mean": 7.3400072050225065,
  "summary_bg_median": 0.0,
  "summary_bg_n": 2262011.0,
  "summary_bg_p05": 0.0,
  "summary_bg_p95": 28.03444553911686,
  "summary_bg_stdv": 10.562841227528002,
  "summary_csf_k": 8.094595771572722,
  "summary_csf_mad": 59.08415325033863,
  "summary_csf_mean": 127.44430723678587,
  "summary_csf_median": 104.02916450053453,
  "summary_csf_n": 50214.0,
  "summary_csf_p05": 37.965930730104446,
  "summary_csf_p95": 310.0760534629226,
  "summary_csf_stdv": 89.81860572053176,
  "summary_gm_k": 0.19260492914508998,
  "summary_gm_mad": 79.95931149651506,
  "summary_gm_mean": 630.6083280399924,
  "summary_gm_median": 625.9349970370531,
  "summary_gm_n": 30110.0,
  "summary_gm_p05": 500.3739954974502,
  "summary_gm_p95": 772.2672598510981,
  "summary_gm_stdv": 82.98163951181485,
  "summary_wm_k": 1.4339042229509555,
  "summary_wm_mad": 109.31500278020066,
  "summary_wm_mean": 1026.0005481701216,
  "summary_wm_median": 1000.1257017329335,
  "summary_wm_n": 211736.0,
  "summary_wm_p05": 854.4220139309764,
  "summary_wm_p95": 1287.3216247558594,
  "summary_wm_stdv": 132.18481625341133,
  "tpm_overlap_csf": 0.16675182691510582,
  "tpm_overlap_gm": 0.4365801250558361,
  "tpm_overlap_wm": 0.46211555452296366,
  "wm2max": 0.27560582702534164
}