{
  "bids_meta": {
    "AcquisitionDateTime": "20200121103425.607500",
    "ConversionSoftware": "dicm2nii.m 20180808",
    "DeviceSerialNumber": "167032",
    "EchoTime": 0.00334,
    "FlipAngle": 7,
    "ImageType": [
      "ORIGINAL",
      "PRIMARY",
      "M",
      "ND"
    ],
    "InstitutionAddress": "Queen Square 12,London,Southeast,GB,WC1N 3BG",
    "InstitutionName": "FIL",
    "InversionTime": 1.1,
    "MRAcquisitionType": "3D",
    "Manufacturer": "SIEMENS",
    "Modality": "MR",
    "PatientName": "MP02936",
    "PatientPosition": "HFS",
    "PhaseEncodingDirection": "j-",
    "RepetitionTime": 2.53,
    "ScanOptions": "IR",
    "ScanningSequence": "GR\\IR",
    "SequenceName": "*tfl3d1_16ns",
    "SequenceVariant": "SK\\SP\\MP",
    "SeriesDescription": "MPRAGE_64ch_Head",
    "SeriesNumber": 2,
    "SliceThickness": 1,
    "SoftwareVersion": "syngo MR E11",
    "dataset": "ds004081",
    "modality": "T1w",
    "subject_id": "MP02936"
  },
  "cjv": 0.45911064981976446,
  "cnr": 2.6933850771029944,
  "efc": 0.4983513815317841,
  "fber": -1.0,
  "fwhm_avg": 4.1548066666666665,
  "fwhm_x": 4.15195,
  "fwhm_y": 4.308,
  "fwhm_z": 4.00447,
  "icvs_csf": 0.18540828648501703,
  "icvs_gm": 0.4038232971389929,
  "icvs_wm": 0.41076841637599004,
  "inu_med": 1.025644302368164,
  "inu_range": 0.9100585579872129,
  "provenance": {
    "md5sum": "b0f94ea9a20af6d19a4a0a615e755b21",
    "settings": {
      "testing": false
    },
    "software": "mriqc",
    "version": "23.0.1",
    "warnings": {
      "large_rot_frame": true,
      "small_air_mask": false
    },
    "webapi_port": null,
    "webapi_url": "https://mriqc.nimh.nih.gov/api/v1"
  },
  "qi_1": 0.0,
  "qi_2": 0.0031066173671951236,
  "rpve_csf": 25.84518688699216,
  "rpve_gm": 12.236248755275263,
  "rpve_wm": 14.15669747759749,
  "size_x": 176,
  "size_y": 256,
  "size_z": 256,
  "snr_csf": 1.0337050735278281,
  "snr_gm": 8.203333478443065,
  "snr_total": 6.47481870880092,
  "snr_wm": 10.187417574431866,
  "snrd_csf": 9.211696129115122,
  "snrd_gm": 46.98555810504254,
  "snrd_total": 42.54406936132185,
  "snrd_wm": 71.4349538498079,
  "spacing_x": 1.0,
  "spacing_y": 1.0,
  "spacing_z": 1.0,
  "summary_bg_k": 3.355781503324325,
  "summary_bg_mad": 0.0,
  "summary_bg_mean": 6.549822996011364,
  "summary_bg_median": 0.0,
  "summary_bg_n": 2846612.0,
  "summary_bg_p05": 0.0,
  "summary_bg_p95": 25.32289843261242,
  "summary_bg_stdv": 9.172257032488314,
  "summary_csf_k": 4.417138767161133,
  "summary_csf_mad": 94.89710579787513,
  "summary_csf_mean": 166.41495175530082,
  "summary_csf_median": 128.9686309620738,
  "summary_csf_n": 23305.0,
  "summary_csf_p05": 32.58891602307558,
  "summary_csf_p95": 412.9159453466534,
  "summary_csf_stdv": 124.76079228172834,
  "summary_gm_k": 0.26994148919145067,
  "summary_gm_mad": 75.55922638578328,
  "summary_gm_mean": 661.198813125796,
  "summary_gm_median": 657.8227308914065,
  "summary_gm_n": 21653.0,
  "summary_gm_p05": 534.3640572264791,
  "summary_gm_p95": 800.2417656943201,
  "summary_gm_stdv": 80.18783368232133,
  "summary_wm_k": 1.4106988267869287,
  "summary_wm_mad": 81.59641800711927,
  "summary_wm_mean": 1017.9653468497776,
  "summary_wm_median": 1000.127237342298,
  "summary_wm_n": 236045.0,
  "summary_wm_p05": 889.8644660264254,
  "summary_wm_p95": 1211.108974032104,
  "summary_wm_stdv": 98.17258510542051,
  "tpm_overlap_csf": 0.17404490518798382,
  "tpm_overlap_gm": 0.4566700982474736,
  "tpm_overlap_wm": 0.5085105992182422,
  "wm2max": 0.28078166586285125
}