{
  "bids_meta": {
    "AcquisitionDateTime": "20200205101823.152500",
    "ConversionSoftware": "dicm2nii.m 20180808",
    "DeviceSerialNumber": "167032",
    "EchoTime": 0.00334,
    "FlipAngle": 7,
    "ImageType": [
      "ORIGINAL",
      "PRIMARY",
      "M",
      "ND"
    ],
    "InstitutionAddress": "Queen Square 12,London,Southeast,GB,WC1N 3BG",
    "InstitutionName": "Functional Imaging Laboratory",
    "InversionTime": 1.1,
    "MRAcquisitionType": "3D",
    "Manufacturer": "SIEMENS",
    "Modality": "MR",
    "PatientName": "MP02964",
    "PatientPosition": "HFS",
    "PhaseEncodingDirection": "j-",
    "RepetitionTime": 2.53,
    "ScanOptions": "IR",
    "ScanningSequence": "GR\\IR",
    "SequenceName": "*tfl3d1_16ns",
    "SequenceVariant": "SK\\SP\\MP",
    "SeriesDescription": "MPRAGE_64ch_Head",
    "SeriesNumber": 2,
    "SliceThickness": 1,
    "SoftwareVersion": "syngo MR E11",
    "dataset": "ds004081",
    "modality": "T1w",
    "subject_id": "MP02964"
  },
  "cjv": 0.41958554654649227,
  "cnr": 3.0271954371005263,
  "efc": 0.5027563360339529,
  "fber": 8619.875306304299,
  "fwhm_avg": 3.9194633333333333,
  "fwhm_x": 4.03734,
  "fwhm_y": 4.00999,
  "fwhm_z": 3.71106,
  "icvs_csf": 0.19633611256680114,
  "icvs_gm": 0.43667034617131384,
  "icvs_wm": 0.366993541261885,
  "inu_med": 0.9777451157569885,
  "inu_range": 0.9621062994003293,
  "provenance": {
    "md5sum": "53445ab0ef0865b985d8854917dee59d",
    "settings": {
      "testing": false
    },
    "software": "mriqc",
    "version": "23.0.1",
    "warnings": {
      "large_rot_frame": true,
      "small_air_mask": false
    },
    "webapi_port": null,
    "webapi_url": "https://mriqc.nimh.nih.gov/api/v1"
  },
  "qi_1": 0.0,
  "qi_2": 0.0030268335287617232,
  "rpve_csf": 28.948423186342442,
  "rpve_gm": 13.404977034507125,
  "rpve_wm": 17.51397797799023,
  "size_x": 176,
  "size_y": 256,
  "size_z": 256,
  "snr_csf": 1.2060205774200545,
  "snr_gm": 9.155695008609184,
  "snr_total": 7.120417065299378,
  "snr_wm": 10.999535609868895,
  "snrd_csf": 7.811906382901362,
  "snrd_gm": 43.8155574875831,
  "snrd_total": 39.69061609477688,
  "snrd_wm": 67.44438441384617,
  "spacing_x": 1.0,
  "spacing_y": 1.0,
  "spacing_z": 1.0,
  "summary_bg_k": 3.1752991534611823,
  "summary_bg_mad": 0.0,
  "summary_bg_mean": 6.92219430442429,
  "summary_bg_median": 0.0,
  "summary_bg_n": 2424593.0,
  "summary_bg_p05": 0.0,
  "summary_bg_p95": 27.749897241592407,
  "summary_bg_stdv": 9.714875161427393,
  "summary_csf_k": 4.976391192377403,
  "summary_csf_mad": 59.218304378850036,
  "summary_csf_mean": 141.06417822552558,
  "summary_csf_median": 115.84106040000916,
  "summary_csf_n": 26410.0,
  "summary_csf_p05": 39.97166049480438,
  "summary_csf_p95": 349.20883985161777,
  "summary_csf_stdv": 96.0504898666876,
  "summary_gm_k": 0.31652915161884554,
  "summary_gm_mad": 68.14700659118219,
  "summary_gm_mean": 650.0980843651109,
  "summary_gm_median": 649.7313706278801,
  "summary_gm_n": 22864.0,
  "summary_gm_p05": 533.1522810459137,
  "summary_gm_p95": 767.4322645664215,
  "summary_gm_stdv": 70.96317223874676,
  "summary_wm_k": 1.1852268684368026,
  "summary_wm_mad": 78.87020287560071,
  "summary_wm_mean": 1008.7790451285838,
  "summary_wm_median": 1000.1181050539017,
  "summary_wm_n": 156258.0,
  "summary_wm_p05": 874.8302711248398,
  "summary_wm_p95": 1172.7578912973404,
  "summary_wm_stdv": 90.92337534117196,
  "tpm_overlap_csf": 0.17033039355767846,
  "tpm_overlap_gm": 0.4681475744272104,
  "tpm_overlap_wm": 0.4760777311183392,
  "wm2max": 0.324981294246302
}