{
  "aor": 0.003218516483516484,
  "aqi": 0.005237174120879122,
  "bids_meta": {
    "AcquisitionDateTime": "20200217115354.630000",
    "ConversionSoftware": "dicm2nii.m 20180808",
    "DeviceSerialNumber": "167032",
    "EchoTime": 0.03,
    "EchoTime1": 0.03,
    "EchoTime2": 0.03,
    "EffectiveEchoSpacing": 0.00048611111,
    "FlipAngle": 90,
    "ImageType": [
      "ORIGINAL",
      "PRIMARY",
      "M",
      "ND",
      "MOSAIC"
    ],
    "InstitutionAddress": "Queen Square 12,London,Southeast,GB,WC1N 3BG",
    "InstitutionName": "Functional Imaging Laboratory",
    "MRAcquisitionType": "2D",
    "Manufacturer": "SIEMENS",
    "Modality": "MR",
    "PatientName": "MP02984",
    "PatientPosition": "HFS",
    "PhaseEncodingDirection": "j-",
    "RepetitionTime": 3.36,
    "ScanOptions": "FS",
    "ScanningSequence": "RM",
    "SequenceName": "ep2dv2o2d1",
    "SequenceVariant": "SP\\OSP",
    "SeriesDescription": "nc_epi2d_v2o_3mm_OFC_64ch",
    "SeriesNumber": 9,
    "SliceThickness": 2.5,
    "SliceTiming": [
      0,
      0,
      0,
      0,
      0,
      0,
      0,
      0,
      0,
      0,
      0,
      0,
      0,
      0,
      0,
      0,
      0,
      0,
      0,
      0,
      0,
      0,
      0,
      0,
      0,
      0,
      0,
      0,
      0,
      0,
      0,
      0,
      0,
      0,
      0,
      0,
      0,
      0,
      0,
      0,
      0,
      0,
      0,
      0,
      0,
      0,
      0,
      0
    ],
    "SoftwareVersion": "syngo MR E11",
    "TotalReadoutTime": 0.030625,
    "dataset": "ds004081",
    "deltaTE": 0,
    "modality": "bold",
    "run_id": 4,
    "subject_id": "MP02984",
    "task_id": "unequalVariance"
  },
  "dummy_trs": 2,
  "dvars_nstd": 33.54824503502764,
  "dvars_std": 1.3805169138674034,
  "dvars_vstd": 0.9699187265745851,
  "efc": 0.5746083333513117,
  "fber": 186.4884490966797,
  "fd_mean": 0.0902344058566716,
  "fd_num": 19,
  "fd_perc": 10.43956043956044,
  "fwhm_avg": 2.7706222222222223,
  "fwhm_x": 2.6760466666666667,
  "fwhm_y": 2.7618466666666666,
  "fwhm_z": 2.8739733333333333,
  "gcor": 0.0115779,
  "gsr_x": 0.0006844044546596706,
  "gsr_y": 0.04010675847530365,
  "provenance": {
    "md5sum": "76f3d6e03b9905b8c8c4a35a1b84fcca",
    "settings": {
      "fd_thres": 0.2,
      "testing": false
    },
    "software": "mriqc",
    "version": "23.0.1",
    "webapi_port": null,
    "webapi_url": "https://mriqc.nimh.nih.gov/api/v1"
  },
  "size_t": 182,
  "size_x": 64,
  "size_y": 64,
  "size_z": 48,
  "snr": 2.1951348224982126,
  "spacing_tr": 3.359999895095825,
  "spacing_x": 3.0,
  "spacing_y": 3.0,
  "spacing_z": 3.0,
  "summary_bg_k": 20.19530470478437,
  "summary_bg_mad": 10.89957012475174,
  "summary_bg_mean": 96.94647216796875,
  "summary_bg_median": 56.642860412597656,
  "summary_bg_n": 115356.0,
  "summary_bg_p05": 48.505496978759766,
  "summary_bg_p95": 302.9725341796875,
  "summary_bg_stdv": 103.95639038085938,
  "summary_fg_k": 1.5350085512894962,
  "summary_fg_mad": 340.36308345096944,
  "summary_fg_mean": 867.6133422851562,
  "summary_fg_median": 794.532958984375,
  "summary_fg_n": 38268.0,
  "summary_fg_p05": 432.3406677246094,
  "summary_fg_p95": 1566.9502868652344,
  "summary_fg_stdv": 361.9470520019531,
  "tsnr": 56.98237987514585
}