{
  "aor": 0.0017331693989071039,
  "aqi": 0.005343553497267759,
  "bids_meta": {
    "AcquisitionDateTime": "20201125152039.507500",
    "ConversionSoftware": "dicm2nii.m 20180808",
    "DeviceSerialNumber": "167032",
    "EchoTime": 0.03,
    "EchoTime1": 0.03,
    "EchoTime2": 0.03,
    "EffectiveEchoSpacing": 0.00048611111,
    "FlipAngle": 90,
    "ImageType": [
      "ORIGINAL",
      "PRIMARY",
      "M",
      "ND",
      "MOSAIC"
    ],
    "InstitutionAddress": "Queen Square 12,London,Southeast,GB,WC1N 3BG",
    "InstitutionName": "Functional Imaging Laboratory",
    "MRAcquisitionType": "2D",
    "Manufacturer": "SIEMENS",
    "Modality": "MR",
    "PatientName": "MP03058",
    "PatientPosition": "HFS",
    "PhaseEncodingDirection": "j-",
    "RepetitionTime": 3.36,
    "ScanOptions": "FS",
    "ScanningSequence": "RM",
    "SequenceName": "ep2dv2o2d1",
    "SequenceVariant": "SP\\OSP",
    "SeriesDescription": "nc_epi2d_v2o_3mm_OFC_64ch",
    "SeriesNumber": 9,
    "SliceThickness": 2.5,
    "SliceTiming": [
      0,
      0.07,
      0.14,
      0.21,
      0.28,
      0.35,
      0.42,
      0.49,
      0.56,
      0.63,
      0.7,
      0.77,
      0.84,
      0.91,
      0.98,
      1.05,
      1.12,
      1.19,
      1.26,
      1.33,
      1.4,
      1.47,
      1.54,
      1.61,
      1.68,
      1.75,
      1.82,
      1.89,
      1.96,
      2.03,
      2.1,
      2.17,
      2.24,
      2.31,
      2.38,
      2.45,
      2.52,
      2.59,
      2.66,
      2.73,
      2.8,
      2.87,
      2.94,
      3.01,
      3.08,
      3.15,
      3.22,
      3.29
    ],
    "SoftwareVersion": "syngo MR E11",
    "TotalReadoutTime": 0.030625,
    "dataset": "ds004081",
    "deltaTE": 0,
    "modality": "bold",
    "run_id": 3,
    "subject_id": "MP03058",
    "task_id": "unequalVariance"
  },
  "dummy_trs": 1,
  "dvars_nstd": 33.48614986120877,
  "dvars_std": 1.2739070226923077,
  "dvars_vstd": 0.9799158469230772,
  "efc": 0.5881358670118829,
  "fber": 178.3767547607422,
  "fd_mean": 0.1742688016017225,
  "fd_num": 61,
  "fd_perc": 33.333333333333336,
  "fwhm_avg": 2.6092277777777775,
  "fwhm_x": 2.5002066666666667,
  "fwhm_y": 2.64209,
  "fwhm_z": 2.6853866666666666,
  "gcor": 0.0485104,
  "gsr_x": -0.015684811398386955,
  "gsr_y": 0.042168065905570984,
  "provenance": {
    "md5sum": "5f8473797a412c5d49755e08d4cc60dd",
    "settings": {
      "fd_thres": 0.2,
      "testing": false
    },
    "software": "mriqc",
    "version": "23.0.1",
    "webapi_port": null,
    "webapi_url": "https://mriqc.nimh.nih.gov/api/v1"
  },
  "size_t": 183,
  "size_x": 64,
  "size_y": 64,
  "size_z": 48,
  "snr": 2.20727481127743,
  "spacing_tr": 3.359999895095825,
  "spacing_x": 3.0,
  "spacing_y": 3.0,
  "spacing_z": 3.0,
  "summary_bg_k": 29.181657888473154,
  "summary_bg_mad": 10.27288982643241,
  "summary_bg_mean": 92.70532989501953,
  "summary_bg_median": 56.30601119995117,
  "summary_bg_n": 108636.0,
  "summary_bg_p05": 48.04917907714844,
  "summary_bg_p95": 280.0450668334961,
  "summary_bg_stdv": 97.89856719970703,
  "summary_fg_k": 1.4009770162916286,
  "summary_fg_mad": 321.70033937489666,
  "summary_fg_mean": 858.9833374023438,
  "summary_fg_median": 782.158447265625,
  "summary_fg_n": 41941.0,
  "summary_fg_p05": 436.6448059082031,
  "summary_fg_p95": 1559.0928955078125,
  "summary_fg_stdv": 354.3505859375,
  "tsnr": 53.55169002804905
}