{
  "aor": 0.0019424725274725275,
  "aqi": 0.0039473490659340665,
  "bids_meta": {
    "AcquisitionDateTime": "20201125150803.757500",
    "ConversionSoftware": "dicm2nii.m 20180808",
    "DeviceSerialNumber": "167032",
    "EchoTime": 0.03,
    "EchoTime1": 0.03,
    "EchoTime2": 0.03,
    "EffectiveEchoSpacing": 0.00048611111,
    "FlipAngle": 90,
    "ImageType": [
      "ORIGINAL",
      "PRIMARY",
      "M",
      "ND",
      "MOSAIC"
    ],
    "InstitutionAddress": "Queen Square 12,London,Southeast,GB,WC1N 3BG",
    "InstitutionName": "Functional Imaging Laboratory",
    "MRAcquisitionType": "2D",
    "Manufacturer": "SIEMENS",
    "Modality": "MR",
    "PatientName": "MP03058",
    "PatientPosition": "HFS",
    "PhaseEncodingDirection": "j-",
    "RepetitionTime": 3.36,
    "ScanOptions": "FS",
    "ScanningSequence": "RM",
    "SequenceName": "ep2dv2o2d1",
    "SequenceVariant": "SP\\OSP",
    "SeriesDescription": "nc_epi2d_v2o_3mm_OFC_64ch",
    "SeriesNumber": 8,
    "SliceThickness": 2.5,
    "SliceTiming": [
      0,
      0.07,
      0.14,
      0.21,
      0.28,
      0.35,
      0.42,
      0.49,
      0.56,
      0.63,
      0.7,
      0.77,
      0.84,
      0.91,
      0.98,
      1.05,
      1.12,
      1.19,
      1.26,
      1.33,
      1.4,
      1.47,
      1.54,
      1.61,
      1.68,
      1.75,
      1.82,
      1.89,
      1.96,
      2.03,
      2.1,
      2.17,
      2.24,
      2.31,
      2.38,
      2.45,
      2.52,
      2.59,
      2.66,
      2.73,
      2.8,
      2.87,
      2.94,
      3.01,
      3.08,
      3.15,
      3.22,
      3.29
    ],
    "SoftwareVersion": "syngo MR E11",
    "TotalReadoutTime": 0.030625,
    "dataset": "ds004081",
    "deltaTE": 0,
    "modality": "bold",
    "run_id": 2,
    "subject_id": "MP03058",
    "task_id": "unequalVariance"
  },
  "dummy_trs": 2,
  "dvars_nstd": 29.845445243259658,
  "dvars_std": 1.3232974697237572,
  "dvars_vstd": 1.0097391587292819,
  "efc": 0.5869866827789176,
  "fber": 180.4739990234375,
  "fd_mean": 0.1377382176010126,
  "fd_num": 22,
  "fd_perc": 12.087912087912088,
  "fwhm_avg": 2.6172122222222223,
  "fwhm_x": 2.50239,
  "fwhm_y": 2.6428866666666666,
  "fwhm_z": 2.70636,
  "gcor": 0.0588006,
  "gsr_x": -0.01564825139939785,
  "gsr_y": 0.04184645786881447,
  "provenance": {
    "md5sum": "d261422f590345de3cbe6490533d6e70",
    "settings": {
      "fd_thres": 0.2,
      "testing": false
    },
    "software": "mriqc",
    "version": "23.0.1",
    "webapi_port": null,
    "webapi_url": "https://mriqc.nimh.nih.gov/api/v1"
  },
  "size_t": 182,
  "size_x": 64,
  "size_y": 64,
  "size_z": 48,
  "snr": 2.2034722923581764,
  "spacing_tr": 3.359999895095825,
  "spacing_x": 3.0,
  "spacing_y": 3.0,
  "spacing_z": 3.0,
  "summary_bg_k": 30.24554070194776,
  "summary_bg_mad": 9.588038045575088,
  "summary_bg_mean": 91.6737289428711,
  "summary_bg_median": 56.087913513183594,
  "summary_bg_n": 108428.0,
  "summary_bg_p05": 48.70879364013672,
  "summary_bg_p95": 273.7030334472655,
  "summary_bg_stdv": 96.04779052734375,
  "summary_fg_k": 1.3610684262952413,
  "summary_fg_mad": 323.7938001307571,
  "summary_fg_mean": 859.7139892578125,
  "summary_fg_median": 782.5906982421875,
  "summary_fg_n": 42058.0,
  "summary_fg_p05": 434.7250061035156,
  "summary_fg_p95": 1560.3865661621094,
  "summary_fg_stdv": 355.15826416015625,
  "tsnr": 61.45161103690043
}