{
  "aor": 0.0024820218579234975,
  "aqi": 0.005978334098360656,
  "bids_meta": {
    "AcquisitionDateTime": "20201125153229.800000",
    "ConversionSoftware": "dicm2nii.m 20180808",
    "DeviceSerialNumber": "167032",
    "EchoTime": 0.03,
    "EchoTime1": 0.03,
    "EchoTime2": 0.03,
    "EffectiveEchoSpacing": 0.00048611111,
    "FlipAngle": 90,
    "ImageType": [
      "ORIGINAL",
      "PRIMARY",
      "M",
      "ND",
      "MOSAIC"
    ],
    "InstitutionAddress": "Queen Square 12,London,Southeast,GB,WC1N 3BG",
    "InstitutionName": "Functional Imaging Laboratory",
    "MRAcquisitionType": "2D",
    "Manufacturer": "SIEMENS",
    "Modality": "MR",
    "PatientName": "MP03058",
    "PatientPosition": "HFS",
    "PhaseEncodingDirection": "j-",
    "RepetitionTime": 3.36,
    "ScanOptions": "FS",
    "ScanningSequence": "RM",
    "SequenceName": "ep2dv2o2d1",
    "SequenceVariant": "SP\\OSP",
    "SeriesDescription": "nc_epi2d_v2o_3mm_OFC_64ch",
    "SeriesNumber": 10,
    "SliceThickness": 2.5,
    "SliceTiming": [
      0,
      0.07,
      0.14,
      0.21,
      0.28,
      0.35,
      0.42,
      0.49,
      0.56,
      0.63,
      0.7,
      0.77,
      0.84,
      0.91,
      0.98,
      1.05,
      1.12,
      1.19,
      1.26,
      1.33,
      1.4,
      1.47,
      1.54,
      1.61,
      1.68,
      1.75,
      1.82,
      1.89,
      1.96,
      2.03,
      2.1,
      2.17,
      2.24,
      2.31,
      2.38,
      2.45,
      2.52,
      2.59,
      2.66,
      2.73,
      2.8,
      2.87,
      2.94,
      3.01,
      3.08,
      3.15,
      3.22,
      3.29
    ],
    "SoftwareVersion": "syngo MR E11",
    "TotalReadoutTime": 0.030625,
    "dataset": "ds004081",
    "deltaTE": 0,
    "modality": "bold",
    "run_id": 4,
    "subject_id": "MP03058",
    "task_id": "unequalVariance"
  },
  "dummy_trs": 1,
  "dvars_nstd": 34.297050821978004,
  "dvars_std": 1.3002985472527475,
  "dvars_vstd": 0.9956393238461544,
  "efc": 0.588095979839017,
  "fber": 179.13809204101562,
  "fd_mean": 0.1700495126496229,
  "fd_num": 57,
  "fd_perc": 31.147540983606557,
  "fwhm_avg": 2.6142644444444443,
  "fwhm_x": 2.5143233333333335,
  "fwhm_y": 2.66236,
  "fwhm_z": 2.66611,
  "gcor": 0.0426695,
  "gsr_x": -0.01511865109205246,
  "gsr_y": 0.04290014132857323,
  "provenance": {
    "md5sum": "f8ee5c79c0bcfb416c9b87268a8965bd",
    "settings": {
      "fd_thres": 0.2,
      "testing": false
    },
    "software": "mriqc",
    "version": "23.0.1",
    "webapi_port": null,
    "webapi_url": "https://mriqc.nimh.nih.gov/api/v1"
  },
  "size_t": 183,
  "size_x": 64,
  "size_y": 64,
  "size_z": 48,
  "snr": 2.207521726810113,
  "spacing_tr": 3.359999895095825,
  "spacing_x": 3.0,
  "spacing_y": 3.0,
  "spacing_z": 3.0,
  "summary_bg_k": 29.793418580932737,
  "summary_bg_mad": 9.665266337253303,
  "summary_bg_mean": 92.53945922851562,
  "summary_bg_median": 56.32786560058594,
  "summary_bg_n": 108489.0,
  "summary_bg_p05": 48.896175384521484,
  "summary_bg_p95": 276.98796997070275,
  "summary_bg_stdv": 97.74089813232422,
  "summary_fg_k": 1.3980316845303182,
  "summary_fg_mad": 324.0700687204237,
  "summary_fg_mean": 860.6486206054688,
  "summary_fg_median": 784.1830444335938,
  "summary_fg_n": 42064.0,
  "summary_fg_p05": 437.52156219482424,
  "summary_fg_p95": 1560.3728698730467,
  "summary_fg_stdv": 355.22808837890625,
  "tsnr": 51.5832333303988
}