{
  "aor": 0.0021557377049180324,
  "aqi": 0.0034885790710382507,
  "bids_meta": {
    "AcquisitionDateTime": "20201125145220.777500",
    "ConversionSoftware": "dicm2nii.m 20180808",
    "DeviceSerialNumber": "167032",
    "EchoTime": 0.03,
    "EchoTime1": 0.03,
    "EchoTime2": 0.03,
    "EffectiveEchoSpacing": 0.00048611111,
    "FlipAngle": 90,
    "ImageType": [
      "ORIGINAL",
      "PRIMARY",
      "M",
      "ND",
      "MOSAIC"
    ],
    "InstitutionAddress": "Queen Square 12,London,Southeast,GB,WC1N 3BG",
    "InstitutionName": "Functional Imaging Laboratory",
    "MRAcquisitionType": "2D",
    "Manufacturer": "SIEMENS",
    "Modality": "MR",
    "PatientName": "MP03058",
    "PatientPosition": "HFS",
    "PhaseEncodingDirection": "j-",
    "RepetitionTime": 3.36,
    "ScanOptions": "FS",
    "ScanningSequence": "RM",
    "SequenceName": "ep2dv2o2d1",
    "SequenceVariant": "SP\\OSP",
    "SeriesDescription": "nc_epi2d_v2o_3mm_OFC_64ch",
    "SeriesNumber": 7,
    "SliceThickness": 2.5,
    "SliceTiming": [
      0,
      0,
      0,
      0,
      0,
      0,
      0,
      0,
      0,
      0,
      0,
      0,
      0,
      0,
      0,
      0,
      0,
      0,
      0,
      0,
      0,
      0,
      0,
      0,
      0,
      0,
      0,
      0,
      0,
      0,
      0,
      0,
      0,
      0,
      0,
      0,
      0,
      0,
      0,
      0,
      0,
      0,
      0,
      0,
      0,
      0,
      0,
      0
    ],
    "SoftwareVersion": "syngo MR E11",
    "TotalReadoutTime": 0.030625,
    "dataset": "ds004081",
    "deltaTE": 0,
    "modality": "bold",
    "run_id": 1,
    "subject_id": "MP03058",
    "task_id": "unequalVariance"
  },
  "dummy_trs": 1,
  "dvars_nstd": 27.452486289450537,
  "dvars_std": 1.2580467030219775,
  "dvars_vstd": 0.9793465988461537,
  "efc": 0.5858720553831466,
  "fber": 184.0157012939453,
  "fd_mean": 0.12249330639789249,
  "fd_num": 16,
  "fd_perc": 8.743169398907105,
  "fwhm_avg": 2.61056,
  "fwhm_x": 2.49914,
  "fwhm_y": 2.637723333333333,
  "fwhm_z": 2.6948166666666666,
  "gcor": 0.0353981,
  "gsr_x": -0.014812903478741646,
  "gsr_y": 0.04042881354689598,
  "provenance": {
    "md5sum": "971093a3185ba197ff1274e95aff08e5",
    "settings": {
      "fd_thres": 0.2,
      "testing": false
    },
    "software": "mriqc",
    "version": "23.0.1",
    "webapi_port": null,
    "webapi_url": "https://mriqc.nimh.nih.gov/api/v1"
  },
  "size_t": 183,
  "size_x": 64,
  "size_y": 64,
  "size_z": 48,
  "snr": 2.2037634763722167,
  "spacing_tr": 3.359999895095825,
  "spacing_x": 3.0,
  "spacing_y": 3.0,
  "spacing_z": 3.0,
  "summary_bg_k": 32.471815891554876,
  "summary_bg_mad": 9.211579108996764,
  "summary_bg_mean": 90.94219207763672,
  "summary_bg_median": 55.721309661865234,
  "summary_bg_n": 108648.0,
  "summary_bg_p05": 48.814205169677734,
  "summary_bg_p95": 271.18196716308586,
  "summary_bg_stdv": 95.93887329101562,
  "summary_fg_k": 1.4006116486157856,
  "summary_fg_mad": 323.66091430569145,
  "summary_fg_mean": 862.1675415039062,
  "summary_fg_median": 784.2677612304688,
  "summary_fg_n": 41929.0,
  "summary_fg_p05": 437.2152893066406,
  "summary_fg_p95": 1564.5267578125,
  "summary_fg_stdv": 355.872314453125,
  "tsnr": 64.28810021420941
}