{
  "aor": 0.005367704918032786,
  "aqi": 0.0047640194535519135,
  "bids_meta": {
    "AcquisitionDateTime": "20200212142720.702500",
    "ConversionSoftware": "dicm2nii.m 20180808",
    "DeviceSerialNumber": "167032",
    "EchoTime": 0.03,
    "EchoTime1": 0.03,
    "EchoTime2": 0.03,
    "EffectiveEchoSpacing": 0.00048611111,
    "FlipAngle": 90,
    "ImageType": [
      "ORIGINAL",
      "PRIMARY",
      "M",
      "ND",
      "MOSAIC"
    ],
    "InstitutionAddress": "Queen Square 12,London,Southeast,GB,WC1N 3BG",
    "InstitutionName": "Functional Imaging Laboratory",
    "MRAcquisitionType": "2D",
    "Manufacturer": "SIEMENS",
    "Modality": "MR",
    "PatientName": "MP02975",
    "PatientPosition": "HFS",
    "PhaseEncodingDirection": "j-",
    "RepetitionTime": 3.36,
    "ScanOptions": "FS",
    "ScanningSequence": "RM",
    "SequenceName": "ep2dv2o2d1",
    "SequenceVariant": "SP\\OSP",
    "SeriesDescription": "nc_epi2d_v2o_3mm_OFC_64ch",
    "SeriesNumber": 6,
    "SliceThickness": 2.5,
    "SliceTiming": [
      0,
      0,
      0,
      0,
      0,
      0,
      0,
      0,
      0,
      0,
      0,
      0,
      0,
      0,
      0,
      0,
      0,
      0,
      0,
      0,
      0,
      0,
      0,
      0,
      0,
      0,
      0,
      0,
      0,
      0,
      0,
      0,
      0,
      0,
      0,
      0,
      0,
      0,
      0,
      0,
      0,
      0,
      0,
      0,
      0,
      0,
      0,
      0
    ],
    "SoftwareVersion": "syngo MR E11",
    "TotalReadoutTime": 0.030625,
    "dataset": "ds004081",
    "deltaTE": 0,
    "modality": "bold",
    "run_id": 1,
    "subject_id": "MP02975",
    "task_id": "unequalVariance"
  },
  "dummy_trs": 1,
  "dvars_nstd": 31.661928711648347,
  "dvars_std": 1.3962520415934065,
  "dvars_vstd": 0.9920494285714286,
  "efc": 0.5813674700171366,
  "fber": 185.0982208251953,
  "fd_mean": 0.06547597705985932,
  "fd_num": 0,
  "fd_perc": 0.0,
  "fwhm_avg": 2.614554444444444,
  "fwhm_x": 2.4836199999999997,
  "fwhm_y": 2.6138733333333333,
  "fwhm_z": 2.7461699999999998,
  "gcor": 0.0209654,
  "gsr_x": 0.009685120545327663,
  "gsr_y": 0.02998148277401924,
  "provenance": {
    "md5sum": "31a25e84bb01dc8e8fc4b6cda4b61f1b",
    "settings": {
      "fd_thres": 0.2,
      "testing": false
    },
    "software": "mriqc",
    "version": "23.0.1",
    "webapi_port": null,
    "webapi_url": "https://mriqc.nimh.nih.gov/api/v1"
  },
  "size_t": 183,
  "size_x": 64,
  "size_y": 64,
  "size_z": 48,
  "snr": 2.2529734271989104,
  "spacing_tr": 3.359999895095825,
  "spacing_x": 3.0,
  "spacing_y": 3.0,
  "spacing_z": 3.0,
  "summary_bg_k": 23.767591649317033,
  "summary_bg_mad": 10.823803825999107,
  "summary_bg_mean": 90.16012573242188,
  "summary_bg_median": 56.10928726196289,
  "summary_bg_n": 111225.0,
  "summary_bg_p05": 46.83060073852539,
  "summary_bg_p95": 264.61311645507755,
  "summary_bg_stdv": 94.29315948486328,
  "summary_fg_k": 1.7329199558145527,
  "summary_fg_mad": 308.31646999479204,
  "summary_fg_mean": 867.162841796875,
  "summary_fg_median": 787.9781494140625,
  "summary_fg_n": 40331.0,
  "summary_fg_p05": 455.66392517089844,
  "summary_fg_p95": 1560.6666259765625,
  "summary_fg_stdv": 349.7459716796875,
  "tsnr": 62.89369372255169
}