{
  "aor": 0.0017124725274725275,
  "aqi": 0.003202402087912088,
  "bids_meta": {
    "AcquisitionDateTime": "20200212151847.247500",
    "ConversionSoftware": "dicm2nii.m 20180808",
    "DeviceSerialNumber": "167032",
    "EchoTime": 0.03,
    "EchoTime1": 0.03,
    "EchoTime2": 0.03,
    "EffectiveEchoSpacing": 0.00052083333,
    "FlipAngle": 90,
    "ImageType": [
      "ORIGINAL",
      "PRIMARY",
      "M",
      "ND",
      "MOSAIC"
    ],
    "InstitutionAddress": "Queen Square 12,London,Southeast,GB,WC1N 3BG",
    "InstitutionName": "Functional Imaging Laboratory",
    "MRAcquisitionType": "2D",
    "Manufacturer": "SIEMENS",
    "Modality": "MR",
    "PatientName": "MP02975",
    "PatientPosition": "HFS",
    "PhaseEncodingDirection": "j-",
    "RepetitionTime": 3.36,
    "ScanOptions": "FS",
    "ScanningSequence": "RM",
    "SequenceName": "ep2dv2o2d1",
    "SequenceVariant": "SP\\OSP",
    "SeriesDescription": "nc_epi2d_v2o_3mm_OFC_64ch",
    "SeriesNumber": 10,
    "SliceThickness": 2.5,
    "SliceTiming": [
      0,
      0,
      0,
      0,
      0,
      0,
      0,
      0,
      0,
      0,
      0,
      0,
      0,
      0,
      0,
      0,
      0,
      0,
      0,
      0,
      0,
      0,
      0,
      0,
      0,
      0,
      0,
      0,
      0,
      0,
      0,
      0,
      0,
      0,
      0,
      0,
      0,
      0,
      0,
      0,
      0,
      0,
      0,
      0,
      0,
      0,
      0,
      0
    ],
    "SoftwareVersion": "syngo MR E11",
    "TotalReadoutTime": 0.0328125,
    "dataset": "ds004081",
    "deltaTE": 0,
    "modality": "bold",
    "run_id": 5,
    "subject_id": "MP02975",
    "task_id": "unequalVariance"
  },
  "dummy_trs": 2,
  "dvars_nstd": 24.66288841674033,
  "dvars_std": 1.2784610882320437,
  "dvars_vstd": 0.9960102134806629,
  "efc": 0.5838205989068933,
  "fber": 181.92855834960938,
  "fd_mean": 0.07206010854807136,
  "fd_num": 5,
  "fd_perc": 2.7472527472527473,
  "fwhm_avg": 2.602807777777778,
  "fwhm_x": 2.494943333333333,
  "fwhm_y": 2.5998733333333335,
  "fwhm_z": 2.7136066666666667,
  "gcor": 0.0133665,
  "gsr_x": 0.010347522795200348,
  "gsr_y": 0.02927321568131447,
  "provenance": {
    "md5sum": "e3c5ba168305f99244fa878b657054de",
    "settings": {
      "fd_thres": 0.2,
      "testing": false
    },
    "software": "mriqc",
    "version": "23.0.1",
    "webapi_port": null,
    "webapi_url": "https://mriqc.nimh.nih.gov/api/v1"
  },
  "size_t": 182,
  "size_x": 64,
  "size_y": 64,
  "size_z": 48,
  "snr": 2.246754641671632,
  "spacing_tr": 3.359999895095825,
  "spacing_x": 3.0,
  "spacing_y": 3.0,
  "spacing_z": 3.0,
  "summary_bg_k": 21.893474189881346,
  "summary_bg_mad": 10.598159215740173,
  "summary_bg_mean": 93.66596984863281,
  "summary_bg_median": 56.730770111083984,
  "summary_bg_n": 111488.0,
  "summary_bg_p05": 48.4945068359375,
  "summary_bg_p95": 284.2250061035155,
  "summary_bg_stdv": 99.40656280517578,
  "summary_fg_k": 1.7081530881313363,
  "summary_fg_mad": 311.6478909343845,
  "summary_fg_mean": 870.2730102539062,
  "summary_fg_median": 791.1483764648438,
  "summary_fg_n": 40243.0,
  "summary_fg_p05": 456.8263854980469,
  "summary_fg_p95": 1566.8126831054688,
  "summary_fg_stdv": 352.1250305175781,
  "tsnr": 76.21690298081376
}