{
  "aor": 0.005901428571428571,
  "aqi": 0.0037699955494505497,
  "bids_meta": {
    "AcquisitionDateTime": "20200212150740.727500",
    "ConversionSoftware": "dicm2nii.m 20180808",
    "DeviceSerialNumber": "167032",
    "EchoTime": 0.03,
    "EchoTime1": 0.03,
    "EchoTime2": 0.03,
    "EffectiveEchoSpacing": 0.00048611111,
    "FlipAngle": 90,
    "ImageType": [
      "ORIGINAL",
      "PRIMARY",
      "M",
      "ND",
      "MOSAIC"
    ],
    "InstitutionAddress": "Queen Square 12,London,Southeast,GB,WC1N 3BG",
    "InstitutionName": "Functional Imaging Laboratory",
    "MRAcquisitionType": "2D",
    "Manufacturer": "SIEMENS",
    "Modality": "MR",
    "PatientName": "MP02975",
    "PatientPosition": "HFS",
    "PhaseEncodingDirection": "j-",
    "RepetitionTime": 3.36,
    "ScanOptions": "FS",
    "ScanningSequence": "RM",
    "SequenceName": "ep2dv2o2d1",
    "SequenceVariant": "SP\\OSP",
    "SeriesDescription": "nc_epi2d_v2o_3mm_OFC_64ch",
    "SeriesNumber": 9,
    "SliceThickness": 2.5,
    "SliceTiming": [
      0,
      0.07,
      0.14,
      0.21,
      0.28,
      0.35,
      0.42,
      0.49,
      0.56,
      0.63,
      0.7,
      0.77,
      0.84,
      0.91,
      0.98,
      1.05,
      1.12,
      1.19,
      1.26,
      1.33,
      1.4,
      1.47,
      1.54,
      1.61,
      1.68,
      1.75,
      1.82,
      1.89,
      1.96,
      2.03,
      2.1,
      2.17,
      2.24,
      2.31,
      2.38,
      2.45,
      2.52,
      2.59,
      2.66,
      2.73,
      2.8,
      2.87,
      2.94,
      3.01,
      3.08,
      3.15,
      3.22,
      3.29
    ],
    "SoftwareVersion": "syngo MR E11",
    "TotalReadoutTime": 0.030625,
    "dataset": "ds004081",
    "deltaTE": 0,
    "modality": "bold",
    "run_id": 4,
    "subject_id": "MP02975",
    "task_id": "unequalVariance"
  },
  "dummy_trs": 2,
  "dvars_nstd": 26.54400271193369,
  "dvars_std": 1.3389712469060784,
  "dvars_vstd": 1.0421944677900552,
  "efc": 0.5837329645746625,
  "fber": 181.90634155273438,
  "fd_mean": 0.09416752050421243,
  "fd_num": 14,
  "fd_perc": 7.6923076923076925,
  "fwhm_avg": 2.609786666666667,
  "fwhm_x": 2.5070133333333335,
  "fwhm_y": 2.6064133333333332,
  "fwhm_z": 2.7159333333333335,
  "gcor": 0.0146804,
  "gsr_x": 0.011001325212419033,
  "gsr_y": 0.03062250092625618,
  "provenance": {
    "md5sum": "d56dbc58df5690959d06fab67fbbe70e",
    "settings": {
      "fd_thres": 0.2,
      "testing": false
    },
    "software": "mriqc",
    "version": "23.0.1",
    "webapi_port": null,
    "webapi_url": "https://mriqc.nimh.nih.gov/api/v1"
  },
  "size_t": 182,
  "size_x": 64,
  "size_y": 64,
  "size_z": 48,
  "snr": 2.2524859401791306,
  "spacing_tr": 3.359999895095825,
  "spacing_x": 3.0,
  "spacing_y": 3.0,
  "spacing_z": 3.0,
  "summary_bg_k": 21.376582433592258,
  "summary_bg_mad": 11.323177626220248,
  "summary_bg_mean": 93.46417236328125,
  "summary_bg_median": 56.71977996826172,
  "summary_bg_n": 111427.0,
  "summary_bg_p05": 47.335166931152344,
  "summary_bg_p95": 283.20056152343744,
  "summary_bg_stdv": 99.28633880615234,
  "summary_fg_k": 1.7113156356532446,
  "summary_fg_mad": 310.95545488848586,
  "summary_fg_mean": 868.111572265625,
  "summary_fg_median": 789.80224609375,
  "summary_fg_n": 40336.0,
  "summary_fg_p05": 455.11126708984375,
  "summary_fg_p95": 1561.9560852050781,
  "summary_fg_stdv": 350.6314697265625,
  "tsnr": 67.41377232712694
}