{
  "aor": 0.001282087912087912,
  "aqi": 0.004771542747252748,
  "bids_meta": {
    "AcquisitionDateTime": "20200122112525.157500",
    "ConversionSoftware": "dicm2nii.m 20180808",
    "DeviceSerialNumber": "167032",
    "EchoTime": 0.03,
    "EchoTime1": 0.03,
    "EchoTime2": 0.03,
    "EffectiveEchoSpacing": 0.00048611111,
    "FlipAngle": 90,
    "ImageType": [
      "ORIGINAL",
      "PRIMARY",
      "M",
      "ND",
      "MOSAIC"
    ],
    "InstitutionAddress": "Queen Square 12,London,Southeast,GB,WC1N 3BG",
    "InstitutionName": "FIL",
    "MRAcquisitionType": "2D",
    "Manufacturer": "SIEMENS",
    "Modality": "MR",
    "PatientName": "MP02937",
    "PatientPosition": "HFS",
    "PhaseEncodingDirection": "j-",
    "RepetitionTime": 3.36,
    "ScanOptions": "FS",
    "ScanningSequence": "RM",
    "SequenceName": "ep2dv2o2d1",
    "SequenceVariant": "SP\\OSP",
    "SeriesDescription": "nc_epi2d_v2o_3mm_OFC_64ch",
    "SeriesNumber": 11,
    "SliceThickness": 2.5,
    "SliceTiming": [
      0,
      0.07,
      0.14,
      0.21,
      0.28,
      0.35,
      0.42,
      0.49,
      0.56,
      0.63,
      0.7,
      0.77,
      0.84,
      0.91,
      0.98,
      1.05,
      1.12,
      1.19,
      1.26,
      1.33,
      1.4,
      1.47,
      1.54,
      1.61,
      1.68,
      1.75,
      1.82,
      1.89,
      1.96,
      2.03,
      2.1,
      2.17,
      2.24,
      2.31,
      2.38,
      2.45,
      2.52,
      2.59,
      2.66,
      2.73,
      2.8,
      2.87,
      2.94,
      3.01,
      3.08,
      3.15,
      3.22,
      3.29
    ],
    "SoftwareVersion": "syngo MR E11",
    "TotalReadoutTime": 0.030625,
    "dataset": "ds004081",
    "deltaTE": 0,
    "modality": "bold",
    "run_id": 4,
    "subject_id": "MP02937",
    "task_id": "unequalVariance"
  },
  "dummy_trs": 2,
  "dvars_nstd": 26.225831300331496,
  "dvars_std": 1.251731832983425,
  "dvars_vstd": 0.9696738179005525,
  "efc": 0.62919815303172,
  "fber": 140.34841918945312,
  "fd_mean": 0.07144410404357557,
  "fd_num": 7,
  "fd_perc": 3.8461538461538463,
  "fwhm_avg": 2.6756533333333334,
  "fwhm_x": 2.4985833333333334,
  "fwhm_y": 2.7220633333333333,
  "fwhm_z": 2.806313333333333,
  "gcor": 0.033028,
  "gsr_x": 0.013038607314229012,
  "gsr_y": 0.06371614336967468,
  "provenance": {
    "md5sum": "cab11c50a5bf14ebe644fcde5386af07",
    "settings": {
      "fd_thres": 0.2,
      "testing": false
    },
    "software": "mriqc",
    "version": "23.0.1",
    "webapi_port": null,
    "webapi_url": "https://mriqc.nimh.nih.gov/api/v1"
  },
  "size_t": 182,
  "size_x": 64,
  "size_y": 64,
  "size_z": 48,
  "snr": 2.3358543033797,
  "spacing_tr": 3.359999895095825,
  "spacing_x": 3.0,
  "spacing_y": 3.0,
  "spacing_z": 3.0,
  "summary_bg_k": 24.34402061447138,
  "summary_bg_mad": 15.119286089002594,
  "summary_bg_mean": 122.71814727783203,
  "summary_bg_median": 61.26923370361328,
  "summary_bg_n": 102011.0,
  "summary_bg_p05": 49.93955993652344,
  "summary_bg_p95": 422.74176025390625,
  "summary_bg_stdv": 158.1650848388672,
  "summary_fg_k": 1.0519121767526203,
  "summary_fg_mad": 313.1142047984388,
  "summary_fg_mean": 832.1956787109375,
  "summary_fg_median": 768.8654174804688,
  "summary_fg_n": 45950.0,
  "summary_fg_p05": 418.6618347167969,
  "summary_fg_p95": 1460.0753234863264,
  "summary_fg_stdv": 329.154541015625,
  "tsnr": 62.16233751014806
}