{
  "aor": 0.004830934065934067,
  "aqi": 0.007557911593406594,
  "bids_meta": {
    "AcquisitionDateTime": "20200122103945.382500",
    "ConversionSoftware": "dicm2nii.m 20180808",
    "DeviceSerialNumber": "167032",
    "EchoTime": 0.03,
    "EchoTime1": 0.03,
    "EchoTime2": 0.03,
    "EffectiveEchoSpacing": 0.00048611111,
    "FlipAngle": 90,
    "ImageType": [
      "ORIGINAL",
      "PRIMARY",
      "M",
      "ND",
      "MOSAIC"
    ],
    "InstitutionAddress": "Queen Square 12,London,Southeast,GB,WC1N 3BG",
    "InstitutionName": "FIL",
    "MRAcquisitionType": "2D",
    "Manufacturer": "SIEMENS",
    "Modality": "MR",
    "PatientName": "MP02937",
    "PatientPosition": "HFS",
    "PhaseEncodingDirection": "j-",
    "RepetitionTime": 3.36,
    "ScanOptions": "FS",
    "ScanningSequence": "RM",
    "SequenceName": "ep2dv2o2d1",
    "SequenceVariant": "SP\\OSP",
    "SeriesDescription": "nc_epi2d_v2o_3mm_OFC_64ch",
    "SeriesNumber": 4,
    "SliceThickness": 2.5,
    "SliceTiming": [
      0,
      0,
      0,
      0,
      0,
      0,
      0,
      0,
      0,
      0,
      0,
      0,
      0,
      0,
      0,
      0,
      0,
      0,
      0,
      0,
      0,
      0,
      0,
      0,
      0,
      0,
      0,
      0,
      0,
      0,
      0,
      0,
      0,
      0,
      0,
      0,
      0,
      0,
      0,
      0,
      0,
      0,
      0,
      0,
      0,
      0,
      0,
      0
    ],
    "SoftwareVersion": "syngo MR E11",
    "TotalReadoutTime": 0.030625,
    "dataset": "ds004081",
    "deltaTE": 0,
    "modality": "bold",
    "run_id": 1,
    "subject_id": "MP02937",
    "task_id": "unequalVariance"
  },
  "dummy_trs": 2,
  "dvars_nstd": 30.423334300607724,
  "dvars_std": 1.2463435652486197,
  "dvars_vstd": 0.9667264892817684,
  "efc": 0.6287883947700366,
  "fber": 143.52850341796875,
  "fd_mean": 0.09718894153880082,
  "fd_num": 13,
  "fd_perc": 7.142857142857143,
  "fwhm_avg": 2.6606555555555556,
  "fwhm_x": 2.47871,
  "fwhm_y": 2.71126,
  "fwhm_z": 2.7919966666666665,
  "gcor": 0.0121413,
  "gsr_x": 0.013288607820868492,
  "gsr_y": 0.05818363279104233,
  "provenance": {
    "md5sum": "0f653a233a508d65969a6071585529df",
    "settings": {
      "fd_thres": 0.2,
      "testing": false
    },
    "software": "mriqc",
    "version": "23.0.1",
    "webapi_port": null,
    "webapi_url": "https://mriqc.nimh.nih.gov/api/v1"
  },
  "size_t": 182,
  "size_x": 64,
  "size_y": 64,
  "size_z": 48,
  "snr": 2.34716515055504,
  "spacing_tr": 3.359999895095825,
  "spacing_x": 3.0,
  "spacing_y": 3.0,
  "spacing_z": 3.0,
  "summary_bg_k": 33.073480839080155,
  "summary_bg_mad": 15.339229775203554,
  "summary_bg_mean": 117.28843688964844,
  "summary_bg_median": 60.88461685180664,
  "summary_bg_n": 100649.0,
  "summary_bg_p05": 48.92307662963867,
  "summary_bg_p95": 386.2395629882812,
  "summary_bg_stdv": 150.0980987548828,
  "summary_fg_k": 1.156691210814337,
  "summary_fg_mad": 310.9228781795831,
  "summary_fg_mean": 832.8577880859375,
  "summary_fg_median": 771.8681640625,
  "summary_fg_n": 46711.0,
  "summary_fg_p05": 420.96978759765625,
  "summary_fg_p95": 1457.1318969726562,
  "summary_fg_stdv": 328.84771728515625,
  "tsnr": 47.47188643855043
}