{
  "aor": 0.012029890710382515,
  "aqi": 0.009360276393442623,
  "bids_meta": {
    "AcquisitionDateTime": "20200122110629.082500",
    "ConversionSoftware": "dicm2nii.m 20180808",
    "DeviceSerialNumber": "167032",
    "EchoTime": 0.03,
    "EchoTime1": 0.03,
    "EchoTime2": 0.03,
    "EffectiveEchoSpacing": 0.00048611111,
    "FlipAngle": 90,
    "ImageType": [
      "ORIGINAL",
      "PRIMARY",
      "M",
      "ND",
      "MOSAIC"
    ],
    "InstitutionAddress": "Queen Square 12,London,Southeast,GB,WC1N 3BG",
    "InstitutionName": "FIL",
    "MRAcquisitionType": "2D",
    "Manufacturer": "SIEMENS",
    "Modality": "MR",
    "PatientName": "MP02937",
    "PatientPosition": "HFS",
    "PhaseEncodingDirection": "j-",
    "RepetitionTime": 3.36,
    "ScanOptions": "FS",
    "ScanningSequence": "RM",
    "SequenceName": "ep2dv2o2d1",
    "SequenceVariant": "SP\\OSP",
    "SeriesDescription": "nc_epi2d_v2o_3mm_OFC_64ch",
    "SeriesNumber": 6,
    "SliceThickness": 2.5,
    "SliceTiming": [
      0,
      0,
      0,
      0,
      0,
      0,
      0,
      0,
      0,
      0,
      0,
      0,
      0,
      0,
      0,
      0,
      0,
      0,
      0,
      0,
      0,
      0,
      0,
      0,
      0,
      0,
      0,
      0,
      0,
      0,
      0,
      0,
      0,
      0,
      0,
      0,
      0,
      0,
      0,
      0,
      0,
      0,
      0,
      0,
      0,
      0,
      0,
      0
    ],
    "SoftwareVersion": "syngo MR E11",
    "TotalReadoutTime": 0.030625,
    "dataset": "ds004081",
    "deltaTE": 0,
    "modality": "bold",
    "run_id": 3,
    "subject_id": "MP02937",
    "task_id": "unequalVariance"
  },
  "dummy_trs": 1,
  "dvars_nstd": 32.57458736071428,
  "dvars_std": 1.2128126612637364,
  "dvars_vstd": 1.0206040661538458,
  "efc": 0.6294764146227211,
  "fber": 137.93838500976562,
  "fd_mean": 0.15708493255737974,
  "fd_num": 41,
  "fd_perc": 22.404371584699454,
  "fwhm_avg": 2.627628888888889,
  "fwhm_x": 2.4422866666666665,
  "fwhm_y": 2.6800833333333336,
  "fwhm_z": 2.7605166666666663,
  "gcor": 0.0207604,
  "gsr_x": 0.01821303553879261,
  "gsr_y": 0.05789542943239212,
  "provenance": {
    "md5sum": "3f1bb3cc584a3038db405eb56641e206",
    "settings": {
      "fd_thres": 0.2,
      "testing": false
    },
    "software": "mriqc",
    "version": "23.0.1",
    "webapi_port": null,
    "webapi_url": "https://mriqc.nimh.nih.gov/api/v1"
  },
  "size_t": 183,
  "size_x": 64,
  "size_y": 64,
  "size_z": 48,
  "snr": 2.3286784765939155,
  "spacing_tr": 3.359999895095825,
  "spacing_x": 3.0,
  "spacing_y": 3.0,
  "spacing_z": 3.0,
  "summary_bg_k": 31.575985065129736,
  "summary_bg_mad": 18.73911836027805,
  "summary_bg_mean": 118.06462097167969,
  "summary_bg_median": 61.59016036987305,
  "summary_bg_n": 100696.0,
  "summary_bg_p05": 42.99453353881836,
  "summary_bg_p95": 392.93851470947266,
  "summary_bg_stdv": 151.76780700683594,
  "summary_fg_k": 1.2705104128810252,
  "summary_fg_mad": 307.25514796599913,
  "summary_fg_mean": 820.8016357421875,
  "summary_fg_median": 758.7486572265625,
  "summary_fg_n": 47244.0,
  "summary_fg_p05": 413.8191253662109,
  "summary_fg_p95": 1439.8414428710932,
  "summary_fg_stdv": 325.8245544433594,
  "tsnr": 40.32424862496555
}