{
  "aor": 0.004338579234972677,
  "aqi": 0.015076518415300545,
  "bids_meta": {
    "AcquisitionDateTime": "20200219152648.220000",
    "ConversionSoftware": "dicm2nii.m 20180808",
    "DeviceSerialNumber": "167032",
    "EchoTime": 0.03,
    "EchoTime1": 0.03,
    "EchoTime2": 0.03,
    "EffectiveEchoSpacing": 0.00048611111,
    "FlipAngle": 90,
    "ImageType": [
      "ORIGINAL",
      "PRIMARY",
      "M",
      "ND",
      "MOSAIC"
    ],
    "InstitutionAddress": "Queen Square 12,London,Southeast,GB,WC1N 3BG",
    "InstitutionName": "FIL",
    "MRAcquisitionType": "2D",
    "Manufacturer": "SIEMENS",
    "Modality": "MR",
    "PatientName": "MP02988",
    "PatientPosition": "HFS",
    "PhaseEncodingDirection": "j-",
    "RepetitionTime": 3.36,
    "ScanOptions": "FS",
    "ScanningSequence": "RM",
    "SequenceName": "ep2dv2o2d1",
    "SequenceVariant": "SP\\OSP",
    "SeriesDescription": "nc_epi2d_v2o_3mm_OFC_64ch",
    "SeriesNumber": 6,
    "SliceThickness": 2.5,
    "SliceTiming": [
      0,
      0,
      0,
      0,
      0,
      0,
      0,
      0,
      0,
      0,
      0,
      0,
      0,
      0,
      0,
      0,
      0,
      0,
      0,
      0,
      0,
      0,
      0,
      0,
      0,
      0,
      0,
      0,
      0,
      0,
      0,
      0,
      0,
      0,
      0,
      0,
      0,
      0,
      0,
      0,
      0,
      0,
      0,
      0,
      0,
      0,
      0,
      0
    ],
    "SoftwareVersion": "syngo MR E11",
    "TotalReadoutTime": 0.030625,
    "dataset": "ds004081",
    "deltaTE": 0,
    "modality": "bold",
    "run_id": 1,
    "subject_id": "MP02988",
    "task_id": "unequalVariance"
  },
  "dummy_trs": 1,
  "dvars_nstd": 48.349437860384626,
  "dvars_std": 1.1044877552747263,
  "dvars_vstd": 0.9314776743406596,
  "efc": 0.6406527281840061,
  "fber": 93.8477554321289,
  "fd_mean": 0.35840311636320216,
  "fd_num": 132,
  "fd_perc": 72.1311475409836,
  "fwhm_avg": 2.4797822222222226,
  "fwhm_x": 2.33822,
  "fwhm_y": 2.5111033333333332,
  "fwhm_z": 2.5900233333333333,
  "gcor": 0.0068664,
  "gsr_x": 0.024146083742380142,
  "gsr_y": 0.0461612269282341,
  "provenance": {
    "md5sum": "c2228209fd2002b2d85b05785ffec154",
    "settings": {
      "fd_thres": 0.2,
      "testing": false
    },
    "software": "mriqc",
    "version": "23.0.1",
    "webapi_port": null,
    "webapi_url": "https://mriqc.nimh.nih.gov/api/v1"
  },
  "size_t": 183,
  "size_x": 64,
  "size_y": 64,
  "size_z": 48,
  "snr": 2.24591564589905,
  "spacing_tr": 3.359999895095825,
  "spacing_x": 3.0,
  "spacing_y": 3.0,
  "spacing_z": 3.0,
  "summary_bg_k": 43.855070071456964,
  "summary_bg_mad": 23.928226125047658,
  "summary_bg_mean": 113.37773132324219,
  "summary_bg_median": 65.62567901611328,
  "summary_bg_n": 100802.0,
  "summary_bg_p05": 45.617758178710936,
  "summary_bg_p95": 327.56665954589835,
  "summary_bg_stdv": 124.47575378417969,
  "summary_fg_k": 1.321135927218088,
  "summary_fg_mad": 263.9841842119636,
  "summary_fg_mean": 726.3870239257812,
  "summary_fg_median": 662.5191040039062,
  "summary_fg_n": 46701.0,
  "summary_fg_p05": 364.0928955078125,
  "summary_fg_p95": 1306.2568359375,
  "summary_fg_stdv": 294.9852600097656,
  "tsnr": 29.456279843114316
}