{
  "aor": 0.004304450549450549,
  "aqi": 0.009230747582417584,
  "bids_meta": {
    "AcquisitionDateTime": "20200219161825.507500",
    "ConversionSoftware": "dicm2nii.m 20180808",
    "DeviceSerialNumber": "167032",
    "EchoTime": 0.03,
    "EchoTime1": 0.03,
    "EchoTime2": 0.03,
    "EffectiveEchoSpacing": 0.00048611111,
    "FlipAngle": 90,
    "ImageType": [
      "ORIGINAL",
      "PRIMARY",
      "M",
      "ND",
      "MOSAIC"
    ],
    "InstitutionAddress": "Queen Square 12,London,Southeast,GB,WC1N 3BG",
    "InstitutionName": "FIL",
    "MRAcquisitionType": "2D",
    "Manufacturer": "SIEMENS",
    "Modality": "MR",
    "PatientName": "MP02988",
    "PatientPosition": "HFS",
    "PhaseEncodingDirection": "j-",
    "RepetitionTime": 3.36,
    "ScanOptions": "FS",
    "ScanningSequence": "RM",
    "SequenceName": "ep2dv2o2d1",
    "SequenceVariant": "SP\\OSP",
    "SeriesDescription": "nc_epi2d_v2o_3mm_OFC_64ch",
    "SeriesNumber": 12,
    "SliceThickness": 2.5,
    "SliceTiming": [
      0,
      0.07,
      0.14,
      0.21,
      0.28,
      0.35,
      0.42,
      0.49,
      0.56,
      0.63,
      0.7,
      0.77,
      0.84,
      0.91,
      0.98,
      1.05,
      1.12,
      1.19,
      1.26,
      1.33,
      1.4,
      1.47,
      1.54,
      1.61,
      1.68,
      1.75,
      1.82,
      1.89,
      1.96,
      2.03,
      2.1,
      2.17,
      2.24,
      2.31,
      2.38,
      2.45,
      2.52,
      2.59,
      2.66,
      2.73,
      2.8,
      2.87,
      2.94,
      3.01,
      3.08,
      3.15,
      3.22,
      3.29
    ],
    "SoftwareVersion": "syngo MR E11",
    "TotalReadoutTime": 0.030625,
    "dataset": "ds004081",
    "deltaTE": 0,
    "modality": "bold",
    "run_id": 5,
    "subject_id": "MP02988",
    "task_id": "unequalVariance"
  },
  "dummy_trs": 2,
  "dvars_nstd": 48.76700798552488,
  "dvars_std": 1.278744267900552,
  "dvars_vstd": 1.015676401270718,
  "efc": 0.6446059851866772,
  "fber": 90.68309783935547,
  "fd_mean": 0.33985327533222154,
  "fd_num": 133,
  "fd_perc": 73.07692307692308,
  "fwhm_avg": 2.4661633333333333,
  "fwhm_x": 2.3079733333333334,
  "fwhm_y": 2.51478,
  "fwhm_z": 2.575736666666667,
  "gcor": 0.0141916,
  "gsr_x": 0.027433713898062706,
  "gsr_y": 0.04815097153186798,
  "provenance": {
    "md5sum": "7fe7c766405cd35789ab729f93e97c7a",
    "settings": {
      "fd_thres": 0.2,
      "testing": false
    },
    "software": "mriqc",
    "version": "23.0.1",
    "webapi_port": null,
    "webapi_url": "https://mriqc.nimh.nih.gov/api/v1"
  },
  "size_t": 182,
  "size_x": 64,
  "size_y": 64,
  "size_z": 48,
  "snr": 2.2702929935511253,
  "spacing_tr": 3.359999895095825,
  "spacing_x": 3.0,
  "spacing_y": 3.0,
  "spacing_z": 3.0,
  "summary_bg_k": 41.17319777798002,
  "summary_bg_mad": 23.97416154687193,
  "summary_bg_mean": 118.70907592773438,
  "summary_bg_median": 66.93955993652344,
  "summary_bg_n": 101318.0,
  "summary_bg_p05": 48.758243560791016,
  "summary_bg_p95": 355.9923095703124,
  "summary_bg_stdv": 130.9843292236328,
  "summary_fg_k": 1.1583831925493984,
  "summary_fg_mad": 264.30646740295526,
  "summary_fg_mean": 725.6448364257812,
  "summary_fg_median": 664.3654174804688,
  "summary_fg_n": 46962.0,
  "summary_fg_p05": 362.6761169433594,
  "summary_fg_p95": 1299.105743408203,
  "summary_fg_stdv": 292.631103515625,
  "tsnr": 41.440818667178974
}