{
  "aor": 0.003796885245901639,
  "aqi": 0.015693746939890712,
  "bids_meta": {
    "AcquisitionDateTime": "20200219154931.372500",
    "ConversionSoftware": "dicm2nii.m 20180808",
    "DeviceSerialNumber": "167032",
    "EchoTime": 0.03,
    "EchoTime1": 0.03,
    "EchoTime2": 0.03,
    "EffectiveEchoSpacing": 0.00052083333,
    "FlipAngle": 90,
    "ImageType": [
      "ORIGINAL",
      "PRIMARY",
      "M",
      "ND",
      "MOSAIC"
    ],
    "InstitutionAddress": "Queen Square 12,London,Southeast,GB,WC1N 3BG",
    "InstitutionName": "FIL",
    "MRAcquisitionType": "2D",
    "Manufacturer": "SIEMENS",
    "Modality": "MR",
    "PatientName": "MP02988",
    "PatientPosition": "HFS",
    "PhaseEncodingDirection": "j-",
    "RepetitionTime": 3.36,
    "ScanOptions": "FS",
    "ScanningSequence": "RM",
    "SequenceName": "ep2dv2o2d1",
    "SequenceVariant": "SP\\OSP",
    "SeriesDescription": "nc_epi2d_v2o_3mm_OFC_64ch",
    "SeriesNumber": 8,
    "SliceThickness": 2.5,
    "SliceTiming": [
      0,
      0,
      0,
      0,
      0,
      0,
      0,
      0,
      0,
      0,
      0,
      0,
      0,
      0,
      0,
      0,
      0,
      0,
      0,
      0,
      0,
      0,
      0,
      0,
      0,
      0,
      0,
      0,
      0,
      0,
      0,
      0,
      0,
      0,
      0,
      0,
      0,
      0,
      0,
      0,
      0,
      0,
      0,
      0,
      0,
      0,
      0,
      0
    ],
    "SoftwareVersion": "syngo MR E11",
    "TotalReadoutTime": 0.0328125,
    "dataset": "ds004081",
    "deltaTE": 0,
    "modality": "bold",
    "run_id": 3,
    "subject_id": "MP02988",
    "task_id": "unequalVariance"
  },
  "dummy_trs": 1,
  "dvars_nstd": 51.16634950538461,
  "dvars_std": 1.163934569230769,
  "dvars_vstd": 0.9617550999450556,
  "efc": 0.6429324856474216,
  "fber": 90.17011260986328,
  "fd_mean": 0.40014994811843785,
  "fd_num": 157,
  "fd_perc": 85.79234972677595,
  "fwhm_avg": 2.493066666666667,
  "fwhm_x": 2.33156,
  "fwhm_y": 2.5397066666666666,
  "fwhm_z": 2.6079333333333334,
  "gcor": 0.0108075,
  "gsr_x": 0.02369573712348938,
  "gsr_y": 0.04562593623995781,
  "provenance": {
    "md5sum": "ab0a014e808533478ef6f62b947c9119",
    "settings": {
      "fd_thres": 0.2,
      "testing": false
    },
    "software": "mriqc",
    "version": "23.0.1",
    "webapi_port": null,
    "webapi_url": "https://mriqc.nimh.nih.gov/api/v1"
  },
  "size_t": 183,
  "size_x": 64,
  "size_y": 64,
  "size_z": 48,
  "snr": 2.2522031654038517,
  "spacing_tr": 3.359999895095825,
  "spacing_x": 3.0,
  "spacing_y": 3.0,
  "spacing_z": 3.0,
  "summary_bg_k": 42.17700957187305,
  "summary_bg_mad": 24.62902126395997,
  "summary_bg_mean": 115.86859893798828,
  "summary_bg_median": 67.25682830810547,
  "summary_bg_n": 100538.0,
  "summary_bg_p05": 47.97814178466797,
  "summary_bg_p95": 337.7024414062495,
  "summary_bg_stdv": 123.3275146484375,
  "summary_fg_k": 1.2748024487927392,
  "summary_fg_mad": 268.1241409683498,
  "summary_fg_mean": 731.610107421875,
  "summary_fg_median": 669.2841186523438,
  "summary_fg_n": 47035.0,
  "summary_fg_p05": 363.3322204589844,
  "summary_fg_p95": 1315.3764892578124,
  "summary_fg_stdv": 297.16546630859375,
  "tsnr": 31.177697936072946
}