{
  "aor": 0.0017515384615384615,
  "aqi": 0.0027425417582417583,
  "bids_meta": {
    "AcquisitionDateTime": "20200121110003.817500",
    "ConversionSoftware": "dicm2nii.m 20180808",
    "DeviceSerialNumber": "167032",
    "EchoTime": 0.03,
    "EchoTime1": 0.03,
    "EchoTime2": 0.03,
    "EffectiveEchoSpacing": 0.00048611111,
    "FlipAngle": 90,
    "ImageType": [
      "ORIGINAL",
      "PRIMARY",
      "M",
      "ND",
      "MOSAIC"
    ],
    "InstitutionAddress": "Queen Square 12,London,Southeast,GB,WC1N 3BG",
    "InstitutionName": "FIL",
    "MRAcquisitionType": "2D",
    "Manufacturer": "SIEMENS",
    "Modality": "MR",
    "PatientName": "MP02936",
    "PatientPosition": "HFS",
    "PhaseEncodingDirection": "j-",
    "RepetitionTime": 3.36,
    "ScanOptions": "FS",
    "ScanningSequence": "RM",
    "SequenceName": "ep2dv2o2d1",
    "SequenceVariant": "SP\\OSP",
    "SeriesDescription": "nc_epi2d_v2o_3mm_OFC_64ch",
    "SeriesNumber": 9,
    "SliceThickness": 2.5,
    "SliceTiming": [
      0,
      0,
      0,
      0,
      0,
      0,
      0,
      0,
      0,
      0,
      0,
      0,
      0,
      0,
      0,
      0,
      0,
      0,
      0,
      0,
      0,
      0,
      0,
      0,
      0,
      0,
      0,
      0,
      0,
      0,
      0,
      0,
      0,
      0,
      0,
      0,
      0,
      0,
      0,
      0,
      0,
      0,
      0,
      0,
      0,
      0,
      0,
      0
    ],
    "SoftwareVersion": "syngo MR E11",
    "TotalReadoutTime": 0.030625,
    "dataset": "ds004081",
    "deltaTE": 0,
    "modality": "bold",
    "run_id": 2,
    "subject_id": "MP02936",
    "task_id": "unequalVariance"
  },
  "dummy_trs": 2,
  "dvars_nstd": 31.386406777237617,
  "dvars_std": 1.5255275626519331,
  "dvars_vstd": 1.006068035027624,
  "efc": 0.6042658693056928,
  "fber": 172.45449829101562,
  "fd_mean": 0.07735566141627163,
  "fd_num": 5,
  "fd_perc": 2.7472527472527473,
  "fwhm_avg": 2.499397777777778,
  "fwhm_x": 2.3694133333333336,
  "fwhm_y": 2.5086233333333334,
  "fwhm_z": 2.620156666666667,
  "gcor": 0.01459,
  "gsr_x": 0.0002719817857723683,
  "gsr_y": 0.043445274233818054,
  "provenance": {
    "md5sum": "726034d0a17f95954aa53de4614aef3b",
    "settings": {
      "fd_thres": 0.2,
      "testing": false
    },
    "software": "mriqc",
    "version": "23.0.1",
    "webapi_port": null,
    "webapi_url": "https://mriqc.nimh.nih.gov/api/v1"
  },
  "size_t": 182,
  "size_x": 64,
  "size_y": 64,
  "size_z": 48,
  "snr": 2.5305014741791694,
  "spacing_tr": 3.359999895095825,
  "spacing_x": 3.0,
  "spacing_y": 3.0,
  "spacing_z": 3.0,
  "summary_bg_k": 37.99166755036751,
  "summary_bg_mad": 9.433259088536808,
  "summary_bg_mean": 88.1553955078125,
  "summary_bg_median": 55.5384635925293,
  "summary_bg_n": 107455.0,
  "summary_bg_p05": 48.225276947021484,
  "summary_bg_p95": 245.3197830200193,
  "summary_bg_stdv": 88.60468292236328,
  "summary_fg_k": 0.4048165271915458,
  "summary_fg_mad": 301.481514503571,
  "summary_fg_mean": 802.41943359375,
  "summary_fg_median": 753.901123046875,
  "summary_fg_n": 43407.0,
  "summary_fg_p05": 410.93682861328125,
  "summary_fg_p95": 1356.1736694335927,
  "summary_fg_stdv": 297.9221496582031,
  "tsnr": 80.76814248366281
}