{
  "aor": 0.00172,
  "aqi": 0.0037690614835164836,
  "bids_meta": {
    "AcquisitionDateTime": "20200121113642.990000",
    "ConversionSoftware": "dicm2nii.m 20180808",
    "DeviceSerialNumber": "167032",
    "EchoTime": 0.03,
    "EchoTime1": 0.03,
    "EchoTime2": 0.03,
    "EffectiveEchoSpacing": 0.00048611111,
    "FlipAngle": 90,
    "ImageType": [
      "ORIGINAL",
      "PRIMARY",
      "M",
      "ND",
      "MOSAIC"
    ],
    "InstitutionAddress": "Queen Square 12,London,Southeast,GB,WC1N 3BG",
    "InstitutionName": "FIL",
    "MRAcquisitionType": "2D",
    "Manufacturer": "SIEMENS",
    "Modality": "MR",
    "PatientName": "MP02936",
    "PatientPosition": "HFS",
    "PhaseEncodingDirection": "j-",
    "RepetitionTime": 3.36,
    "ScanOptions": "FS",
    "ScanningSequence": "RM",
    "SequenceName": "ep2dv2o2d1",
    "SequenceVariant": "SP\\OSP",
    "SeriesDescription": "nc_epi2d_v2o_3mm_OFC_64ch",
    "SeriesNumber": 12,
    "SliceThickness": 2.5,
    "SliceTiming": [
      0,
      0,
      0,
      0,
      0,
      0,
      0,
      0,
      0,
      0,
      0,
      0,
      0,
      0,
      0,
      0,
      0,
      0,
      0,
      0,
      0,
      0,
      0,
      0,
      0,
      0,
      0,
      0,
      0,
      0,
      0,
      0,
      0,
      0,
      0,
      0,
      0,
      0,
      0,
      0,
      0,
      0,
      0,
      0,
      0,
      0,
      0,
      0
    ],
    "SoftwareVersion": "syngo MR E11",
    "TotalReadoutTime": 0.030625,
    "dataset": "ds004081",
    "deltaTE": 0,
    "modality": "bold",
    "run_id": 5,
    "subject_id": "MP02936",
    "task_id": "unequalVariance"
  },
  "dummy_trs": 2,
  "dvars_nstd": 31.117642112928177,
  "dvars_std": 1.4591920683977893,
  "dvars_vstd": 0.972891367127072,
  "efc": 0.6056147604370048,
  "fber": 170.1267547607422,
  "fd_mean": 0.08250369963102401,
  "fd_num": 5,
  "fd_perc": 2.7472527472527473,
  "fwhm_avg": 2.501183333333333,
  "fwhm_x": 2.37056,
  "fwhm_y": 2.5140766666666665,
  "fwhm_z": 2.6189133333333334,
  "gcor": 0.00738846,
  "gsr_x": -0.0008262231131084263,
  "gsr_y": 0.04387877881526947,
  "provenance": {
    "md5sum": "1e498f78b108697c075e154c4efae71a",
    "settings": {
      "fd_thres": 0.2,
      "testing": false
    },
    "software": "mriqc",
    "version": "23.0.1",
    "webapi_port": null,
    "webapi_url": "https://mriqc.nimh.nih.gov/api/v1"
  },
  "size_t": 182,
  "size_x": 64,
  "size_y": 64,
  "size_z": 48,
  "snr": 2.5497098921434262,
  "spacing_tr": 3.359999895095825,
  "spacing_x": 3.0,
  "spacing_y": 3.0,
  "spacing_z": 3.0,
  "summary_bg_k": 33.10694787178334,
  "summary_bg_mad": 10.475968278961862,
  "summary_bg_mean": 90.73461151123047,
  "summary_bg_median": 56.24725341796875,
  "summary_bg_n": 107891.0,
  "summary_bg_p05": 47.91758346557617,
  "summary_bg_p95": 257.76922607421875,
  "summary_bg_stdv": 91.8666763305664,
  "summary_fg_k": 0.31364925636783747,
  "summary_fg_mad": 302.8825844589618,
  "summary_fg_mean": 807.42724609375,
  "summary_fg_median": 759.6895751953125,
  "summary_fg_n": 43298.0,
  "summary_fg_p05": 414.7299499511719,
  "summary_fg_p95": 1361.7396240234377,
  "summary_fg_stdv": 297.94793701171875,
  "tsnr": 70.45680884248577
}