{
  "aor": 0.0061575409836065595,
  "aqi": 0.006839650327868851,
  "bids_meta": {
    "AcquisitionDateTime": "20200211111116.420000",
    "ConversionSoftware": "dicm2nii.m 20180808",
    "DeviceSerialNumber": "167032",
    "EchoTime": 0.03,
    "EchoTime1": 0.03,
    "EchoTime2": 0.03,
    "EffectiveEchoSpacing": 0.00048611111,
    "FlipAngle": 90,
    "ImageType": [
      "ORIGINAL",
      "PRIMARY",
      "M",
      "ND",
      "MOSAIC"
    ],
    "InstitutionAddress": "Queen Square 12,London,Southeast,GB,WC1N 3BG",
    "InstitutionName": "Functional Imaging Laboratory",
    "MRAcquisitionType": "2D",
    "Manufacturer": "SIEMENS",
    "Modality": "MR",
    "PatientName": "MP02972",
    "PatientPosition": "HFS",
    "PhaseEncodingDirection": "j-",
    "RepetitionTime": 3.36,
    "ScanOptions": "FS",
    "ScanningSequence": "RM",
    "SequenceName": "ep2dv2o2d1",
    "SequenceVariant": "SP\\OSP",
    "SeriesDescription": "nc_epi2d_v2o_3mm_OFC_64ch",
    "SeriesNumber": 8,
    "SliceThickness": 2.5,
    "SliceTiming": [
      0,
      0.07,
      0.14,
      0.21,
      0.28,
      0.35,
      0.42,
      0.49,
      0.56,
      0.63,
      0.7,
      0.77,
      0.84,
      0.91,
      0.98,
      1.05,
      1.12,
      1.19,
      1.26,
      1.33,
      1.4,
      1.47,
      1.54,
      1.61,
      1.68,
      1.75,
      1.82,
      1.89,
      1.96,
      2.03,
      2.1,
      2.17,
      2.24,
      2.31,
      2.38,
      2.45,
      2.52,
      2.59,
      2.66,
      2.73,
      2.8,
      2.87,
      2.94,
      3.01,
      3.08,
      3.15,
      3.22,
      3.29
    ],
    "SoftwareVersion": "syngo MR E11",
    "TotalReadoutTime": 0.030625,
    "dataset": "ds004081",
    "deltaTE": 0,
    "modality": "bold",
    "run_id": 2,
    "subject_id": "MP02972",
    "task_id": "unequalVariance"
  },
  "dummy_trs": 1,
  "dvars_nstd": 32.74294404686812,
  "dvars_std": 1.3032259884065933,
  "dvars_vstd": 0.952366899120879,
  "efc": 0.5620580580121228,
  "fber": 167.34913635253906,
  "fd_mean": 0.08867539565377093,
  "fd_num": 13,
  "fd_perc": 7.103825136612022,
  "fwhm_avg": 2.58565,
  "fwhm_x": 2.4488966666666667,
  "fwhm_y": 2.6374666666666666,
  "fwhm_z": 2.670586666666667,
  "gcor": 0.0201908,
  "gsr_x": 0.006123061757534742,
  "gsr_y": 0.04460335522890091,
  "provenance": {
    "md5sum": "7adf6c2d70183f17fc9bc4454910b6c7",
    "settings": {
      "fd_thres": 0.2,
      "testing": false
    },
    "software": "mriqc",
    "version": "23.0.1",
    "webapi_port": null,
    "webapi_url": "https://mriqc.nimh.nih.gov/api/v1"
  },
  "size_t": 183,
  "size_x": 64,
  "size_y": 64,
  "size_z": 48,
  "snr": 2.1834739312040887,
  "spacing_tr": 3.359999895095825,
  "spacing_x": 3.0,
  "spacing_y": 3.0,
  "spacing_z": 3.0,
  "summary_bg_k": 25.579369061430715,
  "summary_bg_mad": 9.730086070019617,
  "summary_bg_mean": 92.31767272949219,
  "summary_bg_median": 55.50273132324219,
  "summary_bg_n": 121731.0,
  "summary_bg_p05": 48.06557083129883,
  "summary_bg_p95": 279.3907012939453,
  "summary_bg_stdv": 99.62543487548828,
  "summary_fg_k": 2.2541490811183067,
  "summary_fg_mad": 300.9844482202305,
  "summary_fg_mean": 813.7437133789062,
  "summary_fg_median": 742.0928955078125,
  "summary_fg_n": 33287.0,
  "summary_fg_p05": 415.6568237304688,
  "summary_fg_p95": 1477.5650146484372,
  "summary_fg_stdv": 339.8628845214844,
  "tsnr": 48.63204806600697
}