{
  "aor": 0.020972747252747254,
  "aqi": 0.011392713131868131,
  "bids_meta": {
    "AcquisitionDateTime": "20200211112310.560000",
    "ConversionSoftware": "dicm2nii.m 20180808",
    "DeviceSerialNumber": "167032",
    "EchoTime": 0.03,
    "EchoTime1": 0.03,
    "EchoTime2": 0.03,
    "EffectiveEchoSpacing": 0.00052083333,
    "FlipAngle": 90,
    "ImageType": [
      "ORIGINAL",
      "PRIMARY",
      "M",
      "ND",
      "MOSAIC"
    ],
    "InstitutionAddress": "Queen Square 12,London,Southeast,GB,WC1N 3BG",
    "InstitutionName": "Functional Imaging Laboratory",
    "MRAcquisitionType": "2D",
    "Manufacturer": "SIEMENS",
    "Modality": "MR",
    "PatientName": "MP02972",
    "PatientPosition": "HFS",
    "PhaseEncodingDirection": "j-",
    "RepetitionTime": 3.36,
    "ScanOptions": "FS",
    "ScanningSequence": "RM",
    "SequenceName": "ep2dv2o2d1",
    "SequenceVariant": "SP\\OSP",
    "SeriesDescription": "nc_epi2d_v2o_3mm_OFC_64ch",
    "SeriesNumber": 9,
    "SliceThickness": 2.5,
    "SliceTiming": [
      0,
      0.07,
      0.14,
      0.21,
      0.28,
      0.35,
      0.42,
      0.49,
      0.56,
      0.63,
      0.7,
      0.77,
      0.84,
      0.91,
      0.98,
      1.05,
      1.12,
      1.19,
      1.26,
      1.33,
      1.4,
      1.47,
      1.54,
      1.61,
      1.68,
      1.75,
      1.82,
      1.89,
      1.96,
      2.03,
      2.1,
      2.17,
      2.24,
      2.31,
      2.38,
      2.45,
      2.52,
      2.59,
      2.66,
      2.73,
      2.8,
      2.87,
      2.94,
      3.01,
      3.08,
      3.15,
      3.22,
      3.29
    ],
    "SoftwareVersion": "syngo MR E11",
    "TotalReadoutTime": 0.0328125,
    "dataset": "ds004081",
    "deltaTE": 0,
    "modality": "bold",
    "run_id": 3,
    "subject_id": "MP02972",
    "task_id": "unequalVariance"
  },
  "dummy_trs": 2,
  "dvars_nstd": 35.344829654198904,
  "dvars_std": 1.3058597095027624,
  "dvars_vstd": 1.091613042209945,
  "efc": 0.5623677143767839,
  "fber": 165.35101318359375,
  "fd_mean": 0.17347514826797014,
  "fd_num": 21,
  "fd_perc": 11.538461538461538,
  "fwhm_avg": 2.6227055555555556,
  "fwhm_x": 2.49197,
  "fwhm_y": 2.6595333333333335,
  "fwhm_z": 2.716613333333333,
  "gcor": 0.0186963,
  "gsr_x": 0.005871769040822983,
  "gsr_y": 0.04564240202307701,
  "provenance": {
    "md5sum": "ff3125f46bdb6e3eff0e7f8017b3da3e",
    "settings": {
      "fd_thres": 0.2,
      "testing": false
    },
    "software": "mriqc",
    "version": "23.0.1",
    "webapi_port": null,
    "webapi_url": "https://mriqc.nimh.nih.gov/api/v1"
  },
  "size_t": 182,
  "size_x": 64,
  "size_y": 64,
  "size_z": 48,
  "snr": 2.176573607777288,
  "spacing_tr": 3.359999895095825,
  "spacing_x": 3.0,
  "spacing_y": 3.0,
  "spacing_z": 3.0,
  "summary_bg_k": 24.551138609297787,
  "summary_bg_mad": 9.816125909001725,
  "summary_bg_mean": 91.79302978515625,
  "summary_bg_median": 55.71977996826172,
  "summary_bg_n": 121040.0,
  "summary_bg_p05": 48.115386962890625,
  "summary_bg_p95": 273.53930664062483,
  "summary_bg_stdv": 97.70842742919922,
  "summary_fg_k": 2.345070785362081,
  "summary_fg_mad": 301.17185478727913,
  "summary_fg_mean": 815.09326171875,
  "summary_fg_median": 743.7911987304688,
  "summary_fg_n": 33401.0,
  "summary_fg_p05": 415.9176025390625,
  "summary_fg_p95": 1478.901123046875,
  "summary_fg_stdv": 341.7206115722656,
  "tsnr": 34.249956707353704
}