{
  "aor": 0.0011796153846153846,
  "aqi": 0.0033076071978021975,
  "bids_meta": {
    "AcquisitionDateTime": "20200123115507.520000",
    "ConversionSoftware": "dicm2nii.m 20180808",
    "DeviceSerialNumber": "167032",
    "EchoTime": 0.03,
    "EchoTime1": 0.03,
    "EchoTime2": 0.03,
    "EffectiveEchoSpacing": 0.00048611111,
    "FlipAngle": 90,
    "ImageType": [
      "ORIGINAL",
      "PRIMARY",
      "M",
      "ND",
      "MOSAIC"
    ],
    "InstitutionAddress": "Queen Square 12,London,Southeast,GB,WC1N 3BG",
    "InstitutionName": "FIL",
    "MRAcquisitionType": "2D",
    "Manufacturer": "SIEMENS",
    "Modality": "MR",
    "PatientName": "MP02939",
    "PatientPosition": "HFS",
    "PhaseEncodingDirection": "j-",
    "RepetitionTime": 3.36,
    "ScanOptions": "FS",
    "ScanningSequence": "RM",
    "SequenceName": "ep2dv2o2d1",
    "SequenceVariant": "SP\\OSP",
    "SeriesDescription": "nc_epi2d_v2o_3mm_OFC_64ch",
    "SeriesNumber": 11,
    "SliceThickness": 2.5,
    "SliceTiming": [
      0,
      0,
      0,
      0,
      0,
      0,
      0,
      0,
      0,
      0,
      0,
      0,
      0,
      0,
      0,
      0,
      0,
      0,
      0,
      0,
      0,
      0,
      0,
      0,
      0,
      0,
      0,
      0,
      0,
      0,
      0,
      0,
      0,
      0,
      0,
      0,
      0,
      0,
      0,
      0,
      0,
      0,
      0,
      0,
      0,
      0,
      0,
      0
    ],
    "SoftwareVersion": "syngo MR E11",
    "TotalReadoutTime": 0.030625,
    "dataset": "ds004081",
    "deltaTE": 0,
    "modality": "bold",
    "run_id": 2,
    "subject_id": "MP02939",
    "task_id": "unequalVariance"
  },
  "dummy_trs": 2,
  "dvars_nstd": 27.834263364585627,
  "dvars_std": 1.3013136133149172,
  "dvars_vstd": 0.973642237955802,
  "efc": 0.6119312533803916,
  "fber": 179.0892333984375,
  "fd_mean": 0.06543296510760371,
  "fd_num": 2,
  "fd_perc": 1.098901098901099,
  "fwhm_avg": 2.6101411111111115,
  "fwhm_x": 2.4810466666666664,
  "fwhm_y": 2.568783333333333,
  "fwhm_z": 2.7805933333333335,
  "gcor": 0.0139599,
  "gsr_x": -0.009078229777514935,
  "gsr_y": 0.04834374785423279,
  "provenance": {
    "md5sum": "9773697a77fd01c3a3f0e0ef62652420",
    "settings": {
      "fd_thres": 0.2,
      "testing": false
    },
    "software": "mriqc",
    "version": "23.0.1",
    "webapi_port": null,
    "webapi_url": "https://mriqc.nimh.nih.gov/api/v1"
  },
  "size_t": 182,
  "size_x": 64,
  "size_y": 64,
  "size_z": 48,
  "snr": 2.4316870208862977,
  "spacing_tr": 3.359999895095825,
  "spacing_x": 3.0,
  "spacing_y": 3.0,
  "spacing_z": 3.0,
  "summary_bg_k": 34.23686608643186,
  "summary_bg_mad": 10.736644162648469,
  "summary_bg_mean": 91.21870422363281,
  "summary_bg_median": 56.983516693115234,
  "summary_bg_n": 101856.0,
  "summary_bg_p05": 48.77472686767578,
  "summary_bg_p95": 262.50550079345703,
  "summary_bg_stdv": 91.02903747558594,
  "summary_fg_k": 1.8540888758366654,
  "summary_fg_mad": 302.35312244843465,
  "summary_fg_mean": 851.5247802734375,
  "summary_fg_median": 792.4835205078125,
  "summary_fg_n": 47672.0,
  "summary_fg_p05": 443.3851623535156,
  "summary_fg_p95": 1462.4947814941402,
  "summary_fg_stdv": 325.8952331542969,
  "tsnr": 70.74961460009217
}