{
  "aor": 0.0013223756906077348,
  "aqi": 0.0024864748066298343,
  "bids_meta": {
    "AcquisitionDateTime": "20200123120628.820000",
    "ConversionSoftware": "dicm2nii.m 20180808",
    "DeviceSerialNumber": "167032",
    "EchoTime": 0.03,
    "EchoTime1": 0.03,
    "EchoTime2": 0.03,
    "EffectiveEchoSpacing": 0.00048611111,
    "FlipAngle": 90,
    "ImageType": [
      "ORIGINAL",
      "PRIMARY",
      "M",
      "ND",
      "MOSAIC"
    ],
    "InstitutionAddress": "Queen Square 12,London,Southeast,GB,WC1N 3BG",
    "InstitutionName": "FIL",
    "MRAcquisitionType": "2D",
    "Manufacturer": "SIEMENS",
    "Modality": "MR",
    "PatientName": "MP02939",
    "PatientPosition": "HFS",
    "PhaseEncodingDirection": "j-",
    "RepetitionTime": 3.36,
    "ScanOptions": "FS",
    "ScanningSequence": "RM",
    "SequenceName": "ep2dv2o2d1",
    "SequenceVariant": "SP\\OSP",
    "SeriesDescription": "nc_epi2d_v2o_3mm_OFC_64ch",
    "SeriesNumber": 12,
    "SliceThickness": 2.5,
    "SliceTiming": [
      0,
      0,
      0,
      0,
      0,
      0,
      0,
      0,
      0,
      0,
      0,
      0,
      0,
      0,
      0,
      0,
      0,
      0,
      0,
      0,
      0,
      0,
      0,
      0,
      0,
      0,
      0,
      0,
      0,
      0,
      0,
      0,
      0,
      0,
      0,
      0,
      0,
      0,
      0,
      0,
      0,
      0,
      0,
      0,
      0,
      0,
      0,
      0
    ],
    "SoftwareVersion": "syngo MR E11",
    "TotalReadoutTime": 0.030625,
    "dataset": "ds004081",
    "deltaTE": 0,
    "modality": "bold",
    "run_id": 3,
    "subject_id": "MP02939",
    "task_id": "unequalVariance"
  },
  "dummy_trs": 3,
  "dvars_nstd": 28.902698961777787,
  "dvars_std": 1.3633828897222224,
  "dvars_vstd": 1.0055738124444442,
  "efc": 0.6121053475641121,
  "fber": 179.47325134277344,
  "fd_mean": 0.06953659847688132,
  "fd_num": 2,
  "fd_perc": 1.1049723756906078,
  "fwhm_avg": 2.6172133333333334,
  "fwhm_x": 2.4906866666666665,
  "fwhm_y": 2.5654066666666666,
  "fwhm_z": 2.7955466666666666,
  "gcor": 0.0236977,
  "gsr_x": -0.00938568264245987,
  "gsr_y": 0.04792831838130951,
  "provenance": {
    "md5sum": "353f684366ac540941abc9f7aad48200",
    "settings": {
      "fd_thres": 0.2,
      "testing": false
    },
    "software": "mriqc",
    "version": "23.0.1",
    "webapi_port": null,
    "webapi_url": "https://mriqc.nimh.nih.gov/api/v1"
  },
  "size_t": 181,
  "size_x": 64,
  "size_y": 64,
  "size_z": 48,
  "snr": 2.4255893309072656,
  "spacing_tr": 3.359999895095825,
  "spacing_x": 3.0,
  "spacing_y": 3.0,
  "spacing_z": 3.0,
  "summary_bg_k": 35.614783459485785,
  "summary_bg_mad": 10.48470064676495,
  "summary_bg_mean": 91.92655944824219,
  "summary_bg_median": 57.03867721557617,
  "summary_bg_n": 102032.0,
  "summary_bg_p05": 49.314918518066406,
  "summary_bg_p95": 266.6571945190428,
  "summary_bg_stdv": 92.86768341064453,
  "summary_fg_k": 1.9085994433112452,
  "summary_fg_mad": 302.2133140727272,
  "summary_fg_mean": 852.2506713867188,
  "summary_fg_median": 792.0663452148438,
  "summary_fg_n": 47632.0,
  "summary_fg_p05": 444.1608001708984,
  "summary_fg_p95": 1461.6743347167967,
  "summary_fg_stdv": 326.5425109863281,
  "tsnr": 83.36795239825733
}