{
  "aor": 0.0011266483516483518,
  "aqi": 0.0029499130769230766,
  "bids_meta": {
    "AcquisitionDateTime": "20200123114341.082500",
    "ConversionSoftware": "dicm2nii.m 20180808",
    "DeviceSerialNumber": "167032",
    "EchoTime": 0.03,
    "EchoTime1": 0.03,
    "EchoTime2": 0.03,
    "EffectiveEchoSpacing": 0.00048611111,
    "FlipAngle": 90,
    "ImageType": [
      "ORIGINAL",
      "PRIMARY",
      "M",
      "ND",
      "MOSAIC"
    ],
    "InstitutionAddress": "Queen Square 12,London,Southeast,GB,WC1N 3BG",
    "InstitutionName": "FIL",
    "MRAcquisitionType": "2D",
    "Manufacturer": "SIEMENS",
    "Modality": "MR",
    "PatientName": "MP02939",
    "PatientPosition": "HFS",
    "PhaseEncodingDirection": "j-",
    "RepetitionTime": 3.36,
    "ScanOptions": "FS",
    "ScanningSequence": "RM",
    "SequenceName": "ep2dv2o2d1",
    "SequenceVariant": "SP\\OSP",
    "SeriesDescription": "nc_epi2d_v2o_3mm_OFC_64ch",
    "SeriesNumber": 10,
    "SliceThickness": 2.5,
    "SliceTiming": [
      0,
      0,
      0,
      0,
      0,
      0,
      0,
      0,
      0,
      0,
      0,
      0,
      0,
      0,
      0,
      0,
      0,
      0,
      0,
      0,
      0,
      0,
      0,
      0,
      0,
      0,
      0,
      0,
      0,
      0,
      0,
      0,
      0,
      0,
      0,
      0,
      0,
      0,
      0,
      0,
      0,
      0,
      0,
      0,
      0,
      0,
      0,
      0
    ],
    "SoftwareVersion": "syngo MR E11",
    "TotalReadoutTime": 0.030625,
    "dataset": "ds004081",
    "deltaTE": 0,
    "modality": "bold",
    "run_id": 1,
    "subject_id": "MP02939",
    "task_id": "unequalVariance"
  },
  "dummy_trs": 2,
  "dvars_nstd": 28.07641946143647,
  "dvars_std": 1.3275222750276239,
  "dvars_vstd": 0.9847521971823203,
  "efc": 0.61067166795775,
  "fber": 181.6234588623047,
  "fd_mean": 0.06340341454024216,
  "fd_num": 3,
  "fd_perc": 1.6483516483516483,
  "fwhm_avg": 2.6141577777777782,
  "fwhm_x": 2.4903933333333335,
  "fwhm_y": 2.576963333333333,
  "fwhm_z": 2.775116666666667,
  "gcor": 0.0153617,
  "gsr_x": -0.009086539037525654,
  "gsr_y": 0.047386374324560165,
  "provenance": {
    "md5sum": "d4f12651f1af8ca5822fa7926a404d40",
    "settings": {
      "fd_thres": 0.2,
      "testing": false
    },
    "software": "mriqc",
    "version": "23.0.1",
    "webapi_port": null,
    "webapi_url": "https://mriqc.nimh.nih.gov/api/v1"
  },
  "size_t": 182,
  "size_x": 64,
  "size_y": 64,
  "size_z": 48,
  "snr": 2.4216970491670575,
  "spacing_tr": 3.359999895095825,
  "spacing_x": 3.0,
  "spacing_y": 3.0,
  "spacing_z": 3.0,
  "summary_bg_k": 33.70312816565904,
  "summary_bg_mad": 10.288606957342243,
  "summary_bg_mean": 90.55208587646484,
  "summary_bg_median": 56.69780349731445,
  "summary_bg_n": 101950.0,
  "summary_bg_p05": 49.005496978759766,
  "summary_bg_p95": 260.2390136718744,
  "summary_bg_stdv": 90.4831771850586,
  "summary_fg_k": 1.913361178974582,
  "summary_fg_mad": 302.9640714766476,
  "summary_fg_mean": 852.03662109375,
  "summary_fg_median": 792.4066162109375,
  "summary_fg_n": 47628.0,
  "summary_fg_p05": 442.2917785644531,
  "summary_fg_p95": 1464.6678955078128,
  "summary_fg_stdv": 327.2078552246094,
  "tsnr": 73.83307501906529
}