{
  "aor": 0.003828142076502732,
  "aqi": 0.00829767267759563,
  "bids_meta": {
    "AcquisitionDateTime": "20200120135922.615000",
    "ConversionSoftware": "dicm2nii.m 20180808",
    "DeviceSerialNumber": "167032",
    "EchoTime": 0.03,
    "EchoTime1": 0.03,
    "EchoTime2": 0.03,
    "EffectiveEchoSpacing": 0.00048611111,
    "FlipAngle": 90,
    "ImageType": [
      "ORIGINAL",
      "PRIMARY",
      "M",
      "ND",
      "MOSAIC"
    ],
    "InstitutionAddress": "Queen Square 12,London,Southeast,GB,WC1N 3BG",
    "InstitutionName": "FIL",
    "MRAcquisitionType": "2D",
    "Manufacturer": "SIEMENS",
    "Modality": "MR",
    "PatientName": "MP02935",
    "PatientPosition": "HFS",
    "PhaseEncodingDirection": "j-",
    "RepetitionTime": 3.36,
    "ScanOptions": "FS",
    "ScanningSequence": "RM",
    "SequenceName": "ep2dv2o2d1",
    "SequenceVariant": "SP\\OSP",
    "SeriesDescription": "nc_epi2d_v2o_3mm_OFC_64ch",
    "SeriesNumber": 11,
    "SliceThickness": 2.5,
    "SliceTiming": [
      0,
      0,
      0,
      0,
      0,
      0,
      0,
      0,
      0,
      0,
      0,
      0,
      0,
      0,
      0,
      0,
      0,
      0,
      0,
      0,
      0,
      0,
      0,
      0,
      0,
      0,
      0,
      0,
      0,
      0,
      0,
      0,
      0,
      0,
      0,
      0,
      0,
      0,
      0,
      0,
      0,
      0,
      0,
      0,
      0,
      0,
      0,
      0
    ],
    "SoftwareVersion": "syngo MR E11",
    "TotalReadoutTime": 0.030625,
    "dataset": "ds004081",
    "deltaTE": 0,
    "modality": "bold",
    "run_id": 5,
    "subject_id": "MP02935",
    "task_id": "unequalVariance"
  },
  "dummy_trs": 1,
  "dvars_nstd": 26.929530945274724,
  "dvars_std": 1.0751590008791212,
  "dvars_vstd": 0.8886883321978025,
  "efc": 0.6080927341116722,
  "fber": 157.88046264648438,
  "fd_mean": 0.15879860393937875,
  "fd_num": 44,
  "fd_perc": 24.043715846994534,
  "fwhm_avg": 2.50278,
  "fwhm_x": 2.35296,
  "fwhm_y": 2.5117433333333334,
  "fwhm_z": 2.6436366666666666,
  "gcor": 0.0188026,
  "gsr_x": -0.005091515835374594,
  "gsr_y": 0.05995140224695206,
  "provenance": {
    "md5sum": "64d4ba379972aecb3d07c170ca9c5208",
    "settings": {
      "fd_thres": 0.2,
      "testing": false
    },
    "software": "mriqc",
    "version": "23.0.1",
    "webapi_port": null,
    "webapi_url": "https://mriqc.nimh.nih.gov/api/v1"
  },
  "size_t": 183,
  "size_x": 64,
  "size_y": 64,
  "size_z": 48,
  "snr": 2.7797709449055525,
  "spacing_tr": 3.359999895095825,
  "spacing_x": 3.0,
  "spacing_y": 3.0,
  "spacing_z": 3.0,
  "summary_bg_k": 73.01104161251102,
  "summary_bg_mad": 9.268288598609173,
  "summary_bg_mean": 85.20567321777344,
  "summary_bg_median": 54.78688430786133,
  "summary_bg_n": 111216.0,
  "summary_bg_p05": 47.39890670776367,
  "summary_bg_p95": 234.20491409301758,
  "summary_bg_stdv": 85.2760009765625,
  "summary_fg_k": 0.9207012847633491,
  "summary_fg_mad": 243.21155528929188,
  "summary_fg_mean": 739.7418823242188,
  "summary_fg_median": 702.2294921875,
  "summary_fg_n": 42047.0,
  "summary_fg_p05": 396.87485351562503,
  "summary_fg_p95": 1206.2060058593745,
  "summary_fg_stdv": 252.61834716796875,
  "tsnr": 44.01870109769516
}