{
  "aor": 0.00257896174863388,
  "aqi": 0.0033531284699453547,
  "bids_meta": {
    "AcquisitionDateTime": "20200120132358.767500",
    "ConversionSoftware": "dicm2nii.m 20180808",
    "DeviceSerialNumber": "167032",
    "EchoTime": 0.03,
    "EchoTime1": 0.03,
    "EchoTime2": 0.03,
    "EffectiveEchoSpacing": 0.00048611111,
    "FlipAngle": 90,
    "ImageType": [
      "ORIGINAL",
      "PRIMARY",
      "M",
      "ND",
      "MOSAIC"
    ],
    "InstitutionAddress": "Queen Square 12,London,Southeast,GB,WC1N 3BG",
    "InstitutionName": "FIL",
    "MRAcquisitionType": "2D",
    "Manufacturer": "SIEMENS",
    "Modality": "MR",
    "PatientName": "MP02935",
    "PatientPosition": "HFS",
    "PhaseEncodingDirection": "j-",
    "RepetitionTime": 3.36,
    "ScanOptions": "FS",
    "ScanningSequence": "RM",
    "SequenceName": "ep2dv2o2d1",
    "SequenceVariant": "SP\\OSP",
    "SeriesDescription": "nc_epi2d_v2o_3mm_OFC_64ch",
    "SeriesNumber": 8,
    "SliceThickness": 2.5,
    "SliceTiming": [
      0,
      0,
      0,
      0,
      0,
      0,
      0,
      0,
      0,
      0,
      0,
      0,
      0,
      0,
      0,
      0,
      0,
      0,
      0,
      0,
      0,
      0,
      0,
      0,
      0,
      0,
      0,
      0,
      0,
      0,
      0,
      0,
      0,
      0,
      0,
      0,
      0,
      0,
      0,
      0,
      0,
      0,
      0,
      0,
      0,
      0,
      0,
      0
    ],
    "SoftwareVersion": "syngo MR E11",
    "TotalReadoutTime": 0.030625,
    "dataset": "ds004081",
    "deltaTE": 0,
    "modality": "bold",
    "run_id": 2,
    "subject_id": "MP02935",
    "task_id": "unequalVariance"
  },
  "dummy_trs": 1,
  "dvars_nstd": 23.12005147835165,
  "dvars_std": 1.2404625471428568,
  "dvars_vstd": 1.0017100403846149,
  "efc": 0.6055184981885594,
  "fber": 160.95497131347656,
  "fd_mean": 0.11734623783925568,
  "fd_num": 18,
  "fd_perc": 9.836065573770492,
  "fwhm_avg": 2.496586666666667,
  "fwhm_x": 2.36362,
  "fwhm_y": 2.4974066666666666,
  "fwhm_z": 2.6287333333333334,
  "gcor": 0.0199533,
  "gsr_x": -0.006499823182821274,
  "gsr_y": 0.059379320591688156,
  "provenance": {
    "md5sum": "51ff985e7749af4eb53b6c7418af42d1",
    "settings": {
      "fd_thres": 0.2,
      "testing": false
    },
    "software": "mriqc",
    "version": "23.0.1",
    "webapi_port": null,
    "webapi_url": "https://mriqc.nimh.nih.gov/api/v1"
  },
  "size_t": 183,
  "size_x": 64,
  "size_y": 64,
  "size_z": 48,
  "snr": 2.761286052144122,
  "spacing_tr": 3.359999895095825,
  "spacing_x": 3.0,
  "spacing_y": 3.0,
  "spacing_z": 3.0,
  "summary_bg_k": 76.25896971229157,
  "summary_bg_mad": 9.017136877733707,
  "summary_bg_mean": 84.25316619873047,
  "summary_bg_median": 54.48633575439453,
  "summary_bg_n": 111358.0,
  "summary_bg_p05": 47.06010818481445,
  "summary_bg_p95": 231.18360595703112,
  "summary_bg_stdv": 84.93357849121094,
  "summary_fg_k": 0.9933155445678863,
  "summary_fg_mad": 244.42273017903727,
  "summary_fg_mean": 742.1986083984375,
  "summary_fg_median": 704.2977905273438,
  "summary_fg_n": 41762.0,
  "summary_fg_p05": 397.2297653198242,
  "summary_fg_p95": 1214.6266906738276,
  "summary_fg_stdv": 255.05845642089844,
  "tsnr": 69.63989471783862
}