{
  "aor": 0.006690659340659339,
  "aqi": 0.007242525274725276,
  "bids_meta": {
    "AcquisitionDateTime": "20200204113254.710000",
    "ConversionSoftware": "dicm2nii.m 20180808",
    "DeviceSerialNumber": "167032",
    "EchoTime": 0.03,
    "EchoTime1": 0.03,
    "EchoTime2": 0.03,
    "EffectiveEchoSpacing": 0.00048611111,
    "FlipAngle": 90,
    "ImageType": [
      "ORIGINAL",
      "PRIMARY",
      "M",
      "ND",
      "MOSAIC"
    ],
    "InstitutionAddress": "Queen Square 12,London,Southeast,GB,WC1N 3BG",
    "InstitutionName": "Functional Imaging Laboratory",
    "MRAcquisitionType": "2D",
    "Manufacturer": "SIEMENS",
    "Modality": "MR",
    "PatientName": "MP02961",
    "PatientPosition": "HFS",
    "PhaseEncodingDirection": "j-",
    "RepetitionTime": 3.36,
    "ScanOptions": "FS",
    "ScanningSequence": "RM",
    "SequenceName": "ep2dv2o2d1",
    "SequenceVariant": "SP\\OSP",
    "SeriesDescription": "nc_epi2d_v2o_3mm_OFC_64ch",
    "SeriesNumber": 6,
    "SliceThickness": 2.5,
    "SliceTiming": [
      0,
      0,
      0,
      0,
      0,
      0,
      0,
      0,
      0,
      0,
      0,
      0,
      0,
      0,
      0,
      0,
      0,
      0,
      0,
      0,
      0,
      0,
      0,
      0,
      0,
      0,
      0,
      0,
      0,
      0,
      0,
      0,
      0,
      0,
      0,
      0,
      0,
      0,
      0,
      0,
      0,
      0,
      0,
      0,
      0,
      0,
      0,
      0
    ],
    "SoftwareVersion": "syngo MR E11",
    "TotalReadoutTime": 0.030625,
    "dataset": "ds004081",
    "deltaTE": 0,
    "modality": "bold",
    "run_id": 1,
    "subject_id": "MP02961",
    "task_id": "unequalVariance"
  },
  "dummy_trs": 2,
  "dvars_nstd": 32.21436561657459,
  "dvars_std": 1.3676316469060776,
  "dvars_vstd": 0.9770559816022096,
  "efc": 0.5644989903711051,
  "fber": 201.9770050048828,
  "fd_mean": 0.11948395440492954,
  "fd_num": 24,
  "fd_perc": 13.186813186813186,
  "fwhm_avg": 2.728126666666667,
  "fwhm_x": 2.59274,
  "fwhm_y": 2.78464,
  "fwhm_z": 2.807,
  "gcor": 0.0251119,
  "gsr_x": -0.0010230004554614425,
  "gsr_y": 0.028338894248008728,
  "provenance": {
    "md5sum": "a02bc035d4e0fcf40eecac3f25d8c489",
    "settings": {
      "fd_thres": 0.2,
      "testing": false
    },
    "software": "mriqc",
    "version": "23.0.1",
    "webapi_port": null,
    "webapi_url": "https://mriqc.nimh.nih.gov/api/v1"
  },
  "size_t": 182,
  "size_x": 64,
  "size_y": 64,
  "size_z": 48,
  "snr": 2.3769238380915354,
  "spacing_tr": 3.359999895095825,
  "spacing_x": 3.0,
  "spacing_y": 3.0,
  "spacing_z": 3.0,
  "summary_bg_k": 24.374342933332244,
  "summary_bg_mad": 8.488308303213032,
  "summary_bg_mean": 84.19853973388672,
  "summary_bg_median": 53.4450569152832,
  "summary_bg_n": 118958.0,
  "summary_bg_p05": 45.88461685180664,
  "summary_bg_p95": 241.60604858398432,
  "summary_bg_stdv": 86.6517105102539,
  "summary_fg_k": 1.496638713678256,
  "summary_fg_mad": 285.99563298151895,
  "summary_fg_mean": 834.9369506835938,
  "summary_fg_median": 769.7307739257812,
  "summary_fg_n": 37011.0,
  "summary_fg_p05": 440.64561462402344,
  "summary_fg_p95": 1482.3818969726562,
  "summary_fg_stdv": 323.8304748535156,
  "tsnr": 50.13338254485279
}