{
  "aor": 0.003347857142857143,
  "aqi": 0.005523698406593406,
  "bids_meta": {
    "AcquisitionDateTime": "20200204115802.060000",
    "ConversionSoftware": "dicm2nii.m 20180808",
    "DeviceSerialNumber": "167032",
    "EchoTime": 0.03,
    "EchoTime1": 0.03,
    "EchoTime2": 0.03,
    "EffectiveEchoSpacing": 0.00048611111,
    "FlipAngle": 90,
    "ImageType": [
      "ORIGINAL",
      "PRIMARY",
      "M",
      "ND",
      "MOSAIC"
    ],
    "InstitutionAddress": "Queen Square 12,London,Southeast,GB,WC1N 3BG",
    "InstitutionName": "Functional Imaging Laboratory",
    "MRAcquisitionType": "2D",
    "Manufacturer": "SIEMENS",
    "Modality": "MR",
    "PatientName": "MP02961",
    "PatientPosition": "HFS",
    "PhaseEncodingDirection": "j-",
    "RepetitionTime": 3.36,
    "ScanOptions": "FS",
    "ScanningSequence": "RM",
    "SequenceName": "ep2dv2o2d1",
    "SequenceVariant": "SP\\OSP",
    "SeriesDescription": "nc_epi2d_v2o_3mm_OFC_64ch",
    "SeriesNumber": 8,
    "SliceThickness": 2.5,
    "SliceTiming": [
      0,
      0.07,
      0.14,
      0.21,
      0.28,
      0.35,
      0.42,
      0.49,
      0.56,
      0.63,
      0.7,
      0.77,
      0.84,
      0.91,
      0.98,
      1.05,
      1.12,
      1.19,
      1.26,
      1.33,
      1.4,
      1.47,
      1.54,
      1.61,
      1.68,
      1.75,
      1.82,
      1.89,
      1.96,
      2.03,
      2.1,
      2.17,
      2.24,
      2.31,
      2.38,
      2.45,
      2.52,
      2.59,
      2.66,
      2.73,
      2.8,
      2.87,
      2.94,
      3.01,
      3.08,
      3.15,
      3.22,
      3.29
    ],
    "SoftwareVersion": "syngo MR E11",
    "TotalReadoutTime": 0.030625,
    "dataset": "ds004081",
    "deltaTE": 0,
    "modality": "bold",
    "run_id": 3,
    "subject_id": "MP02961",
    "task_id": "unequalVariance"
  },
  "dummy_trs": 2,
  "dvars_nstd": 30.566911075690612,
  "dvars_std": 1.3548938505524866,
  "dvars_vstd": 0.9750386948618787,
  "efc": 0.5666350998053999,
  "fber": 196.91123962402344,
  "fd_mean": 0.10718124324280248,
  "fd_num": 25,
  "fd_perc": 13.736263736263735,
  "fwhm_avg": 2.7494744444444446,
  "fwhm_x": 2.5978533333333336,
  "fwhm_y": 2.7802233333333333,
  "fwhm_z": 2.8703466666666664,
  "gcor": 0.0234574,
  "gsr_x": 0.0017856961349025369,
  "gsr_y": 0.031578291207551956,
  "provenance": {
    "md5sum": "8e4b7716dec27d6d6a3c9bc0c0fe4482",
    "settings": {
      "fd_thres": 0.2,
      "testing": false
    },
    "software": "mriqc",
    "version": "23.0.1",
    "webapi_port": null,
    "webapi_url": "https://mriqc.nimh.nih.gov/api/v1"
  },
  "size_t": 182,
  "size_x": 64,
  "size_y": 64,
  "size_z": 48,
  "snr": 2.3909596052180073,
  "spacing_tr": 3.359999895095825,
  "spacing_x": 3.0,
  "spacing_y": 3.0,
  "spacing_z": 3.0,
  "summary_bg_k": 25.9828100492607,
  "summary_bg_mad": 8.806004738836641,
  "summary_bg_mean": 83.97079467773438,
  "summary_bg_median": 53.736263275146484,
  "summary_bg_n": 118289.0,
  "summary_bg_p05": 45.60439682006836,
  "summary_bg_p95": 239.59341430664062,
  "summary_bg_stdv": 86.97441101074219,
  "summary_fg_k": 1.4162869264302405,
  "summary_fg_mad": 285.0750694824432,
  "summary_fg_mean": 831.254150390625,
  "summary_fg_median": 767.1154174804688,
  "summary_fg_n": 37211.0,
  "summary_fg_p05": 439.6044006347656,
  "summary_fg_p95": 1468.1566772460938,
  "summary_fg_stdv": 320.8356628417969,
  "tsnr": 62.094093699008226
}