{
  "aor": 0.0038438461538461543,
  "aqi": 0.0077054779120879135,
  "bids_meta": {
    "AcquisitionDateTime": "20200204122350.325000",
    "ConversionSoftware": "dicm2nii.m 20180808",
    "DeviceSerialNumber": "167032",
    "EchoTime": 0.03,
    "EchoTime1": 0.03,
    "EchoTime2": 0.03,
    "EffectiveEchoSpacing": 0.00048611111,
    "FlipAngle": 90,
    "ImageType": [
      "ORIGINAL",
      "PRIMARY",
      "M",
      "ND",
      "MOSAIC"
    ],
    "InstitutionAddress": "Queen Square 12,London,Southeast,GB,WC1N 3BG",
    "InstitutionName": "Functional Imaging Laboratory",
    "MRAcquisitionType": "2D",
    "Manufacturer": "SIEMENS",
    "Modality": "MR",
    "PatientName": "MP02961",
    "PatientPosition": "HFS",
    "PhaseEncodingDirection": "j-",
    "RepetitionTime": 3.36,
    "ScanOptions": "FS",
    "ScanningSequence": "RM",
    "SequenceName": "ep2dv2o2d1",
    "SequenceVariant": "SP\\OSP",
    "SeriesDescription": "nc_epi2d_v2o_3mm_OFC_64ch",
    "SeriesNumber": 10,
    "SliceThickness": 2.5,
    "SliceTiming": [
      0,
      0.07,
      0.14,
      0.21,
      0.28,
      0.35,
      0.42,
      0.49,
      0.56,
      0.63,
      0.7,
      0.77,
      0.84,
      0.91,
      0.98,
      1.05,
      1.12,
      1.19,
      1.26,
      1.33,
      1.4,
      1.47,
      1.54,
      1.61,
      1.68,
      1.75,
      1.82,
      1.89,
      1.96,
      2.03,
      2.1,
      2.17,
      2.24,
      2.31,
      2.38,
      2.45,
      2.52,
      2.59,
      2.66,
      2.73,
      2.8,
      2.87,
      2.94,
      3.01,
      3.08,
      3.15,
      3.22,
      3.29
    ],
    "SoftwareVersion": "syngo MR E11",
    "TotalReadoutTime": 0.030625,
    "dataset": "ds004081",
    "deltaTE": 0,
    "modality": "bold",
    "run_id": 5,
    "subject_id": "MP02961",
    "task_id": "unequalVariance"
  },
  "dummy_trs": 2,
  "dvars_nstd": 28.932216370662985,
  "dvars_std": 1.2508318344751375,
  "dvars_vstd": 0.9575310764640881,
  "efc": 0.5678407042862808,
  "fber": 192.24209594726562,
  "fd_mean": 0.14937649760849692,
  "fd_num": 45,
  "fd_perc": 24.725274725274726,
  "fwhm_avg": 2.716648888888889,
  "fwhm_x": 2.5618966666666667,
  "fwhm_y": 2.767516666666667,
  "fwhm_z": 2.8205333333333336,
  "gcor": 0.0230512,
  "gsr_x": 0.002917672973126173,
  "gsr_y": 0.03312390297651291,
  "provenance": {
    "md5sum": "e56d01193be0080fa728e94b6d762ec2",
    "settings": {
      "fd_thres": 0.2,
      "testing": false
    },
    "software": "mriqc",
    "version": "23.0.1",
    "webapi_port": null,
    "webapi_url": "https://mriqc.nimh.nih.gov/api/v1"
  },
  "size_t": 182,
  "size_x": 64,
  "size_y": 64,
  "size_z": 48,
  "snr": 2.368751739276353,
  "spacing_tr": 3.359999895095825,
  "spacing_x": 3.0,
  "spacing_y": 3.0,
  "spacing_z": 3.0,
  "summary_bg_k": 24.154956152451394,
  "summary_bg_mad": 10.353777342183552,
  "summary_bg_mean": 85.74795532226562,
  "summary_bg_median": 54.115386962890625,
  "summary_bg_n": 118974.0,
  "summary_bg_p05": 42.895606994628906,
  "summary_bg_p95": 252.73269653320307,
  "summary_bg_stdv": 92.04026794433594,
  "summary_fg_k": 1.4367826105332604,
  "summary_fg_mad": 282.7371476735253,
  "summary_fg_mean": 826.0307006835938,
  "summary_fg_median": 759.6318969726562,
  "summary_fg_n": 37248.0,
  "summary_fg_p05": 437.2255554199219,
  "summary_fg_p95": 1470.4686889648438,
  "summary_fg_stdv": 320.68438720703125,
  "tsnr": 51.64835267676972
}