{
  "aor": 0.006028571428571428,
  "aqi": 0.008132482582417583,
  "bids_meta": {
    "AcquisitionDateTime": "20200204114502.782500",
    "ConversionSoftware": "dicm2nii.m 20180808",
    "DeviceSerialNumber": "167032",
    "EchoTime": 0.03,
    "EchoTime1": 0.03,
    "EchoTime2": 0.03,
    "EffectiveEchoSpacing": 0.00048611111,
    "FlipAngle": 90,
    "ImageType": [
      "ORIGINAL",
      "PRIMARY",
      "M",
      "ND",
      "MOSAIC"
    ],
    "InstitutionAddress": "Queen Square 12,London,Southeast,GB,WC1N 3BG",
    "InstitutionName": "Functional Imaging Laboratory",
    "MRAcquisitionType": "2D",
    "Manufacturer": "SIEMENS",
    "Modality": "MR",
    "PatientName": "MP02961",
    "PatientPosition": "HFS",
    "PhaseEncodingDirection": "j-",
    "RepetitionTime": 3.36,
    "ScanOptions": "FS",
    "ScanningSequence": "RM",
    "SequenceName": "ep2dv2o2d1",
    "SequenceVariant": "SP\\OSP",
    "SeriesDescription": "nc_epi2d_v2o_3mm_OFC_64ch",
    "SeriesNumber": 7,
    "SliceThickness": 2.5,
    "SliceTiming": [
      0,
      0.07,
      0.14,
      0.21,
      0.28,
      0.35,
      0.42,
      0.49,
      0.56,
      0.63,
      0.7,
      0.77,
      0.84,
      0.91,
      0.98,
      1.05,
      1.12,
      1.19,
      1.26,
      1.33,
      1.4,
      1.47,
      1.54,
      1.61,
      1.68,
      1.75,
      1.82,
      1.89,
      1.96,
      2.03,
      2.1,
      2.17,
      2.24,
      2.31,
      2.38,
      2.45,
      2.52,
      2.59,
      2.66,
      2.73,
      2.8,
      2.87,
      2.94,
      3.01,
      3.08,
      3.15,
      3.22,
      3.29
    ],
    "SoftwareVersion": "syngo MR E11",
    "TotalReadoutTime": 0.030625,
    "dataset": "ds004081",
    "deltaTE": 0,
    "modality": "bold",
    "run_id": 2,
    "subject_id": "MP02961",
    "task_id": "unequalVariance"
  },
  "dummy_trs": 2,
  "dvars_nstd": 33.96881450220996,
  "dvars_std": 1.244335116519337,
  "dvars_vstd": 0.9424236293370165,
  "efc": 0.5655611275122101,
  "fber": 204.2535858154297,
  "fd_mean": 0.1578854901861025,
  "fd_num": 31,
  "fd_perc": 17.032967032967033,
  "fwhm_avg": 2.7058455555555554,
  "fwhm_x": 2.575466666666667,
  "fwhm_y": 2.773046666666667,
  "fwhm_z": 2.769023333333333,
  "gcor": 0.0283684,
  "gsr_x": -0.001324922195635736,
  "gsr_y": 0.028298091143369675,
  "provenance": {
    "md5sum": "aafda265db18610f54af7ee7ada2941c",
    "settings": {
      "fd_thres": 0.2,
      "testing": false
    },
    "software": "mriqc",
    "version": "23.0.1",
    "webapi_port": null,
    "webapi_url": "https://mriqc.nimh.nih.gov/api/v1"
  },
  "size_t": 182,
  "size_x": 64,
  "size_y": 64,
  "size_z": 48,
  "snr": 2.3906310005490226,
  "spacing_tr": 3.359999895095825,
  "spacing_x": 3.0,
  "spacing_y": 3.0,
  "spacing_z": 3.0,
  "summary_bg_k": 23.50025823912677,
  "summary_bg_mad": 7.7836616471544104,
  "summary_bg_mean": 84.59254455566406,
  "summary_bg_median": 53.258243560791016,
  "summary_bg_n": 118734.0,
  "summary_bg_p05": 46.906593322753906,
  "summary_bg_p95": 243.4159393310546,
  "summary_bg_stdv": 86.58294677734375,
  "summary_fg_k": 1.5016306018789498,
  "summary_fg_mad": 285.7756497055676,
  "summary_fg_mean": 836.6936645507812,
  "summary_fg_median": 771.7088012695312,
  "summary_fg_n": 36945.0,
  "summary_fg_p05": 445.1230834960937,
  "summary_fg_p95": 1480.572509765625,
  "summary_fg_stdv": 322.8011169433594,
  "tsnr": 44.32705533504486
}