{
  "bids_meta": {
    "AcquisitionDateTime": "20210616151235.157500",
    "ConversionSoftware": "dicm2nii.m 20180808",
    "DeviceSerialNumber": "167032",
    "EchoTime": 0.00334,
    "FlipAngle": 7,
    "ImageType": [
      "ORIGINAL",
      "PRIMARY",
      "M",
      "ND"
    ],
    "InstitutionAddress": "Queen Square 12,London,Southeast,GB,WC1N 3BG",
    "InstitutionName": "FIL",
    "InversionTime": 1.1,
    "MRAcquisitionType": "3D",
    "Manufacturer": "SIEMENS",
    "Modality": "MR",
    "PatientName": "MP03145",
    "PatientPosition": "HFS",
    "PhaseEncodingDirection": "j-",
    "RepetitionTime": 2.53,
    "ScanOptions": "IR",
    "ScanningSequence": "GR\\IR",
    "SequenceName": "*tfl3d1_16ns",
    "SequenceVariant": "SK\\SP\\MP",
    "SeriesDescription": "MPRAGE_64ch_Head",
    "SeriesNumber": 2,
    "SliceThickness": 1,
    "SoftwareVersion": "syngo MR E11",
    "dataset": "ds004081",
    "modality": "T1w",
    "subject_id": "MP03145"
  },
  "cjv": 0.4596387555568917,
  "cnr": 2.6278469075520543,
  "efc": 0.5278175117783211,
  "fber": 4270.09265157049,
  "fwhm_avg": 4.15325,
  "fwhm_x": 4.23526,
  "fwhm_y": 4.22014,
  "fwhm_z": 4.00435,
  "icvs_csf": 0.22234821598908192,
  "icvs_gm": 0.37497385730048605,
  "icvs_wm": 0.40267792671043207,
  "inu_med": 0.9799505770206451,
  "inu_range": 1.0937626004219052,
  "provenance": {
    "md5sum": "30dbb7a797c87a13bedfdf4bf57adece",
    "settings": {
      "testing": false
    },
    "software": "mriqc",
    "version": "23.0.1",
    "warnings": {
      "large_rot_frame": true,
      "small_air_mask": false
    },
    "webapi_port": null,
    "webapi_url": "https://mriqc.nimh.nih.gov/api/v1"
  },
  "qi_1": 0.0,
  "qi_2": 0.0020296943142979165,
  "rpve_csf": 23.963989464002008,
  "rpve_gm": 13.403979996299103,
  "rpve_wm": 14.705657927718898,
  "size_x": 176,
  "size_y": 256,
  "size_z": 256,
  "snr_csf": 1.136241752785908,
  "snr_gm": 7.57382421149956,
  "snr_total": 5.949524014421976,
  "snr_wm": 9.13850607898046,
  "snrd_csf": 4.199794506719389,
  "snrd_gm": 22.10285294765816,
  "snrd_total": 20.37933072113015,
  "snrd_wm": 34.8353447090129,
  "spacing_x": 1.0,
  "spacing_y": 1.0,
  "spacing_z": 1.0,
  "summary_bg_k": 4961.2591005103495,
  "summary_bg_mad": 0.0,
  "summary_bg_mean": 7.889537558160651,
  "summary_bg_median": 0.0,
  "summary_bg_n": 3177204.0,
  "summary_bg_p05": 0.0,
  "summary_bg_p95": 30.504679076373577,
  "summary_bg_stdv": 18.807897436979054,
  "summary_csf_k": 2.9579535107767523,
  "summary_csf_mad": 78.24248424107935,
  "summary_csf_mean": 148.19597604557535,
  "summary_csf_median": 120.56924991309643,
  "summary_csf_n": 34337.0,
  "summary_csf_p05": 32.876533173024654,
  "summary_csf_p95": 372.46015497744065,
  "summary_csf_stdv": 106.11077609965942,
  "summary_gm_k": 0.2956149055118851,
  "summary_gm_mad": 80.87987135032921,
  "summary_gm_mean": 637.1130037300992,
  "summary_gm_median": 634.5368556901813,
  "summary_gm_n": 20948.0,
  "summary_gm_p05": 504.2166500464082,
  "summary_gm_p95": 780.1851684335618,
  "summary_gm_stdv": 83.77824626856768,
  "summary_wm_k": 1.6425439534453092,
  "summary_wm_mad": 87.13145560929186,
  "summary_wm_mean": 1018.8325824316199,
  "summary_wm_median": 1000.0659259185195,
  "summary_wm_n": 218179.0,
  "summary_wm_p05": 873.7646952718496,
  "summary_wm_p95": 1234.2865179628134,
  "summary_wm_stdv": 109.43403937420325,
  "tpm_overlap_csf": 0.15893289072310768,
  "tpm_overlap_gm": 0.4282840082952656,
  "tpm_overlap_wm": 0.49393413728126623,
  "wm2max": 0.2610542608994755
}