{
  "aor": 0.009571475409836066,
  "aqi": 0.007851032459016393,
  "bids_meta": {
    "AcquisitionDateTime": "20200224103938.167500",
    "ConversionSoftware": "dicm2nii.m 20180808",
    "DeviceSerialNumber": "167032",
    "EchoTime": 0.03,
    "EchoTime1": 0.03,
    "EchoTime2": 0.03,
    "EffectiveEchoSpacing": 0.00048611111,
    "FlipAngle": 90,
    "ImageType": [
      "ORIGINAL",
      "PRIMARY",
      "M",
      "ND",
      "MOSAIC"
    ],
    "InstitutionAddress": "Queen Square 12,London,Southeast,GB,WC1N 3BG",
    "InstitutionName": "Functional Imaging Laboratory",
    "MRAcquisitionType": "2D",
    "Manufacturer": "SIEMENS",
    "Modality": "MR",
    "PatientName": "MP02992",
    "PatientPosition": "HFS",
    "PhaseEncodingDirection": "j-",
    "RepetitionTime": 3.36,
    "ScanOptions": "FS",
    "ScanningSequence": "RM",
    "SequenceName": "ep2dv2o2d1",
    "SequenceVariant": "SP\\OSP",
    "SeriesDescription": "nc_epi2d_v2o_3mm_OFC_64ch",
    "SeriesNumber": 7,
    "SliceThickness": 2.5,
    "SliceTiming": [
      0,
      0.07,
      0.14,
      0.21,
      0.28,
      0.35,
      0.42,
      0.49,
      0.56,
      0.63,
      0.7,
      0.77,
      0.84,
      0.91,
      0.98,
      1.05,
      1.12,
      1.19,
      1.26,
      1.33,
      1.4,
      1.47,
      1.54,
      1.61,
      1.68,
      1.75,
      1.82,
      1.89,
      1.96,
      2.03,
      2.1,
      2.17,
      2.24,
      2.31,
      2.38,
      2.45,
      2.52,
      2.59,
      2.66,
      2.73,
      2.8,
      2.87,
      2.94,
      3.01,
      3.08,
      3.15,
      3.22,
      3.29
    ],
    "SoftwareVersion": "syngo MR E11",
    "TotalReadoutTime": 0.030625,
    "dataset": "ds004081",
    "deltaTE": 0,
    "modality": "bold",
    "run_id": 2,
    "subject_id": "MP02992",
    "task_id": "unequalVariance"
  },
  "dummy_trs": 1,
  "dvars_nstd": 23.273071352087925,
  "dvars_std": 1.1418394307692303,
  "dvars_vstd": 0.959736910549451,
  "efc": 0.576030222977925,
  "fber": 173.94033813476562,
  "fd_mean": 0.07175854265788412,
  "fd_num": 9,
  "fd_perc": 4.918032786885246,
  "fwhm_avg": 2.5082866666666663,
  "fwhm_x": 2.407896666666667,
  "fwhm_y": 2.546413333333333,
  "fwhm_z": 2.57055,
  "gcor": 0.0108508,
  "gsr_x": 0.011752378195524216,
  "gsr_y": 0.025641387328505516,
  "provenance": {
    "md5sum": "de99d2407f394d5d1ad1aad4f58528f6",
    "settings": {
      "fd_thres": 0.2,
      "testing": false
    },
    "software": "mriqc",
    "version": "23.0.1",
    "webapi_port": null,
    "webapi_url": "https://mriqc.nimh.nih.gov/api/v1"
  },
  "size_t": 183,
  "size_x": 64,
  "size_y": 64,
  "size_z": 48,
  "snr": 2.351863323284154,
  "spacing_tr": 3.359999895095825,
  "spacing_x": 3.0,
  "spacing_y": 3.0,
  "spacing_z": 3.0,
  "summary_bg_k": 27.098193216487598,
  "summary_bg_mad": 11.261298846340983,
  "summary_bg_mean": 93.0862045288086,
  "summary_bg_median": 56.103824615478516,
  "summary_bg_n": 118505.0,
  "summary_bg_p05": 46.35519027709961,
  "summary_bg_p95": 277.1912536621094,
  "summary_bg_stdv": 102.24398040771484,
  "summary_fg_k": 1.91562076541922,
  "summary_fg_mad": 288.6982781938601,
  "summary_fg_mean": 829.659912109375,
  "summary_fg_median": 764.4398803710938,
  "summary_fg_n": 35376.0,
  "summary_fg_p05": 433.98494720458984,
  "summary_fg_p95": 1461.2704162597656,
  "summary_fg_stdv": 325.03125,
  "tsnr": 48.63176414370537
}