{
  "aor": 0.006532857142857142,
  "aqi": 0.012339602197802198,
  "bids_meta": {
    "AcquisitionDateTime": "20200224111756.007500",
    "ConversionSoftware": "dicm2nii.m 20180808",
    "DeviceSerialNumber": "167032",
    "EchoTime": 0.03,
    "EchoTime1": 0.03,
    "EchoTime2": 0.03,
    "EffectiveEchoSpacing": 0.00048611111,
    "FlipAngle": 90,
    "ImageType": [
      "ORIGINAL",
      "PRIMARY",
      "M",
      "ND",
      "MOSAIC"
    ],
    "InstitutionAddress": "Queen Square 12,London,Southeast,GB,WC1N 3BG",
    "InstitutionName": "Functional Imaging Laboratory",
    "MRAcquisitionType": "2D",
    "Manufacturer": "SIEMENS",
    "Modality": "MR",
    "PatientName": "MP02992",
    "PatientPosition": "HFS",
    "PhaseEncodingDirection": "j-",
    "RepetitionTime": 3.36,
    "ScanOptions": "FS",
    "ScanningSequence": "RM",
    "SequenceName": "ep2dv2o2d1",
    "SequenceVariant": "SP\\OSP",
    "SeriesDescription": "nc_epi2d_v2o_3mm_OFC_64ch",
    "SeriesNumber": 10,
    "SliceThickness": 2.5,
    "SliceTiming": [
      0,
      0,
      0,
      0,
      0,
      0,
      0,
      0,
      0,
      0,
      0,
      0,
      0,
      0,
      0,
      0,
      0,
      0,
      0,
      0,
      0,
      0,
      0,
      0,
      0,
      0,
      0,
      0,
      0,
      0,
      0,
      0,
      0,
      0,
      0,
      0,
      0,
      0,
      0,
      0,
      0,
      0,
      0,
      0,
      0,
      0,
      0,
      0
    ],
    "SoftwareVersion": "syngo MR E11",
    "TotalReadoutTime": 0.030625,
    "dataset": "ds004081",
    "deltaTE": 0,
    "modality": "bold",
    "run_id": 5,
    "subject_id": "MP02992",
    "task_id": "unequalVariance"
  },
  "dummy_trs": 2,
  "dvars_nstd": 24.19228016325967,
  "dvars_std": 1.0361413422651933,
  "dvars_vstd": 0.8897821471270716,
  "efc": 0.5780501491635097,
  "fber": 166.86387634277344,
  "fd_mean": 0.1051970160959261,
  "fd_num": 13,
  "fd_perc": 7.142857142857143,
  "fwhm_avg": 2.5513600000000003,
  "fwhm_x": 2.448846666666667,
  "fwhm_y": 2.567536666666667,
  "fwhm_z": 2.637696666666667,
  "gcor": 0.00827908,
  "gsr_x": 0.013789363205432892,
  "gsr_y": 0.025712694972753525,
  "provenance": {
    "md5sum": "4a1e6f5fa1b6e871720981b11dd0e7e9",
    "settings": {
      "fd_thres": 0.2,
      "testing": false
    },
    "software": "mriqc",
    "version": "23.0.1",
    "webapi_port": null,
    "webapi_url": "https://mriqc.nimh.nih.gov/api/v1"
  },
  "size_t": 182,
  "size_x": 64,
  "size_y": 64,
  "size_z": 48,
  "snr": 2.342239620076485,
  "spacing_tr": 3.359999895095825,
  "spacing_x": 3.0,
  "spacing_y": 3.0,
  "spacing_z": 3.0,
  "summary_bg_k": 27.885273108523126,
  "summary_bg_mad": 13.677416067982639,
  "summary_bg_mean": 92.61988067626953,
  "summary_bg_median": 56.96154022216797,
  "summary_bg_n": 118108.0,
  "summary_bg_p05": 42.59533061981201,
  "summary_bg_p95": 274.1244506835937,
  "summary_bg_stdv": 101.66248321533203,
  "summary_fg_k": 1.72707159217667,
  "summary_fg_mad": 291.2824708729967,
  "summary_fg_mean": 820.2716674804688,
  "summary_fg_median": 757.7417602539062,
  "summary_fg_n": 36025.0,
  "summary_fg_p05": 423.68792724609375,
  "summary_fg_p95": 1444.5318603515611,
  "summary_fg_stdv": 323.50714111328125,
  "tsnr": 37.334477417171
}