{
  "aor": 0.008037252747252747,
  "aqi": 0.01223361543956044,
  "bids_meta": {
    "AcquisitionDateTime": "20200224110524.035000",
    "ConversionSoftware": "dicm2nii.m 20180808",
    "DeviceSerialNumber": "167032",
    "EchoTime": 0.03,
    "EchoTime1": 0.03,
    "EchoTime2": 0.03,
    "EffectiveEchoSpacing": 0.00048611111,
    "FlipAngle": 90,
    "ImageType": [
      "ORIGINAL",
      "PRIMARY",
      "M",
      "ND",
      "MOSAIC"
    ],
    "InstitutionAddress": "Queen Square 12,London,Southeast,GB,WC1N 3BG",
    "InstitutionName": "Functional Imaging Laboratory",
    "MRAcquisitionType": "2D",
    "Manufacturer": "SIEMENS",
    "Modality": "MR",
    "PatientName": "MP02992",
    "PatientPosition": "HFS",
    "PhaseEncodingDirection": "j-",
    "RepetitionTime": 3.36,
    "ScanOptions": "FS",
    "ScanningSequence": "RM",
    "SequenceName": "ep2dv2o2d1",
    "SequenceVariant": "SP\\OSP",
    "SeriesDescription": "nc_epi2d_v2o_3mm_OFC_64ch",
    "SeriesNumber": 9,
    "SliceThickness": 2.5,
    "SliceTiming": [
      0,
      0.07,
      0.14,
      0.21,
      0.28,
      0.35,
      0.42,
      0.49,
      0.56,
      0.63,
      0.7,
      0.77,
      0.84,
      0.91,
      0.98,
      1.05,
      1.12,
      1.19,
      1.26,
      1.33,
      1.4,
      1.47,
      1.54,
      1.61,
      1.68,
      1.75,
      1.82,
      1.89,
      1.96,
      2.03,
      2.1,
      2.17,
      2.24,
      2.31,
      2.38,
      2.45,
      2.52,
      2.59,
      2.66,
      2.73,
      2.8,
      2.87,
      2.94,
      3.01,
      3.08,
      3.15,
      3.22,
      3.29
    ],
    "SoftwareVersion": "syngo MR E11",
    "TotalReadoutTime": 0.030625,
    "dataset": "ds004081",
    "deltaTE": 0,
    "modality": "bold",
    "run_id": 4,
    "subject_id": "MP02992",
    "task_id": "unequalVariance"
  },
  "dummy_trs": 2,
  "dvars_nstd": 22.98198940767956,
  "dvars_std": 1.029437613259668,
  "dvars_vstd": 0.8884603003867398,
  "efc": 0.5794679281075289,
  "fber": 171.44036865234375,
  "fd_mean": 0.08937022955881839,
  "fd_num": 10,
  "fd_perc": 5.4945054945054945,
  "fwhm_avg": 2.490177777777778,
  "fwhm_x": 2.4061,
  "fwhm_y": 2.52711,
  "fwhm_z": 2.5373233333333336,
  "gcor": 0.00784602,
  "gsr_x": 0.015189463272690773,
  "gsr_y": 0.023787563666701317,
  "provenance": {
    "md5sum": "ae5f3677aac7dfbed4b759f7ec6ae3cf",
    "settings": {
      "fd_thres": 0.2,
      "testing": false
    },
    "software": "mriqc",
    "version": "23.0.1",
    "webapi_port": null,
    "webapi_url": "https://mriqc.nimh.nih.gov/api/v1"
  },
  "size_t": 182,
  "size_x": 64,
  "size_y": 64,
  "size_z": 48,
  "snr": 2.4234069993973426,
  "spacing_tr": 3.359999895095825,
  "spacing_x": 3.0,
  "spacing_y": 3.0,
  "spacing_z": 3.0,
  "summary_bg_k": 28.680227705410623,
  "summary_bg_mad": 11.811941373333491,
  "summary_bg_mean": 92.95198059082031,
  "summary_bg_median": 56.10439682006836,
  "summary_bg_n": 118663.0,
  "summary_bg_p05": 45.21977996826172,
  "summary_bg_p95": 274.7565917968749,
  "summary_bg_stdv": 103.1579360961914,
  "summary_fg_k": 1.6514790725473336,
  "summary_fg_mad": 282.51309230896106,
  "summary_fg_mean": 815.040771484375,
  "summary_fg_median": 754.912109375,
  "summary_fg_n": 35532.0,
  "summary_fg_p05": 431.47857666015625,
  "summary_fg_p95": 1422.1509094238281,
  "summary_fg_stdv": 311.50421142578125,
  "tsnr": 36.40769207593985
}