{
  "aor": 0.0027062295081967213,
  "aqi": 0.011014041092896174,
  "bids_meta": {
    "AcquisitionDateTime": "20200224102648.375000",
    "ConversionSoftware": "dicm2nii.m 20180808",
    "DeviceSerialNumber": "167032",
    "EchoTime": 0.03,
    "EchoTime1": 0.03,
    "EchoTime2": 0.03,
    "EffectiveEchoSpacing": 0.00052083333,
    "FlipAngle": 90,
    "ImageType": [
      "ORIGINAL",
      "PRIMARY",
      "M",
      "ND",
      "MOSAIC"
    ],
    "InstitutionAddress": "Queen Square 12,London,Southeast,GB,WC1N 3BG",
    "InstitutionName": "Functional Imaging Laboratory",
    "MRAcquisitionType": "2D",
    "Manufacturer": "SIEMENS",
    "Modality": "MR",
    "PatientName": "MP02992",
    "PatientPosition": "HFS",
    "PhaseEncodingDirection": "j-",
    "RepetitionTime": 3.36,
    "ScanOptions": "FS",
    "ScanningSequence": "RM",
    "SequenceName": "ep2dv2o2d1",
    "SequenceVariant": "SP\\OSP",
    "SeriesDescription": "nc_epi2d_v2o_3mm_OFC_64ch",
    "SeriesNumber": 6,
    "SliceThickness": 2.5,
    "SliceTiming": [
      0,
      0.07,
      0.14,
      0.21,
      0.28,
      0.35,
      0.42,
      0.49,
      0.56,
      0.63,
      0.7,
      0.77,
      0.84,
      0.91,
      0.98,
      1.05,
      1.12,
      1.19,
      1.26,
      1.33,
      1.4,
      1.47,
      1.54,
      1.61,
      1.68,
      1.75,
      1.82,
      1.89,
      1.96,
      2.03,
      2.1,
      2.17,
      2.24,
      2.31,
      2.38,
      2.45,
      2.52,
      2.59,
      2.66,
      2.73,
      2.8,
      2.87,
      2.94,
      3.01,
      3.08,
      3.15,
      3.22,
      3.29
    ],
    "SoftwareVersion": "syngo MR E11",
    "TotalReadoutTime": 0.0328125,
    "dataset": "ds004081",
    "deltaTE": 0,
    "modality": "bold",
    "run_id": 1,
    "subject_id": "MP02992",
    "task_id": "unequalVariance"
  },
  "dummy_trs": 1,
  "dvars_nstd": 26.84012726368131,
  "dvars_std": 1.0781999806043958,
  "dvars_vstd": 0.8766818359890112,
  "efc": 0.5744196033306619,
  "fber": 174.5060272216797,
  "fd_mean": 0.09812926334920567,
  "fd_num": 12,
  "fd_perc": 6.557377049180328,
  "fwhm_avg": 2.5112900000000002,
  "fwhm_x": 2.41945,
  "fwhm_y": 2.5601833333333333,
  "fwhm_z": 2.5542366666666667,
  "gcor": 0.0134132,
  "gsr_x": 0.009707433171570301,
  "gsr_y": 0.02422955632209778,
  "provenance": {
    "md5sum": "0181ae9520c886446b433a58f0fd7483",
    "settings": {
      "fd_thres": 0.2,
      "testing": false
    },
    "software": "mriqc",
    "version": "23.0.1",
    "webapi_port": null,
    "webapi_url": "https://mriqc.nimh.nih.gov/api/v1"
  },
  "size_t": 183,
  "size_x": 64,
  "size_y": 64,
  "size_z": 48,
  "snr": 2.336168377207787,
  "spacing_tr": 3.359999895095825,
  "spacing_x": 3.0,
  "spacing_y": 3.0,
  "spacing_z": 3.0,
  "summary_bg_k": 27.10826889660353,
  "summary_bg_mad": 12.071457842901165,
  "summary_bg_mean": 92.39559936523438,
  "summary_bg_median": 56.289615631103516,
  "summary_bg_n": 118417.0,
  "summary_bg_p05": 45.61748504638672,
  "summary_bg_p95": 270.1398742675781,
  "summary_bg_stdv": 100.3122329711914,
  "summary_fg_k": 2.097554765664041,
  "summary_fg_mad": 292.26705665415216,
  "summary_fg_mean": 835.2787475585938,
  "summary_fg_median": 769.8414916992188,
  "summary_fg_n": 35494.0,
  "summary_fg_p05": 435.0721267700195,
  "summary_fg_p95": 1472.298291015625,
  "summary_fg_stdv": 329.52703857421875,
  "tsnr": 38.03193137515336
}