{
  "aor": 0.004890718232044199,
  "aqi": 0.00946291314917127,
  "bids_meta": {
    "AcquisitionDateTime": "20200224105235.257500",
    "ConversionSoftware": "dicm2nii.m 20180808",
    "DeviceSerialNumber": "167032",
    "EchoTime": 0.03,
    "EchoTime1": 0.03,
    "EchoTime2": 0.03,
    "EffectiveEchoSpacing": 0.00048611111,
    "FlipAngle": 90,
    "ImageType": [
      "ORIGINAL",
      "PRIMARY",
      "M",
      "ND",
      "MOSAIC"
    ],
    "InstitutionAddress": "Queen Square 12,London,Southeast,GB,WC1N 3BG",
    "InstitutionName": "Functional Imaging Laboratory",
    "MRAcquisitionType": "2D",
    "Manufacturer": "SIEMENS",
    "Modality": "MR",
    "PatientName": "MP02992",
    "PatientPosition": "HFS",
    "PhaseEncodingDirection": "j-",
    "RepetitionTime": 3.36,
    "ScanOptions": "FS",
    "ScanningSequence": "RM",
    "SequenceName": "ep2dv2o2d1",
    "SequenceVariant": "SP\\OSP",
    "SeriesDescription": "nc_epi2d_v2o_3mm_OFC_64ch",
    "SeriesNumber": 8,
    "SliceThickness": 2.5,
    "SliceTiming": [
      0,
      0,
      0,
      0,
      0,
      0,
      0,
      0,
      0,
      0,
      0,
      0,
      0,
      0,
      0,
      0,
      0,
      0,
      0,
      0,
      0,
      0,
      0,
      0,
      0,
      0,
      0,
      0,
      0,
      0,
      0,
      0,
      0,
      0,
      0,
      0,
      0,
      0,
      0,
      0,
      0,
      0,
      0,
      0,
      0,
      0,
      0,
      0
    ],
    "SoftwareVersion": "syngo MR E11",
    "TotalReadoutTime": 0.030625,
    "dataset": "ds004081",
    "deltaTE": 0,
    "modality": "bold",
    "run_id": 3,
    "subject_id": "MP02992",
    "task_id": "unequalVariance"
  },
  "dummy_trs": 3,
  "dvars_nstd": 23.26134491477777,
  "dvars_std": 1.1002303379444447,
  "dvars_vstd": 0.9293877693888889,
  "efc": 0.5774610567271065,
  "fber": 173.01513671875,
  "fd_mean": 0.08209693598908617,
  "fd_num": 10,
  "fd_perc": 5.524861878453039,
  "fwhm_avg": 2.5120799999999996,
  "fwhm_x": 2.4273666666666665,
  "fwhm_y": 2.5334866666666667,
  "fwhm_z": 2.5753866666666667,
  "gcor": 0.00959066,
  "gsr_x": 0.011896939016878605,
  "gsr_y": 0.022550445050001144,
  "provenance": {
    "md5sum": "acdbfb42882cbe127b88acd8e47129df",
    "settings": {
      "fd_thres": 0.2,
      "testing": false
    },
    "software": "mriqc",
    "version": "23.0.1",
    "webapi_port": null,
    "webapi_url": "https://mriqc.nimh.nih.gov/api/v1"
  },
  "size_t": 181,
  "size_x": 64,
  "size_y": 64,
  "size_z": 48,
  "snr": 2.3842247143373463,
  "spacing_tr": 3.359999895095825,
  "spacing_x": 3.0,
  "spacing_y": 3.0,
  "spacing_z": 3.0,
  "summary_bg_k": 28.57839228919355,
  "summary_bg_mad": 11.451261780129917,
  "summary_bg_mean": 93.48876953125,
  "summary_bg_median": 56.132598876953125,
  "summary_bg_n": 118566.0,
  "summary_bg_p05": 46.11740493774414,
  "summary_bg_p95": 278.2044372558594,
  "summary_bg_stdv": 104.03423309326172,
  "summary_fg_k": 1.8126943483352447,
  "summary_fg_mad": 288.1204035742693,
  "summary_fg_mean": 825.3922119140625,
  "summary_fg_median": 763.3978271484375,
  "summary_fg_n": 35552.0,
  "summary_fg_p05": 432.8903549194336,
  "summary_fg_p95": 1448.087365722656,
  "summary_fg_stdv": 320.1825256347656,
  "tsnr": 42.686494594439864
}