{
  "aor": 0.0028079120879120874,
  "aqi": 0.0037648454395604394,
  "bids_meta": {
    "AcquisitionDateTime": "20200212165150.722500",
    "ConversionSoftware": "dicm2nii.m 20180808",
    "DeviceSerialNumber": "167032",
    "EchoTime": 0.03,
    "EchoTime1": 0.03,
    "EchoTime2": 0.03,
    "EffectiveEchoSpacing": 0.00048611111,
    "FlipAngle": 90,
    "ImageType": [
      "ORIGINAL",
      "PRIMARY",
      "M",
      "ND",
      "MOSAIC"
    ],
    "InstitutionAddress": "Queen Square 12,London,Southeast,GB,WC1N 3BG",
    "InstitutionName": "Functional Imaging Laboratory",
    "MRAcquisitionType": "2D",
    "Manufacturer": "SIEMENS",
    "Modality": "MR",
    "PatientName": "MP02976",
    "PatientPosition": "HFS",
    "PhaseEncodingDirection": "j-",
    "RepetitionTime": 3.36,
    "ScanOptions": "FS",
    "ScanningSequence": "RM",
    "SequenceName": "ep2dv2o2d1",
    "SequenceVariant": "SP\\OSP",
    "SeriesDescription": "nc_epi2d_v2o_3mm_OFC_64ch",
    "SeriesNumber": 11,
    "SliceThickness": 2.5,
    "SliceTiming": [
      0,
      0.07,
      0.14,
      0.21,
      0.28,
      0.35,
      0.42,
      0.49,
      0.56,
      0.63,
      0.7,
      0.77,
      0.84,
      0.91,
      0.98,
      1.05,
      1.12,
      1.19,
      1.26,
      1.33,
      1.4,
      1.47,
      1.54,
      1.61,
      1.68,
      1.75,
      1.82,
      1.89,
      1.96,
      2.03,
      2.1,
      2.17,
      2.24,
      2.31,
      2.38,
      2.45,
      2.52,
      2.59,
      2.66,
      2.73,
      2.8,
      2.87,
      2.94,
      3.01,
      3.08,
      3.15,
      3.22,
      3.29
    ],
    "SoftwareVersion": "syngo MR E11",
    "TotalReadoutTime": 0.030625,
    "dataset": "ds004081",
    "deltaTE": 0,
    "modality": "bold",
    "run_id": 5,
    "subject_id": "MP02976",
    "task_id": "unequalVariance"
  },
  "dummy_trs": 2,
  "dvars_nstd": 30.75937064585636,
  "dvars_std": 1.420550048618784,
  "dvars_vstd": 1.0146052941436463,
  "efc": 0.5814795877555886,
  "fber": 179.09779357910156,
  "fd_mean": 0.11136491572127453,
  "fd_num": 25,
  "fd_perc": 13.736263736263735,
  "fwhm_avg": 2.688931111111111,
  "fwhm_x": 2.5057566666666666,
  "fwhm_y": 2.781086666666667,
  "fwhm_z": 2.77995,
  "gcor": 0.0156044,
  "gsr_x": 0.014807118102908134,
  "gsr_y": 0.04216727614402771,
  "provenance": {
    "md5sum": "e4b655d033700541262c3502d833de21",
    "settings": {
      "fd_thres": 0.2,
      "testing": false
    },
    "software": "mriqc",
    "version": "23.0.1",
    "webapi_port": null,
    "webapi_url": "https://mriqc.nimh.nih.gov/api/v1"
  },
  "size_t": 182,
  "size_x": 64,
  "size_y": 64,
  "size_z": 48,
  "snr": 2.3890462191585065,
  "spacing_tr": 3.359999895095825,
  "spacing_x": 3.0,
  "spacing_y": 3.0,
  "spacing_z": 3.0,
  "summary_bg_k": 20.20490473698385,
  "summary_bg_mad": 13.237517384223462,
  "summary_bg_mean": 103.153564453125,
  "summary_bg_median": 58.82417678833008,
  "summary_bg_n": 115796.0,
  "summary_bg_p05": 48.906593322753906,
  "summary_bg_p95": 328.6717224121094,
  "summary_bg_stdv": 116.91000366210938,
  "summary_fg_k": 1.009862424054825,
  "summary_fg_mad": 312.7638694414476,
  "summary_fg_mean": 877.4605102539062,
  "summary_fg_median": 810.063232421875,
  "summary_fg_n": 37100.0,
  "summary_fg_p05": 448.67584228515625,
  "summary_fg_p95": 1540.5936645507807,
  "summary_fg_stdv": 339.0693359375,
  "tsnr": 72.31521499343216
}