{
  "aor": 0.001261098901098901,
  "aqi": 0.003379863901098901,
  "bids_meta": {
    "AcquisitionDateTime": "20200212160414.897500",
    "ConversionSoftware": "dicm2nii.m 20180808",
    "DeviceSerialNumber": "167032",
    "EchoTime": 0.03,
    "EchoTime1": 0.03,
    "EchoTime2": 0.03,
    "EffectiveEchoSpacing": 0.00048611111,
    "FlipAngle": 90,
    "ImageType": [
      "ORIGINAL",
      "PRIMARY",
      "M",
      "ND",
      "MOSAIC"
    ],
    "InstitutionAddress": "Queen Square 12,London,Southeast,GB,WC1N 3BG",
    "InstitutionName": "Functional Imaging Laboratory",
    "MRAcquisitionType": "2D",
    "Manufacturer": "SIEMENS",
    "Modality": "MR",
    "PatientName": "MP02976",
    "PatientPosition": "HFS",
    "PhaseEncodingDirection": "j-",
    "RepetitionTime": 3.36,
    "ScanOptions": "FS",
    "ScanningSequence": "RM",
    "SequenceName": "ep2dv2o2d1",
    "SequenceVariant": "SP\\OSP",
    "SeriesDescription": "nc_epi2d_v2o_3mm_OFC_64ch",
    "SeriesNumber": 6,
    "SliceThickness": 2.5,
    "SliceTiming": [
      0,
      0,
      0,
      0,
      0,
      0,
      0,
      0,
      0,
      0,
      0,
      0,
      0,
      0,
      0,
      0,
      0,
      0,
      0,
      0,
      0,
      0,
      0,
      0,
      0,
      0,
      0,
      0,
      0,
      0,
      0,
      0,
      0,
      0,
      0,
      0,
      0,
      0,
      0,
      0,
      0,
      0,
      0,
      0,
      0,
      0,
      0,
      0
    ],
    "SoftwareVersion": "syngo MR E11",
    "TotalReadoutTime": 0.030625,
    "dataset": "ds004081",
    "deltaTE": 0,
    "modality": "bold",
    "run_id": 1,
    "subject_id": "MP02976",
    "task_id": "unequalVariance"
  },
  "dummy_trs": 2,
  "dvars_nstd": 26.358214146243082,
  "dvars_std": 1.391406409779005,
  "dvars_vstd": 0.9829484968508283,
  "efc": 0.578618371980588,
  "fber": 183.61903381347656,
  "fd_mean": 0.05922709148528663,
  "fd_num": 4,
  "fd_perc": 2.197802197802198,
  "fwhm_avg": 2.6953866666666664,
  "fwhm_x": 2.51757,
  "fwhm_y": 2.76229,
  "fwhm_z": 2.8063000000000002,
  "gcor": 0.0304853,
  "gsr_x": 0.013147705234587193,
  "gsr_y": 0.04171120375394821,
  "provenance": {
    "md5sum": "5aa8b508f41f1361bc9fc4765df3df27",
    "settings": {
      "fd_thres": 0.2,
      "testing": false
    },
    "software": "mriqc",
    "version": "23.0.1",
    "webapi_port": null,
    "webapi_url": "https://mriqc.nimh.nih.gov/api/v1"
  },
  "size_t": 182,
  "size_x": 64,
  "size_y": 64,
  "size_z": 48,
  "snr": 2.387532666773589,
  "spacing_tr": 3.359999895095825,
  "spacing_x": 3.0,
  "spacing_y": 3.0,
  "spacing_z": 3.0,
  "summary_bg_k": 22.739568226499326,
  "summary_bg_mad": 12.113349454505745,
  "summary_bg_mean": 98.85088348388672,
  "summary_bg_median": 57.55494689941406,
  "summary_bg_n": 115781.0,
  "summary_bg_p05": 48.340660095214844,
  "summary_bg_p95": 309.510986328125,
  "summary_bg_stdv": 111.35205841064453,
  "summary_fg_k": 1.026435856958508,
  "summary_fg_mad": 308.4872262439571,
  "summary_fg_mean": 869.3200073242188,
  "summary_fg_median": 801.4835205078125,
  "summary_fg_n": 37177.0,
  "summary_fg_p05": 445.2879272460938,
  "summary_fg_p95": 1526.1616210937498,
  "summary_fg_stdv": 335.6907958984375,
  "tsnr": 76.15621479018591
}