{
  "aor": 0.0025640659340659343,
  "aqi": 0.006706301153846153,
  "bids_meta": {
    "AcquisitionDateTime": "20200212161651.357500",
    "ConversionSoftware": "dicm2nii.m 20180808",
    "DeviceSerialNumber": "167032",
    "EchoTime": 0.03,
    "EchoTime1": 0.03,
    "EchoTime2": 0.03,
    "EffectiveEchoSpacing": 0.00048611111,
    "FlipAngle": 90,
    "ImageType": [
      "ORIGINAL",
      "PRIMARY",
      "M",
      "ND",
      "MOSAIC"
    ],
    "InstitutionAddress": "Queen Square 12,London,Southeast,GB,WC1N 3BG",
    "InstitutionName": "Functional Imaging Laboratory",
    "MRAcquisitionType": "2D",
    "Manufacturer": "SIEMENS",
    "Modality": "MR",
    "PatientName": "MP02976",
    "PatientPosition": "HFS",
    "PhaseEncodingDirection": "j-",
    "RepetitionTime": 3.36,
    "ScanOptions": "FS",
    "ScanningSequence": "RM",
    "SequenceName": "ep2dv2o2d1",
    "SequenceVariant": "SP\\OSP",
    "SeriesDescription": "nc_epi2d_v2o_3mm_OFC_64ch",
    "SeriesNumber": 7,
    "SliceThickness": 2.5,
    "SliceTiming": [
      0,
      0,
      0,
      0,
      0,
      0,
      0,
      0,
      0,
      0,
      0,
      0,
      0,
      0,
      0,
      0,
      0,
      0,
      0,
      0,
      0,
      0,
      0,
      0,
      0,
      0,
      0,
      0,
      0,
      0,
      0,
      0,
      0,
      0,
      0,
      0,
      0,
      0,
      0,
      0,
      0,
      0,
      0,
      0,
      0,
      0,
      0,
      0
    ],
    "SoftwareVersion": "syngo MR E11",
    "TotalReadoutTime": 0.030625,
    "dataset": "ds004081",
    "deltaTE": 0,
    "modality": "bold",
    "run_id": 2,
    "subject_id": "MP02976",
    "task_id": "unequalVariance"
  },
  "dummy_trs": 2,
  "dvars_nstd": 27.674304487790057,
  "dvars_std": 1.2408435930386739,
  "dvars_vstd": 0.9336020149723757,
  "efc": 0.5802328312764282,
  "fber": 179.38668823242188,
  "fd_mean": 0.08944663996828293,
  "fd_num": 11,
  "fd_perc": 6.043956043956044,
  "fwhm_avg": 2.739161111111111,
  "fwhm_x": 2.54883,
  "fwhm_y": 2.8145233333333333,
  "fwhm_z": 2.85413,
  "gcor": 0.0140119,
  "gsr_x": 0.01355140469968319,
  "gsr_y": 0.042356766760349274,
  "provenance": {
    "md5sum": "bd08d7add1069565d18af67e333e267f",
    "settings": {
      "fd_thres": 0.2,
      "testing": false
    },
    "software": "mriqc",
    "version": "23.0.1",
    "webapi_port": null,
    "webapi_url": "https://mriqc.nimh.nih.gov/api/v1"
  },
  "size_t": 182,
  "size_x": 64,
  "size_y": 64,
  "size_z": 48,
  "snr": 2.3961451928289175,
  "spacing_tr": 3.359999895095825,
  "spacing_x": 3.0,
  "spacing_y": 3.0,
  "spacing_z": 3.0,
  "summary_bg_k": 21.29239462896202,
  "summary_bg_mad": 13.473755080554406,
  "summary_bg_mean": 100.70771789550781,
  "summary_bg_median": 58.28022003173828,
  "summary_bg_n": 115841.0,
  "summary_bg_p05": 47.472530364990234,
  "summary_bg_p95": 317.9066162109375,
  "summary_bg_stdv": 113.124755859375,
  "summary_fg_k": 0.939736674108218,
  "summary_fg_mad": 309.3831762296397,
  "summary_fg_mean": 869.154296875,
  "summary_fg_median": 802.7582397460938,
  "summary_fg_n": 37265.0,
  "summary_fg_p05": 444.69342041015625,
  "summary_fg_p95": 1523.9956054687498,
  "summary_fg_stdv": 335.0162048339844,
  "tsnr": 52.49949430930428
}