{
  "aor": 0.003001758241758242,
  "aqi": 0.01717423181318681,
  "bids_meta": {
    "AcquisitionDateTime": "20200219153804.510000",
    "ConversionSoftware": "dicm2nii.m 20180808",
    "DeviceSerialNumber": "167032",
    "EchoTime": 0.03,
    "EchoTime1": 0.03,
    "EchoTime2": 0.03,
    "EffectiveEchoSpacing": 0.00052083333,
    "FlipAngle": 90,
    "ImageType": [
      "ORIGINAL",
      "PRIMARY",
      "M",
      "ND",
      "MOSAIC"
    ],
    "InstitutionAddress": "Queen Square 12,London,Southeast,GB,WC1N 3BG",
    "InstitutionName": "FIL",
    "MRAcquisitionType": "2D",
    "Manufacturer": "SIEMENS",
    "Modality": "MR",
    "PatientName": "MP02988",
    "PatientPosition": "HFS",
    "PhaseEncodingDirection": "j-",
    "RepetitionTime": 3.36,
    "ScanOptions": "FS",
    "ScanningSequence": "RM",
    "SequenceName": "ep2dv2o2d1",
    "SequenceVariant": "SP\\OSP",
    "SeriesDescription": "nc_epi2d_v2o_3mm_OFC_64ch",
    "SeriesNumber": 7,
    "SliceThickness": 2.5,
    "SliceTiming": [
      0,
      0.07,
      0.14,
      0.21,
      0.28,
      0.35,
      0.42,
      0.49,
      0.56,
      0.63,
      0.7,
      0.77,
      0.84,
      0.91,
      0.98,
      1.05,
      1.12,
      1.19,
      1.26,
      1.33,
      1.4,
      1.47,
      1.54,
      1.61,
      1.68,
      1.75,
      1.82,
      1.89,
      1.96,
      2.03,
      2.1,
      2.17,
      2.24,
      2.31,
      2.38,
      2.45,
      2.52,
      2.59,
      2.66,
      2.73,
      2.8,
      2.87,
      2.94,
      3.01,
      3.08,
      3.15,
      3.22,
      3.29
    ],
    "SoftwareVersion": "syngo MR E11",
    "TotalReadoutTime": 0.0328125,
    "dataset": "ds004081",
    "deltaTE": 0,
    "modality": "bold",
    "run_id": 2,
    "subject_id": "MP02988",
    "task_id": "unequalVariance"
  },
  "dummy_trs": 2,
  "dvars_nstd": 49.263310869337026,
  "dvars_std": 1.103254008287293,
  "dvars_vstd": 0.930691319392265,
  "efc": 0.6406995718966471,
  "fber": 94.48163604736328,
  "fd_mean": 0.3569336015856184,
  "fd_num": 139,
  "fd_perc": 76.37362637362638,
  "fwhm_avg": 2.4883166666666665,
  "fwhm_x": 2.323516666666667,
  "fwhm_y": 2.51703,
  "fwhm_z": 2.6244033333333334,
  "gcor": 0.00900499,
  "gsr_x": 0.028116295114159584,
  "gsr_y": 0.04717294126749039,
  "provenance": {
    "md5sum": "ef0e1fc5365ecde7766a946fb21a3e89",
    "settings": {
      "fd_thres": 0.2,
      "testing": false
    },
    "software": "mriqc",
    "version": "23.0.1",
    "webapi_port": null,
    "webapi_url": "https://mriqc.nimh.nih.gov/api/v1"
  },
  "size_t": 182,
  "size_x": 64,
  "size_y": 64,
  "size_z": 48,
  "snr": 2.257678586601947,
  "spacing_tr": 3.359999895095825,
  "spacing_x": 3.0,
  "spacing_y": 3.0,
  "spacing_z": 3.0,
  "summary_bg_k": 40.31594040936197,
  "summary_bg_mad": 22.63819410817893,
  "summary_bg_mean": 111.24667358398438,
  "summary_bg_median": 64.93406677246094,
  "summary_bg_n": 101173.0,
  "summary_bg_p05": 46.14615478515625,
  "summary_bg_p95": 323.18463134765614,
  "summary_bg_stdv": 117.68638610839844,
  "summary_fg_k": 1.2838900948711176,
  "summary_fg_mad": 262.28621375126784,
  "summary_fg_mean": 717.1697387695312,
  "summary_fg_median": 656.0714721679688,
  "summary_fg_n": 46794.0,
  "summary_fg_p05": 360.1700744628906,
  "summary_fg_p95": 1283.317901611328,
  "summary_fg_stdv": 290.5924987792969,
  "tsnr": 29.166839001933113
}