{
  "bids_meta": {
    "AcquisitionDateTime": "20200211104745.535000",
    "ConversionSoftware": "dicm2nii.m 20180808",
    "DeviceSerialNumber": "167032",
    "EchoTime": 0.00334,
    "FlipAngle": 7,
    "ImageType": [
      "ORIGINAL",
      "PRIMARY",
      "M",
      "ND"
    ],
    "InstitutionAddress": "Queen Square 12,London,Southeast,GB,WC1N 3BG",
    "InstitutionName": "Functional Imaging Laboratory",
    "InversionTime": 1.1,
    "MRAcquisitionType": "3D",
    "Manufacturer": "SIEMENS",
    "Modality": "MR",
    "PatientName": "MP02972",
    "PatientPosition": "HFS",
    "PhaseEncodingDirection": "j-",
    "RepetitionTime": 2.53,
    "ScanOptions": "IR",
    "ScanningSequence": "GR\\IR",
    "SequenceName": "*tfl3d1_16ns",
    "SequenceVariant": "SK\\SP\\MP",
    "SeriesDescription": "MPRAGE_64ch_Head",
    "SeriesNumber": 3,
    "SliceThickness": 1,
    "SoftwareVersion": "syngo MR E11",
    "dataset": "ds004081",
    "modality": "T1w",
    "subject_id": "MP02972"
  },
  "cjv": 0.4987872892884275,
  "cnr": 2.4770281855171103,
  "efc": 0.5012749790248843,
  "fber": 5376.2873661511,
  "fwhm_avg": 3.911426666666667,
  "fwhm_x": 3.98224,
  "fwhm_y": 3.89676,
  "fwhm_z": 3.85528,
  "icvs_csf": 0.22086593336234825,
  "icvs_gm": 0.3862398678670305,
  "icvs_wm": 0.39289419877062126,
  "inu_med": 0.9440816640853882,
  "inu_range": 0.9716710150241854,
  "provenance": {
    "md5sum": "243eaa0ac8b4b7eecdba2b322098ca80",
    "settings": {
      "testing": false
    },
    "software": "mriqc",
    "version": "23.0.1",
    "warnings": {
      "large_rot_frame": true,
      "small_air_mask": false
    },
    "webapi_port": null,
    "webapi_url": "https://mriqc.nimh.nih.gov/api/v1"
  },
  "qi_1": 0.0,
  "qi_2": 0.0022615298175880753,
  "rpve_csf": 31.268020287975943,
  "rpve_gm": 16.78086072715285,
  "rpve_wm": 19.058366568002544,
  "size_x": 176,
  "size_y": 256,
  "size_z": 256,
  "snr_csf": 1.1211308343479318,
  "snr_gm": 8.092391056087427,
  "snr_total": 5.750616109353506,
  "snr_wm": 8.038326437625157,
  "snrd_csf": 6.031808961283461,
  "snrd_gm": 35.78995914771302,
  "snrd_total": 32.73972729899895,
  "snrd_wm": 56.39741378800036,
  "spacing_x": 1.0,
  "spacing_y": 1.0,
  "spacing_z": 1.0,
  "summary_bg_k": 2282.3185425690913,
  "summary_bg_mad": 0.0,
  "summary_bg_mean": 7.049828895819026,
  "summary_bg_median": 0.0,
  "summary_bg_n": 2117515.0,
  "summary_bg_p05": 0.0,
  "summary_bg_p95": 27.980692975223064,
  "summary_bg_stdv": 11.617941189541757,
  "summary_csf_k": 3.907948843654051,
  "summary_csf_mad": 64.98230206718407,
  "summary_csf_mean": 132.77057320854192,
  "summary_csf_median": 106.96581929922104,
  "summary_csf_n": 29007.0,
  "summary_csf_p05": 32.22019191086292,
  "summary_csf_p95": 337.79023057967424,
  "summary_csf_stdv": 95.40721940123215,
  "summary_gm_k": 0.3714058498709285,
  "summary_gm_mad": 74.26548807678179,
  "summary_gm_mean": 637.0053628792091,
  "summary_gm_median": 634.6856021955609,
  "summary_gm_n": 16914.0,
  "summary_gm_p05": 510.34762071929873,
  "summary_gm_p95": 770.8713526204228,
  "summary_gm_stdv": 78.42760382951029,
  "summary_wm_k": 1.2717262098131785,
  "summary_wm_mad": 108.01373721584018,
  "summary_wm_mean": 1019.5301233189571,
  "summary_wm_median": 1000.1304104477167,
  "summary_wm_n": 147598.0,
  "summary_wm_p05": 850.9000479131937,
  "summary_wm_p95": 1257.435384310782,
  "summary_wm_stdv": 124.41980680693807,
  "tpm_overlap_csf": 0.1738835792288058,
  "tpm_overlap_gm": 0.43780998738596694,
  "tpm_overlap_wm": 0.4942483771680709,
  "wm2max": 0.27015503875968994
}