{
  "aor": 0.0032171428571428572,
  "aqi": 0.01029536412087912,
  "bids_meta": {
    "AcquisitionDateTime": "20210623152839.397500",
    "ConversionSoftware": "dicm2nii.m 20180808",
    "DeviceSerialNumber": "167032",
    "EchoTime": 0.03,
    "EchoTime1": 0.03,
    "EchoTime2": 0.03,
    "EffectiveEchoSpacing": 0.00048611111,
    "FlipAngle": 90,
    "ImageType": [
      "ORIGINAL",
      "PRIMARY",
      "M",
      "ND",
      "MOSAIC"
    ],
    "InstitutionAddress": "Queen Square 12,London,Southeast,GB,WC1N 3BG",
    "InstitutionName": "FIL",
    "MRAcquisitionType": "2D",
    "Manufacturer": "SIEMENS",
    "Modality": "MR",
    "PatientName": "MP03153",
    "PatientPosition": "HFS",
    "PhaseEncodingDirection": "j-",
    "RepetitionTime": 3.36,
    "ScanOptions": "FS",
    "ScanningSequence": "RM",
    "SequenceName": "ep2dv2o2d1",
    "SequenceVariant": "SP\\OSP",
    "SeriesDescription": "nc_epi2d_v2o_3mm_OFC_64ch",
    "SeriesNumber": 7,
    "SliceThickness": 2.5,
    "SliceTiming": [
      0,
      0,
      0,
      0,
      0,
      0,
      0,
      0,
      0,
      0,
      0,
      0,
      0,
      0,
      0,
      0,
      0,
      0,
      0,
      0,
      0,
      0,
      0,
      0,
      0,
      0,
      0,
      0,
      0,
      0,
      0,
      0,
      0,
      0,
      0,
      0,
      0,
      0,
      0,
      0,
      0,
      0,
      0,
      0,
      0,
      0,
      0,
      0
    ],
    "SoftwareVersion": "syngo MR E11",
    "TotalReadoutTime": 0.030625,
    "dataset": "ds004081",
    "deltaTE": 0,
    "modality": "bold",
    "run_id": 1,
    "subject_id": "MP03153",
    "task_id": "unequalVariance"
  },
  "dummy_trs": 2,
  "dvars_nstd": 31.91465730806631,
  "dvars_std": 1.0721470046961328,
  "dvars_vstd": 0.9187690670718234,
  "efc": 0.5830579995271402,
  "fber": 145.91407775878906,
  "fd_mean": 0.16444891890295107,
  "fd_num": 42,
  "fd_perc": 23.076923076923077,
  "fwhm_avg": 2.64244,
  "fwhm_x": 2.4829133333333333,
  "fwhm_y": 2.6547300000000003,
  "fwhm_z": 2.789676666666667,
  "gcor": 0.00680284,
  "gsr_x": 0.016109004616737366,
  "gsr_y": 0.0398176871240139,
  "provenance": {
    "md5sum": "3fdf5c5537440a1a1ff6d71d57796130",
    "settings": {
      "fd_thres": 0.2,
      "testing": false
    },
    "software": "mriqc",
    "version": "23.0.1",
    "webapi_port": null,
    "webapi_url": "https://mriqc.nimh.nih.gov/api/v1"
  },
  "size_t": 182,
  "size_x": 64,
  "size_y": 64,
  "size_z": 48,
  "snr": 2.0891040040969435,
  "spacing_tr": 3.359999895095825,
  "spacing_x": 3.0,
  "spacing_y": 3.0,
  "spacing_z": 3.0,
  "summary_bg_k": 37.866402709084646,
  "summary_bg_mad": 15.408472248657702,
  "summary_bg_mean": 95.52093505859375,
  "summary_bg_median": 59.28571701049805,
  "summary_bg_n": 111808.0,
  "summary_bg_p05": 45.906593322753906,
  "summary_bg_p95": 261.7453308105468,
  "summary_bg_stdv": 105.09049987792969,
  "summary_fg_k": 3.148199921625893,
  "summary_fg_mad": 292.2843856534712,
  "summary_fg_mean": 828.7217407226562,
  "summary_fg_median": 744.7802124023438,
  "summary_fg_n": 39057.0,
  "summary_fg_p05": 424.0593566894531,
  "summary_fg_p95": 1533.4681640624995,
  "summary_fg_stdv": 356.50244140625,
  "tsnr": 37.96614899416454
}