{
  "aor": 0.006539725274725274,
  "aqi": 0.0077017140659340665,
  "bids_meta": {
    "AcquisitionDateTime": "20210623154414.872500",
    "ConversionSoftware": "dicm2nii.m 20180808",
    "DeviceSerialNumber": "167032",
    "EchoTime": 0.03,
    "EchoTime1": 0.03,
    "EchoTime2": 0.03,
    "EffectiveEchoSpacing": 0.00048611111,
    "FlipAngle": 90,
    "ImageType": [
      "ORIGINAL",
      "PRIMARY",
      "M",
      "ND",
      "MOSAIC"
    ],
    "InstitutionAddress": "Queen Square 12,London,Southeast,GB,WC1N 3BG",
    "InstitutionName": "FIL",
    "MRAcquisitionType": "2D",
    "Manufacturer": "SIEMENS",
    "Modality": "MR",
    "PatientName": "MP03153",
    "PatientPosition": "HFS",
    "PhaseEncodingDirection": "j-",
    "RepetitionTime": 3.36,
    "ScanOptions": "FS",
    "ScanningSequence": "RM",
    "SequenceName": "ep2dv2o2d1",
    "SequenceVariant": "SP\\OSP",
    "SeriesDescription": "nc_epi2d_v2o_3mm_OFC_64ch",
    "SeriesNumber": 8,
    "SliceThickness": 2.5,
    "SliceTiming": [
      0,
      0,
      0,
      0,
      0,
      0,
      0,
      0,
      0,
      0,
      0,
      0,
      0,
      0,
      0,
      0,
      0,
      0,
      0,
      0,
      0,
      0,
      0,
      0,
      0,
      0,
      0,
      0,
      0,
      0,
      0,
      0,
      0,
      0,
      0,
      0,
      0,
      0,
      0,
      0,
      0,
      0,
      0,
      0,
      0,
      0,
      0,
      0
    ],
    "SoftwareVersion": "syngo MR E11",
    "TotalReadoutTime": 0.030625,
    "dataset": "ds004081",
    "deltaTE": 0,
    "modality": "bold",
    "run_id": 2,
    "subject_id": "MP03153",
    "task_id": "unequalVariance"
  },
  "dummy_trs": 2,
  "dvars_nstd": 30.04037887618785,
  "dvars_std": 1.162201032154696,
  "dvars_vstd": 0.9780066403867405,
  "efc": 0.5850558364403223,
  "fber": 143.76748657226562,
  "fd_mean": 0.13609137359657958,
  "fd_num": 16,
  "fd_perc": 8.791208791208792,
  "fwhm_avg": 2.598514444444444,
  "fwhm_x": 2.445133333333333,
  "fwhm_y": 2.62737,
  "fwhm_z": 2.7230399999999997,
  "gcor": 0.00804554,
  "gsr_x": 0.01485001016408205,
  "gsr_y": 0.03828652575612068,
  "provenance": {
    "md5sum": "7284061527fffbf9d962f10bd9c14afc",
    "settings": {
      "fd_thres": 0.2,
      "testing": false
    },
    "software": "mriqc",
    "version": "23.0.1",
    "webapi_port": null,
    "webapi_url": "https://mriqc.nimh.nih.gov/api/v1"
  },
  "size_t": 182,
  "size_x": 64,
  "size_y": 64,
  "size_z": 48,
  "snr": 2.0889182817594283,
  "spacing_tr": 3.359999895095825,
  "spacing_x": 3.0,
  "spacing_y": 3.0,
  "spacing_z": 3.0,
  "summary_bg_k": 35.07913555519598,
  "summary_bg_mad": 15.469570544886171,
  "summary_bg_mean": 97.98999786376953,
  "summary_bg_median": 59.67033004760742,
  "summary_bg_n": 112249.0,
  "summary_bg_p05": 46.20329666137695,
  "summary_bg_p95": 275.6857299804686,
  "summary_bg_stdv": 108.52188110351562,
  "summary_fg_k": 3.1317009830152873,
  "summary_fg_mad": 291.5309135238089,
  "summary_fg_mean": 827.4688110351562,
  "summary_fg_median": 743.0494384765625,
  "summary_fg_n": 39050.0,
  "summary_fg_p05": 423.61016845703125,
  "summary_fg_p95": 1523.4881896972654,
  "summary_fg_stdv": 355.7055969238281,
  "tsnr": 46.06557948165573
}