{
  "bids_meta": {
    "AcquisitionDateTime": "20200224101509.150000",
    "ConversionSoftware": "dicm2nii.m 20180808",
    "DeviceSerialNumber": "167032",
    "EchoTime": 0.00334,
    "FlipAngle": 7,
    "ImageType": [
      "ORIGINAL",
      "PRIMARY",
      "M",
      "ND"
    ],
    "InstitutionAddress": "Queen Square 12,London,Southeast,GB,WC1N 3BG",
    "InstitutionName": "Functional Imaging Laboratory",
    "InversionTime": 1.1,
    "MRAcquisitionType": "3D",
    "Manufacturer": "SIEMENS",
    "Modality": "MR",
    "PatientName": "MP02992",
    "PatientPosition": "HFS",
    "PhaseEncodingDirection": "j-",
    "RepetitionTime": 2.53,
    "ScanOptions": "IR",
    "ScanningSequence": "GR\\IR",
    "SequenceName": "*tfl3d1_16ns",
    "SequenceVariant": "SK\\SP\\MP",
    "SeriesDescription": "MPRAGE_64ch_Head",
    "SeriesNumber": 2,
    "SliceThickness": 1,
    "SoftwareVersion": "syngo MR E11",
    "dataset": "ds004081",
    "modality": "T1w",
    "subject_id": "MP02992"
  },
  "cjv": 0.4728046498798692,
  "cnr": 2.606338500664538,
  "efc": 0.504205140719233,
  "fber": 7044.256638466428,
  "fwhm_avg": 4.04202,
  "fwhm_x": 4.17452,
  "fwhm_y": 4.00696,
  "fwhm_z": 3.94458,
  "icvs_csf": 0.2049918442014943,
  "icvs_gm": 0.4024412672497395,
  "icvs_wm": 0.3925668885487662,
  "inu_med": 0.9499146640300751,
  "inu_range": 1.0316257238388062,
  "provenance": {
    "md5sum": "60b0c1418cd844ddd55e42d682f6a766",
    "settings": {
      "testing": false
    },
    "software": "mriqc",
    "version": "23.0.1",
    "warnings": {
      "large_rot_frame": true,
      "small_air_mask": false
    },
    "webapi_port": null,
    "webapi_url": "https://mriqc.nimh.nih.gov/api/v1"
  },
  "qi_1": 0.0,
  "qi_2": 0.002271413570254193,
  "rpve_csf": 30.103778782981045,
  "rpve_gm": 15.17603930219423,
  "rpve_wm": 17.63799203653643,
  "size_x": 176,
  "size_y": 256,
  "size_z": 256,
  "snr_csf": 1.0137435955005403,
  "snr_gm": 8.381995316909459,
  "snr_total": 6.147357619208681,
  "snr_wm": 9.046333945216043,
  "snrd_csf": 7.1864870353435,
  "snrd_gm": 39.8853940410985,
  "snrd_total": 36.22568138327395,
  "snrd_wm": 61.60516307337986,
  "spacing_x": 1.0,
  "spacing_y": 1.0,
  "spacing_z": 1.0,
  "summary_bg_k": 6.521092428464925,
  "summary_bg_mad": 0.0,
  "summary_bg_mean": 7.5874290150785635,
  "summary_bg_median": 0.0,
  "summary_bg_n": 2607722.0,
  "summary_bg_p05": 0.0,
  "summary_bg_p95": 28.945030510425568,
  "summary_bg_stdv": 10.63579014212812,
  "summary_csf_k": 3.751611231367341,
  "summary_csf_mad": 75.28766043766541,
  "summary_csf_mean": 150.048250707628,
  "summary_csf_median": 116.66878525912762,
  "summary_csf_n": 25237.0,
  "summary_csf_p05": 31.103212609887123,
  "summary_csf_p95": 400.609378415346,
  "summary_csf_stdv": 115.08479490377388,
  "summary_gm_k": 0.348187214657925,
  "summary_gm_mad": 72.9819758367619,
  "summary_gm_mean": 650.1581415476228,
  "summary_gm_median": 647.5181057825685,
  "summary_gm_n": 19172.0,
  "summary_gm_p05": 528.2182426404208,
  "summary_gm_p95": 782.6520431809129,
  "summary_gm_stdv": 77.24905514781885,
  "summary_wm_k": 1.2564427388013524,
  "summary_wm_mad": 93.73313724489343,
  "summary_wm_mean": 1019.2328215330795,
  "summary_wm_median": 1000.1269752681255,
  "summary_wm_n": 174328.0,
  "summary_wm_p05": 872.8577073439956,
  "summary_wm_p95": 1234.2262571156025,
  "summary_wm_stdv": 110.5557359257274,
  "tpm_overlap_csf": 0.1642448364742127,
  "tpm_overlap_gm": 0.4582918664056966,
  "tpm_overlap_wm": 0.4961596824942967,
  "wm2max": 0.30058950340538376
}