{
  "aor": 0.001262967032967033,
  "aqi": 0.0025566725824175823,
  "bids_meta": {
    "AcquisitionDateTime": "20200205103957.527500",
    "ConversionSoftware": "dicm2nii.m 20180808",
    "DeviceSerialNumber": "167032",
    "EchoTime": 0.03,
    "EchoTime1": 0.03,
    "EchoTime2": 0.03,
    "EffectiveEchoSpacing": 0.00048611111,
    "FlipAngle": 90,
    "ImageType": [
      "ORIGINAL",
      "PRIMARY",
      "M",
      "ND",
      "MOSAIC"
    ],
    "InstitutionAddress": "Queen Square 12,London,Southeast,GB,WC1N 3BG",
    "InstitutionName": "Functional Imaging Laboratory",
    "MRAcquisitionType": "2D",
    "Manufacturer": "SIEMENS",
    "Modality": "MR",
    "PatientName": "MP02964",
    "PatientPosition": "HFS",
    "PhaseEncodingDirection": "j-",
    "RepetitionTime": 3.36,
    "ScanOptions": "FS",
    "ScanningSequence": "RM",
    "SequenceName": "ep2dv2o2d1",
    "SequenceVariant": "SP\\OSP",
    "SeriesDescription": "nc_epi2d_v2o_3mm_OFC_64ch",
    "SeriesNumber": 7,
    "SliceThickness": 2.5,
    "SliceTiming": [
      0,
      0.07,
      0.14,
      0.21,
      0.28,
      0.35,
      0.42,
      0.49,
      0.56,
      0.63,
      0.7,
      0.77,
      0.84,
      0.91,
      0.98,
      1.05,
      1.12,
      1.19,
      1.26,
      1.33,
      1.4,
      1.47,
      1.54,
      1.61,
      1.68,
      1.75,
      1.82,
      1.89,
      1.96,
      2.03,
      2.1,
      2.17,
      2.24,
      2.31,
      2.38,
      2.45,
      2.52,
      2.59,
      2.66,
      2.73,
      2.8,
      2.87,
      2.94,
      3.01,
      3.08,
      3.15,
      3.22,
      3.29
    ],
    "SoftwareVersion": "syngo MR E11",
    "TotalReadoutTime": 0.030625,
    "dataset": "ds004081",
    "deltaTE": 0,
    "modality": "bold",
    "run_id": 2,
    "subject_id": "MP02964",
    "task_id": "unequalVariance"
  },
  "dummy_trs": 2,
  "dvars_nstd": 23.33857041055249,
  "dvars_std": 1.246168264088398,
  "dvars_vstd": 0.983048373977901,
  "efc": 0.578183181693623,
  "fber": 189.93045043945312,
  "fd_mean": 0.05179994719494957,
  "fd_num": 2,
  "fd_perc": 1.098901098901099,
  "fwhm_avg": 2.4975711111111116,
  "fwhm_x": 2.39973,
  "fwhm_y": 2.5247100000000002,
  "fwhm_z": 2.5682733333333334,
  "gcor": 0.0163238,
  "gsr_x": -0.000317198020638898,
  "gsr_y": 0.03719682618975639,
  "provenance": {
    "md5sum": "9679df1fd4e85b40f50e2c2339b56654",
    "settings": {
      "fd_thres": 0.2,
      "testing": false
    },
    "software": "mriqc",
    "version": "23.0.1",
    "webapi_port": null,
    "webapi_url": "https://mriqc.nimh.nih.gov/api/v1"
  },
  "size_t": 182,
  "size_x": 64,
  "size_y": 64,
  "size_z": 48,
  "snr": 2.5261958306983026,
  "spacing_tr": 3.359999895095825,
  "spacing_x": 3.0,
  "spacing_y": 3.0,
  "spacing_z": 3.0,
  "summary_bg_k": 48.8877267536109,
  "summary_bg_mad": 9.156289194720218,
  "summary_bg_mean": 91.45431518554688,
  "summary_bg_median": 54.983516693115234,
  "summary_bg_n": 118156.0,
  "summary_bg_p05": 48.115386962890625,
  "summary_bg_p95": 272.76373291015625,
  "summary_bg_stdv": 101.53228759765625,
  "summary_fg_k": 1.7971226359933814,
  "summary_fg_mad": 282.4765340023036,
  "summary_fg_mean": 832.0384521484375,
  "summary_fg_median": 775.5714721679688,
  "summary_fg_n": 36257.0,
  "summary_fg_p05": 447.4110107421875,
  "summary_fg_p95": 1421.9252929687498,
  "summary_fg_stdv": 307.00738525390625,
  "tsnr": 83.0267980992794
}