{
  "aor": 0.004663131868131868,
  "aqi": 0.003525221098901099,
  "bids_meta": {
    "AcquisitionDateTime": "20200205102838.790000",
    "ConversionSoftware": "dicm2nii.m 20180808",
    "DeviceSerialNumber": "167032",
    "EchoTime": 0.03,
    "EchoTime1": 0.03,
    "EchoTime2": 0.03,
    "EffectiveEchoSpacing": 0.00048611111,
    "FlipAngle": 90,
    "ImageType": [
      "ORIGINAL",
      "PRIMARY",
      "M",
      "ND",
      "MOSAIC"
    ],
    "InstitutionAddress": "Queen Square 12,London,Southeast,GB,WC1N 3BG",
    "InstitutionName": "Functional Imaging Laboratory",
    "MRAcquisitionType": "2D",
    "Manufacturer": "SIEMENS",
    "Modality": "MR",
    "PatientName": "MP02964",
    "PatientPosition": "HFS",
    "PhaseEncodingDirection": "j-",
    "RepetitionTime": 3.36,
    "ScanOptions": "FS",
    "ScanningSequence": "RM",
    "SequenceName": "ep2dv2o2d1",
    "SequenceVariant": "SP\\OSP",
    "SeriesDescription": "nc_epi2d_v2o_3mm_OFC_64ch",
    "SeriesNumber": 6,
    "SliceThickness": 2.5,
    "SliceTiming": [
      0,
      0,
      0,
      0,
      0,
      0,
      0,
      0,
      0,
      0,
      0,
      0,
      0,
      0,
      0,
      0,
      0,
      0,
      0,
      0,
      0,
      0,
      0,
      0,
      0,
      0,
      0,
      0,
      0,
      0,
      0,
      0,
      0,
      0,
      0,
      0,
      0,
      0,
      0,
      0,
      0,
      0,
      0,
      0,
      0,
      0,
      0,
      0
    ],
    "SoftwareVersion": "syngo MR E11",
    "TotalReadoutTime": 0.030625,
    "dataset": "ds004081",
    "deltaTE": 0,
    "modality": "bold",
    "run_id": 1,
    "subject_id": "MP02964",
    "task_id": "unequalVariance"
  },
  "dummy_trs": 2,
  "dvars_nstd": 24.948409433646415,
  "dvars_std": 1.1887846959116013,
  "dvars_vstd": 0.964814710331492,
  "efc": 0.5783966661545111,
  "fber": 188.78672790527344,
  "fd_mean": 0.07725778214880806,
  "fd_num": 8,
  "fd_perc": 4.395604395604396,
  "fwhm_avg": 2.499977777777778,
  "fwhm_x": 2.3984533333333333,
  "fwhm_y": 2.5262266666666666,
  "fwhm_z": 2.5752533333333334,
  "gcor": 0.0244236,
  "gsr_x": -9.346065780846402e-05,
  "gsr_y": 0.037723686546087265,
  "provenance": {
    "md5sum": "7eb31136756e0488a33d9cdf4dd1332a",
    "settings": {
      "fd_thres": 0.2,
      "testing": false
    },
    "software": "mriqc",
    "version": "23.0.1",
    "webapi_port": null,
    "webapi_url": "https://mriqc.nimh.nih.gov/api/v1"
  },
  "size_t": 182,
  "size_x": 64,
  "size_y": 64,
  "size_z": 48,
  "snr": 2.509821086221228,
  "spacing_tr": 3.359999895095825,
  "spacing_x": 3.0,
  "spacing_y": 3.0,
  "spacing_z": 3.0,
  "summary_bg_k": 47.62243560375634,
  "summary_bg_mad": 9.563594202540797,
  "summary_bg_mean": 91.36531829833984,
  "summary_bg_median": 54.906593322753906,
  "summary_bg_n": 118044.0,
  "summary_bg_p05": 47.406593322753906,
  "summary_bg_p95": 272.47473144531233,
  "summary_bg_stdv": 101.29927062988281,
  "summary_fg_k": 1.6439257560949159,
  "summary_fg_mad": 281.731160804438,
  "summary_fg_mean": 826.9946899414062,
  "summary_fg_median": 770.3077392578125,
  "summary_fg_n": 36688.0,
  "summary_fg_p05": 439.60137939453125,
  "summary_fg_p95": 1413.0865966796875,
  "summary_fg_stdv": 306.9132080078125,
  "tsnr": 67.70790726132691
}