{
  "aor": 0.0053340109890109896,
  "aqi": 0.007692544120879121,
  "bids_meta": {
    "AcquisitionDateTime": "20201111120302.207500",
    "ConversionSoftware": "dicm2nii.m 20180808",
    "DeviceSerialNumber": "167032",
    "EchoTime": 0.03,
    "EchoTime1": 0.03,
    "EchoTime2": 0.03,
    "EffectiveEchoSpacing": 0.00052083333,
    "FlipAngle": 90,
    "ImageType": [
      "ORIGINAL",
      "PRIMARY",
      "M",
      "ND",
      "MOSAIC"
    ],
    "InstitutionAddress": "Queen Square 12,London,Southeast,GB,WC1N 3BG",
    "InstitutionName": "Functional Imaging Laboratory",
    "MRAcquisitionType": "2D",
    "Manufacturer": "SIEMENS",
    "Modality": "MR",
    "PatientName": "MP03047",
    "PatientPosition": "HFS",
    "PhaseEncodingDirection": "j-",
    "RepetitionTime": 3.36,
    "ScanOptions": "FS",
    "ScanningSequence": "RM",
    "SequenceName": "ep2dv2o2d1",
    "SequenceVariant": "SP\\OSP",
    "SeriesDescription": "nc_epi2d_v2o_3mm_OFC_64ch",
    "SeriesNumber": 11,
    "SliceThickness": 2.5,
    "SliceTiming": [
      0,
      0,
      0,
      0,
      0,
      0,
      0,
      0,
      0,
      0,
      0,
      0,
      0,
      0,
      0,
      0,
      0,
      0,
      0,
      0,
      0,
      0,
      0,
      0,
      0,
      0,
      0,
      0,
      0,
      0,
      0,
      0,
      0,
      0,
      0,
      0,
      0,
      0,
      0,
      0,
      0,
      0,
      0,
      0,
      0,
      0,
      0,
      0
    ],
    "SoftwareVersion": "syngo MR E11",
    "TotalReadoutTime": 0.0328125,
    "dataset": "ds004081",
    "deltaTE": 0,
    "modality": "bold",
    "run_id": 6,
    "subject_id": "MP03047",
    "task_id": "unequalVariance"
  },
  "dummy_trs": 2,
  "dvars_nstd": 34.80291606823203,
  "dvars_std": 1.4167382414364642,
  "dvars_vstd": 0.9954738377900545,
  "efc": 0.635520066655451,
  "fber": 124.30906677246094,
  "fd_mean": 0.0783494398258423,
  "fd_num": 7,
  "fd_perc": 3.8461538461538463,
  "fwhm_avg": 2.589453333333333,
  "fwhm_x": 2.4262366666666666,
  "fwhm_y": 2.57085,
  "fwhm_z": 2.7712733333333333,
  "gcor": 0.0103555,
  "gsr_x": 0.018912330269813538,
  "gsr_y": 0.08187033981084824,
  "provenance": {
    "md5sum": "e1eed6042883fb5259d9d5b1308bcdb3",
    "settings": {
      "fd_thres": 0.2,
      "testing": false
    },
    "software": "mriqc",
    "version": "23.0.1",
    "webapi_port": null,
    "webapi_url": "https://mriqc.nimh.nih.gov/api/v1"
  },
  "size_t": 182,
  "size_x": 64,
  "size_y": 64,
  "size_z": 48,
  "snr": 2.1463946304614168,
  "spacing_tr": 3.359999895095825,
  "spacing_x": 3.0,
  "spacing_y": 3.0,
  "spacing_z": 3.0,
  "summary_bg_k": 15.969168221385086,
  "summary_bg_mad": 19.143488070890207,
  "summary_bg_mean": 126.7986831665039,
  "summary_bg_median": 65.24725341796875,
  "summary_bg_n": 96951.0,
  "summary_bg_p05": 50.68681335449219,
  "summary_bg_p95": 441.6071472167969,
  "summary_bg_stdv": 149.74917602539062,
  "summary_fg_k": 2.082015349572175,
  "summary_fg_mad": 315.98570595192564,
  "summary_fg_mean": 853.1826782226562,
  "summary_fg_median": 773.9835205078125,
  "summary_fg_n": 48686.0,
  "summary_fg_p05": 425.9505615234375,
  "summary_fg_p95": 1554.0879821777344,
  "summary_fg_stdv": 360.59332275390625,
  "tsnr": 53.19490323681384
}