{
  "aor": 0.01130653846153846,
  "aqi": 0.010176219890109889,
  "bids_meta": {
    "AcquisitionDateTime": "20201111105913.790000",
    "ConversionSoftware": "dicm2nii.m 20180808",
    "DeviceSerialNumber": "167032",
    "EchoTime": 0.03,
    "EchoTime1": 0.03,
    "EchoTime2": 0.03,
    "EffectiveEchoSpacing": 0.00052083333,
    "FlipAngle": 90,
    "ImageType": [
      "ORIGINAL",
      "PRIMARY",
      "M",
      "ND",
      "MOSAIC"
    ],
    "InstitutionAddress": "Queen Square 12,London,Southeast,GB,WC1N 3BG",
    "InstitutionName": "Functional Imaging Laboratory",
    "MRAcquisitionType": "2D",
    "Manufacturer": "SIEMENS",
    "Modality": "MR",
    "PatientName": "MP03047",
    "PatientPosition": "HFS",
    "PhaseEncodingDirection": "j-",
    "RepetitionTime": 3.36,
    "ScanOptions": "FS",
    "ScanningSequence": "RM",
    "SequenceName": "ep2dv2o2d1",
    "SequenceVariant": "SP\\OSP",
    "SeriesDescription": "nc_epi2d_v2o_3mm_OFC_64ch",
    "SeriesNumber": 6,
    "SliceThickness": 2.5,
    "SliceTiming": [
      0,
      0,
      0,
      0,
      0,
      0,
      0,
      0,
      0,
      0,
      0,
      0,
      0,
      0,
      0,
      0,
      0,
      0,
      0,
      0,
      0,
      0,
      0,
      0,
      0,
      0,
      0,
      0,
      0,
      0,
      0,
      0,
      0,
      0,
      0,
      0,
      0,
      0,
      0,
      0,
      0,
      0,
      0,
      0,
      0,
      0,
      0,
      0
    ],
    "SoftwareVersion": "syngo MR E11",
    "TotalReadoutTime": 0.0328125,
    "dataset": "ds004081",
    "deltaTE": 0,
    "modality": "bold",
    "run_id": 1,
    "subject_id": "MP03047",
    "task_id": "unequalVariance"
  },
  "dummy_trs": 2,
  "dvars_nstd": 32.80844987690606,
  "dvars_std": 1.3169727013259669,
  "dvars_vstd": 0.9995091332044203,
  "efc": 0.6321103232019559,
  "fber": 127.44391632080078,
  "fd_mean": 0.09564159948684989,
  "fd_num": 14,
  "fd_perc": 7.6923076923076925,
  "fwhm_avg": 2.5546599999999997,
  "fwhm_x": 2.4205633333333334,
  "fwhm_y": 2.5789,
  "fwhm_z": 2.6645166666666666,
  "gcor": 0.00628504,
  "gsr_x": 0.014474478550255299,
  "gsr_y": 0.08257828652858734,
  "provenance": {
    "md5sum": "58e54925543fa0927ee794c82b5a4998",
    "settings": {
      "fd_thres": 0.2,
      "testing": false
    },
    "software": "mriqc",
    "version": "23.0.1",
    "webapi_port": null,
    "webapi_url": "https://mriqc.nimh.nih.gov/api/v1"
  },
  "size_t": 182,
  "size_x": 64,
  "size_y": 64,
  "size_z": 48,
  "snr": 2.097440047985679,
  "spacing_tr": 3.359999895095825,
  "spacing_x": 3.0,
  "spacing_y": 3.0,
  "spacing_z": 3.0,
  "summary_bg_k": 15.796302801884565,
  "summary_bg_mad": 20.50389369693887,
  "summary_bg_mean": 122.81365966796875,
  "summary_bg_median": 64.5988998413086,
  "summary_bg_n": 96905.0,
  "summary_bg_p05": 46.896705627441406,
  "summary_bg_p95": 420.15277099609375,
  "summary_bg_stdv": 141.58303833007812,
  "summary_fg_k": 2.2608408749443427,
  "summary_fg_mad": 319.6392743462228,
  "summary_fg_mean": 853.6307373046875,
  "summary_fg_median": 771.3928833007812,
  "summary_fg_n": 49180.0,
  "summary_fg_p05": 420.7167663574219,
  "summary_fg_p95": 1566.1390991210935,
  "summary_fg_stdv": 367.7745361328125,
  "tsnr": 41.110332585521974
}