{
  "aor": 0.00649489010989011,
  "aqi": 0.009626698241758243,
  "bids_meta": {
    "AcquisitionDateTime": "20201111113551.100000",
    "ConversionSoftware": "dicm2nii.m 20180808",
    "DeviceSerialNumber": "167032",
    "EchoTime": 0.03,
    "EchoTime1": 0.03,
    "EchoTime2": 0.03,
    "EffectiveEchoSpacing": 0.00048611111,
    "FlipAngle": 90,
    "ImageType": [
      "ORIGINAL",
      "PRIMARY",
      "M",
      "ND",
      "MOSAIC"
    ],
    "InstitutionAddress": "Queen Square 12,London,Southeast,GB,WC1N 3BG",
    "InstitutionName": "Functional Imaging Laboratory",
    "MRAcquisitionType": "2D",
    "Manufacturer": "SIEMENS",
    "Modality": "MR",
    "PatientName": "MP03047",
    "PatientPosition": "HFS",
    "PhaseEncodingDirection": "j-",
    "RepetitionTime": 3.36,
    "ScanOptions": "FS",
    "ScanningSequence": "RM",
    "SequenceName": "ep2dv2o2d1",
    "SequenceVariant": "SP\\OSP",
    "SeriesDescription": "nc_epi2d_v2o_3mm_OFC_64ch",
    "SeriesNumber": 9,
    "SliceThickness": 2.5,
    "SliceTiming": [
      0,
      0,
      0,
      0,
      0,
      0,
      0,
      0,
      0,
      0,
      0,
      0,
      0,
      0,
      0,
      0,
      0,
      0,
      0,
      0,
      0,
      0,
      0,
      0,
      0,
      0,
      0,
      0,
      0,
      0,
      0,
      0,
      0,
      0,
      0,
      0,
      0,
      0,
      0,
      0,
      0,
      0,
      0,
      0,
      0,
      0,
      0,
      0
    ],
    "SoftwareVersion": "syngo MR E11",
    "TotalReadoutTime": 0.030625,
    "dataset": "ds004081",
    "deltaTE": 0,
    "modality": "bold",
    "run_id": 4,
    "subject_id": "MP03047",
    "task_id": "unequalVariance"
  },
  "dummy_trs": 2,
  "dvars_nstd": 34.27430453220995,
  "dvars_std": 1.3078385782872932,
  "dvars_vstd": 0.9805323424861876,
  "efc": 0.6338204123335348,
  "fber": 126.14103698730469,
  "fd_mean": 0.10746211268528118,
  "fd_num": 16,
  "fd_perc": 8.791208791208792,
  "fwhm_avg": 2.530014444444445,
  "fwhm_x": 2.4143866666666667,
  "fwhm_y": 2.5446166666666667,
  "fwhm_z": 2.63104,
  "gcor": 0.00780522,
  "gsr_x": 0.0165261123329401,
  "gsr_y": 0.08115292340517044,
  "provenance": {
    "md5sum": "d7ce7efe2c2ed0e076470f35c19e0fa1",
    "settings": {
      "fd_thres": 0.2,
      "testing": false
    },
    "software": "mriqc",
    "version": "23.0.1",
    "webapi_port": null,
    "webapi_url": "https://mriqc.nimh.nih.gov/api/v1"
  },
  "size_t": 182,
  "size_x": 64,
  "size_y": 64,
  "size_z": 48,
  "snr": 2.1063897827471343,
  "spacing_tr": 3.359999895095825,
  "spacing_x": 3.0,
  "spacing_y": 3.0,
  "spacing_z": 3.0,
  "summary_bg_k": 15.346711717294141,
  "summary_bg_mad": 20.56092556023313,
  "summary_bg_mean": 124.79084777832031,
  "summary_bg_median": 65.24176025390625,
  "summary_bg_n": 96713.0,
  "summary_bg_p05": 47.67033004760742,
  "summary_bg_p95": 430.65055541992155,
  "summary_bg_stdv": 144.64114379882812,
  "summary_fg_k": 2.3408096278169923,
  "summary_fg_mad": 318.30331256320835,
  "summary_fg_mean": 854.423583984375,
  "summary_fg_median": 772.760986328125,
  "summary_fg_n": 49282.0,
  "summary_fg_p05": 422.9618225097656,
  "summary_fg_p95": 1560.0211486816406,
  "summary_fg_stdv": 366.8614196777344,
  "tsnr": 45.56000440393109
}