{
  "aor": 0.00464978021978022,
  "aqi": 0.006767758571428571,
  "bids_meta": {
    "AcquisitionDateTime": "20201111112349.730000",
    "ConversionSoftware": "dicm2nii.m 20180808",
    "DeviceSerialNumber": "167032",
    "EchoTime": 0.03,
    "EchoTime1": 0.03,
    "EchoTime2": 0.03,
    "EffectiveEchoSpacing": 0.00048611111,
    "FlipAngle": 90,
    "ImageType": [
      "ORIGINAL",
      "PRIMARY",
      "M",
      "ND",
      "MOSAIC"
    ],
    "InstitutionAddress": "Queen Square 12,London,Southeast,GB,WC1N 3BG",
    "InstitutionName": "Functional Imaging Laboratory",
    "MRAcquisitionType": "2D",
    "Manufacturer": "SIEMENS",
    "Modality": "MR",
    "PatientName": "MP03047",
    "PatientPosition": "HFS",
    "PhaseEncodingDirection": "j-",
    "RepetitionTime": 3.36,
    "ScanOptions": "FS",
    "ScanningSequence": "RM",
    "SequenceName": "ep2dv2o2d1",
    "SequenceVariant": "SP\\OSP",
    "SeriesDescription": "nc_epi2d_v2o_3mm_OFC_64ch",
    "SeriesNumber": 8,
    "SliceThickness": 2.5,
    "SliceTiming": [
      0,
      0.07,
      0.14,
      0.21,
      0.28,
      0.35,
      0.42,
      0.49,
      0.56,
      0.63,
      0.7,
      0.77,
      0.84,
      0.91,
      0.98,
      1.05,
      1.12,
      1.19,
      1.26,
      1.33,
      1.4,
      1.47,
      1.54,
      1.61,
      1.68,
      1.75,
      1.82,
      1.89,
      1.96,
      2.03,
      2.1,
      2.17,
      2.24,
      2.31,
      2.38,
      2.45,
      2.52,
      2.59,
      2.66,
      2.73,
      2.8,
      2.87,
      2.94,
      3.01,
      3.08,
      3.15,
      3.22,
      3.29
    ],
    "SoftwareVersion": "syngo MR E11",
    "TotalReadoutTime": 0.030625,
    "dataset": "ds004081",
    "deltaTE": 0,
    "modality": "bold",
    "run_id": 3,
    "subject_id": "MP03047",
    "task_id": "unequalVariance"
  },
  "dummy_trs": 2,
  "dvars_nstd": 35.056462082099465,
  "dvars_std": 1.388524829281768,
  "dvars_vstd": 1.0104162871270717,
  "efc": 0.6334615181224141,
  "fber": 126.60883331298828,
  "fd_mean": 0.11326649154479507,
  "fd_num": 18,
  "fd_perc": 9.89010989010989,
  "fwhm_avg": 2.5809444444444445,
  "fwhm_x": 2.433333333333333,
  "fwhm_y": 2.5733133333333336,
  "fwhm_z": 2.7361866666666668,
  "gcor": 0.0166594,
  "gsr_x": 0.017218679189682007,
  "gsr_y": 0.08206538110971451,
  "provenance": {
    "md5sum": "acf98e0fd932488ee2b7d6a6c09fb26b",
    "settings": {
      "fd_thres": 0.2,
      "testing": false
    },
    "software": "mriqc",
    "version": "23.0.1",
    "webapi_port": null,
    "webapi_url": "https://mriqc.nimh.nih.gov/api/v1"
  },
  "size_t": 182,
  "size_x": 64,
  "size_y": 64,
  "size_z": 48,
  "snr": 2.127755863786179,
  "spacing_tr": 3.359999895095825,
  "spacing_x": 3.0,
  "spacing_y": 3.0,
  "spacing_z": 3.0,
  "summary_bg_k": 16.402273830078286,
  "summary_bg_mad": 18.67100702254969,
  "summary_bg_mean": 124.61830139160156,
  "summary_bg_median": 64.57142639160156,
  "summary_bg_n": 96977.0,
  "summary_bg_p05": 50.252750396728516,
  "summary_bg_p95": 429.2450561523437,
  "summary_bg_stdv": 146.630126953125,
  "summary_fg_k": 2.20882640401478,
  "summary_fg_mad": 317.46830817043127,
  "summary_fg_mean": 853.4222412109375,
  "summary_fg_median": 773.9560546875,
  "summary_fg_n": 48918.0,
  "summary_fg_p05": 423.79918975830077,
  "summary_fg_p95": 1556.7525329589844,
  "summary_fg_stdv": 363.7391662597656,
  "tsnr": 53.15113719832152
}