{
  "aor": 0.0015854696132596685,
  "aqi": 0.004498312762430939,
  "bids_meta": {
    "AcquisitionDateTime": "20200203120425.532500",
    "ConversionSoftware": "dicm2nii.m 20180808",
    "DeviceSerialNumber": "167032",
    "EchoTime": 0.03,
    "EchoTime1": 0.03,
    "EchoTime2": 0.03,
    "EffectiveEchoSpacing": 0.00048611111,
    "FlipAngle": 90,
    "ImageType": [
      "ORIGINAL",
      "PRIMARY",
      "M",
      "ND",
      "MOSAIC"
    ],
    "InstitutionAddress": "Queen Square 12,London,Southeast,GB,WC1N 3BG",
    "InstitutionName": "Functional Imaging Laboratory",
    "MRAcquisitionType": "2D",
    "Manufacturer": "SIEMENS",
    "Modality": "MR",
    "PatientName": "MP02959",
    "PatientPosition": "HFS",
    "PhaseEncodingDirection": "j-",
    "RepetitionTime": 3.36,
    "ScanOptions": "FS",
    "ScanningSequence": "RM",
    "SequenceName": "ep2dv2o2d1",
    "SequenceVariant": "SP\\OSP",
    "SeriesDescription": "nc_epi2d_v2o_3mm_OFC_64ch",
    "SeriesNumber": 9,
    "SliceThickness": 2.5,
    "SliceTiming": [
      0,
      0.07,
      0.14,
      0.21,
      0.28,
      0.35,
      0.42,
      0.49,
      0.56,
      0.63,
      0.7,
      0.77,
      0.84,
      0.91,
      0.98,
      1.05,
      1.12,
      1.19,
      1.26,
      1.33,
      1.4,
      1.47,
      1.54,
      1.61,
      1.68,
      1.75,
      1.82,
      1.89,
      1.96,
      2.03,
      2.1,
      2.17,
      2.24,
      2.31,
      2.38,
      2.45,
      2.52,
      2.59,
      2.66,
      2.73,
      2.8,
      2.87,
      2.94,
      3.01,
      3.08,
      3.15,
      3.22,
      3.29
    ],
    "SoftwareVersion": "syngo MR E11",
    "TotalReadoutTime": 0.030625,
    "dataset": "ds004081",
    "deltaTE": 0,
    "modality": "bold",
    "run_id": 2,
    "subject_id": "MP02959",
    "task_id": "unequalVariance"
  },
  "dummy_trs": 3,
  "dvars_nstd": 30.276223924444437,
  "dvars_std": 1.222686835777778,
  "dvars_vstd": 0.951732500833333,
  "efc": 0.6253159521138938,
  "fber": 138.65628051757812,
  "fd_mean": 0.1144189396569279,
  "fd_num": 16,
  "fd_perc": 8.839779005524862,
  "fwhm_avg": 2.7022266666666668,
  "fwhm_x": 2.506956666666667,
  "fwhm_y": 2.7746600000000003,
  "fwhm_z": 2.825063333333333,
  "gcor": 0.017337,
  "gsr_x": -0.01311198715120554,
  "gsr_y": 0.06110040843486786,
  "provenance": {
    "md5sum": "eaae27f3800b27964f0846d2ebc0391c",
    "settings": {
      "fd_thres": 0.2,
      "testing": false
    },
    "software": "mriqc",
    "version": "23.0.1",
    "webapi_port": null,
    "webapi_url": "https://mriqc.nimh.nih.gov/api/v1"
  },
  "size_t": 181,
  "size_x": 64,
  "size_y": 64,
  "size_z": 48,
  "snr": 2.1206526331551787,
  "spacing_tr": 3.359999895095825,
  "spacing_x": 3.0,
  "spacing_y": 3.0,
  "spacing_z": 3.0,
  "summary_bg_k": 21.83562484115117,
  "summary_bg_mad": 17.905901161947668,
  "summary_bg_mean": 119.35020446777344,
  "summary_bg_median": 63.6574592590332,
  "summary_bg_n": 97761.0,
  "summary_bg_p05": 50.24309539794922,
  "summary_bg_p95": 380.3370361328125,
  "summary_bg_stdv": 136.4331817626953,
  "summary_fg_k": 2.5012412861602504,
  "summary_fg_mad": 338.0005481286584,
  "summary_fg_mean": 886.0067138671875,
  "summary_fg_median": 804.0994873046875,
  "summary_fg_n": 48069.0,
  "summary_fg_p05": 435.0011352539062,
  "summary_fg_p95": 1604.9326660156248,
  "summary_fg_stdv": 379.1715393066406,
  "tsnr": 58.29126774542965
}