{
  "aor": 0.001651584699453552,
  "aqi": 0.005681154262295082,
  "bids_meta": {
    "AcquisitionDateTime": "20200203122951.000000",
    "ConversionSoftware": "dicm2nii.m 20180808",
    "DeviceSerialNumber": "167032",
    "EchoTime": 0.03,
    "EchoTime1": 0.03,
    "EchoTime2": 0.03,
    "EffectiveEchoSpacing": 0.00052083333,
    "FlipAngle": 90,
    "ImageType": [
      "ORIGINAL",
      "PRIMARY",
      "M",
      "ND",
      "MOSAIC"
    ],
    "InstitutionAddress": "Queen Square 12,London,Southeast,GB,WC1N 3BG",
    "InstitutionName": "Functional Imaging Laboratory",
    "MRAcquisitionType": "2D",
    "Manufacturer": "SIEMENS",
    "Modality": "MR",
    "PatientName": "MP02959",
    "PatientPosition": "HFS",
    "PhaseEncodingDirection": "j-",
    "RepetitionTime": 3.36,
    "ScanOptions": "FS",
    "ScanningSequence": "RM",
    "SequenceName": "ep2dv2o2d1",
    "SequenceVariant": "SP\\OSP",
    "SeriesDescription": "nc_epi2d_v2o_3mm_OFC_64ch",
    "SeriesNumber": 11,
    "SliceThickness": 2.5,
    "SliceTiming": [
      0,
      0.07,
      0.14,
      0.21,
      0.28,
      0.35,
      0.42,
      0.49,
      0.56,
      0.63,
      0.7,
      0.77,
      0.84,
      0.91,
      0.98,
      1.05,
      1.12,
      1.19,
      1.26,
      1.33,
      1.4,
      1.47,
      1.54,
      1.61,
      1.68,
      1.75,
      1.82,
      1.89,
      1.96,
      2.03,
      2.1,
      2.17,
      2.24,
      2.31,
      2.38,
      2.45,
      2.52,
      2.59,
      2.66,
      2.73,
      2.8,
      2.87,
      2.94,
      3.01,
      3.08,
      3.15,
      3.22,
      3.29
    ],
    "SoftwareVersion": "syngo MR E11",
    "TotalReadoutTime": 0.0328125,
    "dataset": "ds004081",
    "deltaTE": 0,
    "modality": "bold",
    "run_id": 4,
    "subject_id": "MP02959",
    "task_id": "unequalVariance"
  },
  "dummy_trs": 1,
  "dvars_nstd": 32.13934989576923,
  "dvars_std": 1.2497170011538457,
  "dvars_vstd": 0.9628149254945055,
  "efc": 0.6273022700813445,
  "fber": 134.9183349609375,
  "fd_mean": 0.11218918227925187,
  "fd_num": 15,
  "fd_perc": 8.19672131147541,
  "fwhm_avg": 2.690088888888889,
  "fwhm_x": 2.4984566666666668,
  "fwhm_y": 2.7725166666666667,
  "fwhm_z": 2.7992933333333334,
  "gcor": 0.0167869,
  "gsr_x": -0.010229182429611683,
  "gsr_y": 0.06196819618344307,
  "provenance": {
    "md5sum": "46052e739f0c585ae61b923e471e3e18",
    "settings": {
      "fd_thres": 0.2,
      "testing": false
    },
    "software": "mriqc",
    "version": "23.0.1",
    "webapi_port": null,
    "webapi_url": "https://mriqc.nimh.nih.gov/api/v1"
  },
  "size_t": 183,
  "size_x": 64,
  "size_y": 64,
  "size_z": 48,
  "snr": 2.129887183726508,
  "spacing_tr": 3.359999895095825,
  "spacing_x": 3.0,
  "spacing_y": 3.0,
  "spacing_z": 3.0,
  "summary_bg_k": 19.373333541006488,
  "summary_bg_mad": 19.290026704166117,
  "summary_bg_mean": 121.47582244873047,
  "summary_bg_median": 64.4644775390625,
  "summary_bg_n": 97970.0,
  "summary_bg_p05": 49.50273132324219,
  "summary_bg_p95": 391.90572509765633,
  "summary_bg_stdv": 139.09890747070312,
  "summary_fg_k": 2.5543559531409485,
  "summary_fg_mad": 334.9060775009041,
  "summary_fg_mean": 883.13330078125,
  "summary_fg_median": 801.956298828125,
  "summary_fg_n": 48080.0,
  "summary_fg_p05": 435.8185775756836,
  "summary_fg_p95": 1597.1095275878906,
  "summary_fg_stdv": 376.5213317871094,
  "tsnr": 54.80897810740862
}