{
  "aor": 0.0028781005586592176,
  "aqi": 0.004555841061452515,
  "bids_meta": {
    "AcquisitionDateTime": "20200203115303.535000",
    "ConversionSoftware": "dicm2nii.m 20180808",
    "DeviceSerialNumber": "167032",
    "EchoTime": 0.03,
    "EchoTime1": 0.03,
    "EchoTime2": 0.03,
    "EffectiveEchoSpacing": 0.00048611111,
    "FlipAngle": 90,
    "ImageType": [
      "ORIGINAL",
      "PRIMARY",
      "M",
      "ND",
      "MOSAIC"
    ],
    "InstitutionAddress": "Queen Square 12,London,Southeast,GB,WC1N 3BG",
    "InstitutionName": "Functional Imaging Laboratory",
    "MRAcquisitionType": "2D",
    "Manufacturer": "SIEMENS",
    "Modality": "MR",
    "PatientName": "MP02959",
    "PatientPosition": "HFS",
    "PhaseEncodingDirection": "j-",
    "RepetitionTime": 3.36,
    "ScanOptions": "FS",
    "ScanningSequence": "RM",
    "SequenceName": "ep2dv2o2d1",
    "SequenceVariant": "SP\\OSP",
    "SeriesDescription": "nc_epi2d_v2o_3mm_OFC_64ch",
    "SeriesNumber": 8,
    "SliceThickness": 2.5,
    "SliceTiming": [
      0,
      0.07,
      0.14,
      0.21,
      0.28,
      0.35,
      0.42,
      0.49,
      0.56,
      0.63,
      0.7,
      0.77,
      0.84,
      0.91,
      0.98,
      1.05,
      1.12,
      1.19,
      1.26,
      1.33,
      1.4,
      1.47,
      1.54,
      1.61,
      1.68,
      1.75,
      1.82,
      1.89,
      1.96,
      2.03,
      2.1,
      2.17,
      2.24,
      2.31,
      2.38,
      2.45,
      2.52,
      2.59,
      2.66,
      2.73,
      2.8,
      2.87,
      2.94,
      3.01,
      3.08,
      3.15,
      3.22,
      3.29
    ],
    "SoftwareVersion": "syngo MR E11",
    "TotalReadoutTime": 0.030625,
    "dataset": "ds004081",
    "deltaTE": 0,
    "modality": "bold",
    "run_id": 1,
    "subject_id": "MP02959",
    "task_id": "unequalVariance"
  },
  "dummy_trs": 5,
  "dvars_nstd": 27.286853200842707,
  "dvars_std": 1.257372870898876,
  "dvars_vstd": 0.9817579918539328,
  "efc": 0.6244871752616056,
  "fber": 140.52711486816406,
  "fd_mean": 0.0884924532896791,
  "fd_num": 6,
  "fd_perc": 3.35195530726257,
  "fwhm_avg": 2.7006300000000003,
  "fwhm_x": 2.5236899999999998,
  "fwhm_y": 2.7602933333333333,
  "fwhm_z": 2.817906666666667,
  "gcor": 0.0103096,
  "gsr_x": -0.013531332835555077,
  "gsr_y": 0.0623399056494236,
  "provenance": {
    "md5sum": "3cfc68536928151f771f0cf726bbb283",
    "settings": {
      "fd_thres": 0.2,
      "testing": false
    },
    "software": "mriqc",
    "version": "23.0.1",
    "webapi_port": null,
    "webapi_url": "https://mriqc.nimh.nih.gov/api/v1"
  },
  "size_t": 179,
  "size_x": 64,
  "size_y": 64,
  "size_z": 48,
  "snr": 2.119203856343216,
  "spacing_tr": 3.359999895095825,
  "spacing_x": 3.0,
  "spacing_y": 3.0,
  "spacing_z": 3.0,
  "summary_bg_k": 19.476328368792043,
  "summary_bg_mad": 18.238488999401284,
  "summary_bg_mean": 120.43733978271484,
  "summary_bg_median": 63.68156051635742,
  "summary_bg_n": 98488.0,
  "summary_bg_p05": 49.89944076538086,
  "summary_bg_p95": 387.2150726318356,
  "summary_bg_stdv": 137.01046752929688,
  "summary_fg_k": 2.425261954684264,
  "summary_fg_mad": 339.68978622155106,
  "summary_fg_mean": 887.90234375,
  "summary_fg_median": 806.3659057617188,
  "summary_fg_n": 48080.0,
  "summary_fg_p05": 435.1589157104492,
  "summary_fg_p95": 1603.6049499511716,
  "summary_fg_stdv": 380.5002136230469,
  "tsnr": 60.65027635078877
}