{
  "aor": 0.003279945355191257,
  "aqi": 0.005551481639344263,
  "bids_meta": {
    "AcquisitionDateTime": "20200218104015.885000",
    "ConversionSoftware": "dicm2nii.m 20180808",
    "DeviceSerialNumber": "167032",
    "EchoTime": 0.03,
    "EchoTime1": 0.03,
    "EchoTime2": 0.03,
    "EffectiveEchoSpacing": 0.00048611111,
    "FlipAngle": 90,
    "ImageType": [
      "ORIGINAL",
      "PRIMARY",
      "M",
      "ND",
      "MOSAIC"
    ],
    "InstitutionAddress": "Queen Square 12,London,Southeast,GB,WC1N 3BG",
    "InstitutionName": "Functional Imaging Laboratory",
    "MRAcquisitionType": "2D",
    "Manufacturer": "SIEMENS",
    "Modality": "MR",
    "PatientName": "MP02985",
    "PatientPosition": "HFS",
    "PhaseEncodingDirection": "j-",
    "RepetitionTime": 3.36,
    "ScanOptions": "FS",
    "ScanningSequence": "RM",
    "SequenceName": "ep2dv2o2d1",
    "SequenceVariant": "SP\\OSP",
    "SeriesDescription": "nc_epi2d_v2o_3mm_OFC_64ch",
    "SeriesNumber": 8,
    "SliceThickness": 2.5,
    "SliceTiming": [
      0,
      0.07,
      0.14,
      0.21,
      0.28,
      0.35,
      0.42,
      0.49,
      0.56,
      0.63,
      0.7,
      0.77,
      0.84,
      0.91,
      0.98,
      1.05,
      1.12,
      1.19,
      1.26,
      1.33,
      1.4,
      1.47,
      1.54,
      1.61,
      1.68,
      1.75,
      1.82,
      1.89,
      1.96,
      2.03,
      2.1,
      2.17,
      2.24,
      2.31,
      2.38,
      2.45,
      2.52,
      2.59,
      2.66,
      2.73,
      2.8,
      2.87,
      2.94,
      3.01,
      3.08,
      3.15,
      3.22,
      3.29
    ],
    "SoftwareVersion": "syngo MR E11",
    "TotalReadoutTime": 0.030625,
    "dataset": "ds004081",
    "deltaTE": 0,
    "modality": "bold",
    "run_id": 2,
    "subject_id": "MP02985",
    "task_id": "unequalVariance"
  },
  "dummy_trs": 1,
  "dvars_nstd": 34.86176904730772,
  "dvars_std": 1.603064742417583,
  "dvars_vstd": 0.9964210807142864,
  "efc": 0.6109677726215506,
  "fber": 145.9250030517578,
  "fd_mean": 0.0969113067835368,
  "fd_num": 12,
  "fd_perc": 6.557377049180328,
  "fwhm_avg": 2.776078888888889,
  "fwhm_x": 2.5974666666666666,
  "fwhm_y": 2.8733066666666667,
  "fwhm_z": 2.8574633333333335,
  "gcor": 0.0479307,
  "gsr_x": 0.0026194979436695576,
  "gsr_y": 0.030615337193012238,
  "provenance": {
    "md5sum": "c7e3f0286ab8f1977a01aa9e0265e3d6",
    "settings": {
      "fd_thres": 0.2,
      "testing": false
    },
    "software": "mriqc",
    "version": "23.0.1",
    "webapi_port": null,
    "webapi_url": "https://mriqc.nimh.nih.gov/api/v1"
  },
  "size_t": 183,
  "size_x": 64,
  "size_y": 64,
  "size_z": 48,
  "snr": 2.1769097178848575,
  "spacing_tr": 3.359999895095825,
  "spacing_x": 3.0,
  "spacing_y": 3.0,
  "spacing_z": 3.0,
  "summary_bg_k": 19.243719168125715,
  "summary_bg_mad": 14.76930703976498,
  "summary_bg_mean": 105.90703582763672,
  "summary_bg_median": 60.7923469543457,
  "summary_bg_n": 103555.0,
  "summary_bg_p05": 49.71038055419922,
  "summary_bg_p95": 334.09453430175773,
  "summary_bg_stdv": 113.95330047607422,
  "summary_fg_k": 2.1338421073632032,
  "summary_fg_mad": 316.15071603160374,
  "summary_fg_mean": 846.3026733398438,
  "summary_fg_median": 771.08740234375,
  "summary_fg_n": 45457.0,
  "summary_fg_p05": 426.2644775390625,
  "summary_fg_p95": 1539.7638427734369,
  "summary_fg_stdv": 354.2080383300781,
  "tsnr": 61.770562390680425
}