{
  "aor": 0.005255191256830601,
  "aqi": 0.0056587331693989055,
  "bids_meta": {
    "AcquisitionDateTime": "20200218102856.800000",
    "ConversionSoftware": "dicm2nii.m 20180808",
    "DeviceSerialNumber": "167032",
    "EchoTime": 0.03,
    "EchoTime1": 0.03,
    "EchoTime2": 0.03,
    "EffectiveEchoSpacing": 0.00048611111,
    "FlipAngle": 90,
    "ImageType": [
      "ORIGINAL",
      "PRIMARY",
      "M",
      "ND",
      "MOSAIC"
    ],
    "InstitutionAddress": "Queen Square 12,London,Southeast,GB,WC1N 3BG",
    "InstitutionName": "Functional Imaging Laboratory",
    "MRAcquisitionType": "2D",
    "Manufacturer": "SIEMENS",
    "Modality": "MR",
    "PatientName": "MP02985",
    "PatientPosition": "HFS",
    "PhaseEncodingDirection": "j-",
    "RepetitionTime": 3.36,
    "ScanOptions": "FS",
    "ScanningSequence": "RM",
    "SequenceName": "ep2dv2o2d1",
    "SequenceVariant": "SP\\OSP",
    "SeriesDescription": "nc_epi2d_v2o_3mm_OFC_64ch",
    "SeriesNumber": 7,
    "SliceThickness": 2.5,
    "SliceTiming": [
      0,
      0,
      0,
      0,
      0,
      0,
      0,
      0,
      0,
      0,
      0,
      0,
      0,
      0,
      0,
      0,
      0,
      0,
      0,
      0,
      0,
      0,
      0,
      0,
      0,
      0,
      0,
      0,
      0,
      0,
      0,
      0,
      0,
      0,
      0,
      0,
      0,
      0,
      0,
      0,
      0,
      0,
      0,
      0,
      0,
      0,
      0,
      0
    ],
    "SoftwareVersion": "syngo MR E11",
    "TotalReadoutTime": 0.030625,
    "dataset": "ds004081",
    "deltaTE": 0,
    "modality": "bold",
    "run_id": 1,
    "subject_id": "MP02985",
    "task_id": "unequalVariance"
  },
  "dummy_trs": 1,
  "dvars_nstd": 33.259139076703285,
  "dvars_std": 1.6001718877472535,
  "dvars_vstd": 1.0131181067582415,
  "efc": 0.6091953456660137,
  "fber": 149.1636505126953,
  "fd_mean": 0.08166204033135893,
  "fd_num": 9,
  "fd_perc": 4.918032786885246,
  "fwhm_avg": 2.78098,
  "fwhm_x": 2.5855566666666667,
  "fwhm_y": 2.8794033333333338,
  "fwhm_z": 2.8779800000000004,
  "gcor": 0.0283148,
  "gsr_x": 0.0002019320527324453,
  "gsr_y": 0.03221116587519646,
  "provenance": {
    "md5sum": "33ed80aae4edbe03eec4196c59bf1b2a",
    "settings": {
      "fd_thres": 0.2,
      "testing": false
    },
    "software": "mriqc",
    "version": "23.0.1",
    "webapi_port": null,
    "webapi_url": "https://mriqc.nimh.nih.gov/api/v1"
  },
  "size_t": 183,
  "size_x": 64,
  "size_y": 64,
  "size_z": 48,
  "snr": 2.1714631554837323,
  "spacing_tr": 3.359999895095825,
  "spacing_x": 3.0,
  "spacing_y": 3.0,
  "spacing_z": 3.0,
  "summary_bg_k": 21.35578441124281,
  "summary_bg_mad": 14.453346897480458,
  "summary_bg_mean": 102.49573516845703,
  "summary_bg_median": 60.12568283081055,
  "summary_bg_n": 103047.0,
  "summary_bg_p05": 48.666664123535156,
  "summary_bg_p95": 316.65627746582027,
  "summary_bg_stdv": 109.0127944946289,
  "summary_fg_k": 2.1497140766123835,
  "summary_fg_mad": 317.51993320495626,
  "summary_fg_mean": 848.3375244140625,
  "summary_fg_median": 773.4097900390625,
  "summary_fg_n": 45623.0,
  "summary_fg_p05": 426.54808654785154,
  "summary_fg_p95": 1545.5300537109376,
  "summary_fg_stdv": 356.1659851074219,
  "tsnr": 59.16557083511725
}