{
  "aor": 0.0014935164835164836,
  "aqi": 0.006436089395604396,
  "bids_meta": {
    "AcquisitionDateTime": "20200124122044.670000",
    "ConversionSoftware": "dicm2nii.m 20180808",
    "DeviceSerialNumber": "167032",
    "EchoTime": 0.03,
    "EchoTime1": 0.03,
    "EchoTime2": 0.03,
    "EffectiveEchoSpacing": 0.00048611111,
    "FlipAngle": 90,
    "ImageType": [
      "ORIGINAL",
      "PRIMARY",
      "M",
      "ND",
      "MOSAIC"
    ],
    "InstitutionAddress": "Queen Square 12,London,Southeast,GB,WC1N 3BG",
    "InstitutionName": "Functional Imaging Laboratory",
    "MRAcquisitionType": "2D",
    "Manufacturer": "SIEMENS",
    "Modality": "MR",
    "PatientName": "MP02941",
    "PatientPosition": "HFS",
    "PhaseEncodingDirection": "j-",
    "RepetitionTime": 3.36,
    "ScanOptions": "FS",
    "ScanningSequence": "RM",
    "SequenceName": "ep2dv2o2d1",
    "SequenceVariant": "SP\\OSP",
    "SeriesDescription": "nc_epi2d_v2o_3mm_OFC_64ch",
    "SeriesNumber": 7,
    "SliceThickness": 2.5,
    "SliceTiming": [
      0,
      0.07,
      0.14,
      0.21,
      0.28,
      0.35,
      0.42,
      0.49,
      0.56,
      0.63,
      0.7,
      0.77,
      0.84,
      0.91,
      0.98,
      1.05,
      1.12,
      1.19,
      1.26,
      1.33,
      1.4,
      1.47,
      1.54,
      1.61,
      1.68,
      1.75,
      1.82,
      1.89,
      1.96,
      2.03,
      2.1,
      2.17,
      2.24,
      2.31,
      2.38,
      2.45,
      2.52,
      2.59,
      2.66,
      2.73,
      2.8,
      2.87,
      2.94,
      3.01,
      3.08,
      3.15,
      3.22,
      3.29
    ],
    "SoftwareVersion": "syngo MR E11",
    "TotalReadoutTime": 0.030625,
    "dataset": "ds004081",
    "deltaTE": 0,
    "modality": "bold",
    "run_id": 2,
    "subject_id": "MP02941",
    "task_id": "unequalVariance"
  },
  "dummy_trs": 2,
  "dvars_nstd": 27.215000900718245,
  "dvars_std": 1.2250837022099448,
  "dvars_vstd": 0.9274568855248618,
  "efc": 0.5735724865098759,
  "fber": 175.13223266601562,
  "fd_mean": 0.07070074915708115,
  "fd_num": 4,
  "fd_perc": 2.197802197802198,
  "fwhm_avg": 2.565913333333333,
  "fwhm_x": 2.42775,
  "fwhm_y": 2.6054933333333334,
  "fwhm_z": 2.664496666666667,
  "gcor": 0.0121638,
  "gsr_x": -0.013000237755477428,
  "gsr_y": 0.04792343080043793,
  "provenance": {
    "md5sum": "2ba63af6a5c5e18fcbdc838887c922e7",
    "settings": {
      "fd_thres": 0.2,
      "testing": false
    },
    "software": "mriqc",
    "version": "23.0.1",
    "webapi_port": null,
    "webapi_url": "https://mriqc.nimh.nih.gov/api/v1"
  },
  "size_t": 182,
  "size_x": 64,
  "size_y": 64,
  "size_z": 48,
  "snr": 2.2597358967695995,
  "spacing_tr": 3.359999895095825,
  "spacing_x": 3.0,
  "spacing_y": 3.0,
  "spacing_z": 3.0,
  "summary_bg_k": 21.668987221549088,
  "summary_bg_mad": 9.20517122511017,
  "summary_bg_mean": 84.87999725341797,
  "summary_bg_median": 53.96703338623047,
  "summary_bg_n": 116600.0,
  "summary_bg_p05": 45.401100158691406,
  "summary_bg_p95": 248.13764953613276,
  "summary_bg_stdv": 82.66626739501953,
  "summary_fg_k": 1.659427714700347,
  "summary_fg_mad": 286.7328167567299,
  "summary_fg_mean": 793.6743774414062,
  "summary_fg_median": 724.7664794921875,
  "summary_fg_n": 38154.0,
  "summary_fg_p05": 407.42720489501954,
  "summary_fg_p95": 1422.0173034667969,
  "summary_fg_stdv": 320.7264099121094,
  "tsnr": 52.91839949041605
}