{
  "aor": 0.00154489010989011,
  "aqi": 0.00779309543956044,
  "bids_meta": {
    "AcquisitionDateTime": "20200124123201.955000",
    "ConversionSoftware": "dicm2nii.m 20180808",
    "DeviceSerialNumber": "167032",
    "EchoTime": 0.03,
    "EchoTime1": 0.03,
    "EchoTime2": 0.03,
    "EffectiveEchoSpacing": 0.00048611111,
    "FlipAngle": 90,
    "ImageType": [
      "ORIGINAL",
      "PRIMARY",
      "M",
      "ND",
      "MOSAIC"
    ],
    "InstitutionAddress": "Queen Square 12,London,Southeast,GB,WC1N 3BG",
    "InstitutionName": "Functional Imaging Laboratory",
    "MRAcquisitionType": "2D",
    "Manufacturer": "SIEMENS",
    "Modality": "MR",
    "PatientName": "MP02941",
    "PatientPosition": "HFS",
    "PhaseEncodingDirection": "j-",
    "RepetitionTime": 3.36,
    "ScanOptions": "FS",
    "ScanningSequence": "RM",
    "SequenceName": "ep2dv2o2d1",
    "SequenceVariant": "SP\\OSP",
    "SeriesDescription": "nc_epi2d_v2o_3mm_OFC_64ch",
    "SeriesNumber": 8,
    "SliceThickness": 2.5,
    "SliceTiming": [
      0,
      0.07,
      0.14,
      0.21,
      0.28,
      0.35,
      0.42,
      0.49,
      0.56,
      0.63,
      0.7,
      0.77,
      0.84,
      0.91,
      0.98,
      1.05,
      1.12,
      1.19,
      1.26,
      1.33,
      1.4,
      1.47,
      1.54,
      1.61,
      1.68,
      1.75,
      1.82,
      1.89,
      1.96,
      2.03,
      2.1,
      2.17,
      2.24,
      2.31,
      2.38,
      2.45,
      2.52,
      2.59,
      2.66,
      2.73,
      2.8,
      2.87,
      2.94,
      3.01,
      3.08,
      3.15,
      3.22,
      3.29
    ],
    "SoftwareVersion": "syngo MR E11",
    "TotalReadoutTime": 0.030625,
    "dataset": "ds004081",
    "deltaTE": 0,
    "modality": "bold",
    "run_id": 3,
    "subject_id": "MP02941",
    "task_id": "unequalVariance"
  },
  "dummy_trs": 2,
  "dvars_nstd": 30.45391389403316,
  "dvars_std": 1.1834962766850827,
  "dvars_vstd": 0.9140345841988953,
  "efc": 0.5749131562759991,
  "fber": 174.9813690185547,
  "fd_mean": 0.1067117865430699,
  "fd_num": 20,
  "fd_perc": 10.989010989010989,
  "fwhm_avg": 2.5132766666666666,
  "fwhm_x": 2.4042066666666666,
  "fwhm_y": 2.5756900000000003,
  "fwhm_z": 2.5599333333333334,
  "gcor": 0.0122207,
  "gsr_x": -0.010214888490736485,
  "gsr_y": 0.0453820638358593,
  "provenance": {
    "md5sum": "d533dad58b66190800010ca1c7fe53db",
    "settings": {
      "fd_thres": 0.2,
      "testing": false
    },
    "software": "mriqc",
    "version": "23.0.1",
    "webapi_port": null,
    "webapi_url": "https://mriqc.nimh.nih.gov/api/v1"
  },
  "size_t": 182,
  "size_x": 64,
  "size_y": 64,
  "size_z": 48,
  "snr": 2.2475691217840645,
  "spacing_tr": 3.359999895095825,
  "spacing_x": 3.0,
  "spacing_y": 3.0,
  "spacing_z": 3.0,
  "summary_bg_k": 20.90014494850706,
  "summary_bg_mad": 8.414988085467417,
  "summary_bg_mean": 83.91764831542969,
  "summary_bg_median": 53.5384635925293,
  "summary_bg_n": 116019.0,
  "summary_bg_p05": 46.0384635925293,
  "summary_bg_p95": 244.21649169921855,
  "summary_bg_stdv": 80.40479278564453,
  "summary_fg_k": 1.8946545211986585,
  "summary_fg_mad": 284.4355705885114,
  "summary_fg_mean": 786.9563598632812,
  "summary_fg_median": 718.6126708984375,
  "summary_fg_n": 38612.0,
  "summary_fg_p05": 404.49066162109375,
  "summary_fg_p95": 1411.073663330078,
  "summary_fg_stdv": 319.7247009277344,
  "tsnr": 47.222299834829755
}