{
  "aor": 0.0070124043715847,
  "aqi": 0.011563892459016392,
  "bids_meta": {
    "AcquisitionDateTime": "20200124120642.455000",
    "ConversionSoftware": "dicm2nii.m 20180808",
    "DeviceSerialNumber": "167032",
    "EchoTime": 0.03,
    "EchoTime1": 0.03,
    "EchoTime2": 0.03,
    "EffectiveEchoSpacing": 0.00048611111,
    "FlipAngle": 90,
    "ImageType": [
      "ORIGINAL",
      "PRIMARY",
      "M",
      "ND",
      "MOSAIC"
    ],
    "InstitutionAddress": "Queen Square 12,London,Southeast,GB,WC1N 3BG",
    "InstitutionName": "Functional Imaging Laboratory",
    "MRAcquisitionType": "2D",
    "Manufacturer": "SIEMENS",
    "Modality": "MR",
    "PatientName": "MP02941",
    "PatientPosition": "HFS",
    "PhaseEncodingDirection": "j-",
    "RepetitionTime": 3.36,
    "ScanOptions": "FS",
    "ScanningSequence": "RM",
    "SequenceName": "ep2dv2o2d1",
    "SequenceVariant": "SP\\OSP",
    "SeriesDescription": "nc_epi2d_v2o_3mm_OFC_64ch",
    "SeriesNumber": 6,
    "SliceThickness": 2.5,
    "SliceTiming": [
      0,
      0.07,
      0.14,
      0.21,
      0.28,
      0.35,
      0.42,
      0.49,
      0.56,
      0.63,
      0.7,
      0.77,
      0.84,
      0.91,
      0.98,
      1.05,
      1.12,
      1.19,
      1.26,
      1.33,
      1.4,
      1.47,
      1.54,
      1.61,
      1.68,
      1.75,
      1.82,
      1.89,
      1.96,
      2.03,
      2.1,
      2.17,
      2.24,
      2.31,
      2.38,
      2.45,
      2.52,
      2.59,
      2.66,
      2.73,
      2.8,
      2.87,
      2.94,
      3.01,
      3.08,
      3.15,
      3.22,
      3.29
    ],
    "SoftwareVersion": "syngo MR E11",
    "TotalReadoutTime": 0.030625,
    "dataset": "ds004081",
    "deltaTE": 0,
    "modality": "bold",
    "run_id": 1,
    "subject_id": "MP02941",
    "task_id": "unequalVariance"
  },
  "dummy_trs": 1,
  "dvars_nstd": 34.66141555054948,
  "dvars_std": 1.0878552508791213,
  "dvars_vstd": 0.9056317045604396,
  "efc": 0.5725598582492477,
  "fber": 178.66941833496094,
  "fd_mean": 0.19332711271614292,
  "fd_num": 48,
  "fd_perc": 26.229508196721312,
  "fwhm_avg": 2.54591,
  "fwhm_x": 2.4450966666666667,
  "fwhm_y": 2.6003766666666666,
  "fwhm_z": 2.5922566666666667,
  "gcor": 0.0128926,
  "gsr_x": -0.011814605444669724,
  "gsr_y": 0.04411660507321358,
  "provenance": {
    "md5sum": "9f65fcfde1c22e4460d009d0b5144533",
    "settings": {
      "fd_thres": 0.2,
      "testing": false
    },
    "software": "mriqc",
    "version": "23.0.1",
    "webapi_port": null,
    "webapi_url": "https://mriqc.nimh.nih.gov/api/v1"
  },
  "size_t": 183,
  "size_x": 64,
  "size_y": 64,
  "size_z": 48,
  "snr": 2.2514286873263263,
  "spacing_tr": 3.359999895095825,
  "spacing_x": 3.0,
  "spacing_y": 3.0,
  "spacing_z": 3.0,
  "summary_bg_k": 21.03117092499328,
  "summary_bg_mad": 8.514839091661404,
  "summary_bg_mean": 83.93095397949219,
  "summary_bg_median": 53.56830596923828,
  "summary_bg_n": 116226.0,
  "summary_bg_p05": 45.896175384521484,
  "summary_bg_p95": 242.4972686767578,
  "summary_bg_stdv": 79.81920623779297,
  "summary_fg_k": 1.886862184600063,
  "summary_fg_mad": 285.7817125930578,
  "summary_fg_mean": 795.2976684570312,
  "summary_fg_median": 725.5382080078125,
  "summary_fg_n": 38294.0,
  "summary_fg_p05": 410.3251190185547,
  "summary_fg_p95": 1421.898858642578,
  "summary_fg_stdv": 322.2525939941406,
  "tsnr": 31.768744027474895
}