{
  "bids_meta": {
    "AcquisitionDateTime": "20200212141728.617500",
    "ConversionSoftware": "dicm2nii.m 20180808",
    "DeviceSerialNumber": "167032",
    "EchoTime": 0.00334,
    "FlipAngle": 7,
    "ImageType": [
      "ORIGINAL",
      "PRIMARY",
      "M",
      "ND"
    ],
    "InstitutionAddress": "Queen Square 12,London,Southeast,GB,WC1N 3BG",
    "InstitutionName": "Functional Imaging Laboratory",
    "InversionTime": 1.1,
    "MRAcquisitionType": "3D",
    "Manufacturer": "SIEMENS",
    "Modality": "MR",
    "PatientName": "MP02975",
    "PatientPosition": "HFS",
    "PhaseEncodingDirection": "j-",
    "RepetitionTime": 2.53,
    "ScanOptions": "IR",
    "ScanningSequence": "GR\\IR",
    "SequenceName": "*tfl3d1_16ns",
    "SequenceVariant": "SK\\SP\\MP",
    "SeriesDescription": "MPRAGE_64ch_Head",
    "SeriesNumber": 2,
    "SliceThickness": 1,
    "SoftwareVersion": "syngo MR E11",
    "dataset": "ds004081",
    "modality": "T1w",
    "subject_id": "MP02975"
  },
  "cjv": 0.45888185998546716,
  "cnr": 2.6934251629414168,
  "efc": 0.49666932683640175,
  "fber": 7678.140625,
  "fwhm_avg": 4.1905,
  "fwhm_x": 4.44323,
  "fwhm_y": 4.04333,
  "fwhm_z": 4.08494,
  "icvs_csf": 0.19831768485796303,
  "icvs_gm": 0.4056152204645821,
  "icvs_wm": 0.3960670946774549,
  "inu_med": 0.9389505982398987,
  "inu_range": 1.0967969059944154,
  "provenance": {
    "md5sum": "76e1aa296871057fe9f0fa4073afc1fe",
    "settings": {
      "testing": false
    },
    "software": "mriqc",
    "version": "23.0.1",
    "warnings": {
      "large_rot_frame": true,
      "small_air_mask": false
    },
    "webapi_port": null,
    "webapi_url": "https://mriqc.nimh.nih.gov/api/v1"
  },
  "qi_1": 0.0,
  "qi_2": 0.0028779319509103676,
  "rpve_csf": 27.37180420528513,
  "rpve_gm": 13.301453819007307,
  "rpve_wm": 15.585922529101639,
  "size_x": 176,
  "size_y": 256,
  "size_z": 256,
  "snr_csf": 1.0587370691885847,
  "snr_gm": 8.119738166921833,
  "snr_total": 6.320560911511856,
  "snr_wm": 9.783207498425151,
  "snrd_csf": 7.093368424250468,
  "snrd_gm": 42.107528344069166,
  "snrd_total": 38.01452677277326,
  "snrd_wm": 64.84268355000015,
  "spacing_x": 1.0,
  "spacing_y": 1.0,
  "spacing_z": 1.0,
  "summary_bg_k": 3.8800157416889203,
  "summary_bg_mad": 0.0,
  "summary_bg_mean": 7.2311587686636205,
  "summary_bg_median": 0.0,
  "summary_bg_n": 2681147.0,
  "summary_bg_p05": 0.0,
  "summary_bg_p95": 28.364814706146717,
  "summary_bg_stdv": 10.104734047941227,
  "summary_csf_k": 4.396570401752668,
  "summary_csf_mad": 69.13449545868883,
  "summary_csf_mean": 138.56346908910098,
  "summary_csf_median": 109.40714243799448,
  "summary_csf_n": 28689.0,
  "summary_csf_p05": 31.319742655754094,
  "summary_csf_p95": 358.3068329781293,
  "summary_csf_stdv": 103.33560505879672,
  "summary_gm_k": 0.5040756006854288,
  "summary_gm_mad": 73.94063685421266,
  "summary_gm_mean": 652.7075545665776,
  "summary_gm_median": 649.4607463926077,
  "summary_gm_n": 19427.0,
  "summary_gm_p05": 527.6478937864304,
  "summary_gm_p95": 791.534180931747,
  "summary_gm_stdv": 79.98337106581732,
  "summary_wm_k": 1.9302738087131077,
  "summary_wm_mad": 86.97267409976763,
  "summary_wm_mean": 1016.6809728307568,
  "summary_wm_median": 1000.1246644631028,
  "summary_wm_n": 203701.0,
  "summary_wm_p05": 883.1743515208364,
  "summary_wm_p95": 1209.8996127843857,
  "summary_wm_stdv": 102.22845725566509,
  "tpm_overlap_csf": 0.16336462135704216,
  "tpm_overlap_gm": 0.4621381736544335,
  "tpm_overlap_wm": 0.5047795330865136,
  "wm2max": 0.2705350668622789
}