{
  "bids_meta": {
    "AcquisitionDateTime": "20200123112556.285000",
    "ConversionSoftware": "dicm2nii.m 20180808",
    "DeviceSerialNumber": "167032",
    "EchoTime": 0.00334,
    "FlipAngle": 7,
    "ImageType": [
      "ORIGINAL",
      "PRIMARY",
      "M",
      "ND"
    ],
    "InstitutionAddress": "Queen Square 12,London,Southeast,GB,WC1N 3BG",
    "InstitutionName": "FIL",
    "InversionTime": 1.1,
    "MRAcquisitionType": "3D",
    "Manufacturer": "SIEMENS",
    "Modality": "MR",
    "PatientName": "MP02939",
    "PatientPosition": "HFS",
    "PhaseEncodingDirection": "j-",
    "RepetitionTime": 2.53,
    "ScanOptions": "IR",
    "ScanningSequence": "GR\\IR",
    "SequenceName": "*tfl3d1_16ns",
    "SequenceVariant": "SK\\SP\\MP",
    "SeriesDescription": "MPRAGE_64ch_Head",
    "SeriesNumber": 2,
    "SliceThickness": 1,
    "SoftwareVersion": "syngo MR E11",
    "dataset": "ds004081",
    "modality": "T1w",
    "subject_id": "MP02939"
  },
  "cjv": 0.47838704710682,
  "cnr": 2.548643984347634,
  "efc": 0.5242529445212634,
  "fber": 6956.4616508400295,
  "fwhm_avg": 3.8407133333333334,
  "fwhm_x": 3.98703,
  "fwhm_y": 3.85602,
  "fwhm_z": 3.67909,
  "icvs_csf": 0.20497619142586052,
  "icvs_gm": 0.4001933433027488,
  "icvs_wm": 0.39483046527139065,
  "inu_med": 1.0202630758285522,
  "inu_range": 1.0386379063129414,
  "provenance": {
    "md5sum": "7cba6b54b64c82d0ba406ab5c35fc3a3",
    "settings": {
      "testing": false
    },
    "software": "mriqc",
    "version": "23.0.1",
    "warnings": {
      "large_rot_frame": true,
      "small_air_mask": false
    },
    "webapi_port": null,
    "webapi_url": "https://mriqc.nimh.nih.gov/api/v1"
  },
  "qi_1": 0.0,
  "qi_2": 0.002844972687738031,
  "rpve_csf": 23.05223596747025,
  "rpve_gm": 11.647332895654671,
  "rpve_wm": 13.658543667394367,
  "size_x": 176,
  "size_y": 256,
  "size_z": 256,
  "snr_csf": 1.0994229940607416,
  "snr_gm": 8.565773689307704,
  "snr_total": 6.183797469058544,
  "snr_wm": 8.88619572380719,
  "snrd_csf": 7.410489228364533,
  "snrd_gm": 44.68496426726961,
  "snrd_total": 40.18356652873077,
  "snrd_wm": 68.45524609055816,
  "spacing_x": 1.0,
  "spacing_y": 1.0,
  "spacing_z": 1.0,
  "summary_bg_k": 4.245682339735587,
  "summary_bg_mad": 0.0,
  "summary_bg_mean": 6.706427580633845,
  "summary_bg_median": 0.0,
  "summary_bg_n": 2385905.0,
  "summary_bg_p05": 0.0,
  "summary_bg_p95": 27.362066745758057,
  "summary_bg_stdv": 9.570902792094175,
  "summary_csf_k": 5.628124409729351,
  "summary_csf_mad": 63.469356956094224,
  "summary_csf_mean": 136.8943890407725,
  "summary_csf_median": 108.26000821590424,
  "summary_csf_n": 34284.0,
  "summary_csf_p05": 38.3454315662384,
  "summary_csf_p95": 347.02615567445747,
  "summary_csf_stdv": 98.46840562594213,
  "summary_gm_k": 0.742383455448651,
  "summary_gm_mad": 70.13530592372602,
  "summary_gm_mean": 654.1952169886114,
  "summary_gm_median": 652.8036745786667,
  "summary_gm_n": 21792.0,
  "summary_gm_p05": 531.8614126563073,
  "summary_gm_p95": 781.8742687702179,
  "summary_gm_stdv": 76.20895905337812,
  "summary_wm_k": 1.3514807033349214,
  "summary_wm_mad": 95.98966513389794,
  "summary_wm_mean": 1020.7873669325795,
  "summary_wm_median": 1000.0642704963684,
  "summary_wm_n": 225983.0,
  "summary_wm_p05": 875.5219056606293,
  "summary_wm_p95": 1240.2145788431164,
  "summary_wm_stdv": 112.54107931886081,
  "tpm_overlap_csf": 0.17679972393501903,
  "tpm_overlap_gm": 0.4334933234434586,
  "tpm_overlap_wm": 0.48745263919146037,
  "wm2max": 0.258406080924088
}