{
  "bids_meta": {
    "AcquisitionDateTime": "20200212155423.555000",
    "ConversionSoftware": "dicm2nii.m 20180808",
    "DeviceSerialNumber": "167032",
    "EchoTime": 0.00334,
    "FlipAngle": 7,
    "ImageType": [
      "ORIGINAL",
      "PRIMARY",
      "M",
      "ND"
    ],
    "InstitutionAddress": "Queen Square 12,London,Southeast,GB,WC1N 3BG",
    "InstitutionName": "Functional Imaging Laboratory",
    "InversionTime": 1.1,
    "MRAcquisitionType": "3D",
    "Manufacturer": "SIEMENS",
    "Modality": "MR",
    "PatientName": "MP02976",
    "PatientPosition": "HFS",
    "PhaseEncodingDirection": "j-",
    "RepetitionTime": 2.53,
    "ScanOptions": "IR",
    "ScanningSequence": "GR\\IR",
    "SequenceName": "*tfl3d1_16ns",
    "SequenceVariant": "SK\\SP\\MP",
    "SeriesDescription": "MPRAGE_64ch_Head",
    "SeriesNumber": 2,
    "SliceThickness": 1,
    "SoftwareVersion": "syngo MR E11",
    "dataset": "ds004081",
    "modality": "T1w",
    "subject_id": "MP02976"
  },
  "cjv": 0.46103448330493096,
  "cnr": 2.7725355533117395,
  "efc": 0.5283929723454167,
  "fber": 7797.6059623813,
  "fwhm_avg": 4.118353333333333,
  "fwhm_x": 4.21664,
  "fwhm_y": 4.20068,
  "fwhm_z": 3.93774,
  "icvs_csf": 0.17232809477832658,
  "icvs_gm": 0.42004517665821184,
  "icvs_wm": 0.4076267285634616,
  "inu_med": 0.9490863680839539,
  "inu_range": 1.0373548269271848,
  "provenance": {
    "md5sum": "31012d8848928d4c9d7c18a0a1f5d7d6",
    "settings": {
      "testing": false
    },
    "software": "mriqc",
    "version": "23.0.1",
    "warnings": {
      "large_rot_frame": true,
      "small_air_mask": false
    },
    "webapi_port": null,
    "webapi_url": "https://mriqc.nimh.nih.gov/api/v1"
  },
  "qi_1": 0.0,
  "qi_2": 0.0025029529731858046,
  "rpve_csf": 31.473622103425942,
  "rpve_gm": 13.638284998831825,
  "rpve_wm": 16.0822479196726,
  "size_x": 176,
  "size_y": 256,
  "size_z": 256,
  "snr_csf": 0.9823237840414581,
  "snr_gm": 8.552899029414997,
  "snr_total": 6.471644293241822,
  "snr_wm": 9.879710066269011,
  "snrd_csf": 8.04620668003084,
  "snrd_gm": 44.406961178536775,
  "snrd_total": 40.313813304269736,
  "snrd_wm": 68.4882720542416,
  "spacing_x": 1.0,
  "spacing_y": 1.0,
  "spacing_z": 1.0,
  "summary_bg_k": 6.391273502121466,
  "summary_bg_mad": 0.0,
  "summary_bg_mean": 6.992995233502763,
  "summary_bg_median": 0.0,
  "summary_bg_n": 2225334.0,
  "summary_bg_p05": 0.0,
  "summary_bg_p95": 25.3849583491683,
  "summary_bg_stdv": 9.566740005268711,
  "summary_csf_k": 4.901175558099512,
  "summary_csf_mad": 80.48270128547296,
  "summary_csf_mean": 153.13867492434997,
  "summary_csf_median": 117.49609293043613,
  "summary_csf_n": 16375.0,
  "summary_csf_p05": 28.230305328965187,
  "summary_csf_p95": 392.87546856924877,
  "summary_csf_stdv": 119.60669905121888,
  "summary_gm_k": 0.23062972884597022,
  "summary_gm_mad": 72.62467803560664,
  "summary_gm_mean": 649.4355477850812,
  "summary_gm_median": 648.4601558074355,
  "summary_gm_n": 25331.0,
  "summary_gm_p05": 526.6123557314277,
  "summary_gm_p95": 776.2497098706663,
  "summary_gm_stdv": 75.81608922499242,
  "summary_wm_k": 1.3462434943802695,
  "summary_wm_mad": 89.49874901426695,
  "summary_wm_mean": 1017.1163013335454,
  "summary_wm_median": 1000.1115678399801,
  "summary_wm_n": 208711.0,
  "summary_wm_p05": 883.8428794890642,
  "summary_wm_p95": 1210.3324976414442,
  "summary_wm_stdv": 101.22859529321813,
  "tpm_overlap_csf": 0.18265380304129067,
  "tpm_overlap_gm": 0.48143510688392926,
  "tpm_overlap_wm": 0.5211646994532808,
  "wm2max": 0.3299476397244467
}