{
  "aor": 0.009443846153846153,
  "aqi": 0.006491084890109889,
  "bids_meta": {
    "AcquisitionDateTime": "20200129130238.310000",
    "ConversionSoftware": "dicm2nii.m 20180808",
    "DeviceSerialNumber": "167032",
    "EchoTime": 0.03,
    "EchoTime1": 0.03,
    "EchoTime2": 0.03,
    "EffectiveEchoSpacing": 0.00048611111,
    "FlipAngle": 90,
    "ImageType": [
      "ORIGINAL",
      "PRIMARY",
      "M",
      "ND",
      "MOSAIC"
    ],
    "InstitutionAddress": "Queen Square 12,London,Southeast,GB,WC1N 3BG",
    "InstitutionName": "FIL",
    "MRAcquisitionType": "2D",
    "Manufacturer": "SIEMENS",
    "Modality": "MR",
    "PatientName": "MP02953",
    "PatientPosition": "HFS",
    "PhaseEncodingDirection": "j-",
    "RepetitionTime": 3.36,
    "ScanOptions": "FS",
    "ScanningSequence": "RM",
    "SequenceName": "ep2dv2o2d1",
    "SequenceVariant": "SP\\OSP",
    "SeriesDescription": "nc_epi2d_v2o_3mm_OFC_64ch",
    "SeriesNumber": 6,
    "SliceThickness": 2.5,
    "SliceTiming": [
      0,
      0.07,
      0.14,
      0.21,
      0.28,
      0.35,
      0.42,
      0.49,
      0.56,
      0.63,
      0.7,
      0.77,
      0.84,
      0.91,
      0.98,
      1.05,
      1.12,
      1.19,
      1.26,
      1.33,
      1.4,
      1.47,
      1.54,
      1.61,
      1.68,
      1.75,
      1.82,
      1.89,
      1.96,
      2.03,
      2.1,
      2.17,
      2.24,
      2.31,
      2.38,
      2.45,
      2.52,
      2.59,
      2.66,
      2.73,
      2.8,
      2.87,
      2.94,
      3.01,
      3.08,
      3.15,
      3.22,
      3.29
    ],
    "SoftwareVersion": "syngo MR E11",
    "TotalReadoutTime": 0.030625,
    "dataset": "ds004081",
    "deltaTE": 0,
    "modality": "bold",
    "run_id": 1,
    "subject_id": "MP02953",
    "task_id": "unequalVariance"
  },
  "dummy_trs": 2,
  "dvars_nstd": 23.65376605243095,
  "dvars_std": 1.1873172056353594,
  "dvars_vstd": 0.9637339725966846,
  "efc": 0.5617218403137754,
  "fber": 199.89414978027344,
  "fd_mean": 0.07476585759315046,
  "fd_num": 7,
  "fd_perc": 3.8461538461538463,
  "fwhm_avg": 2.70421,
  "fwhm_x": 2.5769733333333336,
  "fwhm_y": 2.77085,
  "fwhm_z": 2.764806666666667,
  "gcor": 0.0116876,
  "gsr_x": 0.0007138101500459015,
  "gsr_y": 0.028027033433318138,
  "provenance": {
    "md5sum": "515a15c2d778b32ad64ce2ba78308c72",
    "settings": {
      "fd_thres": 0.2,
      "testing": false
    },
    "software": "mriqc",
    "version": "23.0.1",
    "webapi_port": null,
    "webapi_url": "https://mriqc.nimh.nih.gov/api/v1"
  },
  "size_t": 182,
  "size_x": 64,
  "size_y": 64,
  "size_z": 48,
  "snr": 2.0991249892687764,
  "spacing_tr": 3.359999895095825,
  "spacing_x": 3.0,
  "spacing_y": 3.0,
  "spacing_z": 3.0,
  "summary_bg_k": 45.26000306808298,
  "summary_bg_mad": 11.78750318597783,
  "summary_bg_mean": 92.6777114868164,
  "summary_bg_median": 56.489013671875,
  "summary_bg_n": 115487.0,
  "summary_bg_p05": 45.87912368774414,
  "summary_bg_p95": 274.7835296630858,
  "summary_bg_stdv": 106.34767150878906,
  "summary_fg_k": 3.3907677900863833,
  "summary_fg_mad": 331.10496376253514,
  "summary_fg_mean": 906.0845336914062,
  "summary_fg_median": 818.9093627929688,
  "summary_fg_n": 38226.0,
  "summary_fg_p05": 463.8475341796875,
  "summary_fg_p95": 1663.6882629394531,
  "summary_fg_stdv": 390.1142883300781,
  "tsnr": 52.480081885587424
}