{
  "aor": 0.00400467032967033,
  "aqi": 0.003057022857142857,
  "bids_meta": {
    "AcquisitionDateTime": "20200129131348.912500",
    "ConversionSoftware": "dicm2nii.m 20180808",
    "DeviceSerialNumber": "167032",
    "EchoTime": 0.03,
    "EchoTime1": 0.03,
    "EchoTime2": 0.03,
    "EffectiveEchoSpacing": 0.00052083333,
    "FlipAngle": 90,
    "ImageType": [
      "ORIGINAL",
      "PRIMARY",
      "M",
      "ND",
      "MOSAIC"
    ],
    "InstitutionAddress": "Queen Square 12,London,Southeast,GB,WC1N 3BG",
    "InstitutionName": "FIL",
    "MRAcquisitionType": "2D",
    "Manufacturer": "SIEMENS",
    "Modality": "MR",
    "PatientName": "MP02953",
    "PatientPosition": "HFS",
    "PhaseEncodingDirection": "j-",
    "RepetitionTime": 3.36,
    "ScanOptions": "FS",
    "ScanningSequence": "RM",
    "SequenceName": "ep2dv2o2d1",
    "SequenceVariant": "SP\\OSP",
    "SeriesDescription": "nc_epi2d_v2o_3mm_OFC_64ch",
    "SeriesNumber": 7,
    "SliceThickness": 2.5,
    "SliceTiming": [
      0,
      0.07,
      0.14,
      0.21,
      0.28,
      0.35,
      0.42,
      0.49,
      0.56,
      0.63,
      0.7,
      0.77,
      0.84,
      0.91,
      0.98,
      1.05,
      1.12,
      1.19,
      1.26,
      1.33,
      1.4,
      1.47,
      1.54,
      1.61,
      1.68,
      1.75,
      1.82,
      1.89,
      1.96,
      2.03,
      2.1,
      2.17,
      2.24,
      2.31,
      2.38,
      2.45,
      2.52,
      2.59,
      2.66,
      2.73,
      2.8,
      2.87,
      2.94,
      3.01,
      3.08,
      3.15,
      3.22,
      3.29
    ],
    "SoftwareVersion": "syngo MR E11",
    "TotalReadoutTime": 0.0328125,
    "dataset": "ds004081",
    "deltaTE": 0,
    "modality": "bold",
    "run_id": 2,
    "subject_id": "MP02953",
    "task_id": "unequalVariance"
  },
  "dummy_trs": 2,
  "dvars_nstd": 25.512785421215487,
  "dvars_std": 1.3883854791712702,
  "dvars_vstd": 1.0450400042541432,
  "efc": 0.5623931012297291,
  "fber": 200.1405792236328,
  "fd_mean": 0.06853732348947092,
  "fd_num": 7,
  "fd_perc": 3.8461538461538463,
  "fwhm_avg": 2.670181111111111,
  "fwhm_x": 2.549123333333333,
  "fwhm_y": 2.7478933333333333,
  "fwhm_z": 2.7135266666666666,
  "gcor": 0.021108,
  "gsr_x": -0.0012243171222507954,
  "gsr_y": 0.02730994112789631,
  "provenance": {
    "md5sum": "fa3de56af239d99e90c53a8213b9feaf",
    "settings": {
      "fd_thres": 0.2,
      "testing": false
    },
    "software": "mriqc",
    "version": "23.0.1",
    "webapi_port": null,
    "webapi_url": "https://mriqc.nimh.nih.gov/api/v1"
  },
  "size_t": 182,
  "size_x": 64,
  "size_y": 64,
  "size_z": 48,
  "snr": 2.1098919410227173,
  "spacing_tr": 3.359999895095825,
  "spacing_x": 3.0,
  "spacing_y": 3.0,
  "spacing_z": 3.0,
  "summary_bg_k": 44.8335587387247,
  "summary_bg_mad": 10.532994486577493,
  "summary_bg_mean": 93.2086181640625,
  "summary_bg_median": 56.45604705810547,
  "summary_bg_n": 115509.0,
  "summary_bg_p05": 48.43406677246094,
  "summary_bg_p95": 275.00769042968705,
  "summary_bg_stdv": 107.76298522949219,
  "summary_fg_k": 3.012432198550118,
  "summary_fg_mad": 330.93389079536684,
  "summary_fg_mean": 905.6024780273438,
  "summary_fg_median": 818.0302734375,
  "summary_fg_n": 38158.0,
  "summary_fg_p05": 464.163752746582,
  "summary_fg_p95": 1657.7138061523438,
  "summary_fg_stdv": 387.70684814453125,
  "tsnr": 79.3426941409707
}