{
  "aor": 0.004606483516483516,
  "aqi": 0.00427491,
  "bids_meta": {
    "AcquisitionDateTime": "20200129134727.717500",
    "ConversionSoftware": "dicm2nii.m 20180808",
    "DeviceSerialNumber": "167032",
    "EchoTime": 0.03,
    "EchoTime1": 0.03,
    "EchoTime2": 0.03,
    "EffectiveEchoSpacing": 0.00048611111,
    "FlipAngle": 90,
    "ImageType": [
      "ORIGINAL",
      "PRIMARY",
      "M",
      "ND",
      "MOSAIC"
    ],
    "InstitutionAddress": "Queen Square 12,London,Southeast,GB,WC1N 3BG",
    "InstitutionName": "FIL",
    "MRAcquisitionType": "2D",
    "Manufacturer": "SIEMENS",
    "Modality": "MR",
    "PatientName": "MP02953",
    "PatientPosition": "HFS",
    "PhaseEncodingDirection": "j-",
    "RepetitionTime": 3.36,
    "ScanOptions": "FS",
    "ScanningSequence": "RM",
    "SequenceName": "ep2dv2o2d1",
    "SequenceVariant": "SP\\OSP",
    "SeriesDescription": "nc_epi2d_v2o_3mm_OFC_64ch",
    "SeriesNumber": 10,
    "SliceThickness": 2.5,
    "SliceTiming": [
      0,
      0,
      0,
      0,
      0,
      0,
      0,
      0,
      0,
      0,
      0,
      0,
      0,
      0,
      0,
      0,
      0,
      0,
      0,
      0,
      0,
      0,
      0,
      0,
      0,
      0,
      0,
      0,
      0,
      0,
      0,
      0,
      0,
      0,
      0,
      0,
      0,
      0,
      0,
      0,
      0,
      0,
      0,
      0,
      0,
      0,
      0,
      0
    ],
    "SoftwareVersion": "syngo MR E11",
    "TotalReadoutTime": 0.030625,
    "dataset": "ds004081",
    "deltaTE": 0,
    "modality": "bold",
    "run_id": 5,
    "subject_id": "MP02953",
    "task_id": "unequalVariance"
  },
  "dummy_trs": 2,
  "dvars_nstd": 25.22187590232045,
  "dvars_std": 1.2672532726519337,
  "dvars_vstd": 1.00191730038674,
  "efc": 0.5631249834208653,
  "fber": 199.3987579345703,
  "fd_mean": 0.09215172841947472,
  "fd_num": 10,
  "fd_perc": 5.4945054945054945,
  "fwhm_avg": 2.68566,
  "fwhm_x": 2.5564966666666664,
  "fwhm_y": 2.7467633333333334,
  "fwhm_z": 2.75372,
  "gcor": 0.0154612,
  "gsr_x": 0.0005920682451687753,
  "gsr_y": 0.02848905511200428,
  "provenance": {
    "md5sum": "86def8cb30dcb58c7ab0a95bf008e98a",
    "settings": {
      "fd_thres": 0.2,
      "testing": false
    },
    "software": "mriqc",
    "version": "23.0.1",
    "webapi_port": null,
    "webapi_url": "https://mriqc.nimh.nih.gov/api/v1"
  },
  "size_t": 182,
  "size_x": 64,
  "size_y": 64,
  "size_z": 48,
  "snr": 2.1024462797878734,
  "spacing_tr": 3.359999895095825,
  "spacing_x": 3.0,
  "spacing_y": 3.0,
  "spacing_z": 3.0,
  "summary_bg_k": 45.267551453586975,
  "summary_bg_mad": 10.647035590451498,
  "summary_bg_mean": 93.31106567382812,
  "summary_bg_median": 56.626373291015625,
  "summary_bg_n": 115397.0,
  "summary_bg_p05": 48.4505500793457,
  "summary_bg_p95": 276.7945251464843,
  "summary_bg_stdv": 106.7825698852539,
  "summary_fg_k": 3.1333211477787746,
  "summary_fg_mad": 331.93177873265756,
  "summary_fg_mean": 908.408935546875,
  "summary_fg_median": 820.4945068359375,
  "summary_fg_n": 38199.0,
  "summary_fg_p05": 465.5610015869141,
  "summary_fg_p95": 1672.5906494140622,
  "summary_fg_stdv": 390.251953125,
  "tsnr": 65.31556249503046
}