{
  "aor": 0.004514120879120879,
  "aqi": 0.00476407923076923,
  "bids_meta": {
    "AcquisitionDateTime": "20200129132458.970000",
    "ConversionSoftware": "dicm2nii.m 20180808",
    "DeviceSerialNumber": "167032",
    "EchoTime": 0.03,
    "EchoTime1": 0.03,
    "EchoTime2": 0.03,
    "EffectiveEchoSpacing": 0.00048611111,
    "FlipAngle": 90,
    "ImageType": [
      "ORIGINAL",
      "PRIMARY",
      "M",
      "ND",
      "MOSAIC"
    ],
    "InstitutionAddress": "Queen Square 12,London,Southeast,GB,WC1N 3BG",
    "InstitutionName": "FIL",
    "MRAcquisitionType": "2D",
    "Manufacturer": "SIEMENS",
    "Modality": "MR",
    "PatientName": "MP02953",
    "PatientPosition": "HFS",
    "PhaseEncodingDirection": "j-",
    "RepetitionTime": 3.36,
    "ScanOptions": "FS",
    "ScanningSequence": "RM",
    "SequenceName": "ep2dv2o2d1",
    "SequenceVariant": "SP\\OSP",
    "SeriesDescription": "nc_epi2d_v2o_3mm_OFC_64ch",
    "SeriesNumber": 8,
    "SliceThickness": 2.5,
    "SliceTiming": [
      0,
      0,
      0,
      0,
      0,
      0,
      0,
      0,
      0,
      0,
      0,
      0,
      0,
      0,
      0,
      0,
      0,
      0,
      0,
      0,
      0,
      0,
      0,
      0,
      0,
      0,
      0,
      0,
      0,
      0,
      0,
      0,
      0,
      0,
      0,
      0,
      0,
      0,
      0,
      0,
      0,
      0,
      0,
      0,
      0,
      0,
      0,
      0
    ],
    "SoftwareVersion": "syngo MR E11",
    "TotalReadoutTime": 0.030625,
    "dataset": "ds004081",
    "deltaTE": 0,
    "modality": "bold",
    "run_id": 3,
    "subject_id": "MP02953",
    "task_id": "unequalVariance"
  },
  "dummy_trs": 2,
  "dvars_nstd": 28.128435967071827,
  "dvars_std": 1.2792195016022103,
  "dvars_vstd": 0.9875449313259667,
  "efc": 0.5625973705340321,
  "fber": 196.83505249023438,
  "fd_mean": 0.10709716610367906,
  "fd_num": 13,
  "fd_perc": 7.142857142857143,
  "fwhm_avg": 2.6521455555555558,
  "fwhm_x": 2.5477433333333335,
  "fwhm_y": 2.73789,
  "fwhm_z": 2.670803333333333,
  "gcor": 0.0211271,
  "gsr_x": 0.0015668931882828474,
  "gsr_y": 0.025931701064109802,
  "provenance": {
    "md5sum": "2d0115d3e0d77643b7e13b3847b44422",
    "settings": {
      "fd_thres": 0.2,
      "testing": false
    },
    "software": "mriqc",
    "version": "23.0.1",
    "webapi_port": null,
    "webapi_url": "https://mriqc.nimh.nih.gov/api/v1"
  },
  "size_t": 182,
  "size_x": 64,
  "size_y": 64,
  "size_z": 48,
  "snr": 2.1054801438524575,
  "spacing_tr": 3.359999895095825,
  "spacing_x": 3.0,
  "spacing_y": 3.0,
  "spacing_z": 3.0,
  "summary_bg_k": 44.40507557751394,
  "summary_bg_mad": 12.292560943221057,
  "summary_bg_mean": 93.95624542236328,
  "summary_bg_median": 57.02747344970703,
  "summary_bg_n": 115617.0,
  "summary_bg_p05": 46.4560432434082,
  "summary_bg_p95": 279.6153869628906,
  "summary_bg_stdv": 108.45455932617188,
  "summary_fg_k": 3.2263375813669306,
  "summary_fg_mad": 331.6467325297588,
  "summary_fg_mean": 908.46240234375,
  "summary_fg_median": 821.32421875,
  "summary_fg_n": 38103.0,
  "summary_fg_p05": 466.14727783203125,
  "summary_fg_p95": 1668.194580078125,
  "summary_fg_stdv": 390.08367919921875,
  "tsnr": 57.18455011071637
}