{
  "aor": 0.004947595628415301,
  "aqi": 0.005483640109289618,
  "bids_meta": {
    "AcquisitionDateTime": "20200204133916.440000",
    "ConversionSoftware": "dicm2nii.m 20180808",
    "DeviceSerialNumber": "167032",
    "EchoTime": 0.03,
    "EchoTime1": 0.03,
    "EchoTime2": 0.03,
    "EffectiveEchoSpacing": 0.00048611111,
    "FlipAngle": 90,
    "ImageType": [
      "ORIGINAL",
      "PRIMARY",
      "M",
      "ND",
      "MOSAIC"
    ],
    "InstitutionAddress": "Queen Square 12,London,Southeast,GB,WC1N 3BG",
    "InstitutionName": "Functional Imaging Laboratory",
    "MRAcquisitionType": "2D",
    "Manufacturer": "SIEMENS",
    "Modality": "MR",
    "PatientName": "MP02692",
    "PatientPosition": "HFS",
    "PhaseEncodingDirection": "j-",
    "RepetitionTime": 3.36,
    "ScanOptions": "FS",
    "ScanningSequence": "RM",
    "SequenceName": "ep2dv2o2d1",
    "SequenceVariant": "SP\\OSP",
    "SeriesDescription": "nc_epi2d_v2o_3mm_OFC_64ch",
    "SeriesNumber": 10,
    "SliceThickness": 2.5,
    "SliceTiming": [
      0,
      0.07,
      0.14,
      0.21,
      0.28,
      0.35,
      0.42,
      0.49,
      0.56,
      0.63,
      0.7,
      0.77,
      0.84,
      0.91,
      0.98,
      1.05,
      1.12,
      1.19,
      1.26,
      1.33,
      1.4,
      1.47,
      1.54,
      1.61,
      1.68,
      1.75,
      1.82,
      1.89,
      1.96,
      2.03,
      2.1,
      2.17,
      2.24,
      2.31,
      2.38,
      2.45,
      2.52,
      2.59,
      2.66,
      2.73,
      2.8,
      2.87,
      2.94,
      3.01,
      3.08,
      3.15,
      3.22,
      3.29
    ],
    "SoftwareVersion": "syngo MR E11",
    "TotalReadoutTime": 0.030625,
    "dataset": "ds004081",
    "deltaTE": 0,
    "modality": "bold",
    "run_id": 3,
    "subject_id": "MP02962",
    "task_id": "unequalVariance"
  },
  "dummy_trs": 1,
  "dvars_nstd": 33.51397014445057,
  "dvars_std": 1.5260110932417574,
  "dvars_vstd": 1.0340177756593407,
  "efc": 0.5824455078205846,
  "fber": 181.82884216308594,
  "fd_mean": 0.08990593722728969,
  "fd_num": 17,
  "fd_perc": 9.289617486338798,
  "fwhm_avg": 2.5956233333333336,
  "fwhm_x": 2.4637266666666666,
  "fwhm_y": 2.6414866666666668,
  "fwhm_z": 2.6816566666666666,
  "gcor": 0.0194626,
  "gsr_x": -0.008326787501573563,
  "gsr_y": 0.046423353254795074,
  "provenance": {
    "md5sum": "33e44703c6a4b451023cf2c656178f9b",
    "settings": {
      "fd_thres": 0.2,
      "testing": false
    },
    "software": "mriqc",
    "version": "23.0.1",
    "webapi_port": null,
    "webapi_url": "https://mriqc.nimh.nih.gov/api/v1"
  },
  "size_t": 183,
  "size_x": 64,
  "size_y": 64,
  "size_z": 48,
  "snr": 2.5487886051016435,
  "spacing_tr": 3.359999895095825,
  "spacing_x": 3.0,
  "spacing_y": 3.0,
  "spacing_z": 3.0,
  "summary_bg_k": 24.707247293826555,
  "summary_bg_mad": 8.741682705789673,
  "summary_bg_mean": 90.20970153808594,
  "summary_bg_median": 54.43169403076172,
  "summary_bg_n": 116851.0,
  "summary_bg_p05": 47.13114547729492,
  "summary_bg_p95": 275.2622985839844,
  "summary_bg_stdv": 100.90973663330078,
  "summary_fg_k": 0.605528629126749,
  "summary_fg_mad": 281.60126117768846,
  "summary_fg_mean": 806.2621459960938,
  "summary_fg_median": 750.516357421875,
  "summary_fg_n": 37658.0,
  "summary_fg_p05": 426.64671325683594,
  "summary_fg_p95": 1375.1387695312503,
  "summary_fg_stdv": 294.45611572265625,
  "tsnr": 57.12264882028103
}