{
  "bids_meta": {
    "AcquisitionDateTime": "20200213105024.745000",
    "ConversionSoftware": "dicm2nii.m 20180808",
    "DeviceSerialNumber": "167032",
    "EchoTime": 0.00334,
    "FlipAngle": 7,
    "ImageType": [
      "ORIGINAL",
      "PRIMARY",
      "M",
      "ND"
    ],
    "InstitutionAddress": "Queen Square 12,London,Southeast,GB,WC1N 3BG",
    "InstitutionName": "FIL",
    "InversionTime": 1.1,
    "MRAcquisitionType": "3D",
    "Manufacturer": "SIEMENS",
    "Modality": "MR",
    "PatientName": "MP02978",
    "PatientPosition": "HFS",
    "PhaseEncodingDirection": "j-",
    "RepetitionTime": 2.53,
    "ScanOptions": "IR",
    "ScanningSequence": "GR\\IR",
    "SequenceName": "*tfl3d1_16ns",
    "SequenceVariant": "SK\\SP\\MP",
    "SeriesDescription": "MPRAGE_64ch_Head",
    "SeriesNumber": 2,
    "SliceThickness": 1,
    "SoftwareVersion": "syngo MR E11",
    "dataset": "ds004081",
    "modality": "T1w",
    "subject_id": "MP02978"
  },
  "cjv": 0.4189658787627602,
  "cnr": 3.0021532448714483,
  "efc": 0.49451612974358344,
  "fber": -1.0,
  "fwhm_avg": 4.315616666666666,
  "fwhm_x": 4.31168,
  "fwhm_y": 4.52386,
  "fwhm_z": 4.11131,
  "icvs_csf": 0.19091742273348894,
  "icvs_gm": 0.41900143005120377,
  "icvs_wm": 0.3900811472153073,
  "inu_med": 0.9855692088603973,
  "inu_range": 1.1144991844892502,
  "provenance": {
    "md5sum": "93b4369ec3195e10fdc8ccd0909b056f",
    "settings": {
      "testing": false
    },
    "software": "mriqc",
    "version": "23.0.1",
    "warnings": {
      "large_rot_frame": true,
      "small_air_mask": false
    },
    "webapi_port": null,
    "webapi_url": "https://mriqc.nimh.nih.gov/api/v1"
  },
  "qi_1": 0.0,
  "qi_2": 0.0028947317435488126,
  "rpve_csf": 25.493335053702204,
  "rpve_gm": 11.911267846268176,
  "rpve_wm": 14.465219910042551,
  "size_x": 176,
  "size_y": 256,
  "size_z": 256,
  "snr_csf": 1.0563336792161047,
  "snr_gm": 8.415412415972643,
  "snr_total": 6.95542859166796,
  "snr_wm": 11.394539679815134,
  "snrd_csf": 7.139030672477467,
  "snrd_gm": 40.70748681350761,
  "snrd_total": 36.886381805984136,
  "snrd_wm": 62.812627931967334,
  "spacing_x": 1.0,
  "spacing_y": 1.0,
  "spacing_z": 1.0,
  "summary_bg_k": 2.931565300300141,
  "summary_bg_mad": 0.0,
  "summary_bg_mean": 7.256468999822922,
  "summary_bg_median": 0.0,
  "summary_bg_n": 3102770.0,
  "summary_bg_p05": 0.0,
  "summary_bg_p95": 29.61094033718109,
  "summary_bg_stdv": 10.430703078365923,
  "summary_csf_k": 9.603836073543448,
  "summary_csf_mad": 69.78920021901943,
  "summary_csf_mean": 144.957754753874,
  "summary_csf_median": 113.66351985931396,
  "summary_csf_n": 30236.0,
  "summary_csf_p05": 37.312440514564514,
  "summary_csf_p95": 373.80492563545704,
  "summary_csf_stdv": 107.60012908265332,
  "summary_gm_k": 0.248588240610085,
  "summary_gm_mad": 73.82496497075398,
  "summary_gm_mean": 649.1721231256381,
  "summary_gm_median": 648.1210752725601,
  "summary_gm_n": 29388.0,
  "summary_gm_p05": 523.3932881325484,
  "summary_gm_p95": 777.7187334299088,
  "summary_gm_stdv": 77.0146507591899,
  "summary_wm_k": 1.8381718455200335,
  "summary_wm_mad": 73.62809839749865,
  "summary_wm_mean": 1012.5927937844433,
  "summary_wm_median": 1000.0663549304008,
  "summary_wm_n": 226391.0,
  "summary_wm_p05": 893.9715507626534,
  "summary_wm_p95": 1175.0763072371483,
  "summary_wm_stdv": 87.76696332758532,
  "tpm_overlap_csf": 0.16928702947764962,
  "tpm_overlap_gm": 0.4648338946277564,
  "tpm_overlap_wm": 0.5046026665822837,
  "wm2max": 0.2992252681764005
}