{
  "aor": 0.0020247540983606557,
  "aqi": 0.005988197486338798,
  "bids_meta": {
    "AcquisitionDateTime": "20200203124118.330000",
    "ConversionSoftware": "dicm2nii.m 20180808",
    "DeviceSerialNumber": "167032",
    "EchoTime": 0.03,
    "EchoTime1": 0.03,
    "EchoTime2": 0.03,
    "EffectiveEchoSpacing": 0.00048611111,
    "FlipAngle": 90,
    "ImageType": [
      "ORIGINAL",
      "PRIMARY",
      "M",
      "ND",
      "MOSAIC"
    ],
    "InstitutionAddress": "Queen Square 12,London,Southeast,GB,WC1N 3BG",
    "InstitutionName": "Functional Imaging Laboratory",
    "MRAcquisitionType": "2D",
    "Manufacturer": "SIEMENS",
    "Modality": "MR",
    "PatientName": "MP02959",
    "PatientPosition": "HFS",
    "PhaseEncodingDirection": "j-",
    "RepetitionTime": 3.36,
    "ScanOptions": "FS",
    "ScanningSequence": "RM",
    "SequenceName": "ep2dv2o2d1",
    "SequenceVariant": "SP\\OSP",
    "SeriesDescription": "nc_epi2d_v2o_3mm_OFC_64ch",
    "SeriesNumber": 12,
    "SliceThickness": 2.5,
    "SliceTiming": [
      0,
      0.07,
      0.14,
      0.21,
      0.28,
      0.35,
      0.42,
      0.49,
      0.56,
      0.63,
      0.7,
      0.77,
      0.84,
      0.91,
      0.98,
      1.05,
      1.12,
      1.19,
      1.26,
      1.33,
      1.4,
      1.47,
      1.54,
      1.61,
      1.68,
      1.75,
      1.82,
      1.89,
      1.96,
      2.03,
      2.1,
      2.17,
      2.24,
      2.31,
      2.38,
      2.45,
      2.52,
      2.59,
      2.66,
      2.73,
      2.8,
      2.87,
      2.94,
      3.01,
      3.08,
      3.15,
      3.22,
      3.29
    ],
    "SoftwareVersion": "syngo MR E11",
    "TotalReadoutTime": 0.030625,
    "dataset": "ds004081",
    "deltaTE": 0,
    "modality": "bold",
    "run_id": 5,
    "subject_id": "MP02959",
    "task_id": "unequalVariance"
  },
  "dummy_trs": 1,
  "dvars_nstd": 32.65804483604396,
  "dvars_std": 1.2505036419780224,
  "dvars_vstd": 0.973762626263736,
  "efc": 0.6276643715283355,
  "fber": 136.18162536621094,
  "fd_mean": 0.12748521165295895,
  "fd_num": 25,
  "fd_perc": 13.66120218579235,
  "fwhm_avg": 2.703606666666667,
  "fwhm_x": 2.5112033333333335,
  "fwhm_y": 2.773703333333333,
  "fwhm_z": 2.8259133333333337,
  "gcor": 0.0134698,
  "gsr_x": -0.009397060610353947,
  "gsr_y": 0.06190454587340355,
  "provenance": {
    "md5sum": "e3b505a643e8b1284ad528b7465c5879",
    "settings": {
      "fd_thres": 0.2,
      "testing": false
    },
    "software": "mriqc",
    "version": "23.0.1",
    "webapi_port": null,
    "webapi_url": "https://mriqc.nimh.nih.gov/api/v1"
  },
  "size_t": 183,
  "size_x": 64,
  "size_y": 64,
  "size_z": 48,
  "snr": 2.1363080531303735,
  "spacing_tr": 3.359999895095825,
  "spacing_x": 3.0,
  "spacing_y": 3.0,
  "spacing_z": 3.0,
  "summary_bg_k": 19.02708824567782,
  "summary_bg_mad": 19.11989257965026,
  "summary_bg_mean": 121.80172729492188,
  "summary_bg_median": 64.31147003173828,
  "summary_bg_n": 98089.0,
  "summary_bg_p05": 49.4207649230957,
  "summary_bg_p95": 391.9540832519531,
  "summary_bg_stdv": 139.5785369873047,
  "summary_fg_k": 2.52111313357695,
  "summary_fg_mad": 333.8690975129301,
  "summary_fg_mean": 882.1749877929688,
  "summary_fg_median": 802.1365966796875,
  "summary_fg_n": 48099.0,
  "summary_fg_p05": 435.2234802246094,
  "summary_fg_p95": 1591.5458984374998,
  "summary_fg_stdv": 375.47406005859375,
  "tsnr": 52.81922961585224
}