{
  "aor": 0.00506675824175824,
  "aqi": 0.01031471,
  "bids_meta": {
    "AcquisitionDateTime": "20201125155639.975000",
    "ConversionSoftware": "dicm2nii.m 20180808",
    "DeviceSerialNumber": "167032",
    "EchoTime": 0.03,
    "EchoTime1": 0.03,
    "EchoTime2": 0.03,
    "EffectiveEchoSpacing": 0.00048611111,
    "FlipAngle": 90,
    "ImageType": [
      "ORIGINAL",
      "PRIMARY",
      "M",
      "ND",
      "MOSAIC"
    ],
    "InstitutionAddress": "Queen Square 12,London,Southeast,GB,WC1N 3BG",
    "InstitutionName": "Functional Imaging Laboratory",
    "MRAcquisitionType": "2D",
    "Manufacturer": "SIEMENS",
    "Modality": "MR",
    "PatientName": "MP03058",
    "PatientPosition": "HFS",
    "PhaseEncodingDirection": "j-",
    "RepetitionTime": 3.36,
    "ScanOptions": "FS",
    "ScanningSequence": "RM",
    "SequenceName": "ep2dv2o2d1",
    "SequenceVariant": "SP\\OSP",
    "SeriesDescription": "nc_epi2d_v2o_3mm_OFC_64ch",
    "SeriesNumber": 13,
    "SliceThickness": 2.5,
    "SliceTiming": [
      0,
      0.07,
      0.14,
      0.21,
      0.28,
      0.35,
      0.42,
      0.49,
      0.56,
      0.63,
      0.7,
      0.77,
      0.84,
      0.91,
      0.98,
      1.05,
      1.12,
      1.19,
      1.26,
      1.33,
      1.4,
      1.47,
      1.54,
      1.61,
      1.68,
      1.75,
      1.82,
      1.89,
      1.96,
      2.03,
      2.1,
      2.17,
      2.24,
      2.31,
      2.38,
      2.45,
      2.52,
      2.59,
      2.66,
      2.73,
      2.8,
      2.87,
      2.94,
      3.01,
      3.08,
      3.15,
      3.22,
      3.29
    ],
    "SoftwareVersion": "syngo MR E11",
    "TotalReadoutTime": 0.030625,
    "dataset": "ds004081",
    "deltaTE": 0,
    "modality": "bold",
    "run_id": 6,
    "subject_id": "MP03058",
    "task_id": "unequalVariance"
  },
  "dummy_trs": 2,
  "dvars_nstd": 34.63528307541438,
  "dvars_std": 1.170408726132597,
  "dvars_vstd": 0.9566505170718232,
  "efc": 0.5888889802010338,
  "fber": 174.27090454101562,
  "fd_mean": 0.20161588827351806,
  "fd_num": 66,
  "fd_perc": 36.26373626373626,
  "fwhm_avg": 2.6434044444444442,
  "fwhm_x": 2.521403333333333,
  "fwhm_y": 2.7039766666666663,
  "fwhm_z": 2.704833333333333,
  "gcor": 0.0191113,
  "gsr_x": -0.01327820960432291,
  "gsr_y": 0.04905601963400841,
  "provenance": {
    "md5sum": "3e49a044019a8d932d9ea51d7951802b",
    "settings": {
      "fd_thres": 0.2,
      "testing": false
    },
    "software": "mriqc",
    "version": "23.0.1",
    "webapi_port": null,
    "webapi_url": "https://mriqc.nimh.nih.gov/api/v1"
  },
  "size_t": 182,
  "size_x": 64,
  "size_y": 64,
  "size_z": 48,
  "snr": 2.1713248998889436,
  "spacing_tr": 3.359999895095825,
  "spacing_x": 3.0,
  "spacing_y": 3.0,
  "spacing_z": 3.0,
  "summary_bg_k": 29.899070370686545,
  "summary_bg_mad": 11.078790096984998,
  "summary_bg_mean": 93.43765258789062,
  "summary_bg_median": 56.642860412597656,
  "summary_bg_n": 107653.0,
  "summary_bg_p05": 46.989013671875,
  "summary_bg_p95": 278.35494995117176,
  "summary_bg_stdv": 101.0992202758789,
  "summary_fg_k": 1.447762182116496,
  "summary_fg_mad": 320.9222989772702,
  "summary_fg_mean": 857.9924926757812,
  "summary_fg_median": 777.8626708984375,
  "summary_fg_n": 42668.0,
  "summary_fg_p05": 434.3846130371094,
  "summary_fg_p95": 1574.823944091797,
  "summary_fg_stdv": 358.2391357421875,
  "tsnr": 36.01501490548253
}