{
  "aor": 0.0030247540983606557,
  "aqi": 0.006457533224043716,
  "bids_meta": {
    "AcquisitionDateTime": "20201125154417.417500",
    "ConversionSoftware": "dicm2nii.m 20180808",
    "DeviceSerialNumber": "167032",
    "EchoTime": 0.03,
    "EchoTime1": 0.03,
    "EchoTime2": 0.03,
    "EffectiveEchoSpacing": 0.00052083333,
    "FlipAngle": 90,
    "ImageType": [
      "ORIGINAL",
      "PRIMARY",
      "M",
      "ND",
      "MOSAIC"
    ],
    "InstitutionAddress": "Queen Square 12,London,Southeast,GB,WC1N 3BG",
    "InstitutionName": "Functional Imaging Laboratory",
    "MRAcquisitionType": "2D",
    "Manufacturer": "SIEMENS",
    "Modality": "MR",
    "PatientName": "MP03058",
    "PatientPosition": "HFS",
    "PhaseEncodingDirection": "j-",
    "RepetitionTime": 3.36,
    "ScanOptions": "FS",
    "ScanningSequence": "RM",
    "SequenceName": "ep2dv2o2d1",
    "SequenceVariant": "SP\\OSP",
    "SeriesDescription": "nc_epi2d_v2o_3mm_OFC_64ch",
    "SeriesNumber": 11,
    "SliceThickness": 2.5,
    "SliceTiming": [
      0,
      0,
      0,
      0,
      0,
      0,
      0,
      0,
      0,
      0,
      0,
      0,
      0,
      0,
      0,
      0,
      0,
      0,
      0,
      0,
      0,
      0,
      0,
      0,
      0,
      0,
      0,
      0,
      0,
      0,
      0,
      0,
      0,
      0,
      0,
      0,
      0,
      0,
      0,
      0,
      0,
      0,
      0,
      0,
      0,
      0,
      0,
      0
    ],
    "SoftwareVersion": "syngo MR E11",
    "TotalReadoutTime": 0.0328125,
    "dataset": "ds004081",
    "deltaTE": 0,
    "modality": "bold",
    "run_id": 5,
    "subject_id": "MP03058",
    "task_id": "unequalVariance"
  },
  "dummy_trs": 1,
  "dvars_nstd": 35.67840760576925,
  "dvars_std": 1.29294045967033,
  "dvars_vstd": 0.9794986163186811,
  "efc": 0.5887166929107613,
  "fber": 178.79336547851562,
  "fd_mean": 0.185197536228407,
  "fd_num": 67,
  "fd_perc": 36.612021857923494,
  "fwhm_avg": 2.5744555555555557,
  "fwhm_x": 2.47547,
  "fwhm_y": 2.64427,
  "fwhm_z": 2.6036266666666665,
  "gcor": 0.0436086,
  "gsr_x": -0.0148911839351058,
  "gsr_y": 0.04224494844675064,
  "provenance": {
    "md5sum": "8f9b6391974173c1f4deb1d8a63ad2ab",
    "settings": {
      "fd_thres": 0.2,
      "testing": false
    },
    "software": "mriqc",
    "version": "23.0.1",
    "webapi_port": null,
    "webapi_url": "https://mriqc.nimh.nih.gov/api/v1"
  },
  "size_t": 183,
  "size_x": 64,
  "size_y": 64,
  "size_z": 48,
  "snr": 2.199147751442483,
  "spacing_tr": 3.359999895095825,
  "spacing_x": 3.0,
  "spacing_y": 3.0,
  "spacing_z": 3.0,
  "summary_bg_k": 33.745822630622506,
  "summary_bg_mad": 10.467337713374096,
  "summary_bg_mean": 93.41594696044922,
  "summary_bg_median": 56.442623138427734,
  "summary_bg_n": 108483.0,
  "summary_bg_p05": 47.82513427734375,
  "summary_bg_p95": 280.85736389160155,
  "summary_bg_stdv": 100.90547180175781,
  "summary_fg_k": 1.4828349958210136,
  "summary_fg_mad": 321.8786063652809,
  "summary_fg_mean": 859.091064453125,
  "summary_fg_median": 782.1802978515625,
  "summary_fg_n": 42265.0,
  "summary_fg_p05": 436.25025634765626,
  "summary_fg_p95": 1563.3125488281248,
  "summary_fg_stdv": 355.6700744628906,
  "tsnr": 47.72467019013129
}