{
  "aor": 0.0011525274725274726,
  "aqi": 0.003361491813186813,
  "bids_meta": {
    "AcquisitionDateTime": "20200205111334.805000",
    "ConversionSoftware": "dicm2nii.m 20180808",
    "DeviceSerialNumber": "167032",
    "EchoTime": 0.03,
    "EchoTime1": 0.03,
    "EchoTime2": 0.03,
    "EffectiveEchoSpacing": 0.00048611111,
    "FlipAngle": 90,
    "ImageType": [
      "ORIGINAL",
      "PRIMARY",
      "M",
      "ND",
      "MOSAIC"
    ],
    "InstitutionAddress": "Queen Square 12,London,Southeast,GB,WC1N 3BG",
    "InstitutionName": "Functional Imaging Laboratory",
    "MRAcquisitionType": "2D",
    "Manufacturer": "SIEMENS",
    "Modality": "MR",
    "PatientName": "MP02964",
    "PatientPosition": "HFS",
    "PhaseEncodingDirection": "j-",
    "RepetitionTime": 3.36,
    "ScanOptions": "FS",
    "ScanningSequence": "RM",
    "SequenceName": "ep2dv2o2d1",
    "SequenceVariant": "SP\\OSP",
    "SeriesDescription": "nc_epi2d_v2o_3mm_OFC_64ch",
    "SeriesNumber": 10,
    "SliceThickness": 2.5,
    "SliceTiming": [
      0,
      0,
      0,
      0,
      0,
      0,
      0,
      0,
      0,
      0,
      0,
      0,
      0,
      0,
      0,
      0,
      0,
      0,
      0,
      0,
      0,
      0,
      0,
      0,
      0,
      0,
      0,
      0,
      0,
      0,
      0,
      0,
      0,
      0,
      0,
      0,
      0,
      0,
      0,
      0,
      0,
      0,
      0,
      0,
      0,
      0,
      0,
      0
    ],
    "SoftwareVersion": "syngo MR E11",
    "TotalReadoutTime": 0.030625,
    "dataset": "ds004081",
    "deltaTE": 0,
    "modality": "bold",
    "run_id": 5,
    "subject_id": "MP02964",
    "task_id": "unequalVariance"
  },
  "dummy_trs": 2,
  "dvars_nstd": 24.942582377900532,
  "dvars_std": 1.2471143710497234,
  "dvars_vstd": 0.9633714189502764,
  "efc": 0.578952692440815,
  "fber": 187.190673828125,
  "fd_mean": 0.07549344276760757,
  "fd_num": 9,
  "fd_perc": 4.945054945054945,
  "fwhm_avg": 2.5198988888888887,
  "fwhm_x": 2.41855,
  "fwhm_y": 2.536486666666667,
  "fwhm_z": 2.60466,
  "gcor": 0.0132778,
  "gsr_x": -0.0002807695127557963,
  "gsr_y": 0.03719272091984749,
  "provenance": {
    "md5sum": "01ef883d25936191e7571f3641f25188",
    "settings": {
      "fd_thres": 0.2,
      "testing": false
    },
    "software": "mriqc",
    "version": "23.0.1",
    "webapi_port": null,
    "webapi_url": "https://mriqc.nimh.nih.gov/api/v1"
  },
  "size_t": 182,
  "size_x": 64,
  "size_y": 64,
  "size_z": 48,
  "snr": 2.517229111056095,
  "spacing_tr": 3.359999895095825,
  "spacing_x": 3.0,
  "spacing_y": 3.0,
  "spacing_z": 3.0,
  "summary_bg_k": 45.61347452876848,
  "summary_bg_mad": 9.79983755455037,
  "summary_bg_mean": 92.8443832397461,
  "summary_bg_median": 55.472530364990234,
  "summary_bg_n": 118118.0,
  "summary_bg_p05": 47.81868362426758,
  "summary_bg_p95": 280.3063354492186,
  "summary_bg_stdv": 102.88339233398438,
  "summary_fg_k": 1.8278315503719922,
  "summary_fg_mad": 282.9164100633483,
  "summary_fg_mean": 834.6499633789062,
  "summary_fg_median": 776.8379516601562,
  "summary_fg_n": 36170.0,
  "summary_fg_p05": 448.96539306640625,
  "summary_fg_p95": 1423.7360534667962,
  "summary_fg_stdv": 308.6040954589844,
  "tsnr": 72.64400790631771
}