{
  "aor": 0.0012837016574585634,
  "aqi": 0.004530548066298342,
  "bids_meta": {
    "AcquisitionDateTime": "20200124125537.492500",
    "ConversionSoftware": "dicm2nii.m 20180808",
    "DeviceSerialNumber": "167032",
    "EchoTime": 0.03,
    "EchoTime1": 0.03,
    "EchoTime2": 0.03,
    "EffectiveEchoSpacing": 0.00048611111,
    "FlipAngle": 90,
    "ImageType": [
      "ORIGINAL",
      "PRIMARY",
      "M",
      "ND",
      "MOSAIC"
    ],
    "InstitutionAddress": "Queen Square 12,London,Southeast,GB,WC1N 3BG",
    "InstitutionName": "Functional Imaging Laboratory",
    "MRAcquisitionType": "2D",
    "Manufacturer": "SIEMENS",
    "Modality": "MR",
    "PatientName": "MP02941",
    "PatientPosition": "HFS",
    "PhaseEncodingDirection": "j-",
    "RepetitionTime": 3.36,
    "ScanOptions": "FS",
    "ScanningSequence": "RM",
    "SequenceName": "ep2dv2o2d1",
    "SequenceVariant": "SP\\OSP",
    "SeriesDescription": "nc_epi2d_v2o_3mm_OFC_64ch",
    "SeriesNumber": 10,
    "SliceThickness": 2.5,
    "SliceTiming": [
      0,
      0,
      0,
      0,
      0,
      0,
      0,
      0,
      0,
      0,
      0,
      0,
      0,
      0,
      0,
      0,
      0,
      0,
      0,
      0,
      0,
      0,
      0,
      0,
      0,
      0,
      0,
      0,
      0,
      0,
      0,
      0,
      0,
      0,
      0,
      0,
      0,
      0,
      0,
      0,
      0,
      0,
      0,
      0,
      0,
      0,
      0,
      0
    ],
    "SoftwareVersion": "syngo MR E11",
    "TotalReadoutTime": 0.030625,
    "dataset": "ds004081",
    "deltaTE": 0,
    "modality": "bold",
    "run_id": 5,
    "subject_id": "MP02941",
    "task_id": "unequalVariance"
  },
  "dummy_trs": 3,
  "dvars_nstd": 30.581579642888908,
  "dvars_std": 1.3131868042222221,
  "dvars_vstd": 0.9601222452777779,
  "efc": 0.5752109323162392,
  "fber": 175.1298828125,
  "fd_mean": 0.08979135571632588,
  "fd_num": 6,
  "fd_perc": 3.314917127071823,
  "fwhm_avg": 2.5568033333333333,
  "fwhm_x": 2.4118733333333333,
  "fwhm_y": 2.5968,
  "fwhm_z": 2.6617366666666666,
  "gcor": 0.0185141,
  "gsr_x": -0.009998788125813007,
  "gsr_y": 0.04539938271045685,
  "provenance": {
    "md5sum": "334dfcf0df1759cd5bf11bfa9a544c92",
    "settings": {
      "fd_thres": 0.2,
      "testing": false
    },
    "software": "mriqc",
    "version": "23.0.1",
    "webapi_port": null,
    "webapi_url": "https://mriqc.nimh.nih.gov/api/v1"
  },
  "size_t": 181,
  "size_x": 64,
  "size_y": 64,
  "size_z": 48,
  "snr": 2.248578975488203,
  "spacing_tr": 3.359999895095825,
  "spacing_x": 3.0,
  "spacing_y": 3.0,
  "spacing_z": 3.0,
  "summary_bg_k": 21.463612358139738,
  "summary_bg_mad": 7.249188705362051,
  "summary_bg_mean": 84.6777114868164,
  "summary_bg_median": 53.4696159362793,
  "summary_bg_n": 116125.0,
  "summary_bg_p05": 47.8950309753418,
  "summary_bg_p95": 247.579019165039,
  "summary_bg_stdv": 82.2718505859375,
  "summary_fg_k": 1.8132030631500733,
  "summary_fg_mad": 283.9879123136733,
  "summary_fg_mean": 786.5004272460938,
  "summary_fg_median": 717.4751586914062,
  "summary_fg_n": 38515.0,
  "summary_fg_p05": 404.74974670410154,
  "summary_fg_p95": 1411.363024902343,
  "summary_fg_stdv": 319.0752258300781,
  "tsnr": 62.57277390221134
}