{
  "aor": 0.0036027472527472523,
  "aqi": 0.008853851373626372,
  "bids_meta": {
    "AcquisitionDateTime": "20200124124424.312500",
    "ConversionSoftware": "dicm2nii.m 20180808",
    "DeviceSerialNumber": "167032",
    "EchoTime": 0.03,
    "EchoTime1": 0.03,
    "EchoTime2": 0.03,
    "EffectiveEchoSpacing": 0.00048611111,
    "FlipAngle": 90,
    "ImageType": [
      "ORIGINAL",
      "PRIMARY",
      "M",
      "ND",
      "MOSAIC"
    ],
    "InstitutionAddress": "Queen Square 12,London,Southeast,GB,WC1N 3BG",
    "InstitutionName": "Functional Imaging Laboratory",
    "MRAcquisitionType": "2D",
    "Manufacturer": "SIEMENS",
    "Modality": "MR",
    "PatientName": "MP02941",
    "PatientPosition": "HFS",
    "PhaseEncodingDirection": "j-",
    "RepetitionTime": 3.36,
    "ScanOptions": "FS",
    "ScanningSequence": "RM",
    "SequenceName": "ep2dv2o2d1",
    "SequenceVariant": "SP\\OSP",
    "SeriesDescription": "nc_epi2d_v2o_3mm_OFC_64ch",
    "SeriesNumber": 9,
    "SliceThickness": 2.5,
    "SliceTiming": [
      0,
      0.07,
      0.14,
      0.21,
      0.28,
      0.35,
      0.42,
      0.49,
      0.56,
      0.63,
      0.7,
      0.77,
      0.84,
      0.91,
      0.98,
      1.05,
      1.12,
      1.19,
      1.26,
      1.33,
      1.4,
      1.47,
      1.54,
      1.61,
      1.68,
      1.75,
      1.82,
      1.89,
      1.96,
      2.03,
      2.1,
      2.17,
      2.24,
      2.31,
      2.38,
      2.45,
      2.52,
      2.59,
      2.66,
      2.73,
      2.8,
      2.87,
      2.94,
      3.01,
      3.08,
      3.15,
      3.22,
      3.29
    ],
    "SoftwareVersion": "syngo MR E11",
    "TotalReadoutTime": 0.030625,
    "dataset": "ds004081",
    "deltaTE": 0,
    "modality": "bold",
    "run_id": 4,
    "subject_id": "MP02941",
    "task_id": "unequalVariance"
  },
  "dummy_trs": 2,
  "dvars_nstd": 29.824425513093928,
  "dvars_std": 1.2365856514364646,
  "dvars_vstd": 0.928137323259668,
  "efc": 0.5754780815125347,
  "fber": 169.75637817382812,
  "fd_mean": 0.09123315011852146,
  "fd_num": 9,
  "fd_perc": 4.945054945054945,
  "fwhm_avg": 2.552683333333333,
  "fwhm_x": 2.4079433333333333,
  "fwhm_y": 2.621766666666667,
  "fwhm_z": 2.62834,
  "gcor": 0.0086784,
  "gsr_x": -0.010455241426825523,
  "gsr_y": 0.04955925792455673,
  "provenance": {
    "md5sum": "da44d364c1ab94aeff138dfa2fd3ac52",
    "settings": {
      "fd_thres": 0.2,
      "testing": false
    },
    "software": "mriqc",
    "version": "23.0.1",
    "webapi_port": null,
    "webapi_url": "https://mriqc.nimh.nih.gov/api/v1"
  },
  "size_t": 182,
  "size_x": 64,
  "size_y": 64,
  "size_z": 48,
  "snr": 2.2242243213039146,
  "spacing_tr": 3.359999895095825,
  "spacing_x": 3.0,
  "spacing_y": 3.0,
  "spacing_z": 3.0,
  "summary_bg_k": 20.98934772155175,
  "summary_bg_mad": 9.93017266855436,
  "summary_bg_mean": 84.54093933105469,
  "summary_bg_median": 54.236263275146484,
  "summary_bg_n": 115961.0,
  "summary_bg_p05": 44.43955993652344,
  "summary_bg_p95": 245.9725341796875,
  "summary_bg_stdv": 81.63668823242188,
  "summary_fg_k": 1.8197078131326627,
  "summary_fg_mad": 287.11156624315294,
  "summary_fg_mean": 785.2908325195312,
  "summary_fg_median": 716.2527465820312,
  "summary_fg_n": 38889.0,
  "summary_fg_p05": 397.440673828125,
  "summary_fg_p95": 1413.7429199218748,
  "summary_fg_stdv": 322.01947021484375,
  "tsnr": 45.41881227842532
}