{
  "aor": 0.005411748633879782,
  "aqi": 0.0063143901639344255,
  "bids_meta": {
    "AcquisitionDateTime": "20200218144051.145000",
    "ConversionSoftware": "dicm2nii.m 20180808",
    "DeviceSerialNumber": "167032",
    "EchoTime": 0.03,
    "EchoTime1": 0.03,
    "EchoTime2": 0.03,
    "EffectiveEchoSpacing": 0.00048611111,
    "FlipAngle": 90,
    "ImageType": [
      "ORIGINAL",
      "PRIMARY",
      "M",
      "ND",
      "MOSAIC"
    ],
    "InstitutionAddress": "Queen Square 12,London,Southeast,GB,WC1N 3BG",
    "InstitutionName": "FIL",
    "MRAcquisitionType": "2D",
    "Manufacturer": "SIEMENS",
    "Modality": "MR",
    "PatientName": "MP02987",
    "PatientPosition": "HFS",
    "PhaseEncodingDirection": "j-",
    "RepetitionTime": 3.36,
    "ScanOptions": "FS",
    "ScanningSequence": "RM",
    "SequenceName": "ep2dv2o2d1",
    "SequenceVariant": "SP\\OSP",
    "SeriesDescription": "nc_epi2d_v2o_3mm_OFC_64ch",
    "SeriesNumber": 8,
    "SliceThickness": 2.5,
    "SliceTiming": [
      0,
      0,
      0,
      0,
      0,
      0,
      0,
      0,
      0,
      0,
      0,
      0,
      0,
      0,
      0,
      0,
      0,
      0,
      0,
      0,
      0,
      0,
      0,
      0,
      0,
      0,
      0,
      0,
      0,
      0,
      0,
      0,
      0,
      0,
      0,
      0,
      0,
      0,
      0,
      0,
      0,
      0,
      0,
      0,
      0,
      0,
      0,
      0
    ],
    "SoftwareVersion": "syngo MR E11",
    "TotalReadoutTime": 0.030625,
    "dataset": "ds004081",
    "deltaTE": 0,
    "modality": "bold",
    "run_id": 2,
    "subject_id": "MP02987",
    "task_id": "unequalVariance"
  },
  "dummy_trs": 1,
  "dvars_nstd": 31.21192249895605,
  "dvars_std": 1.3031881910989016,
  "dvars_vstd": 0.974483888956044,
  "efc": 0.6504582872032578,
  "fber": 138.90126037597656,
  "fd_mean": 0.08439215346866474,
  "fd_num": 3,
  "fd_perc": 1.639344262295082,
  "fwhm_avg": 2.526575555555556,
  "fwhm_x": 2.32653,
  "fwhm_y": 2.515213333333333,
  "fwhm_z": 2.7379833333333337,
  "gcor": 0.00772969,
  "gsr_x": -0.004211345687508583,
  "gsr_y": 0.07861179113388062,
  "provenance": {
    "md5sum": "4c85cd287982c25454cbb72bdd3df688",
    "settings": {
      "fd_thres": 0.2,
      "testing": false
    },
    "software": "mriqc",
    "version": "23.0.1",
    "webapi_port": null,
    "webapi_url": "https://mriqc.nimh.nih.gov/api/v1"
  },
  "size_t": 183,
  "size_x": 64,
  "size_y": 64,
  "size_z": 48,
  "snr": 2.42538361348846,
  "spacing_tr": 3.359999895095825,
  "spacing_x": 3.0,
  "spacing_y": 3.0,
  "spacing_z": 3.0,
  "summary_bg_k": 16.985348256796232,
  "summary_bg_mad": 15.0123598288438,
  "summary_bg_mean": 111.12158966064453,
  "summary_bg_median": 60.56830596923828,
  "summary_bg_n": 95174.0,
  "summary_bg_p05": 48.180328369140625,
  "summary_bg_p95": 366.0958801269525,
  "summary_bg_stdv": 125.28678894042969,
  "summary_fg_k": 1.0727049198106098,
  "summary_fg_mad": 296.52451578973324,
  "summary_fg_mean": 802.5036010742188,
  "summary_fg_median": 748.7513427734375,
  "summary_fg_n": 52060.0,
  "summary_fg_p05": 411.43139801025393,
  "summary_fg_p95": 1384.6578308105468,
  "summary_fg_stdv": 308.7116394042969,
  "tsnr": 54.55328895919956
}