{
  "aor": 0.0010436263736263735,
  "aqi": 0.0032961221428571426,
  "bids_meta": {
    "AcquisitionDateTime": "20200218145210.422500",
    "ConversionSoftware": "dicm2nii.m 20180808",
    "DeviceSerialNumber": "167032",
    "EchoTime": 0.03,
    "EchoTime1": 0.03,
    "EchoTime2": 0.03,
    "EffectiveEchoSpacing": 0.00052083333,
    "FlipAngle": 90,
    "ImageType": [
      "ORIGINAL",
      "PRIMARY",
      "M",
      "ND",
      "MOSAIC"
    ],
    "InstitutionAddress": "Queen Square 12,London,Southeast,GB,WC1N 3BG",
    "InstitutionName": "FIL",
    "MRAcquisitionType": "2D",
    "Manufacturer": "SIEMENS",
    "Modality": "MR",
    "PatientName": "MP02987",
    "PatientPosition": "HFS",
    "PhaseEncodingDirection": "j-",
    "RepetitionTime": 3.36,
    "ScanOptions": "FS",
    "ScanningSequence": "RM",
    "SequenceName": "ep2dv2o2d1",
    "SequenceVariant": "SP\\OSP",
    "SeriesDescription": "nc_epi2d_v2o_3mm_OFC_64ch",
    "SeriesNumber": 9,
    "SliceThickness": 2.5,
    "SliceTiming": [
      0,
      0,
      0,
      0,
      0,
      0,
      0,
      0,
      0,
      0,
      0,
      0,
      0,
      0,
      0,
      0,
      0,
      0,
      0,
      0,
      0,
      0,
      0,
      0,
      0,
      0,
      0,
      0,
      0,
      0,
      0,
      0,
      0,
      0,
      0,
      0,
      0,
      0,
      0,
      0,
      0,
      0,
      0,
      0,
      0,
      0,
      0,
      0
    ],
    "SoftwareVersion": "syngo MR E11",
    "TotalReadoutTime": 0.0328125,
    "dataset": "ds004081",
    "deltaTE": 0,
    "modality": "bold",
    "run_id": 3,
    "subject_id": "MP02987",
    "task_id": "unequalVariance"
  },
  "dummy_trs": 2,
  "dvars_nstd": 31.95877396602208,
  "dvars_std": 1.4135562461878455,
  "dvars_vstd": 1.0053290156353585,
  "efc": 0.6510399262041878,
  "fber": 138.65040588378906,
  "fd_mean": 0.07671556746194048,
  "fd_num": 1,
  "fd_perc": 0.5494505494505495,
  "fwhm_avg": 2.5360855555555553,
  "fwhm_x": 2.32852,
  "fwhm_y": 2.5410633333333332,
  "fwhm_z": 2.7386733333333333,
  "gcor": 0.0130565,
  "gsr_x": -0.0054420651867985725,
  "gsr_y": 0.07876339554786682,
  "provenance": {
    "md5sum": "5865dc5e28c1ebe9cd0e768d17d699ce",
    "settings": {
      "fd_thres": 0.2,
      "testing": false
    },
    "software": "mriqc",
    "version": "23.0.1",
    "webapi_port": null,
    "webapi_url": "https://mriqc.nimh.nih.gov/api/v1"
  },
  "size_t": 182,
  "size_x": 64,
  "size_y": 64,
  "size_z": 48,
  "snr": 2.4463690050255016,
  "spacing_tr": 3.359999895095825,
  "spacing_x": 3.0,
  "spacing_y": 3.0,
  "spacing_z": 3.0,
  "summary_bg_k": 15.6763460086746,
  "summary_bg_mad": 13.848483379472274,
  "summary_bg_mean": 113.2235336303711,
  "summary_bg_median": 60.46154022216797,
  "summary_bg_n": 95798.0,
  "summary_bg_p05": 50.18132019042969,
  "summary_bg_p95": 378.16430664062483,
  "summary_bg_stdv": 127.63260650634766,
  "summary_fg_k": 0.9384095717723118,
  "summary_fg_mad": 297.1314379747623,
  "summary_fg_mean": 801.5548095703125,
  "summary_fg_median": 748.7088012695312,
  "summary_fg_n": 51793.0,
  "summary_fg_p05": 410.22637939453125,
  "summary_fg_p95": 1379.9560546874993,
  "summary_fg_stdv": 306.0460510253906,
  "tsnr": 75.77963819424622
}