{
  "aor": 0.002386043956043956,
  "aqi": 0.0039476479120879125,
  "bids_meta": {
    "AcquisitionDateTime": "20200218152849.317500",
    "ConversionSoftware": "dicm2nii.m 20180808",
    "DeviceSerialNumber": "167032",
    "EchoTime": 0.03,
    "EchoTime1": 0.03,
    "EchoTime2": 0.03,
    "EffectiveEchoSpacing": 0.00048611111,
    "FlipAngle": 90,
    "ImageType": [
      "ORIGINAL",
      "PRIMARY",
      "M",
      "ND",
      "MOSAIC"
    ],
    "InstitutionAddress": "Queen Square 12,London,Southeast,GB,WC1N 3BG",
    "InstitutionName": "FIL",
    "MRAcquisitionType": "2D",
    "Manufacturer": "SIEMENS",
    "Modality": "MR",
    "PatientName": "MP02987",
    "PatientPosition": "HFS",
    "PhaseEncodingDirection": "j-",
    "RepetitionTime": 3.36,
    "ScanOptions": "FS",
    "ScanningSequence": "RM",
    "SequenceName": "ep2dv2o2d1",
    "SequenceVariant": "SP\\OSP",
    "SeriesDescription": "nc_epi2d_v2o_3mm_OFC_64ch",
    "SeriesNumber": 15,
    "SliceThickness": 2.5,
    "SliceTiming": [
      0,
      0.07,
      0.14,
      0.21,
      0.28,
      0.35,
      0.42,
      0.49,
      0.56,
      0.63,
      0.7,
      0.77,
      0.84,
      0.91,
      0.98,
      1.05,
      1.12,
      1.19,
      1.26,
      1.33,
      1.4,
      1.47,
      1.54,
      1.61,
      1.68,
      1.75,
      1.82,
      1.89,
      1.96,
      2.03,
      2.1,
      2.17,
      2.24,
      2.31,
      2.38,
      2.45,
      2.52,
      2.59,
      2.66,
      2.73,
      2.8,
      2.87,
      2.94,
      3.01,
      3.08,
      3.15,
      3.22,
      3.29
    ],
    "SoftwareVersion": "syngo MR E11",
    "TotalReadoutTime": 0.030625,
    "dataset": "ds004081",
    "deltaTE": 0,
    "modality": "bold",
    "run_id": 5,
    "subject_id": "MP02987",
    "task_id": "unequalVariance"
  },
  "dummy_trs": 2,
  "dvars_nstd": 30.393535898563545,
  "dvars_std": 1.36809937237569,
  "dvars_vstd": 1.0033251288950273,
  "efc": 0.6479208667341492,
  "fber": 135.0908660888672,
  "fd_mean": 0.0721236739013395,
  "fd_num": 5,
  "fd_perc": 2.7472527472527473,
  "fwhm_avg": 2.5604633333333333,
  "fwhm_x": 2.3738366666666666,
  "fwhm_y": 2.5328066666666667,
  "fwhm_z": 2.7747466666666667,
  "gcor": 0.0114332,
  "gsr_x": -0.011607671156525612,
  "gsr_y": 0.08353963494300842,
  "provenance": {
    "md5sum": "32cf117a22d53086a94787e72508598c",
    "settings": {
      "fd_thres": 0.2,
      "testing": false
    },
    "software": "mriqc",
    "version": "23.0.1",
    "webapi_port": null,
    "webapi_url": "https://mriqc.nimh.nih.gov/api/v1"
  },
  "size_t": 182,
  "size_x": 64,
  "size_y": 64,
  "size_z": 48,
  "snr": 2.353184217495587,
  "spacing_tr": 3.359999895095825,
  "spacing_x": 3.0,
  "spacing_y": 3.0,
  "spacing_z": 3.0,
  "summary_bg_k": 16.08283036545752,
  "summary_bg_mad": 15.16816246371392,
  "summary_bg_mean": 116.47756958007812,
  "summary_bg_median": 61.4395637512207,
  "summary_bg_n": 96285.0,
  "summary_bg_p05": 49.80220031738281,
  "summary_bg_p95": 387.32637939453156,
  "summary_bg_stdv": 133.21176147460938,
  "summary_fg_k": 1.3080667111865303,
  "summary_fg_mad": 305.96189786799056,
  "summary_fg_mean": 818.933837890625,
  "summary_fg_median": 760.1264038085938,
  "summary_fg_n": 50875.0,
  "summary_fg_p05": 416.8989166259766,
  "summary_fg_p95": 1437.5016479492188,
  "summary_fg_stdv": 323.0171813964844,
  "tsnr": 71.54580314119812
}