{
  "aor": 0.0022995054945054946,
  "aqi": 0.0041521981868131875,
  "bids_meta": {
    "AcquisitionDateTime": "20200218151739.537500",
    "ConversionSoftware": "dicm2nii.m 20180808",
    "DeviceSerialNumber": "167032",
    "EchoTime": 0.03,
    "EchoTime1": 0.03,
    "EchoTime2": 0.03,
    "EffectiveEchoSpacing": 0.00048611111,
    "FlipAngle": 90,
    "ImageType": [
      "ORIGINAL",
      "PRIMARY",
      "M",
      "ND",
      "MOSAIC"
    ],
    "InstitutionAddress": "Queen Square 12,London,Southeast,GB,WC1N 3BG",
    "InstitutionName": "FIL",
    "MRAcquisitionType": "2D",
    "Manufacturer": "SIEMENS",
    "Modality": "MR",
    "PatientName": "MP02987",
    "PatientPosition": "HFS",
    "PhaseEncodingDirection": "j-",
    "RepetitionTime": 3.36,
    "ScanOptions": "FS",
    "ScanningSequence": "RM",
    "SequenceName": "ep2dv2o2d1",
    "SequenceVariant": "SP\\OSP",
    "SeriesDescription": "nc_epi2d_v2o_3mm_OFC_64ch",
    "SeriesNumber": 14,
    "SliceThickness": 2.5,
    "SliceTiming": [
      0,
      0.07,
      0.14,
      0.21,
      0.28,
      0.35,
      0.42,
      0.49,
      0.56,
      0.63,
      0.7,
      0.77,
      0.84,
      0.91,
      0.98,
      1.05,
      1.12,
      1.19,
      1.26,
      1.33,
      1.4,
      1.47,
      1.54,
      1.61,
      1.68,
      1.75,
      1.82,
      1.89,
      1.96,
      2.03,
      2.1,
      2.17,
      2.24,
      2.31,
      2.38,
      2.45,
      2.52,
      2.59,
      2.66,
      2.73,
      2.8,
      2.87,
      2.94,
      3.01,
      3.08,
      3.15,
      3.22,
      3.29
    ],
    "SoftwareVersion": "syngo MR E11",
    "TotalReadoutTime": 0.030625,
    "dataset": "ds004081",
    "deltaTE": 0,
    "modality": "bold",
    "run_id": 4,
    "subject_id": "MP02987",
    "task_id": "unequalVariance"
  },
  "dummy_trs": 2,
  "dvars_nstd": 30.13578604591158,
  "dvars_std": 1.3632980516022095,
  "dvars_vstd": 0.998201291767956,
  "efc": 0.6473076070978782,
  "fber": 136.5331268310547,
  "fd_mean": 0.07241261736700835,
  "fd_num": 3,
  "fd_perc": 1.6483516483516483,
  "fwhm_avg": 2.5679622222222225,
  "fwhm_x": 2.3708,
  "fwhm_y": 2.5466633333333335,
  "fwhm_z": 2.7864233333333335,
  "gcor": 0.012533,
  "gsr_x": -0.011546001769602299,
  "gsr_y": 0.0850570797920227,
  "provenance": {
    "md5sum": "c1e1c7478dde3eb4c926726f65a04f54",
    "settings": {
      "fd_thres": 0.2,
      "testing": false
    },
    "software": "mriqc",
    "version": "23.0.1",
    "webapi_port": null,
    "webapi_url": "https://mriqc.nimh.nih.gov/api/v1"
  },
  "size_t": 182,
  "size_x": 64,
  "size_y": 64,
  "size_z": 48,
  "snr": 2.352770828125378,
  "spacing_tr": 3.359999895095825,
  "spacing_x": 3.0,
  "spacing_y": 3.0,
  "spacing_z": 3.0,
  "summary_bg_k": 16.371187724509408,
  "summary_bg_mad": 15.062265537065592,
  "summary_bg_mean": 115.842041015625,
  "summary_bg_median": 61.19231033325195,
  "summary_bg_n": 96189.0,
  "summary_bg_p05": 49.46154022216797,
  "summary_bg_p95": 383.09121704101557,
  "summary_bg_stdv": 132.76478576660156,
  "summary_fg_k": 1.295627216114461,
  "summary_fg_mad": 306.38539508372577,
  "summary_fg_mean": 819.3327026367188,
  "summary_fg_median": 760.7307739257812,
  "summary_fg_n": 50885.0,
  "summary_fg_p05": 417.0615539550781,
  "summary_fg_p95": 1435.0032958984368,
  "summary_fg_stdv": 323.330810546875,
  "tsnr": 69.98563687712885
}