{
  "aor": 0.0028086338797814214,
  "aqi": 0.0047630617486338804,
  "bids_meta": {
    "AcquisitionDateTime": "20201028110000.390000",
    "ConversionSoftware": "dicm2nii.m 20180808",
    "DeviceSerialNumber": "167032",
    "EchoTime": 0.03,
    "EchoTime1": 0.03,
    "EchoTime2": 0.03,
    "EffectiveEchoSpacing": 0.00052083333,
    "FlipAngle": 90,
    "ImageType": [
      "ORIGINAL",
      "PRIMARY",
      "M",
      "ND",
      "MOSAIC"
    ],
    "InstitutionAddress": "Queen Square 12,London,Southeast,GB,WC1N 3BG",
    "InstitutionName": "Functional Imaging Laboratory",
    "MRAcquisitionType": "2D",
    "Manufacturer": "SIEMENS",
    "Modality": "MR",
    "PatientName": "MP03041",
    "PatientPosition": "HFS",
    "PhaseEncodingDirection": "j-",
    "RepetitionTime": 3.36,
    "ScanOptions": "FS",
    "ScanningSequence": "RM",
    "SequenceName": "ep2dv2o2d1",
    "SequenceVariant": "SP\\OSP",
    "SeriesDescription": "nc_epi2d_v2o_3mm_OFC_64ch",
    "SeriesNumber": 8,
    "SliceThickness": 2.5,
    "SliceTiming": [
      0,
      0.07,
      0.14,
      0.21,
      0.28,
      0.35,
      0.42,
      0.49,
      0.56,
      0.63,
      0.7,
      0.77,
      0.84,
      0.91,
      0.98,
      1.05,
      1.12,
      1.19,
      1.26,
      1.33,
      1.4,
      1.47,
      1.54,
      1.61,
      1.68,
      1.75,
      1.82,
      1.89,
      1.96,
      2.03,
      2.1,
      2.17,
      2.24,
      2.31,
      2.38,
      2.45,
      2.52,
      2.59,
      2.66,
      2.73,
      2.8,
      2.87,
      2.94,
      3.01,
      3.08,
      3.15,
      3.22,
      3.29
    ],
    "SoftwareVersion": "syngo MR E11",
    "TotalReadoutTime": 0.0328125,
    "dataset": "ds004081",
    "deltaTE": 0,
    "modality": "bold",
    "run_id": 3,
    "subject_id": "MP03041",
    "task_id": "unequalVariance"
  },
  "dummy_trs": 1,
  "dvars_nstd": 34.418207115934045,
  "dvars_std": 1.4324886987362642,
  "dvars_vstd": 1.0020566435714282,
  "efc": 0.6184671483607089,
  "fber": 168.2209930419922,
  "fd_mean": 0.10454063928367342,
  "fd_num": 14,
  "fd_perc": 7.6502732240437155,
  "fwhm_avg": 2.583364444444445,
  "fwhm_x": 2.38868,
  "fwhm_y": 2.5856533333333336,
  "fwhm_z": 2.77576,
  "gcor": 0.0199447,
  "gsr_x": -0.008693251758813858,
  "gsr_y": 0.06773702800273895,
  "provenance": {
    "md5sum": "4776e5f460c5875e54eb0a28f672b287",
    "settings": {
      "fd_thres": 0.2,
      "testing": false
    },
    "software": "mriqc",
    "version": "23.0.1",
    "webapi_port": null,
    "webapi_url": "https://mriqc.nimh.nih.gov/api/v1"
  },
  "size_t": 183,
  "size_x": 64,
  "size_y": 64,
  "size_z": 48,
  "snr": 2.5118855333029484,
  "spacing_tr": 3.359999895095825,
  "spacing_x": 3.0,
  "spacing_y": 3.0,
  "spacing_z": 3.0,
  "summary_bg_k": 22.559901530228498,
  "summary_bg_mad": 9.997441310167005,
  "summary_bg_mean": 98.99220275878906,
  "summary_bg_median": 56.557376861572266,
  "summary_bg_n": 103704.0,
  "summary_bg_p05": 48.91802978515625,
  "summary_bg_p95": 322.460380554199,
  "summary_bg_stdv": 117.69022369384766,
  "summary_fg_k": 0.6214065989902413,
  "summary_fg_mad": 297.4400118007575,
  "summary_fg_mean": 829.4474487304688,
  "summary_fg_median": 773.3797607421875,
  "summary_fg_n": 44832.0,
  "summary_fg_p05": 431.56939086914065,
  "summary_fg_p95": 1410.9909729003903,
  "summary_fg_stdv": 307.88470458984375,
  "tsnr": 66.73695270321332
}