{
  "aor": 0.0009755494505494508,
  "aqi": 0.004034900384615385,
  "bids_meta": {
    "AcquisitionDateTime": "20201028104756.660000",
    "ConversionSoftware": "dicm2nii.m 20180808",
    "DeviceSerialNumber": "167032",
    "EchoTime": 0.03,
    "EchoTime1": 0.03,
    "EchoTime2": 0.03,
    "EffectiveEchoSpacing": 0.00048611111,
    "FlipAngle": 90,
    "ImageType": [
      "ORIGINAL",
      "PRIMARY",
      "M",
      "ND",
      "MOSAIC"
    ],
    "InstitutionAddress": "Queen Square 12,London,Southeast,GB,WC1N 3BG",
    "InstitutionName": "Functional Imaging Laboratory",
    "MRAcquisitionType": "2D",
    "Manufacturer": "SIEMENS",
    "Modality": "MR",
    "PatientName": "MP03041",
    "PatientPosition": "HFS",
    "PhaseEncodingDirection": "j-",
    "RepetitionTime": 3.36,
    "ScanOptions": "FS",
    "ScanningSequence": "RM",
    "SequenceName": "ep2dv2o2d1",
    "SequenceVariant": "SP\\OSP",
    "SeriesDescription": "nc_epi2d_v2o_3mm_OFC_64ch",
    "SeriesNumber": 7,
    "SliceThickness": 2.5,
    "SliceTiming": [
      0,
      0,
      0,
      0,
      0,
      0,
      0,
      0,
      0,
      0,
      0,
      0,
      0,
      0,
      0,
      0,
      0,
      0,
      0,
      0,
      0,
      0,
      0,
      0,
      0,
      0,
      0,
      0,
      0,
      0,
      0,
      0,
      0,
      0,
      0,
      0,
      0,
      0,
      0,
      0,
      0,
      0,
      0,
      0,
      0,
      0,
      0,
      0
    ],
    "SoftwareVersion": "syngo MR E11",
    "TotalReadoutTime": 0.030625,
    "dataset": "ds004081",
    "deltaTE": 0,
    "modality": "bold",
    "run_id": 2,
    "subject_id": "MP03041",
    "task_id": "unequalVariance"
  },
  "dummy_trs": 2,
  "dvars_nstd": 33.037784818729286,
  "dvars_std": 1.420331791049724,
  "dvars_vstd": 0.9860347543093918,
  "efc": 0.6176535042410481,
  "fber": 169.99887084960938,
  "fd_mean": 0.09254032536142164,
  "fd_num": 5,
  "fd_perc": 2.7472527472527473,
  "fwhm_avg": 2.586101111111111,
  "fwhm_x": 2.400183333333333,
  "fwhm_y": 2.5798833333333335,
  "fwhm_z": 2.7782366666666665,
  "gcor": 0.0203626,
  "gsr_x": -0.008326774463057518,
  "gsr_y": 0.06736787408590317,
  "provenance": {
    "md5sum": "556fb58f8f02aa4b5ed336f0978e98a0",
    "settings": {
      "fd_thres": 0.2,
      "testing": false
    },
    "software": "mriqc",
    "version": "23.0.1",
    "webapi_port": null,
    "webapi_url": "https://mriqc.nimh.nih.gov/api/v1"
  },
  "size_t": 182,
  "size_x": 64,
  "size_y": 64,
  "size_z": 48,
  "snr": 2.5201754301667756,
  "spacing_tr": 3.359999895095825,
  "spacing_x": 3.0,
  "spacing_y": 3.0,
  "spacing_z": 3.0,
  "summary_bg_k": 22.411728064138394,
  "summary_bg_mad": 9.596187878479395,
  "summary_bg_mean": 98.31248474121094,
  "summary_bg_median": 56.30220031738281,
  "summary_bg_n": 103819.0,
  "summary_bg_p05": 49.09890365600586,
  "summary_bg_p95": 319.24725341796875,
  "summary_bg_stdv": 116.42493438720703,
  "summary_fg_k": 0.623259064743467,
  "summary_fg_mad": 296.7485259088684,
  "summary_fg_mean": 829.6006469726562,
  "summary_fg_median": 773.7362670898438,
  "summary_fg_n": 44742.0,
  "summary_fg_p05": 433.3148498535156,
  "summary_fg_p95": 1410.7300109863281,
  "summary_fg_stdv": 307.0133972167969,
  "tsnr": 71.79194553429261
}