{
  "aor": 0.0019630601092896177,
  "aqi": 0.0035450306557377044,
  "bids_meta": {
    "AcquisitionDateTime": "20201028112523.652500",
    "ConversionSoftware": "dicm2nii.m 20180808",
    "DeviceSerialNumber": "167032",
    "EchoTime": 0.03,
    "EchoTime1": 0.03,
    "EchoTime2": 0.03,
    "EffectiveEchoSpacing": 0.00048611111,
    "FlipAngle": 90,
    "ImageType": [
      "ORIGINAL",
      "PRIMARY",
      "M",
      "ND",
      "MOSAIC"
    ],
    "InstitutionAddress": "Queen Square 12,London,Southeast,GB,WC1N 3BG",
    "InstitutionName": "Functional Imaging Laboratory",
    "MRAcquisitionType": "2D",
    "Manufacturer": "SIEMENS",
    "Modality": "MR",
    "PatientName": "MP03041",
    "PatientPosition": "HFS",
    "PhaseEncodingDirection": "j-",
    "RepetitionTime": 3.36,
    "ScanOptions": "FS",
    "ScanningSequence": "RM",
    "SequenceName": "ep2dv2o2d1",
    "SequenceVariant": "SP\\OSP",
    "SeriesDescription": "nc_epi2d_v2o_3mm_OFC_64ch",
    "SeriesNumber": 10,
    "SliceThickness": 2.5,
    "SliceTiming": [
      0,
      0.07,
      0.14,
      0.21,
      0.28,
      0.35,
      0.42,
      0.49,
      0.56,
      0.63,
      0.7,
      0.77,
      0.84,
      0.91,
      0.98,
      1.05,
      1.12,
      1.19,
      1.26,
      1.33,
      1.4,
      1.47,
      1.54,
      1.61,
      1.68,
      1.75,
      1.82,
      1.89,
      1.96,
      2.03,
      2.1,
      2.17,
      2.24,
      2.31,
      2.38,
      2.45,
      2.52,
      2.59,
      2.66,
      2.73,
      2.8,
      2.87,
      2.94,
      3.01,
      3.08,
      3.15,
      3.22,
      3.29
    ],
    "SoftwareVersion": "syngo MR E11",
    "TotalReadoutTime": 0.030625,
    "dataset": "ds004081",
    "deltaTE": 0,
    "modality": "bold",
    "run_id": 5,
    "subject_id": "MP03041",
    "task_id": "unequalVariance"
  },
  "dummy_trs": 1,
  "dvars_nstd": 34.09611175895603,
  "dvars_std": 1.402549516208791,
  "dvars_vstd": 1.004669195164835,
  "efc": 0.6201386603171717,
  "fber": 165.56871032714844,
  "fd_mean": 0.11756863593376599,
  "fd_num": 18,
  "fd_perc": 9.836065573770492,
  "fwhm_avg": 2.5857466666666666,
  "fwhm_x": 2.39853,
  "fwhm_y": 2.586133333333333,
  "fwhm_z": 2.7725766666666662,
  "gcor": 0.0207425,
  "gsr_x": -0.011331344954669476,
  "gsr_y": 0.0670669674873352,
  "provenance": {
    "md5sum": "abc09753d5050759f7b5866fe2d11cc5",
    "settings": {
      "fd_thres": 0.2,
      "testing": false
    },
    "software": "mriqc",
    "version": "23.0.1",
    "webapi_port": null,
    "webapi_url": "https://mriqc.nimh.nih.gov/api/v1"
  },
  "size_t": 183,
  "size_x": 64,
  "size_y": 64,
  "size_z": 48,
  "snr": 2.5139977701584293,
  "spacing_tr": 3.359999895095825,
  "spacing_x": 3.0,
  "spacing_y": 3.0,
  "spacing_z": 3.0,
  "summary_bg_k": 21.799825364898982,
  "summary_bg_mad": 10.183778953954786,
  "summary_bg_mean": 102.1158447265625,
  "summary_bg_median": 57.0,
  "summary_bg_n": 103965.0,
  "summary_bg_p05": 49.37704849243164,
  "summary_bg_p95": 337.724591064453,
  "summary_bg_stdv": 124.52635192871094,
  "summary_fg_k": 0.6293933861478682,
  "summary_fg_mad": 296.07889355920156,
  "summary_fg_mean": 827.287353515625,
  "summary_fg_median": 772.030029296875,
  "summary_fg_n": 44826.0,
  "summary_fg_p05": 430.0764846801758,
  "summary_fg_p95": 1409.665283203125,
  "summary_fg_stdv": 307.0891418457031,
  "tsnr": 74.47030626027845
}