{
  "bids_meta": {
    "AcquisitionDateTime": "20200221125742.027500",
    "ConversionSoftware": "dicm2nii.m 20180808",
    "DeviceSerialNumber": "167032",
    "EchoTime": 0.00334,
    "FlipAngle": 7,
    "ImageType": [
      "ORIGINAL",
      "PRIMARY",
      "M",
      "ND"
    ],
    "InstitutionAddress": "Queen Square 12,London,Southeast,GB,WC1N 3BG",
    "InstitutionName": "Functional Imaging Laboratory",
    "InversionTime": 1.1,
    "MRAcquisitionType": "3D",
    "Manufacturer": "SIEMENS",
    "Modality": "MR",
    "PatientName": "MP02991",
    "PatientPosition": "HFS",
    "PhaseEncodingDirection": "j-",
    "RepetitionTime": 2.53,
    "ScanOptions": "IR",
    "ScanningSequence": "GR\\IR",
    "SequenceName": "*tfl3d1_16ns",
    "SequenceVariant": "SK\\SP\\MP",
    "SeriesDescription": "MPRAGE_64ch_Head",
    "SeriesNumber": 2,
    "SliceThickness": 1,
    "SoftwareVersion": "syngo MR E11",
    "dataset": "ds004081",
    "modality": "T1w",
    "subject_id": "MP02991"
  },
  "cjv": 0.4588481283991687,
  "cnr": 2.754116936255626,
  "efc": 0.510196651802013,
  "fber": 6510.673040656111,
  "fwhm_avg": 3.8155266666666665,
  "fwhm_x": 3.91447,
  "fwhm_y": 3.83793,
  "fwhm_z": 3.69418,
  "icvs_csf": 0.2615888043969566,
  "icvs_gm": 0.36750877870891235,
  "icvs_wm": 0.37090241689413106,
  "inu_med": 1.082880973815918,
  "inu_range": 0.7639196276664731,
  "provenance": {
    "md5sum": "b2966e0a378efc85dd9010f951179b4f",
    "settings": {
      "testing": false
    },
    "software": "mriqc",
    "version": "23.0.1",
    "warnings": {
      "large_rot_frame": true,
      "small_air_mask": false
    },
    "webapi_port": null,
    "webapi_url": "https://mriqc.nimh.nih.gov/api/v1"
  },
  "qi_1": 0.0,
  "qi_2": 0.0030393650403462732,
  "rpve_csf": 18.36590306222275,
  "rpve_gm": 11.452695348391071,
  "rpve_wm": 13.242571306642917,
  "size_x": 176,
  "size_y": 256,
  "size_z": 256,
  "snr_csf": 1.373511951948029,
  "snr_gm": 6.368203413099053,
  "snr_total": 5.1612240646547365,
  "snr_wm": 7.741956828917129,
  "snrd_csf": 5.336891368804606,
  "snrd_gm": 39.923576854736154,
  "snrd_total": 38.55154759505893,
  "snrd_wm": 70.39417456163602,
  "spacing_x": 1.0,
  "spacing_y": 1.0,
  "spacing_z": 1.0,
  "summary_bg_k": 2.840613069558408,
  "summary_bg_mad": 0.0,
  "summary_bg_mean": 6.696364498528223,
  "summary_bg_median": 0.0,
  "summary_bg_n": 2388285.0,
  "summary_bg_p05": 0.0,
  "summary_bg_p95": 25.313488125801086,
  "summary_bg_stdv": 9.307775298369561,
  "summary_csf_k": 11.896219763903073,
  "summary_csf_mad": 34.05484905588828,
  "summary_csf_mean": 88.53765485807625,
  "summary_csf_median": 75.82327230274677,
  "summary_csf_n": 141603.0,
  "summary_csf_p05": 29.88397903740406,
  "summary_csf_p95": 185.5736502185464,
  "summary_csf_stdv": 55.20374574306721,
  "summary_gm_k": 0.24147910337788936,
  "summary_gm_mad": 86.91805224595976,
  "summary_gm_mean": 572.2423183723322,
  "summary_gm_median": 567.2096413373947,
  "summary_gm_n": 20760.0,
  "summary_gm_p05": 435.2513652741909,
  "summary_gm_p95": 728.5274619039147,
  "summary_gm_stdv": 89.06687542167029,
  "summary_wm_k": 0.6198319125239911,
  "summary_wm_mad": 111.7207548108988,
  "summary_wm_mean": 1016.3846542854667,
  "summary_wm_median": 1000.1171651184559,
  "summary_wm_n": 220702.0,
  "summary_wm_p05": 826.2041263282299,
  "summary_wm_p95": 1260.5765510424972,
  "summary_wm_stdv": 129.1811516717105,
  "tpm_overlap_csf": 0.14508801031243732,
  "tpm_overlap_gm": 0.3905045047704439,
  "tpm_overlap_wm": 0.40109708104836034,
  "wm2max": 0.29309841498806516
}