{
  "bids_meta": {
    "AcquisitionDateTime": "20210623151528.092500",
    "ConversionSoftware": "dicm2nii.m 20180808",
    "DeviceSerialNumber": "167032",
    "EchoTime": 0.00334,
    "FlipAngle": 7,
    "ImageType": [
      "ORIGINAL",
      "PRIMARY",
      "M",
      "ND"
    ],
    "InstitutionAddress": "Queen Square 12,London,Southeast,GB,WC1N 3BG",
    "InstitutionName": "FIL",
    "InversionTime": 1.1,
    "MRAcquisitionType": "3D",
    "Manufacturer": "SIEMENS",
    "Modality": "MR",
    "PatientName": "MP03153",
    "PatientPosition": "HFS",
    "PhaseEncodingDirection": "j-",
    "RepetitionTime": 2.53,
    "ScanOptions": "IR",
    "ScanningSequence": "GR\\IR",
    "SequenceName": "*tfl3d1_16ns",
    "SequenceVariant": "SK\\SP\\MP",
    "SeriesDescription": "MPRAGE_64ch_Head",
    "SeriesNumber": 2,
    "SliceThickness": 1,
    "SoftwareVersion": "syngo MR E11",
    "dataset": "ds004081",
    "modality": "T1w",
    "subject_id": "MP03153"
  },
  "cjv": 0.46130502464338385,
  "cnr": 2.7901968631642666,
  "efc": 0.48842531769505443,
  "fber": 6324.927335640138,
  "fwhm_avg": 4.428036666666666,
  "fwhm_x": 4.45638,
  "fwhm_y": 4.61215,
  "fwhm_z": 4.21558,
  "icvs_csf": 0.22391293370953946,
  "icvs_gm": 0.3814060827018093,
  "icvs_wm": 0.3946809835886512,
  "inu_med": 0.9626253545284271,
  "inu_range": 1.1163909196853634,
  "provenance": {
    "md5sum": "3c399aadff79246f84aee12431cb12bc",
    "settings": {
      "testing": false
    },
    "software": "mriqc",
    "version": "23.0.1",
    "warnings": {
      "large_rot_frame": true,
      "small_air_mask": false
    },
    "webapi_port": null,
    "webapi_url": "https://mriqc.nimh.nih.gov/api/v1"
  },
  "qi_1": 0.0,
  "qi_2": 0.0022627550297791483,
  "rpve_csf": 25.4007280526254,
  "rpve_gm": 13.954460480897321,
  "rpve_wm": 15.923731608514807,
  "size_x": 176,
  "size_y": 256,
  "size_z": 256,
  "snr_csf": 1.2612733701239296,
  "snr_gm": 7.853026856494608,
  "snr_total": 6.245927926465289,
  "snr_wm": 9.62348355277733,
  "snrd_csf": 6.538594371546456,
  "snrd_gm": 41.025830430450355,
  "snrd_total": 37.487256752243475,
  "snrd_wm": 64.89734545473361,
  "spacing_x": 1.0,
  "spacing_y": 1.0,
  "spacing_z": 1.0,
  "summary_bg_k": 282.774386775463,
  "summary_bg_mad": 0.0,
  "summary_bg_mean": 6.8463343073268765,
  "summary_bg_median": 0.0,
  "summary_bg_n": 3195812.0,
  "summary_bg_p05": 0.0,
  "summary_bg_p95": 27.08003944158554,
  "summary_bg_stdv": 10.09560379399033,
  "summary_csf_k": 6.8189507883419225,
  "summary_csf_mad": 52.296791012786244,
  "summary_csf_mean": 119.66644525802771,
  "summary_csf_median": 100.75925890356302,
  "summary_csf_n": 46116.0,
  "summary_csf_p05": 35.55836954712868,
  "summary_csf_p95": 279.7848934829235,
  "summary_csf_stdv": 79.88606501165533,
  "summary_gm_k": 0.4183189875647022,
  "summary_gm_mad": 75.13852843272069,
  "summary_gm_mean": 634.7732616730602,
  "summary_gm_median": 632.2050329446793,
  "summary_gm_n": 17776.0,
  "summary_gm_p05": 504.6504546403885,
  "summary_gm_p95": 771.7811240851879,
  "summary_gm_stdv": 80.50236701112803,
  "summary_wm_k": 0.7545295293063745,
  "summary_wm_mad": 94.55635038724401,
  "summary_wm_mean": 1013.6738328266789,
  "summary_wm_median": 1000.0633257329464,
  "summary_wm_n": 192402.0,
  "summary_wm_p05": 867.1939733326435,
  "summary_wm_p95": 1204.1759594678879,
  "summary_wm_stdv": 103.9187858902509,
  "tpm_overlap_csf": 0.17922309793139848,
  "tpm_overlap_gm": 0.44086198369356683,
  "tpm_overlap_wm": 0.48910636034630683,
  "wm2max": 0.27298791018998275
}