{
  "bids_meta": {
    "AcquisitionDateTime": "20200217110735.840000",
    "ConversionSoftware": "dicm2nii.m 20180808",
    "DeviceSerialNumber": "167032",
    "EchoTime": 0.00334,
    "FlipAngle": 7,
    "ImageType": [
      "ORIGINAL",
      "PRIMARY",
      "M",
      "ND"
    ],
    "InstitutionAddress": "Queen Square 12,London,Southeast,GB,WC1N 3BG",
    "InstitutionName": "Functional Imaging Laboratory",
    "InversionTime": 1.1,
    "MRAcquisitionType": "3D",
    "Manufacturer": "SIEMENS",
    "Modality": "MR",
    "PatientName": "MP02984",
    "PatientPosition": "HFS",
    "PhaseEncodingDirection": "j-",
    "RepetitionTime": 2.53,
    "ScanOptions": "IR",
    "ScanningSequence": "GR\\IR",
    "SequenceName": "*tfl3d1_16ns",
    "SequenceVariant": "SK\\SP\\MP",
    "SeriesDescription": "MPRAGE_64ch_Head",
    "SeriesNumber": 2,
    "SliceThickness": 1,
    "SoftwareVersion": "syngo MR E11",
    "dataset": "ds004081",
    "modality": "T1w",
    "subject_id": "MP02984"
  },
  "cjv": 0.477656314400338,
  "cnr": 2.585393212161186,
  "efc": 0.49562254772815945,
  "fber": 9981.36462223499,
  "fwhm_avg": 3.9947266666666668,
  "fwhm_x": 4.16301,
  "fwhm_y": 3.90588,
  "fwhm_z": 3.91529,
  "icvs_csf": 0.1847396002067427,
  "icvs_gm": 0.4221437380063599,
  "icvs_wm": 0.39311666178689736,
  "inu_med": 0.942042887210846,
  "inu_range": 1.0671407938003536,
  "provenance": {
    "md5sum": "8d2f174cf2bb3c3553d9687d7f1e10ff",
    "settings": {
      "testing": false
    },
    "software": "mriqc",
    "version": "23.0.1",
    "warnings": {
      "large_rot_frame": true,
      "small_air_mask": false
    },
    "webapi_port": null,
    "webapi_url": "https://mriqc.nimh.nih.gov/api/v1"
  },
  "qi_1": 0.0,
  "qi_2": 0.002699724976684679,
  "rpve_csf": 29.361300944572612,
  "rpve_gm": 13.299380399583816,
  "rpve_wm": 16.02933825363068,
  "size_x": 176,
  "size_y": 256,
  "size_z": 256,
  "snr_csf": 1.022027281654508,
  "snr_gm": 8.450382602102888,
  "snr_total": 6.03267127708605,
  "snr_wm": 8.625603947500753,
  "snrd_csf": 8.202467601856293,
  "snrd_gm": 42.96016449296278,
  "snrd_total": 39.39676337782725,
  "snrd_wm": 67.02765803866265,
  "spacing_x": 1.0,
  "spacing_y": 1.0,
  "spacing_z": 1.0,
  "summary_bg_k": 5.072182620566981,
  "summary_bg_mad": 0.0,
  "summary_bg_mean": 6.772876980362758,
  "summary_bg_median": 0.0,
  "summary_bg_n": 2501968.0,
  "summary_bg_p05": 0.0,
  "summary_bg_p95": 27.574668638408184,
  "summary_bg_stdv": 9.774726116324363,
  "summary_csf_k": 3.942360471260211,
  "summary_csf_mad": 83.510064701473,
  "summary_csf_mean": 159.0043595473587,
  "summary_csf_median": 122.3819563165307,
  "summary_csf_n": 17504.0,
  "summary_csf_p05": 34.762672148644924,
  "summary_csf_p95": 401.8279858864842,
  "summary_csf_stdv": 119.74089403974732,
  "summary_gm_k": 0.30049214262826895,
  "summary_gm_mad": 72.39376345958276,
  "summary_gm_mean": 644.0722848169789,
  "summary_gm_median": 640.9716233611107,
  "summary_gm_n": 24120.0,
  "summary_gm_p05": 523.357915924862,
  "summary_gm_p95": 774.2006487678736,
  "summary_gm_stdv": 75.84962317849345,
  "summary_wm_k": 1.0525277043556889,
  "summary_wm_mad": 99.12800859503781,
  "summary_wm_mean": 1023.2599492524191,
  "summary_wm_median": 1000.0619711354375,
  "summary_wm_n": 192477.0,
  "summary_wm_p05": 874.2099441587925,
  "summary_wm_p95": 1249.8450931161642,
  "summary_wm_stdv": 115.94079433103013,
  "tpm_overlap_csf": 0.16245355003691989,
  "tpm_overlap_gm": 0.4677808791280052,
  "tpm_overlap_wm": 0.505579995258542,
  "wm2max": 0.2957223918186021
}