{
  "aor": 0.004023093922651934,
  "aqi": 0.01212021281767956,
  "bids_meta": {
    "AcquisitionDateTime": "20201202150616.337500",
    "ConversionSoftware": "dicm2nii.m 20180808",
    "DeviceSerialNumber": "167032",
    "EchoTime": 0.03,
    "EchoTime1": 0.03,
    "EchoTime2": 0.03,
    "EffectiveEchoSpacing": 0.00052083333,
    "FlipAngle": 90,
    "ImageType": [
      "ORIGINAL",
      "PRIMARY",
      "M",
      "ND",
      "MOSAIC"
    ],
    "InstitutionAddress": "Queen Square 12,London,Southeast,GB,WC1N 3BG",
    "InstitutionName": "Functional Imaging Laboratory",
    "MRAcquisitionType": "2D",
    "Manufacturer": "SIEMENS",
    "Modality": "MR",
    "PatientName": "MP03063",
    "PatientPosition": "HFS",
    "PhaseEncodingDirection": "j-",
    "RepetitionTime": 3.36,
    "ScanOptions": "FS",
    "ScanningSequence": "RM",
    "SequenceName": "ep2dv2o2d1",
    "SequenceVariant": "SP\\OSP",
    "SeriesDescription": "nc_epi2d_v2o_3mm_OFC_64ch",
    "SeriesNumber": 8,
    "SliceThickness": 2.5,
    "SliceTiming": [
      0,
      0,
      0,
      0,
      0,
      0,
      0,
      0,
      0,
      0,
      0,
      0,
      0,
      0,
      0,
      0,
      0,
      0,
      0,
      0,
      0,
      0,
      0,
      0,
      0,
      0,
      0,
      0,
      0,
      0,
      0,
      0,
      0,
      0,
      0,
      0,
      0,
      0,
      0,
      0,
      0,
      0,
      0,
      0,
      0,
      0,
      0,
      0
    ],
    "SoftwareVersion": "syngo MR E11",
    "TotalReadoutTime": 0.0328125,
    "dataset": "ds004081",
    "deltaTE": 0,
    "modality": "bold",
    "run_id": 3,
    "subject_id": "MP03063",
    "task_id": "unequalVariance"
  },
  "dummy_trs": 3,
  "dvars_nstd": 39.83890674383332,
  "dvars_std": 1.183027255666666,
  "dvars_vstd": 0.9367648815555555,
  "efc": 0.6050321728170145,
  "fber": 152.565673828125,
  "fd_mean": 0.27746657713436546,
  "fd_num": 90,
  "fd_perc": 49.72375690607735,
  "fwhm_avg": 2.440658888888889,
  "fwhm_x": 2.2656566666666667,
  "fwhm_y": 2.447366666666667,
  "fwhm_z": 2.6089533333333335,
  "gcor": 0.00814272,
  "gsr_x": -0.006614340469241142,
  "gsr_y": 0.033960480242967606,
  "provenance": {
    "md5sum": "f79d2a46f5be9d43feacc99d32b50ad3",
    "settings": {
      "fd_thres": 0.2,
      "testing": false
    },
    "software": "mriqc",
    "version": "23.0.1",
    "webapi_port": null,
    "webapi_url": "https://mriqc.nimh.nih.gov/api/v1"
  },
  "size_t": 181,
  "size_x": 64,
  "size_y": 64,
  "size_z": 48,
  "snr": 2.680282016253586,
  "spacing_tr": 3.359999895095825,
  "spacing_x": 3.0,
  "spacing_y": 3.0,
  "spacing_z": 3.0,
  "summary_bg_k": 39.41506660157827,
  "summary_bg_mad": 10.050565099528665,
  "summary_bg_mean": 75.26227569580078,
  "summary_bg_median": 53.80110549926758,
  "summary_bg_n": 108691.0,
  "summary_bg_p05": 41.86740493774414,
  "summary_bg_p95": 180.0110626220703,
  "summary_bg_stdv": 64.95167541503906,
  "summary_fg_k": 0.7821313889509245,
  "summary_fg_mad": 246.816349111093,
  "summary_fg_mean": 723.208984375,
  "summary_fg_median": 684.4254150390625,
  "summary_fg_n": 43763.0,
  "summary_fg_p05": 376.1674285888672,
  "summary_fg_p95": 1194.2596801757816,
  "summary_fg_stdv": 255.3528289794922,
  "tsnr": 33.67644174396992
}