{
  "aor": 0.0013016483516483514,
  "aqi": 0.003031585989010989,
  "bids_meta": {
    "AcquisitionDateTime": "20200212145534.567500",
    "ConversionSoftware": "dicm2nii.m 20180808",
    "DeviceSerialNumber": "167032",
    "EchoTime": 0.03,
    "EchoTime1": 0.03,
    "EchoTime2": 0.03,
    "EffectiveEchoSpacing": 0.00048611111,
    "FlipAngle": 90,
    "ImageType": [
      "ORIGINAL",
      "PRIMARY",
      "M",
      "ND",
      "MOSAIC"
    ],
    "InstitutionAddress": "Queen Square 12,London,Southeast,GB,WC1N 3BG",
    "InstitutionName": "Functional Imaging Laboratory",
    "MRAcquisitionType": "2D",
    "Manufacturer": "SIEMENS",
    "Modality": "MR",
    "PatientName": "MP02975",
    "PatientPosition": "HFS",
    "PhaseEncodingDirection": "j-",
    "RepetitionTime": 3.36,
    "ScanOptions": "FS",
    "ScanningSequence": "RM",
    "SequenceName": "ep2dv2o2d1",
    "SequenceVariant": "SP\\OSP",
    "SeriesDescription": "nc_epi2d_v2o_3mm_OFC_64ch",
    "SeriesNumber": 8,
    "SliceThickness": 2.5,
    "SliceTiming": [
      0,
      0.07,
      0.14,
      0.21,
      0.28,
      0.35,
      0.42,
      0.49,
      0.56,
      0.63,
      0.7,
      0.77,
      0.84,
      0.91,
      0.98,
      1.05,
      1.12,
      1.19,
      1.26,
      1.33,
      1.4,
      1.47,
      1.54,
      1.61,
      1.68,
      1.75,
      1.82,
      1.89,
      1.96,
      2.03,
      2.1,
      2.17,
      2.24,
      2.31,
      2.38,
      2.45,
      2.52,
      2.59,
      2.66,
      2.73,
      2.8,
      2.87,
      2.94,
      3.01,
      3.08,
      3.15,
      3.22,
      3.29
    ],
    "SoftwareVersion": "syngo MR E11",
    "TotalReadoutTime": 0.030625,
    "dataset": "ds004081",
    "deltaTE": 0,
    "modality": "bold",
    "run_id": 3,
    "subject_id": "MP02975",
    "task_id": "unequalVariance"
  },
  "dummy_trs": 2,
  "dvars_nstd": 26.275715370110508,
  "dvars_std": 1.3264330883425415,
  "dvars_vstd": 0.9977671179005525,
  "efc": 0.582778111732036,
  "fber": 184.20513916015625,
  "fd_mean": 0.06807753783476948,
  "fd_num": 5,
  "fd_perc": 2.7472527472527473,
  "fwhm_avg": 2.62628,
  "fwhm_x": 2.5034300000000003,
  "fwhm_y": 2.6284933333333336,
  "fwhm_z": 2.746916666666667,
  "gcor": 0.0385948,
  "gsr_x": 0.009005055762827396,
  "gsr_y": 0.029848242178559303,
  "provenance": {
    "md5sum": "e7861bcc8a56cb85082cf0d436ab9106",
    "settings": {
      "fd_thres": 0.2,
      "testing": false
    },
    "software": "mriqc",
    "version": "23.0.1",
    "webapi_port": null,
    "webapi_url": "https://mriqc.nimh.nih.gov/api/v1"
  },
  "size_t": 182,
  "size_x": 64,
  "size_y": 64,
  "size_z": 48,
  "snr": 2.2479424003540673,
  "spacing_tr": 3.359999895095825,
  "spacing_x": 3.0,
  "spacing_y": 3.0,
  "spacing_z": 3.0,
  "summary_bg_k": 21.682635853262205,
  "summary_bg_mad": 10.215292395275256,
  "summary_bg_mean": 92.90687561035156,
  "summary_bg_median": 56.368133544921875,
  "summary_bg_n": 111782.0,
  "summary_bg_p05": 48.80220031738281,
  "summary_bg_p95": 281.9343551635739,
  "summary_bg_stdv": 98.16197204589844,
  "summary_fg_k": 1.828012956224888,
  "summary_fg_mad": 309.22852735320987,
  "summary_fg_mean": 866.8450927734375,
  "summary_fg_median": 788.0604858398438,
  "summary_fg_n": 40215.0,
  "summary_fg_p05": 454.8044128417969,
  "summary_fg_p95": 1561.6890869140623,
  "summary_fg_stdv": 350.5653381347656,
  "tsnr": 76.0035765285138
}