{
  "aor": 0.0011014364640883976,
  "aqi": 0.003110233093922651,
  "bids_meta": {
    "AcquisitionDateTime": "20200212144043.100000",
    "ConversionSoftware": "dicm2nii.m 20180808",
    "DeviceSerialNumber": "167032",
    "EchoTime": 0.03,
    "EchoTime1": 0.03,
    "EchoTime2": 0.03,
    "EffectiveEchoSpacing": 0.00048611111,
    "FlipAngle": 90,
    "ImageType": [
      "ORIGINAL",
      "PRIMARY",
      "M",
      "ND",
      "MOSAIC"
    ],
    "InstitutionAddress": "Queen Square 12,London,Southeast,GB,WC1N 3BG",
    "InstitutionName": "Functional Imaging Laboratory",
    "MRAcquisitionType": "2D",
    "Manufacturer": "SIEMENS",
    "Modality": "MR",
    "PatientName": "MP02975",
    "PatientPosition": "HFS",
    "PhaseEncodingDirection": "j-",
    "RepetitionTime": 3.36,
    "ScanOptions": "FS",
    "ScanningSequence": "RM",
    "SequenceName": "ep2dv2o2d1",
    "SequenceVariant": "SP\\OSP",
    "SeriesDescription": "nc_epi2d_v2o_3mm_OFC_64ch",
    "SeriesNumber": 7,
    "SliceThickness": 2.5,
    "SliceTiming": [
      0,
      0.07,
      0.14,
      0.21,
      0.28,
      0.35,
      0.42,
      0.49,
      0.56,
      0.63,
      0.7,
      0.77,
      0.84,
      0.91,
      0.98,
      1.05,
      1.12,
      1.19,
      1.26,
      1.33,
      1.4,
      1.47,
      1.54,
      1.61,
      1.68,
      1.75,
      1.82,
      1.89,
      1.96,
      2.03,
      2.1,
      2.17,
      2.24,
      2.31,
      2.38,
      2.45,
      2.52,
      2.59,
      2.66,
      2.73,
      2.8,
      2.87,
      2.94,
      3.01,
      3.08,
      3.15,
      3.22,
      3.29
    ],
    "SoftwareVersion": "syngo MR E11",
    "TotalReadoutTime": 0.030625,
    "dataset": "ds004081",
    "deltaTE": 0,
    "modality": "bold",
    "run_id": 2,
    "subject_id": "MP02975",
    "task_id": "unequalVariance"
  },
  "dummy_trs": 3,
  "dvars_nstd": 27.253234958611113,
  "dvars_std": 1.324872327611111,
  "dvars_vstd": 0.9770784444999998,
  "efc": 0.5820058454723357,
  "fber": 185.3389434814453,
  "fd_mean": 0.06154127368561756,
  "fd_num": 2,
  "fd_perc": 1.1049723756906078,
  "fwhm_avg": 2.6200577777777774,
  "fwhm_x": 2.4943833333333334,
  "fwhm_y": 2.62642,
  "fwhm_z": 2.7393699999999996,
  "gcor": 0.02375,
  "gsr_x": 0.008771359920501709,
  "gsr_y": 0.029657524079084396,
  "provenance": {
    "md5sum": "69a68538cfb34cc800a56711d0905402",
    "settings": {
      "fd_thres": 0.2,
      "testing": false
    },
    "software": "mriqc",
    "version": "23.0.1",
    "webapi_port": null,
    "webapi_url": "https://mriqc.nimh.nih.gov/api/v1"
  },
  "size_t": 181,
  "size_x": 64,
  "size_y": 64,
  "size_z": 48,
  "snr": 2.251319482951068,
  "spacing_tr": 3.359999895095825,
  "spacing_x": 3.0,
  "spacing_y": 3.0,
  "spacing_z": 3.0,
  "summary_bg_k": 22.666140323142965,
  "summary_bg_mad": 10.058760177862004,
  "summary_bg_mean": 91.91863250732422,
  "summary_bg_median": 56.088401794433594,
  "summary_bg_n": 111713.0,
  "summary_bg_p05": 48.48619079589844,
  "summary_bg_p95": 275.133703613281,
  "summary_bg_stdv": 97.414794921875,
  "summary_fg_k": 1.79512211611521,
  "summary_fg_mad": 308.7990124954134,
  "summary_fg_mean": 865.5916137695312,
  "summary_fg_median": 786.8011474609375,
  "summary_fg_n": 40210.0,
  "summary_fg_p05": 454.2906204223633,
  "summary_fg_p95": 1560.0386962890625,
  "summary_fg_stdv": 349.4801025390625,
  "tsnr": 76.2411675862968
}