{
  "aor": 0.0011921857923497265,
  "aqi": 0.003552671530054644,
  "bids_meta": {
    "AcquisitionDateTime": "20201028111343.290000",
    "ConversionSoftware": "dicm2nii.m 20180808",
    "DeviceSerialNumber": "167032",
    "EchoTime": 0.03,
    "EchoTime1": 0.03,
    "EchoTime2": 0.03,
    "EffectiveEchoSpacing": 0.00048611111,
    "FlipAngle": 90,
    "ImageType": [
      "ORIGINAL",
      "PRIMARY",
      "M",
      "ND",
      "MOSAIC"
    ],
    "InstitutionAddress": "Queen Square 12,London,Southeast,GB,WC1N 3BG",
    "InstitutionName": "Functional Imaging Laboratory",
    "MRAcquisitionType": "2D",
    "Manufacturer": "SIEMENS",
    "Modality": "MR",
    "PatientName": "MP03041",
    "PatientPosition": "HFS",
    "PhaseEncodingDirection": "j-",
    "RepetitionTime": 3.36,
    "ScanOptions": "FS",
    "ScanningSequence": "RM",
    "SequenceName": "ep2dv2o2d1",
    "SequenceVariant": "SP\\OSP",
    "SeriesDescription": "nc_epi2d_v2o_3mm_OFC_64ch",
    "SeriesNumber": 9,
    "SliceThickness": 2.5,
    "SliceTiming": [
      0,
      0,
      0,
      0,
      0,
      0,
      0,
      0,
      0,
      0,
      0,
      0,
      0,
      0,
      0,
      0,
      0,
      0,
      0,
      0,
      0,
      0,
      0,
      0,
      0,
      0,
      0,
      0,
      0,
      0,
      0,
      0,
      0,
      0,
      0,
      0,
      0,
      0,
      0,
      0,
      0,
      0,
      0,
      0,
      0,
      0,
      0,
      0
    ],
    "SoftwareVersion": "syngo MR E11",
    "TotalReadoutTime": 0.030625,
    "dataset": "ds004081",
    "deltaTE": 0,
    "modality": "bold",
    "run_id": 4,
    "subject_id": "MP03041",
    "task_id": "unequalVariance"
  },
  "dummy_trs": 1,
  "dvars_nstd": 32.223695367197806,
  "dvars_std": 1.4089539938461544,
  "dvars_vstd": 1.003548965274725,
  "efc": 0.6195188958644876,
  "fber": 166.94337463378906,
  "fd_mean": 0.09938319919024623,
  "fd_num": 12,
  "fd_perc": 6.557377049180328,
  "fwhm_avg": 2.5837166666666667,
  "fwhm_x": 2.405796666666667,
  "fwhm_y": 2.5703833333333335,
  "fwhm_z": 2.7749699999999997,
  "gcor": 0.0262442,
  "gsr_x": -0.00955923181027174,
  "gsr_y": 0.06572707742452621,
  "provenance": {
    "md5sum": "7f1bdea1232429e69f0e8e5e171b4d53",
    "settings": {
      "fd_thres": 0.2,
      "testing": false
    },
    "software": "mriqc",
    "version": "23.0.1",
    "webapi_port": null,
    "webapi_url": "https://mriqc.nimh.nih.gov/api/v1"
  },
  "size_t": 183,
  "size_x": 64,
  "size_y": 64,
  "size_z": 48,
  "snr": 2.506480674770298,
  "spacing_tr": 3.359999895095825,
  "spacing_x": 3.0,
  "spacing_y": 3.0,
  "spacing_z": 3.0,
  "summary_bg_k": 21.772335341128958,
  "summary_bg_mad": 10.240488443567196,
  "summary_bg_mean": 102.04249572753906,
  "summary_bg_median": 56.841529846191406,
  "summary_bg_n": 104122.0,
  "summary_bg_p05": 49.027320861816406,
  "summary_bg_p95": 338.40681610107407,
  "summary_bg_stdv": 124.80858612060547,
  "summary_fg_k": 0.6669022226663048,
  "summary_fg_mad": 296.50415534666905,
  "summary_fg_mean": 828.1182861328125,
  "summary_fg_median": 771.9453125,
  "summary_fg_n": 44765.0,
  "summary_fg_p05": 430.5879638671875,
  "summary_fg_p95": 1413.178125,
  "summary_fg_stdv": 307.976318359375,
  "tsnr": 75.17271376261488
}