{
  "aor": 0.00144448087431694,
  "aqi": 0.004470151092896175,
  "bids_meta": {
    "AcquisitionDateTime": "20201028103519.345000",
    "ConversionSoftware": "dicm2nii.m 20180808",
    "DeviceSerialNumber": "167032",
    "EchoTime": 0.03,
    "EchoTime1": 0.03,
    "EchoTime2": 0.03,
    "EffectiveEchoSpacing": 0.00048611111,
    "FlipAngle": 90,
    "ImageType": [
      "ORIGINAL",
      "PRIMARY",
      "M",
      "ND",
      "MOSAIC"
    ],
    "InstitutionAddress": "Queen Square 12,London,Southeast,GB,WC1N 3BG",
    "InstitutionName": "Functional Imaging Laboratory",
    "MRAcquisitionType": "2D",
    "Manufacturer": "SIEMENS",
    "Modality": "MR",
    "PatientName": "MP03041",
    "PatientPosition": "HFS",
    "PhaseEncodingDirection": "j-",
    "RepetitionTime": 3.36,
    "ScanOptions": "FS",
    "ScanningSequence": "RM",
    "SequenceName": "ep2dv2o2d1",
    "SequenceVariant": "SP\\OSP",
    "SeriesDescription": "nc_epi2d_v2o_3mm_OFC_64ch",
    "SeriesNumber": 6,
    "SliceThickness": 2.5,
    "SliceTiming": [
      0,
      0.07,
      0.14,
      0.21,
      0.28,
      0.35,
      0.42,
      0.49,
      0.56,
      0.63,
      0.7,
      0.77,
      0.84,
      0.91,
      0.98,
      1.05,
      1.12,
      1.19,
      1.26,
      1.33,
      1.4,
      1.47,
      1.54,
      1.61,
      1.68,
      1.75,
      1.82,
      1.89,
      1.96,
      2.03,
      2.1,
      2.17,
      2.24,
      2.31,
      2.38,
      2.45,
      2.52,
      2.59,
      2.66,
      2.73,
      2.8,
      2.87,
      2.94,
      3.01,
      3.08,
      3.15,
      3.22,
      3.29
    ],
    "SoftwareVersion": "syngo MR E11",
    "TotalReadoutTime": 0.030625,
    "dataset": "ds004081",
    "deltaTE": 0,
    "modality": "bold",
    "run_id": 1,
    "subject_id": "MP03041",
    "task_id": "unequalVariance"
  },
  "dummy_trs": 1,
  "dvars_nstd": 29.36524552538462,
  "dvars_std": 1.3246249684615392,
  "dvars_vstd": 0.9753482192857147,
  "efc": 0.6166106556875012,
  "fber": 172.11538696289062,
  "fd_mean": 0.09256712031534664,
  "fd_num": 7,
  "fd_perc": 3.8251366120218577,
  "fwhm_avg": 2.585721111111111,
  "fwhm_x": 2.4042766666666666,
  "fwhm_y": 2.5782866666666666,
  "fwhm_z": 2.7746,
  "gcor": 0.0227529,
  "gsr_x": -0.009988902136683464,
  "gsr_y": 0.06348827481269836,
  "provenance": {
    "md5sum": "a1b6d10cda91e0445d7ba5716fc506cd",
    "settings": {
      "fd_thres": 0.2,
      "testing": false
    },
    "software": "mriqc",
    "version": "23.0.1",
    "webapi_port": null,
    "webapi_url": "https://mriqc.nimh.nih.gov/api/v1"
  },
  "size_t": 183,
  "size_x": 64,
  "size_y": 64,
  "size_z": 48,
  "snr": 2.5098455113931046,
  "spacing_tr": 3.359999895095825,
  "spacing_x": 3.0,
  "spacing_y": 3.0,
  "spacing_z": 3.0,
  "summary_bg_k": 22.933739886289327,
  "summary_bg_mad": 9.778696627835382,
  "summary_bg_mean": 98.22305297851562,
  "summary_bg_median": 56.103824615478516,
  "summary_bg_n": 104165.0,
  "summary_bg_p05": 48.37704849243164,
  "summary_bg_p95": 319.79344482421817,
  "summary_bg_stdv": 117.52642059326172,
  "summary_fg_k": 0.6849694097406478,
  "summary_fg_mad": 295.8318082712603,
  "summary_fg_mean": 829.8613891601562,
  "summary_fg_median": 773.2294921875,
  "summary_fg_n": 44683.0,
  "summary_fg_p05": 432.831689453125,
  "summary_fg_p95": 1410.5103881835937,
  "summary_fg_stdv": 308.0750732421875,
  "tsnr": 65.96374894492328
}