{
  "bids_meta": {
    "AcquisitionDateTime": "20200218141625.160000",
    "ConversionSoftware": "dicm2nii.m 20180808",
    "DeviceSerialNumber": "167032",
    "EchoTime": 0.00334,
    "FlipAngle": 7,
    "ImageType": [
      "ORIGINAL",
      "PRIMARY",
      "M",
      "ND"
    ],
    "InstitutionAddress": "Queen Square 12,London,Southeast,GB,WC1N 3BG",
    "InstitutionName": "FIL",
    "InversionTime": 1.1,
    "MRAcquisitionType": "3D",
    "Manufacturer": "SIEMENS",
    "Modality": "MR",
    "PatientName": "MP02987",
    "PatientPosition": "HFS",
    "PhaseEncodingDirection": "j-",
    "RepetitionTime": 2.53,
    "ScanOptions": "IR",
    "ScanningSequence": "GR\\IR",
    "SequenceName": "*tfl3d1_16ns",
    "SequenceVariant": "SK\\SP\\MP",
    "SeriesDescription": "MPRAGE_64ch_Head",
    "SeriesNumber": 2,
    "SliceThickness": 1,
    "SoftwareVersion": "syngo MR E11",
    "dataset": "ds004081",
    "modality": "T1w",
    "subject_id": "MP02987"
  },
  "cjv": 0.487489371434558,
  "cnr": 2.6270112356060036,
  "efc": 0.5532972233214498,
  "fber": 6418.772366230678,
  "fwhm_avg": 4.079833333333333,
  "fwhm_x": 4.08333,
  "fwhm_y": 4.20347,
  "fwhm_z": 3.9527,
  "icvs_csf": 0.16041011978334455,
  "icvs_gm": 0.427699661344893,
  "icvs_wm": 0.4118902188717624,
  "inu_med": 1.034718632698059,
  "inu_range": 1.0470823258161546,
  "provenance": {
    "md5sum": "b877ab55dcb2163c3bffd14227050bac",
    "settings": {
      "testing": false
    },
    "software": "mriqc",
    "version": "23.0.1",
    "warnings": {
      "large_rot_frame": true,
      "small_air_mask": false
    },
    "webapi_port": null,
    "webapi_url": "https://mriqc.nimh.nih.gov/api/v1"
  },
  "qi_1": 0.0,
  "qi_2": 0.0031127474522239483,
  "rpve_csf": 25.002897759531816,
  "rpve_gm": 10.164364483575927,
  "rpve_wm": 11.922775487013665,
  "size_x": 176,
  "size_y": 256,
  "size_z": 256,
  "snr_csf": 0.9619437211361692,
  "snr_gm": 8.801904050865415,
  "snr_total": 6.5731288525552705,
  "snr_wm": 9.955538785664226,
  "snrd_csf": 7.889839429594552,
  "snrd_gm": 45.32953522049922,
  "snrd_total": 40.35054030659624,
  "snrd_wm": 67.83224626969495,
  "spacing_x": 1.0,
  "spacing_y": 1.0,
  "spacing_z": 1.0,
  "summary_bg_k": 2.8637287308953434,
  "summary_bg_mad": 0.0,
  "summary_bg_mean": 6.902069364346702,
  "summary_bg_median": 0.0,
  "summary_bg_n": 2459183.0,
  "summary_bg_p05": 0.0,
  "summary_bg_p95": 26.486449390649796,
  "summary_bg_stdv": 9.658844479348232,
  "summary_csf_k": 4.257987697747274,
  "summary_csf_mad": 67.20239373265649,
  "summary_csf_mean": 154.06080019526757,
  "summary_csf_median": 116.32193237543106,
  "summary_csf_n": 22269.0,
  "summary_csf_p05": 39.93446622043848,
  "summary_csf_p95": 429.01221608370486,
  "summary_csf_stdv": 120.92112879843893,
  "summary_gm_k": 0.2283244088948626,
  "summary_gm_mad": 73.37610761472283,
  "summary_gm_mean": 668.998518938595,
  "summary_gm_median": 668.3049988001585,
  "summary_gm_n": 41449.0,
  "summary_gm_p05": 544.7470776736736,
  "summary_gm_p95": 795.412650257349,
  "summary_gm_stdv": 75.92640559529036,
  "summary_wm_k": 1.4346987769619384,
  "summary_wm_mad": 88.3549544105559,
  "summary_wm_mean": 1016.6809865035578,
  "summary_wm_median": 1000.0682566314936,
  "summary_wm_n": 279628.0,
  "summary_wm_p05": 885.5211894214153,
  "summary_wm_p95": 1210.4580427706242,
  "summary_wm_stdv": 100.45327429772364,
  "tpm_overlap_csf": 0.1884030451367679,
  "tpm_overlap_gm": 0.4648865858697042,
  "tpm_overlap_wm": 0.4965339164390872,
  "wm2max": 0.28951996996106794
}