{
  "aor": 0.001559613259668508,
  "aqi": 0.005189855027624309,
  "bids_meta": {
    "AcquisitionDateTime": "20200227113709.532500",
    "ConversionSoftware": "dicm2nii.m 20180808",
    "DeviceSerialNumber": "167032",
    "EchoTime": 0.03,
    "EchoTime1": 0.03,
    "EchoTime2": 0.03,
    "EffectiveEchoSpacing": 0.00048611111,
    "FlipAngle": 90,
    "ImageType": [
      "ORIGINAL",
      "PRIMARY",
      "M",
      "ND",
      "MOSAIC"
    ],
    "InstitutionAddress": "Queen Square 12,London,Southeast,GB,WC1N 3BG",
    "InstitutionName": "Functional Imaging Laboratory",
    "MRAcquisitionType": "2D",
    "Manufacturer": "SIEMENS",
    "Modality": "MR",
    "PatientName": "MP02996",
    "PatientPosition": "HFS",
    "PhaseEncodingDirection": "j-",
    "RepetitionTime": 3.36,
    "ScanOptions": "FS",
    "ScanningSequence": "RM",
    "SequenceName": "ep2dv2o2d1",
    "SequenceVariant": "SP\\OSP",
    "SeriesDescription": "nc_epi2d_v2o_3mm_OFC_64ch",
    "SeriesNumber": 6,
    "SliceThickness": 2.5,
    "SliceTiming": [
      0,
      0.07,
      0.14,
      0.21,
      0.28,
      0.35,
      0.42,
      0.49,
      0.56,
      0.63,
      0.7,
      0.77,
      0.84,
      0.91,
      0.98,
      1.05,
      1.12,
      1.19,
      1.26,
      1.33,
      1.4,
      1.47,
      1.54,
      1.61,
      1.68,
      1.75,
      1.82,
      1.89,
      1.96,
      2.03,
      2.1,
      2.17,
      2.24,
      2.31,
      2.38,
      2.45,
      2.52,
      2.59,
      2.66,
      2.73,
      2.8,
      2.87,
      2.94,
      3.01,
      3.08,
      3.15,
      3.22,
      3.29
    ],
    "SoftwareVersion": "syngo MR E11",
    "TotalReadoutTime": 0.030625,
    "dataset": "ds004081",
    "deltaTE": 0,
    "modality": "bold",
    "run_id": 1,
    "subject_id": "MP02996",
    "task_id": "unequalVariance"
  },
  "dummy_trs": 3,
  "dvars_nstd": 25.861128892111097,
  "dvars_std": 1.2251611446111101,
  "dvars_vstd": 0.9429092443888889,
  "efc": 0.5857781420961837,
  "fber": 194.19113159179688,
  "fd_mean": 0.06670164228996334,
  "fd_num": 6,
  "fd_perc": 3.314917127071823,
  "fwhm_avg": 2.598838888888889,
  "fwhm_x": 2.5227766666666667,
  "fwhm_y": 2.60814,
  "fwhm_z": 2.6656,
  "gcor": 0.0131358,
  "gsr_x": -0.005908960942178965,
  "gsr_y": 0.04282890632748604,
  "provenance": {
    "md5sum": "98596f7d719f397f09ec631a3fc2129b",
    "settings": {
      "fd_thres": 0.2,
      "testing": false
    },
    "software": "mriqc",
    "version": "23.0.1",
    "webapi_port": null,
    "webapi_url": "https://mriqc.nimh.nih.gov/api/v1"
  },
  "size_t": 181,
  "size_x": 64,
  "size_y": 64,
  "size_z": 48,
  "snr": 2.5125195131292615,
  "spacing_tr": 3.359999895095825,
  "spacing_x": 3.0,
  "spacing_y": 3.0,
  "spacing_z": 3.0,
  "summary_bg_k": 24.89465944694093,
  "summary_bg_mad": 8.690838154915477,
  "summary_bg_mean": 90.21773529052734,
  "summary_bg_median": 54.51934051513672,
  "summary_bg_n": 114411.0,
  "summary_bg_p05": 47.62983703613281,
  "summary_bg_p95": 273.5580139160156,
  "summary_bg_stdv": 94.90523529052734,
  "summary_fg_k": 0.6453696869919323,
  "summary_fg_mad": 299.9362021204277,
  "summary_fg_mean": 834.4925537109375,
  "summary_fg_median": 779.0111083984375,
  "summary_fg_n": 39619.0,
  "summary_fg_p05": 442.70110778808595,
  "summary_fg_p95": 1435.1707275390622,
  "summary_fg_stdv": 310.0478515625,
  "tsnr": 60.93934971699491
}