{
  "aor": 0.0022041758241758244,
  "aqi": 0.004887301263736264,
  "bids_meta": {
    "AcquisitionDateTime": "20200123122954.780000",
    "ConversionSoftware": "dicm2nii.m 20180808",
    "DeviceSerialNumber": "167032",
    "EchoTime": 0.03,
    "EchoTime1": 0.03,
    "EchoTime2": 0.03,
    "EffectiveEchoSpacing": 0.00052083333,
    "FlipAngle": 90,
    "ImageType": [
      "ORIGINAL",
      "PRIMARY",
      "M",
      "ND",
      "MOSAIC"
    ],
    "InstitutionAddress": "Queen Square 12,London,Southeast,GB,WC1N 3BG",
    "InstitutionName": "FIL",
    "MRAcquisitionType": "2D",
    "Manufacturer": "SIEMENS",
    "Modality": "MR",
    "PatientName": "MP02939",
    "PatientPosition": "HFS",
    "PhaseEncodingDirection": "j-",
    "RepetitionTime": 3.36,
    "ScanOptions": "FS",
    "ScanningSequence": "RM",
    "SequenceName": "ep2dv2o2d1",
    "SequenceVariant": "SP\\OSP",
    "SeriesDescription": "nc_epi2d_v2o_3mm_OFC_64ch",
    "SeriesNumber": 14,
    "SliceThickness": 2.5,
    "SliceTiming": [
      0,
      0.07,
      0.14,
      0.21,
      0.28,
      0.35,
      0.42,
      0.49,
      0.56,
      0.63,
      0.7,
      0.77,
      0.84,
      0.91,
      0.98,
      1.05,
      1.12,
      1.19,
      1.26,
      1.33,
      1.4,
      1.47,
      1.54,
      1.61,
      1.68,
      1.75,
      1.82,
      1.89,
      1.96,
      2.03,
      2.1,
      2.17,
      2.24,
      2.31,
      2.38,
      2.45,
      2.52,
      2.59,
      2.66,
      2.73,
      2.8,
      2.87,
      2.94,
      3.01,
      3.08,
      3.15,
      3.22,
      3.29
    ],
    "SoftwareVersion": "syngo MR E11",
    "TotalReadoutTime": 0.0328125,
    "dataset": "ds004081",
    "deltaTE": 0,
    "modality": "bold",
    "run_id": 5,
    "subject_id": "MP02939",
    "task_id": "unequalVariance"
  },
  "dummy_trs": 2,
  "dvars_nstd": 31.394878345635355,
  "dvars_std": 1.2619099137016563,
  "dvars_vstd": 0.9714705826519339,
  "efc": 0.6132811834754361,
  "fber": 176.8126983642578,
  "fd_mean": 0.10928624172375787,
  "fd_num": 23,
  "fd_perc": 12.637362637362637,
  "fwhm_avg": 2.61443,
  "fwhm_x": 2.4830433333333333,
  "fwhm_y": 2.5805366666666667,
  "fwhm_z": 2.77971,
  "gcor": 0.0213645,
  "gsr_x": -0.008783787488937378,
  "gsr_y": 0.04725061357021332,
  "provenance": {
    "md5sum": "7dd1269aa80fe9a19ec7baf8d1c278b5",
    "settings": {
      "fd_thres": 0.2,
      "testing": false
    },
    "software": "mriqc",
    "version": "23.0.1",
    "webapi_port": null,
    "webapi_url": "https://mriqc.nimh.nih.gov/api/v1"
  },
  "size_t": 182,
  "size_x": 64,
  "size_y": 64,
  "size_z": 48,
  "snr": 2.4170094779177136,
  "spacing_tr": 3.359999895095825,
  "spacing_x": 3.0,
  "spacing_y": 3.0,
  "spacing_z": 3.0,
  "summary_bg_k": 30.35258921712701,
  "summary_bg_mad": 11.249857408474632,
  "summary_bg_mean": 93.35918426513672,
  "summary_bg_median": 57.478023529052734,
  "summary_bg_n": 101937.0,
  "summary_bg_p05": 49.016483306884766,
  "summary_bg_p95": 274.1571411132812,
  "summary_bg_stdv": 93.70831298828125,
  "summary_fg_k": 2.102465823228666,
  "summary_fg_mad": 302.8459356614462,
  "summary_fg_mean": 855.9520263671875,
  "summary_fg_median": 795.1785888671875,
  "summary_fg_n": 47554.0,
  "summary_fg_p05": 446.7453308105469,
  "summary_fg_p95": 1466.001965332031,
  "summary_fg_stdv": 328.9892883300781,
  "tsnr": 58.5595273966901
}