{
  "aor": 0.007762472527472528,
  "aqi": 0.004214480769230769,
  "bids_meta": {
    "AcquisitionDateTime": "20200123121822.990000",
    "ConversionSoftware": "dicm2nii.m 20180808",
    "DeviceSerialNumber": "167032",
    "EchoTime": 0.03,
    "EchoTime1": 0.03,
    "EchoTime2": 0.03,
    "EffectiveEchoSpacing": 0.00048611111,
    "FlipAngle": 90,
    "ImageType": [
      "ORIGINAL",
      "PRIMARY",
      "M",
      "ND",
      "MOSAIC"
    ],
    "InstitutionAddress": "Queen Square 12,London,Southeast,GB,WC1N 3BG",
    "InstitutionName": "FIL",
    "MRAcquisitionType": "2D",
    "Manufacturer": "SIEMENS",
    "Modality": "MR",
    "PatientName": "MP02939",
    "PatientPosition": "HFS",
    "PhaseEncodingDirection": "j-",
    "RepetitionTime": 3.36,
    "ScanOptions": "FS",
    "ScanningSequence": "RM",
    "SequenceName": "ep2dv2o2d1",
    "SequenceVariant": "SP\\OSP",
    "SeriesDescription": "nc_epi2d_v2o_3mm_OFC_64ch",
    "SeriesNumber": 13,
    "SliceThickness": 2.5,
    "SliceTiming": [
      0,
      0,
      0,
      0,
      0,
      0,
      0,
      0,
      0,
      0,
      0,
      0,
      0,
      0,
      0,
      0,
      0,
      0,
      0,
      0,
      0,
      0,
      0,
      0,
      0,
      0,
      0,
      0,
      0,
      0,
      0,
      0,
      0,
      0,
      0,
      0,
      0,
      0,
      0,
      0,
      0,
      0,
      0,
      0,
      0,
      0,
      0,
      0
    ],
    "SoftwareVersion": "syngo MR E11",
    "TotalReadoutTime": 0.030625,
    "dataset": "ds004081",
    "deltaTE": 0,
    "modality": "bold",
    "run_id": 4,
    "subject_id": "MP02939",
    "task_id": "unequalVariance"
  },
  "dummy_trs": 2,
  "dvars_nstd": 32.09082102895027,
  "dvars_std": 1.4060590522651935,
  "dvars_vstd": 1.067526951546961,
  "efc": 0.6128601773020385,
  "fber": 177.77610778808594,
  "fd_mean": 0.10590320596204882,
  "fd_num": 19,
  "fd_perc": 10.43956043956044,
  "fwhm_avg": 2.623292222222222,
  "fwhm_x": 2.4881366666666667,
  "fwhm_y": 2.5821033333333334,
  "fwhm_z": 2.7996366666666668,
  "gcor": 0.0294445,
  "gsr_x": -0.008648461662232876,
  "gsr_y": 0.04770822450518608,
  "provenance": {
    "md5sum": "85c56bdbd7137fb8c2819607514a9fec",
    "settings": {
      "fd_thres": 0.2,
      "testing": false
    },
    "software": "mriqc",
    "version": "23.0.1",
    "webapi_port": null,
    "webapi_url": "https://mriqc.nimh.nih.gov/api/v1"
  },
  "size_t": 182,
  "size_x": 64,
  "size_y": 64,
  "size_z": 48,
  "snr": 2.416677993612404,
  "spacing_tr": 3.359999895095825,
  "spacing_x": 3.0,
  "spacing_y": 3.0,
  "spacing_z": 3.0,
  "summary_bg_k": 34.052697328319645,
  "summary_bg_mad": 10.736649818327097,
  "summary_bg_mean": 92.06413269042969,
  "summary_bg_median": 57.18132019042969,
  "summary_bg_n": 101895.0,
  "summary_bg_p05": 49.19231033325195,
  "summary_bg_p95": 267.6659332275388,
  "summary_bg_stdv": 92.41925811767578,
  "summary_fg_k": 1.9445327432565795,
  "summary_fg_mad": 302.32054573953195,
  "summary_fg_mean": 851.02685546875,
  "summary_fg_median": 790.6703491210938,
  "summary_fg_n": 47717.0,
  "summary_fg_p05": 441.74835205078125,
  "summary_fg_p95": 1461.8648681640618,
  "summary_fg_stdv": 327.1689758300781,
  "tsnr": 65.60940541140735
}