{
  "aor": 0.003766868131868132,
  "aqi": 0.014848734395604397,
  "bids_meta": {
    "AcquisitionDateTime": "20201202151907.142500",
    "ConversionSoftware": "dicm2nii.m 20180808",
    "DeviceSerialNumber": "167032",
    "EchoTime": 0.03,
    "EchoTime1": 0.03,
    "EchoTime2": 0.03,
    "EffectiveEchoSpacing": 0.00048611111,
    "FlipAngle": 90,
    "ImageType": [
      "ORIGINAL",
      "PRIMARY",
      "M",
      "ND",
      "MOSAIC"
    ],
    "InstitutionAddress": "Queen Square 12,London,Southeast,GB,WC1N 3BG",
    "InstitutionName": "Functional Imaging Laboratory",
    "MRAcquisitionType": "2D",
    "Manufacturer": "SIEMENS",
    "Modality": "MR",
    "PatientName": "MP03063",
    "PatientPosition": "HFS",
    "PhaseEncodingDirection": "j-",
    "RepetitionTime": 3.36,
    "ScanOptions": "FS",
    "ScanningSequence": "RM",
    "SequenceName": "ep2dv2o2d1",
    "SequenceVariant": "SP\\OSP",
    "SeriesDescription": "nc_epi2d_v2o_3mm_OFC_64ch",
    "SeriesNumber": 9,
    "SliceThickness": 2.5,
    "SliceTiming": [
      0,
      0,
      0,
      0,
      0,
      0,
      0,
      0,
      0,
      0,
      0,
      0,
      0,
      0,
      0,
      0,
      0,
      0,
      0,
      0,
      0,
      0,
      0,
      0,
      0,
      0,
      0,
      0,
      0,
      0,
      0,
      0,
      0,
      0,
      0,
      0,
      0,
      0,
      0,
      0,
      0,
      0,
      0,
      0,
      0,
      0,
      0,
      0
    ],
    "SoftwareVersion": "syngo MR E11",
    "TotalReadoutTime": 0.030625,
    "dataset": "ds004081",
    "deltaTE": 0,
    "modality": "bold",
    "run_id": 4,
    "subject_id": "MP03063",
    "task_id": "unequalVariance"
  },
  "dummy_trs": 2,
  "dvars_nstd": 42.5625511928729,
  "dvars_std": 1.1598091771823202,
  "dvars_vstd": 0.9260930950276239,
  "efc": 0.6065197881928011,
  "fber": 149.99288940429688,
  "fd_mean": 0.2991337846096346,
  "fd_num": 88,
  "fd_perc": 48.35164835164835,
  "fwhm_avg": 2.484106666666667,
  "fwhm_x": 2.2997866666666664,
  "fwhm_y": 2.5170133333333333,
  "fwhm_z": 2.63552,
  "gcor": 0.013315,
  "gsr_x": -0.007246579974889755,
  "gsr_y": 0.03240124136209488,
  "provenance": {
    "md5sum": "ae62eab3353ea1426c5c345860e1ebc9",
    "settings": {
      "fd_thres": 0.2,
      "testing": false
    },
    "software": "mriqc",
    "version": "23.0.1",
    "webapi_port": null,
    "webapi_url": "https://mriqc.nimh.nih.gov/api/v1"
  },
  "size_t": 182,
  "size_x": 64,
  "size_y": 64,
  "size_z": 48,
  "snr": 2.6750660049840693,
  "spacing_tr": 3.359999895095825,
  "spacing_x": 3.0,
  "spacing_y": 3.0,
  "spacing_z": 3.0,
  "summary_bg_k": 34.623301256335864,
  "summary_bg_mad": 10.036075250881314,
  "summary_bg_mean": 76.28556823730469,
  "summary_bg_median": 54.13736343383789,
  "summary_bg_n": 108337.0,
  "summary_bg_p05": 42.472530364990234,
  "summary_bg_p95": 185.34286499023435,
  "summary_bg_stdv": 66.69190216064453,
  "summary_fg_k": 0.6129407061950727,
  "summary_fg_mad": 247.70858897159502,
  "summary_fg_mean": 720.6216430664062,
  "summary_fg_median": 681.1813354492188,
  "summary_fg_n": 43923.0,
  "summary_fg_p05": 375.01263732910155,
  "summary_fg_p95": 1192.2099487304688,
  "summary_fg_stdv": 254.63804626464844,
  "tsnr": 30.17418149393052
}