{
  "aor": 0.0043776502732240435,
  "aqi": 0.009403431038251368,
  "bids_meta": {
    "AcquisitionDateTime": "20201202144125.340000",
    "ConversionSoftware": "dicm2nii.m 20180808",
    "DeviceSerialNumber": "167032",
    "EchoTime": 0.03,
    "EchoTime1": 0.03,
    "EchoTime2": 0.03,
    "EffectiveEchoSpacing": 0.00048611111,
    "FlipAngle": 90,
    "ImageType": [
      "ORIGINAL",
      "PRIMARY",
      "M",
      "ND",
      "MOSAIC"
    ],
    "InstitutionAddress": "Queen Square 12,London,Southeast,GB,WC1N 3BG",
    "InstitutionName": "Functional Imaging Laboratory",
    "MRAcquisitionType": "2D",
    "Manufacturer": "SIEMENS",
    "Modality": "MR",
    "PatientName": "MP03063",
    "PatientPosition": "HFS",
    "PhaseEncodingDirection": "j-",
    "RepetitionTime": 3.36,
    "ScanOptions": "FS",
    "ScanningSequence": "RM",
    "SequenceName": "ep2dv2o2d1",
    "SequenceVariant": "SP\\OSP",
    "SeriesDescription": "nc_epi2d_v2o_3mm_OFC_64ch",
    "SeriesNumber": 6,
    "SliceThickness": 2.5,
    "SliceTiming": [
      0,
      0,
      0,
      0,
      0,
      0,
      0,
      0,
      0,
      0,
      0,
      0,
      0,
      0,
      0,
      0,
      0,
      0,
      0,
      0,
      0,
      0,
      0,
      0,
      0,
      0,
      0,
      0,
      0,
      0,
      0,
      0,
      0,
      0,
      0,
      0,
      0,
      0,
      0,
      0,
      0,
      0,
      0,
      0,
      0,
      0,
      0,
      0
    ],
    "SoftwareVersion": "syngo MR E11",
    "TotalReadoutTime": 0.030625,
    "dataset": "ds004081",
    "deltaTE": 0,
    "modality": "bold",
    "run_id": 1,
    "subject_id": "MP03063",
    "task_id": "unequalVariance"
  },
  "dummy_trs": 1,
  "dvars_nstd": 32.19288177280219,
  "dvars_std": 1.1721359494505488,
  "dvars_vstd": 0.944061430989011,
  "efc": 0.6038348800459947,
  "fber": 153.49542236328125,
  "fd_mean": 0.16047071769845667,
  "fd_num": 43,
  "fd_perc": 23.497267759562842,
  "fwhm_avg": 2.462311111111111,
  "fwhm_x": 2.2680466666666668,
  "fwhm_y": 2.45321,
  "fwhm_z": 2.6656766666666667,
  "gcor": 0.0155648,
  "gsr_x": -0.007814031094312668,
  "gsr_y": 0.03546485677361488,
  "provenance": {
    "md5sum": "b77176bb6210b1576cd9866421d48756",
    "settings": {
      "fd_thres": 0.2,
      "testing": false
    },
    "software": "mriqc",
    "version": "23.0.1",
    "webapi_port": null,
    "webapi_url": "https://mriqc.nimh.nih.gov/api/v1"
  },
  "size_t": 183,
  "size_x": 64,
  "size_y": 64,
  "size_z": 48,
  "snr": 2.6960176983982618,
  "spacing_tr": 3.359999895095825,
  "spacing_x": 3.0,
  "spacing_y": 3.0,
  "spacing_z": 3.0,
  "summary_bg_k": 35.86700017356556,
  "summary_bg_mad": 10.507843683714585,
  "summary_bg_mean": 74.45669555664062,
  "summary_bg_median": 53.87431716918945,
  "summary_bg_n": 108874.0,
  "summary_bg_p05": 40.16202087402344,
  "summary_bg_p95": 178.50655517578116,
  "summary_bg_stdv": 63.815704345703125,
  "summary_fg_k": 0.6426874047376065,
  "summary_fg_mad": 249.0528759135512,
  "summary_fg_mean": 727.0462036132812,
  "summary_fg_median": 688.117431640625,
  "summary_fg_n": 43500.0,
  "summary_fg_p05": 379.08879699707035,
  "summary_fg_p95": 1192.558740234375,
  "summary_fg_stdv": 255.23182678222656,
  "tsnr": 39.42924121883698
}