{
  "aor": 0.004988196721311476,
  "aqi": 0.007223474207650274,
  "bids_meta": {
    "AcquisitionDateTime": "20200221104322.847500",
    "ConversionSoftware": "dicm2nii.m 20180808",
    "DeviceSerialNumber": "167032",
    "EchoTime": 0.03,
    "EchoTime1": 0.03,
    "EchoTime2": 0.03,
    "EffectiveEchoSpacing": 0.00048611111,
    "FlipAngle": 90,
    "ImageType": [
      "ORIGINAL",
      "PRIMARY",
      "M",
      "ND",
      "MOSAIC"
    ],
    "InstitutionAddress": "Queen Square 12,London,Southeast,GB,WC1N 3BG",
    "InstitutionName": "Functional Imaging Laboratory",
    "MRAcquisitionType": "2D",
    "Manufacturer": "SIEMENS",
    "Modality": "MR",
    "PatientName": "MP02989",
    "PatientPosition": "HFS",
    "PhaseEncodingDirection": "j-",
    "RepetitionTime": 3.36,
    "ScanOptions": "FS",
    "ScanningSequence": "RM",
    "SequenceName": "ep2dv2o2d1",
    "SequenceVariant": "SP\\OSP",
    "SeriesDescription": "nc_epi2d_v2o_3mm_OFC_64ch",
    "SeriesNumber": 8,
    "SliceThickness": 2.5,
    "SliceTiming": [
      0,
      0,
      0,
      0,
      0,
      0,
      0,
      0,
      0,
      0,
      0,
      0,
      0,
      0,
      0,
      0,
      0,
      0,
      0,
      0,
      0,
      0,
      0,
      0,
      0,
      0,
      0,
      0,
      0,
      0,
      0,
      0,
      0,
      0,
      0,
      0,
      0,
      0,
      0,
      0,
      0,
      0,
      0,
      0,
      0,
      0,
      0,
      0
    ],
    "SoftwareVersion": "syngo MR E11",
    "TotalReadoutTime": 0.030625,
    "dataset": "ds004081",
    "deltaTE": 0,
    "modality": "bold",
    "run_id": 3,
    "subject_id": "MP02989",
    "task_id": "unequalVariance"
  },
  "dummy_trs": 1,
  "dvars_nstd": 33.75793372104397,
  "dvars_std": 1.2048099287912084,
  "dvars_vstd": 0.9770580534615384,
  "efc": 0.6248837883734545,
  "fber": 148.046142578125,
  "fd_mean": 0.16137506714151917,
  "fd_num": 37,
  "fd_perc": 20.218579234972676,
  "fwhm_avg": 2.487663333333334,
  "fwhm_x": 2.2959033333333334,
  "fwhm_y": 2.4871166666666666,
  "fwhm_z": 2.6799700000000004,
  "gcor": 0.0238411,
  "gsr_x": 0.014038893394172192,
  "gsr_y": 0.05245474725961685,
  "provenance": {
    "md5sum": "94fe94e74cdb6238ecaebf6bbbbb0f81",
    "settings": {
      "fd_thres": 0.2,
      "testing": false
    },
    "software": "mriqc",
    "version": "23.0.1",
    "webapi_port": null,
    "webapi_url": "https://mriqc.nimh.nih.gov/api/v1"
  },
  "size_t": 183,
  "size_x": 64,
  "size_y": 64,
  "size_z": 48,
  "snr": 2.4796504460802913,
  "spacing_tr": 3.359999895095825,
  "spacing_x": 3.0,
  "spacing_y": 3.0,
  "spacing_z": 3.0,
  "summary_bg_k": 35.47675567504361,
  "summary_bg_mad": 15.765809335791571,
  "summary_bg_mean": 105.87120819091797,
  "summary_bg_median": 60.666664123535156,
  "summary_bg_n": 103705.0,
  "summary_bg_p05": 47.819671630859375,
  "summary_bg_p95": 334.34314575195305,
  "summary_bg_stdv": 118.77250671386719,
  "summary_fg_k": 0.8976364881411238,
  "summary_fg_mad": 291.4893329745289,
  "summary_fg_mean": 817.014892578125,
  "summary_fg_median": 758.1256713867188,
  "summary_fg_n": 46287.0,
  "summary_fg_p05": 433.36882934570315,
  "summary_fg_p95": 1407.0425292968744,
  "summary_fg_stdv": 305.7356262207031,
  "tsnr": 48.99610617314465
}