{
  "aor": 0.009088296703296703,
  "aqi": 0.008723021703296703,
  "bids_meta": {
    "AcquisitionDateTime": "20200221102004.217500",
    "ConversionSoftware": "dicm2nii.m 20180808",
    "DeviceSerialNumber": "167032",
    "EchoTime": 0.03,
    "EchoTime1": 0.03,
    "EchoTime2": 0.03,
    "EffectiveEchoSpacing": 0.00052083333,
    "FlipAngle": 90,
    "ImageType": [
      "ORIGINAL",
      "PRIMARY",
      "M",
      "ND",
      "MOSAIC"
    ],
    "InstitutionAddress": "Queen Square 12,London,Southeast,GB,WC1N 3BG",
    "InstitutionName": "Functional Imaging Laboratory",
    "MRAcquisitionType": "2D",
    "Manufacturer": "SIEMENS",
    "Modality": "MR",
    "PatientName": "MP02989",
    "PatientPosition": "HFS",
    "PhaseEncodingDirection": "j-",
    "RepetitionTime": 3.36,
    "ScanOptions": "FS",
    "ScanningSequence": "RM",
    "SequenceName": "ep2dv2o2d1",
    "SequenceVariant": "SP\\OSP",
    "SeriesDescription": "nc_epi2d_v2o_3mm_OFC_64ch",
    "SeriesNumber": 6,
    "SliceThickness": 2.5,
    "SliceTiming": [
      0,
      0.07,
      0.14,
      0.21,
      0.28,
      0.35,
      0.42,
      0.49,
      0.56,
      0.63,
      0.7,
      0.77,
      0.84,
      0.91,
      0.98,
      1.05,
      1.12,
      1.19,
      1.26,
      1.33,
      1.4,
      1.47,
      1.54,
      1.61,
      1.68,
      1.75,
      1.82,
      1.89,
      1.96,
      2.03,
      2.1,
      2.17,
      2.24,
      2.31,
      2.38,
      2.45,
      2.52,
      2.59,
      2.66,
      2.73,
      2.8,
      2.87,
      2.94,
      3.01,
      3.08,
      3.15,
      3.22,
      3.29
    ],
    "SoftwareVersion": "syngo MR E11",
    "TotalReadoutTime": 0.0328125,
    "dataset": "ds004081",
    "deltaTE": 0,
    "modality": "bold",
    "run_id": 1,
    "subject_id": "MP02989",
    "task_id": "unequalVariance"
  },
  "dummy_trs": 2,
  "dvars_nstd": 30.57034403972375,
  "dvars_std": 1.2045900541436465,
  "dvars_vstd": 0.9849935568508291,
  "efc": 0.6225652278732419,
  "fber": 146.2036895751953,
  "fd_mean": 0.12407884957908989,
  "fd_num": 25,
  "fd_perc": 13.736263736263735,
  "fwhm_avg": 2.504601111111111,
  "fwhm_x": 2.32857,
  "fwhm_y": 2.5235233333333333,
  "fwhm_z": 2.66171,
  "gcor": 0.0267529,
  "gsr_x": 0.008551291190087795,
  "gsr_y": 0.05189438909292221,
  "provenance": {
    "md5sum": "f2f2a182425d9d37c4ca5cf02db5f537",
    "settings": {
      "fd_thres": 0.2,
      "testing": false
    },
    "software": "mriqc",
    "version": "23.0.1",
    "webapi_port": null,
    "webapi_url": "https://mriqc.nimh.nih.gov/api/v1"
  },
  "size_t": 182,
  "size_x": 64,
  "size_y": 64,
  "size_z": 48,
  "snr": 2.404809466313656,
  "spacing_tr": 3.359999895095825,
  "spacing_x": 3.0,
  "spacing_y": 3.0,
  "spacing_z": 3.0,
  "summary_bg_k": 39.190572279551844,
  "summary_bg_mad": 17.823814642327193,
  "summary_bg_mean": 106.13319396972656,
  "summary_bg_median": 61.4395637512207,
  "summary_bg_n": 103231.0,
  "summary_bg_p05": 45.17582702636719,
  "summary_bg_p95": 328.8214416503906,
  "summary_bg_stdv": 120.05963134765625,
  "summary_fg_k": 1.0049519292093683,
  "summary_fg_mad": 300.05592152564515,
  "summary_fg_mean": 822.7103881835938,
  "summary_fg_median": 762.5989379882812,
  "summary_fg_n": 47179.0,
  "summary_fg_p05": 426.4176025390625,
  "summary_fg_p95": 1433.601086425781,
  "summary_fg_stdv": 317.1107177734375,
  "tsnr": 42.75040363892913
}