{
  "aor": 0.00867445054945055,
  "aqi": 0.005827976373626374,
  "bids_meta": {
    "AcquisitionDateTime": "20200221105539.745000",
    "ConversionSoftware": "dicm2nii.m 20180808",
    "DeviceSerialNumber": "167032",
    "EchoTime": 0.03,
    "EchoTime1": 0.03,
    "EchoTime2": 0.03,
    "EffectiveEchoSpacing": 0.00048611111,
    "FlipAngle": 90,
    "ImageType": [
      "ORIGINAL",
      "PRIMARY",
      "M",
      "ND",
      "MOSAIC"
    ],
    "InstitutionAddress": "Queen Square 12,London,Southeast,GB,WC1N 3BG",
    "InstitutionName": "Functional Imaging Laboratory",
    "MRAcquisitionType": "2D",
    "Manufacturer": "SIEMENS",
    "Modality": "MR",
    "PatientName": "MP02989",
    "PatientPosition": "HFS",
    "PhaseEncodingDirection": "j-",
    "RepetitionTime": 3.36,
    "ScanOptions": "FS",
    "ScanningSequence": "RM",
    "SequenceName": "ep2dv2o2d1",
    "SequenceVariant": "SP\\OSP",
    "SeriesDescription": "nc_epi2d_v2o_3mm_OFC_64ch",
    "SeriesNumber": 9,
    "SliceThickness": 2.5,
    "SliceTiming": [
      0,
      0.07,
      0.14,
      0.21,
      0.28,
      0.35,
      0.42,
      0.49,
      0.56,
      0.63,
      0.7,
      0.77,
      0.84,
      0.91,
      0.98,
      1.05,
      1.12,
      1.19,
      1.26,
      1.33,
      1.4,
      1.47,
      1.54,
      1.61,
      1.68,
      1.75,
      1.82,
      1.89,
      1.96,
      2.03,
      2.1,
      2.17,
      2.24,
      2.31,
      2.38,
      2.45,
      2.52,
      2.59,
      2.66,
      2.73,
      2.8,
      2.87,
      2.94,
      3.01,
      3.08,
      3.15,
      3.22,
      3.29
    ],
    "SoftwareVersion": "syngo MR E11",
    "TotalReadoutTime": 0.030625,
    "dataset": "ds004081",
    "deltaTE": 0,
    "modality": "bold",
    "run_id": 4,
    "subject_id": "MP02989",
    "task_id": "unequalVariance"
  },
  "dummy_trs": 2,
  "dvars_nstd": 29.100218456740322,
  "dvars_std": 1.314218159060773,
  "dvars_vstd": 1.0439146490607734,
  "efc": 0.6256649987557226,
  "fber": 147.95960998535156,
  "fd_mean": 0.123284510302214,
  "fd_num": 30,
  "fd_perc": 16.483516483516482,
  "fwhm_avg": 2.4730844444444444,
  "fwhm_x": 2.2834133333333333,
  "fwhm_y": 2.4889533333333334,
  "fwhm_z": 2.6468866666666666,
  "gcor": 0.0222607,
  "gsr_x": 0.015520526096224785,
  "gsr_y": 0.0520336776971817,
  "provenance": {
    "md5sum": "256aeca2d1048e964dad12bdec4b9586",
    "settings": {
      "fd_thres": 0.2,
      "testing": false
    },
    "software": "mriqc",
    "version": "23.0.1",
    "webapi_port": null,
    "webapi_url": "https://mriqc.nimh.nih.gov/api/v1"
  },
  "size_t": 182,
  "size_x": 64,
  "size_y": 64,
  "size_z": 48,
  "snr": 2.4606730106516466,
  "spacing_tr": 3.359999895095825,
  "spacing_x": 3.0,
  "spacing_y": 3.0,
  "spacing_z": 3.0,
  "summary_bg_k": 31.397978304294,
  "summary_bg_mad": 15.75468461592844,
  "summary_bg_mean": 105.94951629638672,
  "summary_bg_median": 60.37912368774414,
  "summary_bg_n": 103947.0,
  "summary_bg_p05": 47.18296813964844,
  "summary_bg_p95": 337.36978149414045,
  "summary_bg_stdv": 118.67018127441406,
  "summary_fg_k": 0.8389616615839355,
  "summary_fg_mad": 291.8689873695326,
  "summary_fg_mean": 806.559326171875,
  "summary_fg_median": 749.5494995117188,
  "summary_fg_n": 46936.0,
  "summary_fg_p05": 423.0013732910156,
  "summary_fg_p95": 1388.8818969726562,
  "summary_fg_stdv": 304.60833740234375,
  "tsnr": 55.04685951489955
}