{
  "aor": 0.01306633879781421,
  "aqi": 0.01693019655737705,
  "bids_meta": {
    "AcquisitionDateTime": "20200221103128.582500",
    "ConversionSoftware": "dicm2nii.m 20180808",
    "DeviceSerialNumber": "167032",
    "EchoTime": 0.03,
    "EchoTime1": 0.03,
    "EchoTime2": 0.03,
    "EffectiveEchoSpacing": 0.00052083333,
    "FlipAngle": 90,
    "ImageType": [
      "ORIGINAL",
      "PRIMARY",
      "M",
      "ND",
      "MOSAIC"
    ],
    "InstitutionAddress": "Queen Square 12,London,Southeast,GB,WC1N 3BG",
    "InstitutionName": "Functional Imaging Laboratory",
    "MRAcquisitionType": "2D",
    "Manufacturer": "SIEMENS",
    "Modality": "MR",
    "PatientName": "MP02989",
    "PatientPosition": "HFS",
    "PhaseEncodingDirection": "j-",
    "RepetitionTime": 3.36,
    "ScanOptions": "FS",
    "ScanningSequence": "RM",
    "SequenceName": "ep2dv2o2d1",
    "SequenceVariant": "SP\\OSP",
    "SeriesDescription": "nc_epi2d_v2o_3mm_OFC_64ch",
    "SeriesNumber": 7,
    "SliceThickness": 2.5,
    "SliceTiming": [
      0,
      0,
      0,
      0,
      0,
      0,
      0,
      0,
      0,
      0,
      0,
      0,
      0,
      0,
      0,
      0,
      0,
      0,
      0,
      0,
      0,
      0,
      0,
      0,
      0,
      0,
      0,
      0,
      0,
      0,
      0,
      0,
      0,
      0,
      0,
      0,
      0,
      0,
      0,
      0,
      0,
      0,
      0,
      0,
      0,
      0,
      0,
      0
    ],
    "SoftwareVersion": "syngo MR E11",
    "TotalReadoutTime": 0.0328125,
    "dataset": "ds004081",
    "deltaTE": 0,
    "modality": "bold",
    "run_id": 2,
    "subject_id": "MP02989",
    "task_id": "unequalVariance"
  },
  "dummy_trs": 1,
  "dvars_nstd": 40.7636209214286,
  "dvars_std": 0.9773662970879122,
  "dvars_vstd": 0.8750251920879126,
  "efc": 0.6246985817950285,
  "fber": 145.6269073486328,
  "fd_mean": 0.26593075251138765,
  "fd_num": 49,
  "fd_perc": 26.775956284153004,
  "fwhm_avg": 2.54527,
  "fwhm_x": 2.3540966666666665,
  "fwhm_y": 2.5697766666666664,
  "fwhm_z": 2.7119366666666664,
  "gcor": 0.0148973,
  "gsr_x": 0.010368556715548038,
  "gsr_y": 0.05076046288013458,
  "provenance": {
    "md5sum": "adcfccbe509d610d1cc19f958703a574",
    "settings": {
      "fd_thres": 0.2,
      "testing": false
    },
    "software": "mriqc",
    "version": "23.0.1",
    "webapi_port": null,
    "webapi_url": "https://mriqc.nimh.nih.gov/api/v1"
  },
  "size_t": 183,
  "size_x": 64,
  "size_y": 64,
  "size_z": 48,
  "snr": 2.424713236515972,
  "spacing_tr": 3.359999895095825,
  "spacing_x": 3.0,
  "spacing_y": 3.0,
  "spacing_z": 3.0,
  "summary_bg_k": 39.859035317029104,
  "summary_bg_mad": 17.426655921966937,
  "summary_bg_mean": 106.84733581542969,
  "summary_bg_median": 61.77048873901367,
  "summary_bg_n": 103107.0,
  "summary_bg_p05": 47.71584701538086,
  "summary_bg_p95": 327.24478759765617,
  "summary_bg_stdv": 119.56414794921875,
  "summary_fg_k": 0.951791010485195,
  "summary_fg_mad": 299.84218211890015,
  "summary_fg_mean": 820.9873657226562,
  "summary_fg_median": 762.4317016601562,
  "summary_fg_n": 47371.0,
  "summary_fg_p05": 426.75408935546875,
  "summary_fg_p95": 1426.2485961914062,
  "summary_fg_stdv": 314.4386901855469,
  "tsnr": 27.668735414976254
}