{
  "bids_meta": {
    "AcquisitionDateTime": "20200219151549.565000",
    "ConversionSoftware": "dicm2nii.m 20180808",
    "DeviceSerialNumber": "167032",
    "EchoTime": 0.00334,
    "FlipAngle": 7,
    "ImageType": [
      "ORIGINAL",
      "PRIMARY",
      "M",
      "ND"
    ],
    "InstitutionAddress": "Queen Square 12,London,Southeast,GB,WC1N 3BG",
    "InstitutionName": "FIL",
    "InversionTime": 1.1,
    "MRAcquisitionType": "3D",
    "Manufacturer": "SIEMENS",
    "Modality": "MR",
    "PatientName": "MP02988",
    "PatientPosition": "HFS",
    "PhaseEncodingDirection": "j-",
    "RepetitionTime": 2.53,
    "ScanOptions": "IR",
    "ScanningSequence": "GR\\IR",
    "SequenceName": "*tfl3d1_16ns",
    "SequenceVariant": "SK\\SP\\MP",
    "SeriesDescription": "MPRAGE_64ch_Head",
    "SeriesNumber": 2,
    "SliceThickness": 1,
    "SoftwareVersion": "syngo MR E11",
    "dataset": "ds004081",
    "modality": "T1w",
    "subject_id": "MP02988"
  },
  "cjv": 0.46942109678881594,
  "cnr": 2.7126727259574426,
  "efc": 0.5460822623082471,
  "fber": 3130.218629460645,
  "fwhm_avg": 4.196906666666666,
  "fwhm_x": 4.27175,
  "fwhm_y": 4.3762,
  "fwhm_z": 3.94277,
  "icvs_csf": 0.2119460159888342,
  "icvs_gm": 0.3801352145371254,
  "icvs_wm": 0.4079187694740404,
  "inu_med": 1.0278818607330322,
  "inu_range": 1.1110261678695674,
  "provenance": {
    "md5sum": "83781af31dbb016ee5647cfed89cc6a5",
    "settings": {
      "testing": false
    },
    "software": "mriqc",
    "version": "23.0.1",
    "warnings": {
      "large_rot_frame": true,
      "small_air_mask": false
    },
    "webapi_port": null,
    "webapi_url": "https://mriqc.nimh.nih.gov/api/v1"
  },
  "qi_1": 0.0,
  "qi_2": 0.0013028582528124967,
  "rpve_csf": 23.02066195411491,
  "rpve_gm": 12.321195917437661,
  "rpve_wm": 13.581478934384268,
  "size_x": 176,
  "size_y": 256,
  "size_z": 256,
  "snr_csf": 1.2054781663963128,
  "snr_gm": 7.751462638744702,
  "snr_total": 6.577474900811734,
  "snr_wm": 10.77548389729419,
  "snrd_csf": 6.162773312660389,
  "snrd_gm": 33.6783935218492,
  "snrd_total": 30.360907397337076,
  "snrd_wm": 51.24155535750164,
  "spacing_x": 1.0,
  "spacing_y": 1.0,
  "spacing_z": 1.0,
  "summary_bg_k": 5.476459864107165,
  "summary_bg_mad": 0.0,
  "summary_bg_mean": 9.28336364424297,
  "summary_bg_median": 0.0,
  "summary_bg_n": 2628383.0,
  "summary_bg_p05": 0.0,
  "summary_bg_p95": 33.66591466218233,
  "summary_bg_stdv": 12.786078552270673,
  "summary_csf_k": 3.910913652087271,
  "summary_csf_mad": 69.52530954045153,
  "summary_csf_mean": 146.02668710492196,
  "summary_csf_median": 120.27679071947932,
  "summary_csf_n": 36102.0,
  "summary_csf_p05": 37.850014954805374,
  "summary_csf_p95": 358.2812895186242,
  "summary_csf_stdv": 99.7737895794969,
  "summary_gm_k": 0.17656373291258198,
  "summary_gm_mad": 82.45692167872357,
  "summary_gm_mean": 658.0677791378641,
  "summary_gm_median": 657.2899705842137,
  "summary_gm_n": 20539.0,
  "summary_gm_p05": 518.7511913567781,
  "summary_gm_p95": 797.4959528513252,
  "summary_gm_stdv": 84.79354155465003,
  "summary_wm_k": 1.6102444587624456,
  "summary_wm_mad": 78.44859909711896,
  "summary_wm_mean": 1014.0583751852697,
  "summary_wm_median": 1000.06434071064,
  "summary_wm_n": 250609.0,
  "summary_wm_p05": 889.539722211659,
  "summary_wm_p95": 1192.919178813696,
  "summary_wm_stdv": 92.80904272814747,
  "tpm_overlap_csf": 0.16769525984803524,
  "tpm_overlap_gm": 0.43455758508017234,
  "tpm_overlap_wm": 0.4939938791379887,
  "wm2max": 0.25471357838475917
}