{
  "aor": 0.006201813186813186,
  "aqi": 0.011431975714285713,
  "bids_meta": {
    "AcquisitionDateTime": "20201125110555.705000",
    "ConversionSoftware": "dicm2nii.m 20180808",
    "DeviceSerialNumber": "167032",
    "EchoTime": 0.03,
    "FlipAngle": 90,
    "ImageType": [
      "ORIGINAL",
      "PRIMARY",
      "M",
      "ND",
      "MOSAIC"
    ],
    "InstitutionAddress": "Queen Square 12,London,Southeast,GB,WC1N 3BG",
    "InstitutionName": "Functional Imaging Laboratory",
    "MRAcquisitionType": "2D",
    "Manufacturer": "SIEMENS",
    "Modality": "MR",
    "PatientName": "MP03057",
    "PatientPosition": "HFS",
    "PhaseEncodingDirection": "j-",
    "RepetitionTime": 3.36,
    "ScanOptions": "FS",
    "ScanningSequence": "RM",
    "SequenceName": "ep2dv2o2d1",
    "SequenceVariant": "SP\\OSP",
    "SeriesDescription": "nc_epi2d_v2o_3mm_OFC_64ch",
    "SeriesNumber": 11,
    "SliceThickness": 2.5,
    "SliceTiming": [
      0,
      0.07,
      0.14,
      0.21,
      0.28,
      0.35,
      0.42,
      0.49,
      0.56,
      0.63,
      0.7,
      0.77,
      0.84,
      0.91,
      0.98,
      1.05,
      1.12,
      1.19,
      1.26,
      1.33,
      1.4,
      1.47,
      1.54,
      1.61,
      1.68,
      1.75,
      1.82,
      1.89,
      1.96,
      2.03,
      2.1,
      2.17,
      2.24,
      2.31,
      2.38,
      2.45,
      2.52,
      2.59,
      2.66,
      2.73,
      2.8,
      2.87,
      2.94,
      3.01,
      3.08,
      3.15,
      3.22,
      3.29
    ],
    "SoftwareVersion": "syngo MR E11",
    "dataset": "ds004081",
    "modality": "bold",
    "run_id": 2,
    "subject_id": "MP03057",
    "task_id": "unequalVariance"
  },
  "dummy_trs": 2,
  "dvars_nstd": 28.142080623204407,
  "dvars_std": 1.1858899950276238,
  "dvars_vstd": 0.9354257958563543,
  "efc": 0.6272321626155599,
  "fber": 140.298095703125,
  "fd_mean": 0.06724901542841324,
  "fd_num": 3,
  "fd_perc": 1.6483516483516483,
  "fwhm_avg": 2.47503,
  "fwhm_x": 2.307863333333333,
  "fwhm_y": 2.505926666666667,
  "fwhm_z": 2.6113,
  "gcor": 0.00467335,
  "gsr_x": 0.01481497474014759,
  "gsr_y": 0.061537496745586395,
  "provenance": {
    "md5sum": "2a90fe044525cbe3dd987cfbee9edc2a",
    "settings": {
      "fd_thres": 0.2,
      "testing": false
    },
    "software": "mriqc",
    "version": "23.0.1",
    "webapi_port": null,
    "webapi_url": "https://mriqc.nimh.nih.gov/api/v1"
  },
  "size_t": 182,
  "size_x": 64,
  "size_y": 64,
  "size_z": 48,
  "snr": 2.339912594371663,
  "spacing_tr": 3.359999895095825,
  "spacing_x": 3.0,
  "spacing_y": 3.0,
  "spacing_z": 3.0,
  "summary_bg_k": 25.04650515949548,
  "summary_bg_mad": 13.791457171856644,
  "summary_bg_mean": 101.25826263427734,
  "summary_bg_median": 58.28571701049805,
  "summary_bg_n": 101602.0,
  "summary_bg_p05": 45.725276947021484,
  "summary_bg_p95": 321.65853729248045,
  "summary_bg_stdv": 115.0846176147461,
  "summary_fg_k": 1.2366069748773514,
  "summary_fg_mad": 282.4275784480915,
  "summary_fg_mean": 777.199462890625,
  "summary_fg_median": 715.4615478515625,
  "summary_fg_n": 47738.0,
  "summary_fg_p05": 398.72198486328125,
  "summary_fg_p95": 1364.0689575195313,
  "summary_fg_stdv": 305.7610168457031,
  "tsnr": 42.21158602600917
}