{
  "aor": 0.009402527472527471,
  "aqi": 0.01481509379120879,
  "bids_meta": {
    "AcquisitionDateTime": "20201125111824.110000",
    "ConversionSoftware": "dicm2nii.m 20180808",
    "DeviceSerialNumber": "167032",
    "EchoTime": 0.03,
    "FlipAngle": 90,
    "ImageType": [
      "ORIGINAL",
      "PRIMARY",
      "M",
      "ND",
      "MOSAIC"
    ],
    "InstitutionAddress": "Queen Square 12,London,Southeast,GB,WC1N 3BG",
    "InstitutionName": "Functional Imaging Laboratory",
    "MRAcquisitionType": "2D",
    "Manufacturer": "SIEMENS",
    "Modality": "MR",
    "PatientName": "MP03057",
    "PatientPosition": "HFS",
    "PhaseEncodingDirection": "j-",
    "RepetitionTime": 3.36,
    "ScanOptions": "FS",
    "ScanningSequence": "RM",
    "SequenceName": "ep2dv2o2d1",
    "SequenceVariant": "SP\\OSP",
    "SeriesDescription": "nc_epi2d_v2o_3mm_OFC_64ch",
    "SeriesNumber": 12,
    "SliceThickness": 2.5,
    "SliceTiming": [
      0,
      0.07,
      0.14,
      0.21,
      0.28,
      0.35,
      0.42,
      0.49,
      0.56,
      0.63,
      0.7,
      0.77,
      0.84,
      0.91,
      0.98,
      1.05,
      1.12,
      1.19,
      1.26,
      1.33,
      1.4,
      1.47,
      1.54,
      1.61,
      1.68,
      1.75,
      1.82,
      1.89,
      1.96,
      2.03,
      2.1,
      2.17,
      2.24,
      2.31,
      2.38,
      2.45,
      2.52,
      2.59,
      2.66,
      2.73,
      2.8,
      2.87,
      2.94,
      3.01,
      3.08,
      3.15,
      3.22,
      3.29
    ],
    "SoftwareVersion": "syngo MR E11",
    "dataset": "ds004081",
    "modality": "bold",
    "run_id": 3,
    "subject_id": "MP03057",
    "task_id": "unequalVariance"
  },
  "dummy_trs": 2,
  "dvars_nstd": 27.76464292618784,
  "dvars_std": 1.1514701472375686,
  "dvars_vstd": 0.9263181386740328,
  "efc": 0.6281594603331035,
  "fber": 138.78564453125,
  "fd_mean": 0.07233447874016269,
  "fd_num": 10,
  "fd_perc": 5.4945054945054945,
  "fwhm_avg": 2.4794255555555558,
  "fwhm_x": 2.31323,
  "fwhm_y": 2.5002366666666664,
  "fwhm_z": 2.62481,
  "gcor": 0.0054453,
  "gsr_x": 0.018054107204079628,
  "gsr_y": 0.06041999161243439,
  "provenance": {
    "md5sum": "80fa991e4974ef70572b956e50293831",
    "settings": {
      "fd_thres": 0.2,
      "testing": false
    },
    "software": "mriqc",
    "version": "23.0.1",
    "webapi_port": null,
    "webapi_url": "https://mriqc.nimh.nih.gov/api/v1"
  },
  "size_t": 182,
  "size_x": 64,
  "size_y": 64,
  "size_z": 48,
  "snr": 2.363265313250919,
  "spacing_tr": 3.359999895095825,
  "spacing_x": 3.0,
  "spacing_y": 3.0,
  "spacing_z": 3.0,
  "summary_bg_k": 22.08024509302322,
  "summary_bg_mad": 14.500175916528104,
  "summary_bg_mean": 101.48252868652344,
  "summary_bg_median": 58.45604705810547,
  "summary_bg_n": 101561.0,
  "summary_bg_p05": 45.07143020629883,
  "summary_bg_p95": 324.25274658203125,
  "summary_bg_stdv": 113.73423767089844,
  "summary_fg_k": 1.232889794435736,
  "summary_fg_mad": 279.5926808466911,
  "summary_fg_mean": 778.3809814453125,
  "summary_fg_median": 716.1648559570312,
  "summary_fg_n": 47426.0,
  "summary_fg_p05": 405.85302734375,
  "summary_fg_p95": 1359.7486877441406,
  "summary_fg_stdv": 303.0372009277344,
  "tsnr": 35.8663656457793
}