{
  "aor": 0.0028275274725274727,
  "aqi": 0.0043822879120879125,
  "bids_meta": {
    "AcquisitionDateTime": "20201111111130.870000",
    "ConversionSoftware": "dicm2nii.m 20180808",
    "DeviceSerialNumber": "167032",
    "EchoTime": 0.03,
    "EchoTime1": 0.03,
    "EchoTime2": 0.03,
    "EffectiveEchoSpacing": 0.00048611111,
    "FlipAngle": 90,
    "ImageType": [
      "ORIGINAL",
      "PRIMARY",
      "M",
      "ND",
      "MOSAIC"
    ],
    "InstitutionAddress": "Queen Square 12,London,Southeast,GB,WC1N 3BG",
    "InstitutionName": "Functional Imaging Laboratory",
    "MRAcquisitionType": "2D",
    "Manufacturer": "SIEMENS",
    "Modality": "MR",
    "PatientName": "MP03047",
    "PatientPosition": "HFS",
    "PhaseEncodingDirection": "j-",
    "RepetitionTime": 3.36,
    "ScanOptions": "FS",
    "ScanningSequence": "RM",
    "SequenceName": "ep2dv2o2d1",
    "SequenceVariant": "SP\\OSP",
    "SeriesDescription": "nc_epi2d_v2o_3mm_OFC_64ch",
    "SeriesNumber": 7,
    "SliceThickness": 2.5,
    "SliceTiming": [
      0,
      0.07,
      0.14,
      0.21,
      0.28,
      0.35,
      0.42,
      0.49,
      0.56,
      0.63,
      0.7,
      0.77,
      0.84,
      0.91,
      0.98,
      1.05,
      1.12,
      1.19,
      1.26,
      1.33,
      1.4,
      1.47,
      1.54,
      1.61,
      1.68,
      1.75,
      1.82,
      1.89,
      1.96,
      2.03,
      2.1,
      2.17,
      2.24,
      2.31,
      2.38,
      2.45,
      2.52,
      2.59,
      2.66,
      2.73,
      2.8,
      2.87,
      2.94,
      3.01,
      3.08,
      3.15,
      3.22,
      3.29
    ],
    "SoftwareVersion": "syngo MR E11",
    "TotalReadoutTime": 0.030625,
    "dataset": "ds004081",
    "deltaTE": 0,
    "modality": "bold",
    "run_id": 2,
    "subject_id": "MP03047",
    "task_id": "unequalVariance"
  },
  "dummy_trs": 2,
  "dvars_nstd": 34.27438163762432,
  "dvars_std": 1.4209793797237567,
  "dvars_vstd": 1.005288149944751,
  "efc": 0.631989035479255,
  "fber": 127.25048065185547,
  "fd_mean": 0.09491670582959008,
  "fd_num": 6,
  "fd_perc": 3.2967032967032965,
  "fwhm_avg": 2.612522222222222,
  "fwhm_x": 2.44075,
  "fwhm_y": 2.5899733333333335,
  "fwhm_z": 2.806843333333333,
  "gcor": 0.0192737,
  "gsr_x": 0.017113322392106056,
  "gsr_y": 0.0810898020863533,
  "provenance": {
    "md5sum": "28ff2d726edd275aeaaef9bf015eb00b",
    "settings": {
      "fd_thres": 0.2,
      "testing": false
    },
    "software": "mriqc",
    "version": "23.0.1",
    "webapi_port": null,
    "webapi_url": "https://mriqc.nimh.nih.gov/api/v1"
  },
  "size_t": 182,
  "size_x": 64,
  "size_y": 64,
  "size_z": 48,
  "snr": 2.137274398497705,
  "spacing_tr": 3.359999895095825,
  "spacing_x": 3.0,
  "spacing_y": 3.0,
  "spacing_z": 3.0,
  "summary_bg_k": 16.798253294481594,
  "summary_bg_mad": 19.265679007668517,
  "summary_bg_mean": 123.31839752197266,
  "summary_bg_median": 64.44505310058594,
  "summary_bg_n": 97300.0,
  "summary_bg_p05": 49.010990142822266,
  "summary_bg_p95": 424.16897583007835,
  "summary_bg_stdv": 145.4451141357422,
  "summary_fg_k": 2.1324122356793476,
  "summary_fg_mad": 316.8614312308312,
  "summary_fg_mean": 851.0864868164062,
  "summary_fg_median": 771.2637329101562,
  "summary_fg_n": 48795.0,
  "summary_fg_p05": 424.5670471191406,
  "summary_fg_p95": 1551.1044067382807,
  "summary_fg_stdv": 360.8595275878906,
  "tsnr": 64.33222971484065
}