{
  "aor": 0.0053487362637362635,
  "aqi": 0.0066455019780219775,
  "bids_meta": {
    "AcquisitionDateTime": "20201111115028.290000",
    "ConversionSoftware": "dicm2nii.m 20180808",
    "DeviceSerialNumber": "167032",
    "EchoTime": 0.03,
    "EchoTime1": 0.03,
    "EchoTime2": 0.03,
    "EffectiveEchoSpacing": 0.00048611111,
    "FlipAngle": 90,
    "ImageType": [
      "ORIGINAL",
      "PRIMARY",
      "M",
      "ND",
      "MOSAIC"
    ],
    "InstitutionAddress": "Queen Square 12,London,Southeast,GB,WC1N 3BG",
    "InstitutionName": "Functional Imaging Laboratory",
    "MRAcquisitionType": "2D",
    "Manufacturer": "SIEMENS",
    "Modality": "MR",
    "PatientName": "MP03047",
    "PatientPosition": "HFS",
    "PhaseEncodingDirection": "j-",
    "RepetitionTime": 3.36,
    "ScanOptions": "FS",
    "ScanningSequence": "RM",
    "SequenceName": "ep2dv2o2d1",
    "SequenceVariant": "SP\\OSP",
    "SeriesDescription": "nc_epi2d_v2o_3mm_OFC_64ch",
    "SeriesNumber": 10,
    "SliceThickness": 2.5,
    "SliceTiming": [
      0,
      0,
      0,
      0,
      0,
      0,
      0,
      0,
      0,
      0,
      0,
      0,
      0,
      0,
      0,
      0,
      0,
      0,
      0,
      0,
      0,
      0,
      0,
      0,
      0,
      0,
      0,
      0,
      0,
      0,
      0,
      0,
      0,
      0,
      0,
      0,
      0,
      0,
      0,
      0,
      0,
      0,
      0,
      0,
      0,
      0,
      0,
      0
    ],
    "SoftwareVersion": "syngo MR E11",
    "TotalReadoutTime": 0.030625,
    "dataset": "ds004081",
    "deltaTE": 0,
    "modality": "bold",
    "run_id": 5,
    "subject_id": "MP03047",
    "task_id": "unequalVariance"
  },
  "dummy_trs": 2,
  "dvars_nstd": 33.14470788513813,
  "dvars_std": 1.3951414451933701,
  "dvars_vstd": 1.0024456886187842,
  "efc": 0.6350372647261298,
  "fber": 124.01776885986328,
  "fd_mean": 0.07903004811220642,
  "fd_num": 3,
  "fd_perc": 1.6483516483516483,
  "fwhm_avg": 2.579247777777778,
  "fwhm_x": 2.4315700000000002,
  "fwhm_y": 2.5592633333333334,
  "fwhm_z": 2.7469099999999997,
  "gcor": 0.00890943,
  "gsr_x": 0.01783166639506817,
  "gsr_y": 0.08310718834400177,
  "provenance": {
    "md5sum": "e3c1920df8c09a6be9570cd4b81b0a7c",
    "settings": {
      "fd_thres": 0.2,
      "testing": false
    },
    "software": "mriqc",
    "version": "23.0.1",
    "webapi_port": null,
    "webapi_url": "https://mriqc.nimh.nih.gov/api/v1"
  },
  "size_t": 182,
  "size_x": 64,
  "size_y": 64,
  "size_z": 48,
  "snr": 2.137151115761213,
  "spacing_tr": 3.359999895095825,
  "spacing_x": 3.0,
  "spacing_y": 3.0,
  "spacing_z": 3.0,
  "summary_bg_k": 16.02466032944614,
  "summary_bg_mad": 19.65669566103774,
  "summary_bg_mean": 126.72246551513672,
  "summary_bg_median": 65.21977996826172,
  "summary_bg_n": 97047.0,
  "summary_bg_p05": 49.82966995239258,
  "summary_bg_p95": 439.8868103027343,
  "summary_bg_stdv": 150.0569305419922,
  "summary_fg_k": 2.1959607427131953,
  "summary_fg_mad": 315.95715608620674,
  "summary_fg_mean": 851.3253173828125,
  "summary_fg_median": 771.43408203125,
  "summary_fg_n": 48806.0,
  "summary_fg_p05": 425.04534912109375,
  "summary_fg_p95": 1549.1607360839844,
  "summary_fg_stdv": 360.9600524902344,
  "tsnr": 55.29100576881319
}