{
  "aor": 0.0033555737704918033,
  "aqi": 0.006651907704918032,
  "bids_meta": {
    "AcquisitionDateTime": "20200218105150.132500",
    "ConversionSoftware": "dicm2nii.m 20180808",
    "DeviceSerialNumber": "167032",
    "EchoTime": 0.03,
    "EchoTime1": 0.03,
    "EchoTime2": 0.03,
    "EffectiveEchoSpacing": 0.00048611111,
    "FlipAngle": 90,
    "ImageType": [
      "ORIGINAL",
      "PRIMARY",
      "M",
      "ND",
      "MOSAIC"
    ],
    "InstitutionAddress": "Queen Square 12,London,Southeast,GB,WC1N 3BG",
    "InstitutionName": "Functional Imaging Laboratory",
    "MRAcquisitionType": "2D",
    "Manufacturer": "SIEMENS",
    "Modality": "MR",
    "PatientName": "MP02985",
    "PatientPosition": "HFS",
    "PhaseEncodingDirection": "j-",
    "RepetitionTime": 3.36,
    "ScanOptions": "FS",
    "ScanningSequence": "RM",
    "SequenceName": "ep2dv2o2d1",
    "SequenceVariant": "SP\\OSP",
    "SeriesDescription": "nc_epi2d_v2o_3mm_OFC_64ch",
    "SeriesNumber": 9,
    "SliceThickness": 2.5,
    "SliceTiming": [
      0,
      0,
      0,
      0,
      0,
      0,
      0,
      0,
      0,
      0,
      0,
      0,
      0,
      0,
      0,
      0,
      0,
      0,
      0,
      0,
      0,
      0,
      0,
      0,
      0,
      0,
      0,
      0,
      0,
      0,
      0,
      0,
      0,
      0,
      0,
      0,
      0,
      0,
      0,
      0,
      0,
      0,
      0,
      0,
      0,
      0,
      0,
      0
    ],
    "SoftwareVersion": "syngo MR E11",
    "TotalReadoutTime": 0.030625,
    "dataset": "ds004081",
    "deltaTE": 0,
    "modality": "bold",
    "run_id": 3,
    "subject_id": "MP02985",
    "task_id": "unequalVariance"
  },
  "dummy_trs": 1,
  "dvars_nstd": 35.743128755659356,
  "dvars_std": 1.5222186993406592,
  "dvars_vstd": 0.9797672076373628,
  "efc": 0.6110624990105651,
  "fber": 142.46958923339844,
  "fd_mean": 0.11058622121820438,
  "fd_num": 15,
  "fd_perc": 8.19672131147541,
  "fwhm_avg": 2.796902222222222,
  "fwhm_x": 2.61252,
  "fwhm_y": 2.8927933333333335,
  "fwhm_z": 2.8853933333333335,
  "gcor": 0.0364853,
  "gsr_x": 0.002873973688110709,
  "gsr_y": 0.03331108018755913,
  "provenance": {
    "md5sum": "5f46d0685b2bbb50a38594e2130fc6df",
    "settings": {
      "fd_thres": 0.2,
      "testing": false
    },
    "software": "mriqc",
    "version": "23.0.1",
    "webapi_port": null,
    "webapi_url": "https://mriqc.nimh.nih.gov/api/v1"
  },
  "size_t": 183,
  "size_x": 64,
  "size_y": 64,
  "size_z": 48,
  "snr": 2.1570178481196307,
  "spacing_tr": 3.359999895095825,
  "spacing_x": 3.0,
  "spacing_y": 3.0,
  "spacing_z": 3.0,
  "summary_bg_k": 20.378077302680495,
  "summary_bg_mad": 15.14198798301917,
  "summary_bg_mean": 104.98596954345703,
  "summary_bg_median": 61.185791015625,
  "summary_bg_n": 103015.0,
  "summary_bg_p05": 49.68305969238281,
  "summary_bg_p95": 324.59888916015615,
  "summary_bg_stdv": 111.45960235595703,
  "summary_fg_k": 2.2492363337433714,
  "summary_fg_mad": 317.1633992241877,
  "summary_fg_mean": 845.9579467773438,
  "summary_fg_median": 770.8087158203125,
  "summary_fg_n": 45631.0,
  "summary_fg_p05": 424.4480743408203,
  "summary_fg_p95": 1546.2239990234375,
  "summary_fg_stdv": 357.3453369140625,
  "tsnr": 53.3098340597935
}