{
  "bids_meta": {
    "AcquisitionDateTime": "20200129125309.237500",
    "ConversionSoftware": "dicm2nii.m 20180808",
    "DeviceSerialNumber": "167032",
    "EchoTime": 0.00334,
    "FlipAngle": 7,
    "ImageType": [
      "ORIGINAL",
      "PRIMARY",
      "M",
      "ND"
    ],
    "InstitutionAddress": "Queen Square 12,London,Southeast,GB,WC1N 3BG",
    "InstitutionName": "FIL",
    "InversionTime": 1.1,
    "MRAcquisitionType": "3D",
    "Manufacturer": "SIEMENS",
    "Modality": "MR",
    "PatientName": "MP02953",
    "PatientPosition": "HFS",
    "PhaseEncodingDirection": "j-",
    "RepetitionTime": 2.53,
    "ScanOptions": "IR",
    "ScanningSequence": "GR\\IR",
    "SequenceName": "*tfl3d1_16ns",
    "SequenceVariant": "SK\\SP\\MP",
    "SeriesDescription": "MPRAGE_64ch_Head",
    "SeriesNumber": 2,
    "SliceThickness": 1,
    "SoftwareVersion": "syngo MR E11",
    "dataset": "ds004081",
    "modality": "T1w",
    "subject_id": "MP02953"
  },
  "cjv": 0.47256752706827443,
  "cnr": 2.6305621570650866,
  "efc": 0.5060515016669601,
  "fber": 7295.098284794528,
  "fwhm_avg": 4.16833,
  "fwhm_x": 4.30883,
  "fwhm_y": 4.13887,
  "fwhm_z": 4.05729,
  "icvs_csf": 0.21134580273227438,
  "icvs_gm": 0.3981402304618909,
  "icvs_wm": 0.3905139668058347,
  "inu_med": 0.9542295932769775,
  "inu_range": 1.171206802129745,
  "provenance": {
    "md5sum": "dd268c06ab7adaa3580c61b7c1db8f29",
    "settings": {
      "testing": false
    },
    "software": "mriqc",
    "version": "23.0.1",
    "warnings": {
      "large_rot_frame": true,
      "small_air_mask": false
    },
    "webapi_port": null,
    "webapi_url": "https://mriqc.nimh.nih.gov/api/v1"
  },
  "qi_1": 0.0,
  "qi_2": 0.002262330848255178,
  "rpve_csf": 27.402055993941435,
  "rpve_gm": 14.15822299937568,
  "rpve_wm": 16.499197808930052,
  "size_x": 176,
  "size_y": 256,
  "size_z": 256,
  "snr_csf": 1.15064445884256,
  "snr_gm": 8.19617499012765,
  "snr_total": 6.213326200551978,
  "snr_wm": 9.293159152685721,
  "snrd_csf": 7.109287443902061,
  "snrd_gm": 40.05887107623732,
  "snrd_total": 36.338584430001454,
  "snrd_wm": 61.847594769865,
  "spacing_x": 1.0,
  "spacing_y": 1.0,
  "spacing_z": 1.0,
  "summary_bg_k": 4.845855173574724,
  "summary_bg_mad": 0.0,
  "summary_bg_mean": 7.850007352189601,
  "summary_bg_median": 0.0,
  "summary_bg_n": 2471958.0,
  "summary_bg_p05": 0.0,
  "summary_bg_p95": 29.2249855697155,
  "summary_bg_stdv": 10.59344057903471,
  "summary_csf_k": 5.18526868869295,
  "summary_csf_mad": 64.9455060452842,
  "summary_csf_mean": 140.5759725635404,
  "summary_csf_median": 114.95592993497849,
  "summary_csf_n": 35385.0,
  "summary_csf_p05": 36.74183329939842,
  "summary_csf_p95": 352.90304082632065,
  "summary_csf_stdv": 99.90427945007484,
  "summary_gm_k": 0.5012155180022004,
  "summary_gm_mad": 73.20780415163694,
  "summary_gm_mean": 649.6238332202479,
  "summary_gm_median": 647.744912981987,
  "summary_gm_n": 17550.0,
  "summary_gm_p05": 522.6153184473515,
  "summary_gm_p95": 783.6378558605909,
  "summary_gm_stdv": 79.02789523506563,
  "summary_wm_k": 1.9471347411627224,
  "summary_wm_mad": 93.28711001474994,
  "summary_wm_mean": 1016.3058739737199,
  "summary_wm_median": 1000.0647501051426,
  "summary_wm_n": 187201.0,
  "summary_wm_p05": 871.4359333515167,
  "summary_wm_p95": 1214.7485132813454,
  "summary_wm_stdv": 107.61271410204051,
  "tpm_overlap_csf": 0.15888740723693529,
  "tpm_overlap_gm": 0.45705243576744314,
  "tpm_overlap_wm": 0.48966807195163026,
  "wm2max": 0.2935769973586456
}