{
  "bids_meta": {
    "AcquisitionDateTime": "20200203114059.675000",
    "ConversionSoftware": "dicm2nii.m 20180808",
    "DeviceSerialNumber": "167032",
    "EchoTime": 0.00334,
    "FlipAngle": 7,
    "ImageType": [
      "ORIGINAL",
      "PRIMARY",
      "M",
      "ND"
    ],
    "InstitutionAddress": "Queen Square 12,London,Southeast,GB,WC1N 3BG",
    "InstitutionName": "Functional Imaging Laboratory",
    "InversionTime": 1.1,
    "MRAcquisitionType": "3D",
    "Manufacturer": "SIEMENS",
    "Modality": "MR",
    "PatientName": "MP02959",
    "PatientPosition": "HFS",
    "PhaseEncodingDirection": "j-",
    "RepetitionTime": 2.53,
    "ScanOptions": "IR",
    "ScanningSequence": "GR\\IR",
    "SequenceName": "*tfl3d1_16ns",
    "SequenceVariant": "SK\\SP\\MP",
    "SeriesDescription": "MPRAGE_64ch_Head",
    "SeriesNumber": 2,
    "SliceThickness": 1,
    "SoftwareVersion": "syngo MR E11",
    "dataset": "ds004081",
    "modality": "T1w",
    "subject_id": "MP02959"
  },
  "cjv": 0.5122163422674697,
  "cnr": 2.511839190534605,
  "efc": 0.5690329882993661,
  "fber": 7045.744187401666,
  "fwhm_avg": 4.166836666666667,
  "fwhm_x": 4.24427,
  "fwhm_y": 4.29964,
  "fwhm_z": 3.9566,
  "icvs_csf": 0.18017249522285814,
  "icvs_gm": 0.41961223735927744,
  "icvs_wm": 0.4002152674178644,
  "inu_med": 1.0064929127693176,
  "inu_range": 1.186599686741829,
  "provenance": {
    "md5sum": "0fdc2c2111b4f2349fd607e483a3e2ee",
    "settings": {
      "testing": false
    },
    "software": "mriqc",
    "version": "23.0.1",
    "warnings": {
      "large_rot_frame": true,
      "small_air_mask": false
    },
    "webapi_port": null,
    "webapi_url": "https://mriqc.nimh.nih.gov/api/v1"
  },
  "qi_1": 0.0,
  "qi_2": 0.0021498115426563454,
  "rpve_csf": 25.442374303908768,
  "rpve_gm": 11.251929259015848,
  "rpve_wm": 13.253010328917371,
  "size_x": 176,
  "size_y": 256,
  "size_z": 256,
  "snr_csf": 1.1240366890569287,
  "snr_gm": 8.214241142915311,
  "snr_total": 6.161629069491954,
  "snr_wm": 9.146609376503621,
  "snrd_csf": 7.300228959032707,
  "snrd_gm": 41.76879617678886,
  "snrd_total": 37.50023370002604,
  "snrd_wm": 63.43167596425654,
  "spacing_x": 1.0,
  "spacing_y": 1.0,
  "spacing_z": 1.0,
  "summary_bg_k": 3.302566911701714,
  "summary_bg_mad": 0.0,
  "summary_bg_mean": 7.505583491236357,
  "summary_bg_median": 0.0,
  "summary_bg_n": 1766210.0,
  "summary_bg_p05": 0.0,
  "summary_bg_p95": 27.16468620300293,
  "summary_bg_stdv": 10.328952252859038,
  "summary_csf_k": 6.116506449964852,
  "summary_csf_mad": 67.01915873672407,
  "summary_csf_mean": 141.54991775063053,
  "summary_csf_median": 115.09620951116085,
  "summary_csf_n": 26536.0,
  "summary_csf_p05": 37.75820640847087,
  "summary_csf_p95": 357.6329976543784,
  "summary_csf_stdv": 102.39349118295306,
  "summary_gm_k": 0.23034655757613143,
  "summary_gm_mad": 76.45847686865703,
  "summary_gm_mean": 660.1791485079966,
  "summary_gm_median": 658.5314163118601,
  "summary_gm_n": 29982.0,
  "summary_gm_p05": 529.1454499959946,
  "summary_gm_p95": 795.8404161036015,
  "summary_gm_stdv": 80.16814002050323,
  "summary_wm_k": 0.9320357567305404,
  "summary_wm_mad": 98.48355250983396,
  "summary_wm_mean": 1018.0793275651533,
  "summary_wm_median": 1000.0707522183657,
  "summary_wm_n": 229000.0,
  "summary_wm_p05": 872.3118374198675,
  "summary_wm_p95": 1227.0090682059526,
  "summary_wm_stdv": 109.33762747367629,
  "tpm_overlap_csf": 0.17248789686419916,
  "tpm_overlap_gm": 0.456719631084977,
  "tpm_overlap_wm": 0.4847020447223963,
  "wm2max": 0.27490520175012156
}