{
  "bids_meta": {
    "AcquisitionDateTime": "20201111104711.247500",
    "ConversionSoftware": "dicm2nii.m 20180808",
    "DeviceSerialNumber": "167032",
    "EchoTime": 0.00334,
    "FlipAngle": 7,
    "ImageType": [
      "ORIGINAL",
      "PRIMARY",
      "M",
      "ND"
    ],
    "InstitutionAddress": "Queen Square 12,London,Southeast,GB,WC1N 3BG",
    "InstitutionName": "Functional Imaging Laboratory",
    "InversionTime": 1.1,
    "MRAcquisitionType": "3D",
    "Manufacturer": "SIEMENS",
    "Modality": "MR",
    "PatientName": "MP03047",
    "PatientPosition": "HFS",
    "PhaseEncodingDirection": "j-",
    "RepetitionTime": 2.53,
    "ScanOptions": "IR",
    "ScanningSequence": "GR\\IR",
    "SequenceName": "*tfl3d1_16ns",
    "SequenceVariant": "SK\\SP\\MP",
    "SeriesDescription": "MPRAGE_64ch_Head",
    "SeriesNumber": 2,
    "SliceThickness": 1,
    "SoftwareVersion": "syngo MR E11",
    "dataset": "ds004081",
    "modality": "T1w",
    "subject_id": "MP03047"
  },
  "cjv": 0.4914339314756754,
  "cnr": 2.483838480720073,
  "efc": 0.5673936185583036,
  "fber": 5115.655328798186,
  "fwhm_avg": 4.294203333333333,
  "fwhm_x": 4.33003,
  "fwhm_y": 4.43427,
  "fwhm_z": 4.11831,
  "icvs_csf": 0.22132552751809934,
  "icvs_gm": 0.36321421148084665,
  "icvs_wm": 0.41546026100105404,
  "inu_med": 1.0232517719268799,
  "inu_range": 1.0738384783267962,
  "provenance": {
    "md5sum": "e98b3f0b6b420faa54eb51312312a81b",
    "settings": {
      "testing": false
    },
    "software": "mriqc",
    "version": "23.0.1",
    "warnings": {
      "large_rot_frame": true,
      "small_air_mask": false
    },
    "webapi_port": null,
    "webapi_url": "https://mriqc.nimh.nih.gov/api/v1"
  },
  "qi_1": 0.0,
  "qi_2": 0.0012494174366418265,
  "rpve_csf": 21.84677517818171,
  "rpve_gm": 12.231939622641509,
  "rpve_wm": 12.970360573102337,
  "size_x": 176,
  "size_y": 256,
  "size_z": 256,
  "snr_csf": 1.1275848256203935,
  "snr_gm": 7.723504421917148,
  "snr_total": 5.922415386498134,
  "snr_wm": 8.91615691195686,
  "snrd_csf": 6.576861513611069,
  "snrd_gm": 35.84437114364586,
  "snrd_total": 32.510994798429245,
  "snrd_wm": 55.11175173803082,
  "spacing_x": 1.0,
  "spacing_y": 1.0,
  "spacing_z": 1.0,
  "summary_bg_k": 42.462148681161445,
  "summary_bg_mad": 0.0,
  "summary_bg_mean": 8.632243840412764,
  "summary_bg_median": 0.0,
  "summary_bg_n": 2084454.0,
  "summary_bg_p05": 0.0,
  "summary_bg_p95": 30.859578251838684,
  "summary_bg_stdv": 11.888786596094349,
  "summary_csf_k": 2.465578156827868,
  "summary_csf_mad": 79.21324753261938,
  "summary_csf_mean": 149.95763268334883,
  "summary_csf_median": 119.35057036578655,
  "summary_csf_n": 42275.0,
  "summary_csf_p05": 34.25643481314182,
  "summary_csf_p95": 371.06339894235134,
  "summary_csf_stdv": 105.84494935381258,
  "summary_gm_k": 0.41749821645745167,
  "summary_gm_mad": 79.0425293267301,
  "summary_gm_mean": 653.7131845299112,
  "summary_gm_median": 650.46924456954,
  "summary_gm_n": 21986.0,
  "summary_gm_p05": 520.0788903795183,
  "summary_gm_p95": 799.0529322065413,
  "summary_gm_stdv": 84.21752821814869,
  "summary_wm_k": 1.1872398572238945,
  "summary_wm_mad": 92.78534490081601,
  "summary_wm_mean": 1022.2270130439564,
  "summary_wm_median": 1000.115175023675,
  "summary_wm_n": 247504.0,
  "summary_wm_p05": 878.7495202571154,
  "summary_wm_p95": 1246.761505678296,
  "summary_wm_stdv": 112.16863548895213,
  "tpm_overlap_csf": 0.171020920574741,
  "tpm_overlap_gm": 0.4213884406221238,
  "tpm_overlap_wm": 0.49024598622058135,
  "wm2max": 0.2937913305258173
}