{
  "aor": 0.002169945054945055,
  "aqi": 0.006179545604395604,
  "bids_meta": {
    "AcquisitionDateTime": "20200128115218.097500",
    "ConversionSoftware": "dicm2nii.m 20180808",
    "DeviceSerialNumber": "167032",
    "EchoTime": 0.03,
    "EchoTime1": 0.03,
    "EchoTime2": 0.03,
    "EffectiveEchoSpacing": 0.00048611111,
    "FlipAngle": 90,
    "ImageType": [
      "ORIGINAL",
      "PRIMARY",
      "M",
      "ND",
      "MOSAIC"
    ],
    "InstitutionAddress": "Queen Square 12,London,Southeast,GB,WC1N 3BG",
    "InstitutionName": "FIL",
    "MRAcquisitionType": "2D",
    "Manufacturer": "SIEMENS",
    "Modality": "MR",
    "PatientName": "MP02950",
    "PatientPosition": "HFS",
    "PhaseEncodingDirection": "j-",
    "RepetitionTime": 3.36,
    "ScanOptions": "FS",
    "ScanningSequence": "RM",
    "SequenceName": "ep2dv2o2d1",
    "SequenceVariant": "SP\\OSP",
    "SeriesDescription": "nc_epi2d_v2o_3mm_OFC_64ch",
    "SeriesNumber": 8,
    "SliceThickness": 2.5,
    "SliceTiming": [
      0,
      0,
      0,
      0,
      0,
      0,
      0,
      0,
      0,
      0,
      0,
      0,
      0,
      0,
      0,
      0,
      0,
      0,
      0,
      0,
      0,
      0,
      0,
      0,
      0,
      0,
      0,
      0,
      0,
      0,
      0,
      0,
      0,
      0,
      0,
      0,
      0,
      0,
      0,
      0,
      0,
      0,
      0,
      0,
      0,
      0,
      0,
      0
    ],
    "SoftwareVersion": "syngo MR E11",
    "TotalReadoutTime": 0.030625,
    "dataset": "ds004081",
    "deltaTE": 0,
    "modality": "bold",
    "run_id": 3,
    "subject_id": "MP02950",
    "task_id": "unequalVariance"
  },
  "dummy_trs": 2,
  "dvars_nstd": 33.598175312209925,
  "dvars_std": 1.2512067256906085,
  "dvars_vstd": 0.9735167382872935,
  "efc": 0.5912072244948928,
  "fber": 169.4173583984375,
  "fd_mean": 0.15145761910834188,
  "fd_num": 34,
  "fd_perc": 18.681318681318682,
  "fwhm_avg": 2.499934444444444,
  "fwhm_x": 2.3592833333333334,
  "fwhm_y": 2.527153333333333,
  "fwhm_z": 2.6133666666666664,
  "gcor": 0.0189801,
  "gsr_x": 0.0001153745106421411,
  "gsr_y": 0.022018592804670334,
  "provenance": {
    "md5sum": "f80860e1a0fde8e63a5e5e791b636a30",
    "settings": {
      "fd_thres": 0.2,
      "testing": false
    },
    "software": "mriqc",
    "version": "23.0.1",
    "webapi_port": null,
    "webapi_url": "https://mriqc.nimh.nih.gov/api/v1"
  },
  "size_t": 182,
  "size_x": 64,
  "size_y": 64,
  "size_z": 48,
  "snr": 2.5092986503473576,
  "spacing_tr": 3.359999895095825,
  "spacing_x": 3.0,
  "spacing_y": 3.0,
  "spacing_z": 3.0,
  "summary_bg_k": 27.004192379639107,
  "summary_bg_mad": 7.095309001225773,
  "summary_bg_mean": 81.67801666259766,
  "summary_bg_median": 52.79670333862305,
  "summary_bg_n": 112958.0,
  "summary_bg_p05": 46.63187026977539,
  "summary_bg_p95": 231.09149398803675,
  "summary_bg_stdv": 85.0849838256836,
  "summary_fg_k": 0.9675300695892606,
  "summary_fg_mad": 256.91377150806244,
  "summary_fg_mean": 753.279052734375,
  "summary_fg_median": 699.0439453125,
  "summary_fg_n": 40571.0,
  "summary_fg_p05": 405.1538543701172,
  "summary_fg_p95": 1301.3187255859375,
  "summary_fg_stdv": 278.5779724121094,
  "tsnr": 53.37493234407157
}