{
  "aor": 0.005221923076923077,
  "aqi": 0.00713349,
  "bids_meta": {
    "AcquisitionDateTime": "20200128120413.305000",
    "ConversionSoftware": "dicm2nii.m 20180808",
    "DeviceSerialNumber": "167032",
    "EchoTime": 0.03,
    "EchoTime1": 0.03,
    "EchoTime2": 0.03,
    "EffectiveEchoSpacing": 0.00048611111,
    "FlipAngle": 90,
    "ImageType": [
      "ORIGINAL",
      "PRIMARY",
      "M",
      "ND",
      "MOSAIC"
    ],
    "InstitutionAddress": "Queen Square 12,London,Southeast,GB,WC1N 3BG",
    "InstitutionName": "FIL",
    "MRAcquisitionType": "2D",
    "Manufacturer": "SIEMENS",
    "Modality": "MR",
    "PatientName": "MP02950",
    "PatientPosition": "HFS",
    "PhaseEncodingDirection": "j-",
    "RepetitionTime": 3.36,
    "ScanOptions": "FS",
    "ScanningSequence": "RM",
    "SequenceName": "ep2dv2o2d1",
    "SequenceVariant": "SP\\OSP",
    "SeriesDescription": "nc_epi2d_v2o_3mm_OFC_64ch",
    "SeriesNumber": 9,
    "SliceThickness": 2.5,
    "SliceTiming": [
      0,
      0.07,
      0.14,
      0.21,
      0.28,
      0.35,
      0.42,
      0.49,
      0.56,
      0.63,
      0.7,
      0.77,
      0.84,
      0.91,
      0.98,
      1.05,
      1.12,
      1.19,
      1.26,
      1.33,
      1.4,
      1.47,
      1.54,
      1.61,
      1.68,
      1.75,
      1.82,
      1.89,
      1.96,
      2.03,
      2.1,
      2.17,
      2.24,
      2.31,
      2.38,
      2.45,
      2.52,
      2.59,
      2.66,
      2.73,
      2.8,
      2.87,
      2.94,
      3.01,
      3.08,
      3.15,
      3.22,
      3.29
    ],
    "SoftwareVersion": "syngo MR E11",
    "TotalReadoutTime": 0.030625,
    "dataset": "ds004081",
    "deltaTE": 0,
    "modality": "bold",
    "run_id": 4,
    "subject_id": "MP02950",
    "task_id": "unequalVariance"
  },
  "dummy_trs": 2,
  "dvars_nstd": 37.18941486237568,
  "dvars_std": 1.3046100877348068,
  "dvars_vstd": 1.0284125292265196,
  "efc": 0.5919475539128985,
  "fber": 170.5821990966797,
  "fd_mean": 0.2031635582090549,
  "fd_num": 53,
  "fd_perc": 29.12087912087912,
  "fwhm_avg": 2.5165544444444445,
  "fwhm_x": 2.3525533333333333,
  "fwhm_y": 2.5413966666666665,
  "fwhm_z": 2.6557133333333334,
  "gcor": 0.0171014,
  "gsr_x": -0.0007767187780700624,
  "gsr_y": 0.022684743627905846,
  "provenance": {
    "md5sum": "796340765c665d7985b7fe380e01ea9b",
    "settings": {
      "fd_thres": 0.2,
      "testing": false
    },
    "software": "mriqc",
    "version": "23.0.1",
    "webapi_port": null,
    "webapi_url": "https://mriqc.nimh.nih.gov/api/v1"
  },
  "size_t": 182,
  "size_x": 64,
  "size_y": 64,
  "size_z": 48,
  "snr": 2.5029992940142036,
  "spacing_tr": 3.359999895095825,
  "spacing_x": 3.0,
  "spacing_y": 3.0,
  "spacing_z": 3.0,
  "summary_bg_k": 25.15790969169407,
  "summary_bg_mad": 6.622833608563885,
  "summary_bg_mean": 83.25755310058594,
  "summary_bg_median": 52.989013671875,
  "summary_bg_n": 113127.0,
  "summary_bg_p05": 47.840660095214844,
  "summary_bg_p95": 240.59890747070312,
  "summary_bg_stdv": 86.98283386230469,
  "summary_fg_k": 1.0745613474697295,
  "summary_fg_mad": 258.5470410052431,
  "summary_fg_mean": 759.27001953125,
  "summary_fg_median": 704.6236572265625,
  "summary_fg_n": 40348.0,
  "summary_fg_p05": 408.96539306640625,
  "summary_fg_p95": 1311.810485839844,
  "summary_fg_stdv": 281.50823974609375,
  "tsnr": 50.34641926223412
}