{
  "aor": 0.01137087912087912,
  "aqi": 0.013752850659340659,
  "bids_meta": {
    "AcquisitionDateTime": "20200128121558.017500",
    "ConversionSoftware": "dicm2nii.m 20180808",
    "DeviceSerialNumber": "167032",
    "EchoTime": 0.03,
    "EchoTime1": 0.03,
    "EchoTime2": 0.03,
    "EffectiveEchoSpacing": 0.00048611111,
    "FlipAngle": 90,
    "ImageType": [
      "ORIGINAL",
      "PRIMARY",
      "M",
      "ND",
      "MOSAIC"
    ],
    "InstitutionAddress": "Queen Square 12,London,Southeast,GB,WC1N 3BG",
    "InstitutionName": "FIL",
    "MRAcquisitionType": "2D",
    "Manufacturer": "SIEMENS",
    "Modality": "MR",
    "PatientName": "MP02950",
    "PatientPosition": "HFS",
    "PhaseEncodingDirection": "j-",
    "RepetitionTime": 3.36,
    "ScanOptions": "FS",
    "ScanningSequence": "RM",
    "SequenceName": "ep2dv2o2d1",
    "SequenceVariant": "SP\\OSP",
    "SeriesDescription": "nc_epi2d_v2o_3mm_OFC_64ch",
    "SeriesNumber": 10,
    "SliceThickness": 2.5,
    "SliceTiming": [
      0,
      0.07,
      0.14,
      0.21,
      0.28,
      0.35,
      0.42,
      0.49,
      0.56,
      0.63,
      0.7,
      0.77,
      0.84,
      0.91,
      0.98,
      1.05,
      1.12,
      1.19,
      1.26,
      1.33,
      1.4,
      1.47,
      1.54,
      1.61,
      1.68,
      1.75,
      1.82,
      1.89,
      1.96,
      2.03,
      2.1,
      2.17,
      2.24,
      2.31,
      2.38,
      2.45,
      2.52,
      2.59,
      2.66,
      2.73,
      2.8,
      2.87,
      2.94,
      3.01,
      3.08,
      3.15,
      3.22,
      3.29
    ],
    "SoftwareVersion": "syngo MR E11",
    "TotalReadoutTime": 0.030625,
    "dataset": "ds004081",
    "deltaTE": 0,
    "modality": "bold",
    "run_id": 5,
    "subject_id": "MP02950",
    "task_id": "unequalVariance"
  },
  "dummy_trs": 2,
  "dvars_nstd": 35.27490388243094,
  "dvars_std": 1.1753828789502763,
  "dvars_vstd": 0.9749075281215481,
  "efc": 0.5918026410583643,
  "fber": 165.08836364746094,
  "fd_mean": 0.18978284937196796,
  "fd_num": 52,
  "fd_perc": 28.571428571428573,
  "fwhm_avg": 2.479861111111111,
  "fwhm_x": 2.347906666666667,
  "fwhm_y": 2.51446,
  "fwhm_z": 2.5772166666666667,
  "gcor": 0.00754592,
  "gsr_x": 0.0011713920393958688,
  "gsr_y": 0.02010178379714489,
  "provenance": {
    "md5sum": "9509247fdbdd767bee401d6e4287a2e7",
    "settings": {
      "fd_thres": 0.2,
      "testing": false
    },
    "software": "mriqc",
    "version": "23.0.1",
    "webapi_port": null,
    "webapi_url": "https://mriqc.nimh.nih.gov/api/v1"
  },
  "size_t": 182,
  "size_x": 64,
  "size_y": 64,
  "size_z": 48,
  "snr": 2.5156043278805185,
  "spacing_tr": 3.359999895095825,
  "spacing_x": 3.0,
  "spacing_y": 3.0,
  "spacing_z": 3.0,
  "summary_bg_k": 24.90405520356723,
  "summary_bg_mad": 9.76725518996903,
  "summary_bg_mean": 82.7622299194336,
  "summary_bg_median": 53.96154022216797,
  "summary_bg_n": 112553.0,
  "summary_bg_p05": 43.41209030151367,
  "summary_bg_p95": 236.42418518066364,
  "summary_bg_stdv": 84.21391296386719,
  "summary_fg_k": 1.0692697133239255,
  "summary_fg_mad": 260.1193196640892,
  "summary_fg_mean": 761.0834350585938,
  "summary_fg_median": 707.6154174804688,
  "summary_fg_n": 40880.0,
  "summary_fg_p05": 407.8071594238281,
  "summary_fg_p95": 1311.5425781249992,
  "summary_fg_stdv": 281.2869873046875,
  "tsnr": 32.277460316196084
}