{
  "aor": 0.0018489560439560438,
  "aqi": 0.005588287032967033,
  "bids_meta": {
    "AcquisitionDateTime": "20200128114009.062500",
    "ConversionSoftware": "dicm2nii.m 20180808",
    "DeviceSerialNumber": "167032",
    "EchoTime": 0.03,
    "EchoTime1": 0.03,
    "EchoTime2": 0.03,
    "EffectiveEchoSpacing": 0.00048611111,
    "FlipAngle": 90,
    "ImageType": [
      "ORIGINAL",
      "PRIMARY",
      "M",
      "ND",
      "MOSAIC"
    ],
    "InstitutionAddress": "Queen Square 12,London,Southeast,GB,WC1N 3BG",
    "InstitutionName": "FIL",
    "MRAcquisitionType": "2D",
    "Manufacturer": "SIEMENS",
    "Modality": "MR",
    "PatientName": "MP02950",
    "PatientPosition": "HFS",
    "PhaseEncodingDirection": "j-",
    "RepetitionTime": 3.36,
    "ScanOptions": "FS",
    "ScanningSequence": "RM",
    "SequenceName": "ep2dv2o2d1",
    "SequenceVariant": "SP\\OSP",
    "SeriesDescription": "nc_epi2d_v2o_3mm_OFC_64ch",
    "SeriesNumber": 7,
    "SliceThickness": 2.5,
    "SliceTiming": [
      0,
      0.07,
      0.14,
      0.21,
      0.28,
      0.35,
      0.42,
      0.49,
      0.56,
      0.63,
      0.7,
      0.77,
      0.84,
      0.91,
      0.98,
      1.05,
      1.12,
      1.19,
      1.26,
      1.33,
      1.4,
      1.47,
      1.54,
      1.61,
      1.68,
      1.75,
      1.82,
      1.89,
      1.96,
      2.03,
      2.1,
      2.17,
      2.24,
      2.31,
      2.38,
      2.45,
      2.52,
      2.59,
      2.66,
      2.73,
      2.8,
      2.87,
      2.94,
      3.01,
      3.08,
      3.15,
      3.22,
      3.29
    ],
    "SoftwareVersion": "syngo MR E11",
    "TotalReadoutTime": 0.030625,
    "dataset": "ds004081",
    "deltaTE": 0,
    "modality": "bold",
    "run_id": 2,
    "subject_id": "MP02950",
    "task_id": "unequalVariance"
  },
  "dummy_trs": 2,
  "dvars_nstd": 30.37870449232044,
  "dvars_std": 1.235034216519337,
  "dvars_vstd": 0.9674387446961324,
  "efc": 0.5906305544509449,
  "fber": 167.43455505371094,
  "fd_mean": 0.10867791639568951,
  "fd_num": 12,
  "fd_perc": 6.593406593406593,
  "fwhm_avg": 2.485186666666667,
  "fwhm_x": 2.32804,
  "fwhm_y": 2.50631,
  "fwhm_z": 2.62121,
  "gcor": 0.0293506,
  "gsr_x": 0.0009658869239501655,
  "gsr_y": 0.022240683436393738,
  "provenance": {
    "md5sum": "9a2b6b17eabb60ada6a6984cbc41dd3e",
    "settings": {
      "fd_thres": 0.2,
      "testing": false
    },
    "software": "mriqc",
    "version": "23.0.1",
    "webapi_port": null,
    "webapi_url": "https://mriqc.nimh.nih.gov/api/v1"
  },
  "size_t": 182,
  "size_x": 64,
  "size_y": 64,
  "size_z": 48,
  "snr": 2.5010459956288127,
  "spacing_tr": 3.359999895095825,
  "spacing_x": 3.0,
  "spacing_y": 3.0,
  "spacing_z": 3.0,
  "summary_bg_k": 28.264018249866584,
  "summary_bg_mad": 7.9832392346125465,
  "summary_bg_mean": 80.72649383544922,
  "summary_bg_median": 52.70329666137695,
  "summary_bg_n": 112700.0,
  "summary_bg_p05": 44.659339904785156,
  "summary_bg_p95": 226.9288482666015,
  "summary_bg_stdv": 84.79100036621094,
  "summary_fg_k": 1.021204505080477,
  "summary_fg_mad": 255.61043167937981,
  "summary_fg_mean": 750.7671508789062,
  "summary_fg_median": 695.1923217773438,
  "summary_fg_n": 40684.0,
  "summary_fg_p05": 404.9766540527344,
  "summary_fg_p95": 1298.0313110351562,
  "summary_fg_stdv": 277.95721435546875,
  "tsnr": 55.663022997323424
}