{
  "aor": 0.001583131868131868,
  "aqi": 0.005325128021978022,
  "bids_meta": {
    "AcquisitionDateTime": "20200128112819.475000",
    "ConversionSoftware": "dicm2nii.m 20180808",
    "DeviceSerialNumber": "167032",
    "EchoTime": 0.03,
    "EchoTime1": 0.03,
    "EchoTime2": 0.03,
    "EffectiveEchoSpacing": 0.00048611111,
    "FlipAngle": 90,
    "ImageType": [
      "ORIGINAL",
      "PRIMARY",
      "M",
      "ND",
      "MOSAIC"
    ],
    "InstitutionAddress": "Queen Square 12,London,Southeast,GB,WC1N 3BG",
    "InstitutionName": "FIL",
    "MRAcquisitionType": "2D",
    "Manufacturer": "SIEMENS",
    "Modality": "MR",
    "PatientName": "MP02950",
    "PatientPosition": "HFS",
    "PhaseEncodingDirection": "j-",
    "RepetitionTime": 3.36,
    "ScanOptions": "FS",
    "ScanningSequence": "RM",
    "SequenceName": "ep2dv2o2d1",
    "SequenceVariant": "SP\\OSP",
    "SeriesDescription": "nc_epi2d_v2o_3mm_OFC_64ch",
    "SeriesNumber": 6,
    "SliceThickness": 2.5,
    "SliceTiming": [
      0,
      0,
      0,
      0,
      0,
      0,
      0,
      0,
      0,
      0,
      0,
      0,
      0,
      0,
      0,
      0,
      0,
      0,
      0,
      0,
      0,
      0,
      0,
      0,
      0,
      0,
      0,
      0,
      0,
      0,
      0,
      0,
      0,
      0,
      0,
      0,
      0,
      0,
      0,
      0,
      0,
      0,
      0,
      0,
      0,
      0,
      0,
      0
    ],
    "SoftwareVersion": "syngo MR E11",
    "TotalReadoutTime": 0.030625,
    "dataset": "ds004081",
    "deltaTE": 0,
    "modality": "bold",
    "run_id": 1,
    "subject_id": "MP02950",
    "task_id": "unequalVariance"
  },
  "dummy_trs": 2,
  "dvars_nstd": 27.25977056696133,
  "dvars_std": 1.2156897246408844,
  "dvars_vstd": 0.9722072784530388,
  "efc": 0.5902604575004463,
  "fber": 169.76043701171875,
  "fd_mean": 0.09372886706932937,
  "fd_num": 9,
  "fd_perc": 4.945054945054945,
  "fwhm_avg": 2.477601111111111,
  "fwhm_x": 2.30745,
  "fwhm_y": 2.5021566666666666,
  "fwhm_z": 2.6231966666666664,
  "gcor": 0.0322334,
  "gsr_x": -0.0003992746933363378,
  "gsr_y": 0.024905214086174965,
  "provenance": {
    "md5sum": "360acf5aebb4bc3ea5dc5f02442d8f05",
    "settings": {
      "fd_thres": 0.2,
      "testing": false
    },
    "software": "mriqc",
    "version": "23.0.1",
    "webapi_port": null,
    "webapi_url": "https://mriqc.nimh.nih.gov/api/v1"
  },
  "size_t": 182,
  "size_x": 64,
  "size_y": 64,
  "size_z": 48,
  "snr": 2.505752686354256,
  "spacing_tr": 3.359999895095825,
  "spacing_x": 3.0,
  "spacing_y": 3.0,
  "spacing_z": 3.0,
  "summary_bg_k": 33.40644789901655,
  "summary_bg_mad": 6.769462732697858,
  "summary_bg_mean": 78.43441772460938,
  "summary_bg_median": 52.16483688354492,
  "summary_bg_n": 112277.0,
  "summary_bg_p05": 45.9450569152832,
  "summary_bg_p95": 209.83956909179682,
  "summary_bg_stdv": 80.72779846191406,
  "summary_fg_k": 1.048397277642115,
  "summary_fg_mad": 252.66965977404564,
  "summary_fg_mean": 746.84619140625,
  "summary_fg_median": 692.1373901367188,
  "summary_fg_n": 40839.0,
  "summary_fg_p05": 403.6241760253906,
  "summary_fg_p95": 1289.0796508789062,
  "summary_fg_stdv": 276.2159729003906,
  "tsnr": 55.84791464929003
}