{
  "aor": 0.0028795604395604395,
  "aqi": 0.004247512307692308,
  "bids_meta": {
    "AcquisitionDateTime": "20200221132045.270000",
    "ConversionSoftware": "dicm2nii.m 20180808",
    "DeviceSerialNumber": "167032",
    "EchoTime": 0.03,
    "EchoTime1": 0.03,
    "EchoTime2": 0.03,
    "EffectiveEchoSpacing": 0.00048611111,
    "FlipAngle": 90,
    "ImageType": [
      "ORIGINAL",
      "PRIMARY",
      "M",
      "ND",
      "MOSAIC"
    ],
    "InstitutionAddress": "Queen Square 12,London,Southeast,GB,WC1N 3BG",
    "InstitutionName": "Functional Imaging Laboratory",
    "MRAcquisitionType": "2D",
    "Manufacturer": "SIEMENS",
    "Modality": "MR",
    "PatientName": "MP02991",
    "PatientPosition": "HFS",
    "PhaseEncodingDirection": "j-",
    "RepetitionTime": 3.36,
    "ScanOptions": "FS",
    "ScanningSequence": "RM",
    "SequenceName": "ep2dv2o2d1",
    "SequenceVariant": "SP\\OSP",
    "SeriesDescription": "nc_epi2d_v2o_3mm_OFC_64ch",
    "SeriesNumber": 7,
    "SliceThickness": 2.5,
    "SliceTiming": [
      0,
      0,
      0,
      0,
      0,
      0,
      0,
      0,
      0,
      0,
      0,
      0,
      0,
      0,
      0,
      0,
      0,
      0,
      0,
      0,
      0,
      0,
      0,
      0,
      0,
      0,
      0,
      0,
      0,
      0,
      0,
      0,
      0,
      0,
      0,
      0,
      0,
      0,
      0,
      0,
      0,
      0,
      0,
      0,
      0,
      0,
      0,
      0
    ],
    "SoftwareVersion": "syngo MR E11",
    "TotalReadoutTime": 0.030625,
    "dataset": "ds004081",
    "deltaTE": 0,
    "modality": "bold",
    "run_id": 2,
    "subject_id": "MP02991",
    "task_id": "unequalVariance"
  },
  "dummy_trs": 2,
  "dvars_nstd": 21.670916204861875,
  "dvars_std": 1.2329362850276244,
  "dvars_vstd": 0.991703992430939,
  "efc": 0.6359648786500268,
  "fber": 151.2408905029297,
  "fd_mean": 0.0775588916950413,
  "fd_num": 1,
  "fd_perc": 0.5494505494505495,
  "fwhm_avg": 2.3966355555555556,
  "fwhm_x": 2.2466733333333333,
  "fwhm_y": 2.374356666666667,
  "fwhm_z": 2.5688766666666667,
  "gcor": 0.00599229,
  "gsr_x": -0.014215678907930851,
  "gsr_y": 0.05251380428671837,
  "provenance": {
    "md5sum": "f41dc175cf024ed23718729ff05af341",
    "settings": {
      "fd_thres": 0.2,
      "testing": false
    },
    "software": "mriqc",
    "version": "23.0.1",
    "webapi_port": null,
    "webapi_url": "https://mriqc.nimh.nih.gov/api/v1"
  },
  "size_t": 182,
  "size_x": 64,
  "size_y": 64,
  "size_z": 48,
  "snr": 2.6053550735512183,
  "spacing_tr": 3.359999895095825,
  "spacing_x": 3.0,
  "spacing_y": 3.0,
  "spacing_z": 3.0,
  "summary_bg_k": 13.602372331411697,
  "summary_bg_mad": 22.39381223462231,
  "summary_bg_mean": 117.1910171508789,
  "summary_bg_median": 65.46154022216797,
  "summary_bg_n": 100644.0,
  "summary_bg_p05": 47.80769348144531,
  "summary_bg_p95": 374.9088088989256,
  "summary_bg_stdv": 126.65155792236328,
  "summary_fg_k": 0.7800030251734702,
  "summary_fg_mad": 304.3365915663195,
  "summary_fg_mean": 885.6207885742188,
  "summary_fg_median": 830.813232421875,
  "summary_fg_n": 49626.0,
  "summary_fg_p05": 464.0247497558594,
  "summary_fg_p95": 1486.9519348144531,
  "summary_fg_stdv": 318.883544921875,
  "tsnr": 64.21807761117816
}