{
  "bids_meta": {
    "AcquisitionDateTime": "20200122103008.515000",
    "ConversionSoftware": "dicm2nii.m 20180808",
    "DeviceSerialNumber": "167032",
    "EchoTime": 0.00334,
    "FlipAngle": 7,
    "ImageType": [
      "ORIGINAL",
      "PRIMARY",
      "M",
      "ND"
    ],
    "InstitutionAddress": "Queen Square 12,London,Southeast,GB,WC1N 3BG",
    "InstitutionName": "FIL",
    "InversionTime": 1.1,
    "MRAcquisitionType": "3D",
    "Manufacturer": "SIEMENS",
    "Modality": "MR",
    "PatientName": "MP02937",
    "PatientPosition": "HFS",
    "PhaseEncodingDirection": "j-",
    "RepetitionTime": 2.53,
    "ScanOptions": "IR",
    "ScanningSequence": "GR\\IR",
    "SequenceName": "*tfl3d1_16ns",
    "SequenceVariant": "SK\\SP\\MP",
    "SeriesDescription": "MPRAGE_64ch_Head",
    "SeriesNumber": 2,
    "SliceThickness": 1,
    "SoftwareVersion": "syngo MR E11",
    "dataset": "ds004081",
    "modality": "T1w",
    "subject_id": "MP02937"
  },
  "cjv": 0.4987975007835986,
  "cnr": 2.4935061128103446,
  "efc": 0.5555121255308548,
  "fber": 6408.4796280864875,
  "fwhm_avg": 4.09308,
  "fwhm_x": 4.14312,
  "fwhm_y": 4.20133,
  "fwhm_z": 3.93479,
  "icvs_csf": 0.18113131876580804,
  "icvs_gm": 0.4068775435697822,
  "icvs_wm": 0.41199113766440976,
  "inu_med": 1.02443528175354,
  "inu_range": 1.098420003056526,
  "provenance": {
    "md5sum": "6c1db671a586e6aa633aa0009ddfed20",
    "settings": {
      "testing": false
    },
    "software": "mriqc",
    "version": "23.0.1",
    "warnings": {
      "large_rot_frame": true,
      "small_air_mask": false
    },
    "webapi_port": null,
    "webapi_url": "https://mriqc.nimh.nih.gov/api/v1"
  },
  "qi_1": 0.0,
  "qi_2": 0.002434108999624431,
  "rpve_csf": 25.21078879085521,
  "rpve_gm": 11.442449945952923,
  "rpve_wm": 13.007785003193936,
  "size_x": 176,
  "size_y": 256,
  "size_z": 256,
  "snr_csf": 1.0329471933995265,
  "snr_gm": 8.540347060942887,
  "snr_total": 6.27228283056575,
  "snr_wm": 9.243554237354838,
  "snrd_csf": 8.385535803604474,
  "snrd_gm": 44.637396175433835,
  "snrd_total": 39.99890264007153,
  "snrd_wm": 66.97377594117627,
  "spacing_x": 1.0,
  "spacing_y": 1.0,
  "spacing_z": 1.0,
  "summary_bg_k": 4.885296809355901,
  "summary_bg_mad": 0.0,
  "summary_bg_mean": 7.08884420512622,
  "summary_bg_median": 0.0,
  "summary_bg_n": 2215788.0,
  "summary_bg_p05": 0.0,
  "summary_bg_p95": 26.866460494697094,
  "summary_bg_stdv": 9.783275607632861,
  "summary_csf_k": 2.7113015092652963,
  "summary_csf_mad": 82.89419169805375,
  "summary_csf_mean": 163.9477132256417,
  "summary_csf_median": 125.2227900698781,
  "summary_csf_n": 22816.0,
  "summary_csf_p05": 36.61957975290716,
  "summary_csf_p95": 421.347954146564,
  "summary_csf_stdv": 121.2259897232757,
  "summary_gm_k": 0.24496363850818792,
  "summary_gm_mad": 75.16262009929785,
  "summary_gm_mean": 668.1707687185954,
  "summary_gm_median": 666.5786684900522,
  "summary_gm_n": 28629.0,
  "summary_gm_p05": 542.6760976091027,
  "summary_gm_p95": 800.1188394501805,
  "summary_gm_stdv": 78.04917317330462,
  "summary_wm_k": 1.239848344400123,
  "summary_wm_mad": 91.21297126633542,
  "summary_wm_mean": 1019.7789321344724,
  "summary_wm_median": 1000.132046572864,
  "summary_wm_n": 246709.0,
  "summary_wm_p05": 879.7280565425754,
  "summary_wm_p95": 1235.5271279588342,
  "summary_wm_stdv": 108.19756058576328,
  "tpm_overlap_csf": 0.18842975903535333,
  "tpm_overlap_gm": 0.45571883775997707,
  "tpm_overlap_wm": 0.497282940959722,
  "wm2max": 0.2683073003147289
}