{
  "bids_meta": {
    "AcquisitionDateTime": "20200128111718.465000",
    "ConversionSoftware": "dicm2nii.m 20180808",
    "DeviceSerialNumber": "167032",
    "EchoTime": 0.00334,
    "FlipAngle": 7,
    "ImageType": [
      "ORIGINAL",
      "PRIMARY",
      "M",
      "ND"
    ],
    "InstitutionAddress": "Queen Square 12,London,Southeast,GB,WC1N 3BG",
    "InstitutionName": "FIL",
    "InversionTime": 1.1,
    "MRAcquisitionType": "3D",
    "Manufacturer": "SIEMENS",
    "Modality": "MR",
    "PatientName": "MP02950",
    "PatientPosition": "HFS",
    "PhaseEncodingDirection": "j-",
    "RepetitionTime": 2.53,
    "ScanOptions": "IR",
    "ScanningSequence": "GR\\IR",
    "SequenceName": "*tfl3d1_16ns",
    "SequenceVariant": "SK\\SP\\MP",
    "SeriesDescription": "MPRAGE_64ch_Head",
    "SeriesNumber": 2,
    "SliceThickness": 1,
    "SoftwareVersion": "syngo MR E11",
    "dataset": "ds004081",
    "modality": "T1w",
    "subject_id": "MP02950"
  },
  "cjv": 0.43537800928676224,
  "cnr": 2.871883234944252,
  "efc": 0.5064549029715344,
  "fber": 6629.629240230112,
  "fwhm_avg": 4.382243333333333,
  "fwhm_x": 4.3886,
  "fwhm_y": 4.51573,
  "fwhm_z": 4.2424,
  "icvs_csf": 0.20806621228192357,
  "icvs_gm": 0.38666810645643335,
  "icvs_wm": 0.40526568126164303,
  "inu_med": 0.938167929649353,
  "inu_range": 1.0715450644493103,
  "provenance": {
    "md5sum": "3645d794e174aac5a7b774b2ce39a79e",
    "settings": {
      "testing": false
    },
    "software": "mriqc",
    "version": "23.0.1",
    "warnings": {
      "large_rot_frame": true,
      "small_air_mask": false
    },
    "webapi_port": null,
    "webapi_url": "https://mriqc.nimh.nih.gov/api/v1"
  },
  "qi_1": 0.0,
  "qi_2": 0.0035534433533467628,
  "rpve_csf": 26.219371510841427,
  "rpve_gm": 13.895822769188662,
  "rpve_wm": 16.117691275772415,
  "size_x": 176,
  "size_y": 256,
  "size_z": 256,
  "snr_csf": 1.1885925356225808,
  "snr_gm": 8.299023804127437,
  "snr_total": 7.0314716828198724,
  "snr_wm": 11.606798708709597,
  "snrd_csf": 8.10010258324757,
  "snrd_gm": 45.325210192953925,
  "snrd_total": 40.63944398965115,
  "snrd_wm": 68.49301919275194,
  "spacing_x": 1.0,
  "spacing_y": 1.0,
  "spacing_z": 1.0,
  "summary_bg_k": 3.039093064105641,
  "summary_bg_mad": 0.0,
  "summary_bg_mean": 6.841906028156316,
  "summary_bg_median": 0.0,
  "summary_bg_n": 2391524.0,
  "summary_bg_p05": 0.0,
  "summary_bg_p95": 26.73961127176881,
  "summary_bg_stdv": 9.565597683233824,
  "summary_csf_k": 5.726735535068201,
  "summary_csf_mad": 63.88641172975813,
  "summary_csf_mean": 143.95356220510405,
  "summary_csf_median": 118.26899330317974,
  "summary_csf_n": 30839.0,
  "summary_csf_p05": 37.43545578047633,
  "summary_csf_p95": 356.4666799195111,
  "summary_csf_stdv": 99.50178233496104,
  "summary_gm_k": 0.6742728812591281,
  "summary_gm_mad": 73.18229474892408,
  "summary_gm_mean": 663.9812530789469,
  "summary_gm_median": 661.7900113835931,
  "summary_gm_n": 15331.0,
  "summary_gm_p05": 537.5583921186626,
  "summary_gm_p95": 798.2542344257236,
  "summary_gm_stdv": 79.74051445773715,
  "summary_wm_k": 1.4203669560823462,
  "summary_wm_mad": 74.09365582923446,
  "summary_wm_mean": 1013.1092927449997,
  "summary_wm_median": 1000.0614615641534,
  "summary_wm_n": 220182.0,
  "summary_wm_p05": 897.5903535410762,
  "summary_wm_p95": 1178.8172996751964,
  "summary_wm_stdv": 86.16150031299426,
  "tpm_overlap_csf": 0.1838792962624583,
  "tpm_overlap_gm": 0.4554168030534447,
  "tpm_overlap_wm": 0.5231706130263385,
  "wm2max": 0.34611334909021346
}