{
  "bids_meta": {
    "AcquisitionDateTime": "20201125144049.565000",
    "ConversionSoftware": "dicm2nii.m 20180808",
    "DeviceSerialNumber": "167032",
    "EchoTime": 0.00334,
    "FlipAngle": 7,
    "ImageType": [
      "ORIGINAL",
      "PRIMARY",
      "M",
      "ND"
    ],
    "InstitutionAddress": "Queen Square 12,London,Southeast,GB,WC1N 3BG",
    "InstitutionName": "Functional Imaging Laboratory",
    "InversionTime": 1.1,
    "MRAcquisitionType": "3D",
    "Manufacturer": "SIEMENS",
    "Modality": "MR",
    "PatientName": "MP03058",
    "PatientPosition": "HFS",
    "PhaseEncodingDirection": "j-",
    "RepetitionTime": 2.53,
    "ScanOptions": "IR",
    "ScanningSequence": "GR\\IR",
    "SequenceName": "*tfl3d1_16ns",
    "SequenceVariant": "SK\\SP\\MP",
    "SeriesDescription": "MPRAGE_64ch_Head",
    "SeriesNumber": 2,
    "SliceThickness": 1,
    "SoftwareVersion": "syngo MR E11",
    "dataset": "ds004081",
    "modality": "T1w",
    "subject_id": "MP03058"
  },
  "cjv": 0.41054421082732995,
  "cnr": 3.0170177702654826,
  "efc": 0.5141890853590587,
  "fber": 8275.527220306403,
  "fwhm_avg": 4.21128,
  "fwhm_x": 4.34469,
  "fwhm_y": 4.26884,
  "fwhm_z": 4.02031,
  "icvs_csf": 0.17287531397238104,
  "icvs_gm": 0.4290793870269239,
  "icvs_wm": 0.3980452990006951,
  "inu_med": 0.9677675664424896,
  "inu_range": 1.097139599919319,
  "provenance": {
    "md5sum": "8f70cba8de68fc65c13bfef9f4ce7733",
    "settings": {
      "testing": false
    },
    "software": "mriqc",
    "version": "23.0.1",
    "warnings": {
      "large_rot_frame": true,
      "small_air_mask": false
    },
    "webapi_port": null,
    "webapi_url": "https://mriqc.nimh.nih.gov/api/v1"
  },
  "qi_1": 0.0,
  "qi_2": 0.0032259505514972233,
  "rpve_csf": 28.121012122803187,
  "rpve_gm": 12.014682440688858,
  "rpve_wm": 14.625112527364609,
  "size_x": 176,
  "size_y": 256,
  "size_z": 256,
  "snr_csf": 0.9381671823925228,
  "snr_gm": 8.464567256453915,
  "snr_total": 6.642330428174648,
  "snr_wm": 10.524256845677508,
  "snrd_csf": 7.39005169619297,
  "snrd_gm": 46.643875841016175,
  "snrd_total": 42.53533258569528,
  "snrd_wm": 73.5720702198767,
  "spacing_x": 1.0,
  "spacing_y": 1.0,
  "spacing_z": 1.0,
  "summary_bg_k": 3.710991804234035,
  "summary_bg_mad": 0.0,
  "summary_bg_mean": 6.380438345795646,
  "summary_bg_median": 0.0,
  "summary_bg_n": 2575687.0,
  "summary_bg_p05": 0.0,
  "summary_bg_p95": 23.469079989939928,
  "summary_bg_stdv": 8.905226195484554,
  "summary_csf_k": 6.415765715303452,
  "summary_csf_mad": 64.04483805272284,
  "summary_csf_mean": 130.91732235511338,
  "summary_csf_median": 100.45248890295625,
  "summary_csf_n": 25426.0,
  "summary_csf_p05": 27.450980450958014,
  "summary_csf_p95": 362.8657624665648,
  "summary_csf_stdv": 107.07101610420446,
  "summary_gm_k": 0.6543806285422464,
  "summary_gm_mad": 69.05393153170674,
  "summary_gm_mean": 635.838399818906,
  "summary_gm_median": 634.0271506793797,
  "summary_gm_n": 26801.0,
  "summary_gm_p05": 516.742082554847,
  "summary_gm_p95": 761.8099563829601,
  "summary_gm_stdv": 74.90227237101067,
  "summary_wm_k": 1.3083118849509008,
  "summary_wm_mad": 81.21887283781052,
  "summary_wm_mean": 1012.9385965731623,
  "summary_wm_median": 1000.0603339672089,
  "summary_wm_n": 217488.0,
  "summary_wm_p05": 880.0603337101638,
  "summary_wm_p95": 1191.5535470470786,
  "summary_wm_stdv": 95.02409999231307,
  "tpm_overlap_csf": 0.16091703894856627,
  "tpm_overlap_gm": 0.4601123211539151,
  "tpm_overlap_wm": 0.5018883302446487,
  "wm2max": 0.33755549220054576
}