{
  "bids_meta": {
    "AcquisitionDateTime": "20200124115650.825000",
    "ConversionSoftware": "dicm2nii.m 20180808",
    "DeviceSerialNumber": "167032",
    "EchoTime": 0.00334,
    "FlipAngle": 7,
    "ImageType": [
      "ORIGINAL",
      "PRIMARY",
      "M",
      "ND"
    ],
    "InstitutionAddress": "Queen Square 12,London,Southeast,GB,WC1N 3BG",
    "InstitutionName": "Functional Imaging Laboratory",
    "InversionTime": 1.1,
    "MRAcquisitionType": "3D",
    "Manufacturer": "SIEMENS",
    "Modality": "MR",
    "PatientName": "MP02941",
    "PatientPosition": "HFS",
    "PhaseEncodingDirection": "j-",
    "RepetitionTime": 2.53,
    "ScanOptions": "IR",
    "ScanningSequence": "GR\\IR",
    "SequenceName": "*tfl3d1_16ns",
    "SequenceVariant": "SK\\SP\\MP",
    "SeriesDescription": "MPRAGE_64ch_Head",
    "SeriesNumber": 2,
    "SliceThickness": 1,
    "SoftwareVersion": "syngo MR E11",
    "dataset": "ds004081",
    "modality": "T1w",
    "subject_id": "MP02941"
  },
  "cjv": 0.4422774322308461,
  "cnr": 2.892464632436288,
  "efc": 0.48723607565707605,
  "fber": 7695.64618710869,
  "fwhm_avg": 4.141066666666667,
  "fwhm_x": 4.27012,
  "fwhm_y": 4.14784,
  "fwhm_z": 4.00524,
  "icvs_csf": 0.20627371675290987,
  "icvs_gm": 0.40937293664854957,
  "icvs_wm": 0.38435334659854054,
  "inu_med": 0.9409348964691162,
  "inu_range": 1.0668238997459407,
  "provenance": {
    "md5sum": "1bb2d2f1a5e398b02044930fd51e02cf",
    "settings": {
      "testing": false
    },
    "software": "mriqc",
    "version": "23.0.1",
    "warnings": {
      "large_rot_frame": true,
      "small_air_mask": false
    },
    "webapi_port": null,
    "webapi_url": "https://mriqc.nimh.nih.gov/api/v1"
  },
  "qi_1": 0.0,
  "qi_2": 0.0032371327595770247,
  "rpve_csf": 28.78852379207717,
  "rpve_gm": 14.42432912841133,
  "rpve_wm": 17.427290876057906,
  "size_x": 176,
  "size_y": 256,
  "size_z": 256,
  "snr_csf": 1.0337329713746946,
  "snr_gm": 8.289040624331394,
  "snr_total": 6.736939250837323,
  "snr_wm": 10.88804415680588,
  "snrd_csf": 6.522366462220154,
  "snrd_gm": 42.58840581461508,
  "snrd_total": 38.22422938245311,
  "snrd_wm": 65.5619158705241,
  "spacing_x": 1.0,
  "spacing_y": 1.0,
  "spacing_z": 1.0,
  "summary_bg_k": 3.3986740665414352,
  "summary_bg_mad": 0.0,
  "summary_bg_mean": 7.477046307337681,
  "summary_bg_median": 0.0,
  "summary_bg_n": 3064894.0,
  "summary_bg_p05": 0.0,
  "summary_bg_p95": 25.855300836265087,
  "summary_bg_stdv": 9.99375777916278,
  "summary_csf_k": 5.910401862696219,
  "summary_csf_mad": 59.20430798816306,
  "summary_csf_mean": 124.567036482015,
  "summary_csf_median": 99.49523575603962,
  "summary_csf_n": 33186.0,
  "summary_csf_p05": 27.706114128232002,
  "summary_csf_p95": 333.46888274885714,
  "summary_csf_stdv": 96.2470381089613,
  "summary_gm_k": 0.3554130583280708,
  "summary_gm_mad": 73.75592863132111,
  "summary_gm_mean": 651.6997381242759,
  "summary_gm_median": 649.6635081060231,
  "summary_gm_n": 20936.0,
  "summary_gm_p05": 525.406633913517,
  "summary_gm_p95": 784.7027718555182,
  "summary_gm_stdv": 78.37432845362122,
  "summary_wm_k": 1.1085470750334183,
  "summary_wm_mad": 81.2396192478024,
  "summary_wm_mean": 1012.0427136272401,
  "summary_wm_median": 1000.1122006773949,
  "summary_wm_n": 179244.0,
  "summary_wm_p05": 882.3892582580447,
  "summary_wm_p95": 1182.0527558028698,
  "summary_wm_stdv": 91.8539084213507,
  "tpm_overlap_csf": 0.16639932871997806,
  "tpm_overlap_gm": 0.45707679208857366,
  "tpm_overlap_wm": 0.4997483914751208,
  "wm2max": 0.36764232146166603
}