{
  "aor": 0.0011445604395604395,
  "aqi": 0.004355817967032967,
  "bids_meta": {
    "AcquisitionDateTime": "20201202111434.835000",
    "ConversionSoftware": "dicm2nii.m 20180808",
    "DeviceSerialNumber": "167032",
    "EchoTime": 0.03,
    "EchoTime1": 0.03,
    "EchoTime2": 0.03,
    "EffectiveEchoSpacing": 0.00048611111,
    "FlipAngle": 90,
    "ImageType": [
      "ORIGINAL",
      "PRIMARY",
      "M",
      "ND",
      "MOSAIC"
    ],
    "InstitutionAddress": "Queen Square 12,London,Southeast,GB,WC1N 3BG",
    "InstitutionName": "Functional Imaging Laboratory",
    "MRAcquisitionType": "2D",
    "Manufacturer": "SIEMENS",
    "Modality": "MR",
    "PatientName": "MP03062",
    "PatientPosition": "HFS",
    "PhaseEncodingDirection": "j-",
    "RepetitionTime": 3.36,
    "ScanOptions": "FS",
    "ScanningSequence": "RM",
    "SequenceName": "ep2dv2o2d1",
    "SequenceVariant": "SP\\OSP",
    "SeriesDescription": "nc_epi2d_v2o_3mm_OFC_64ch",
    "SeriesNumber": 9,
    "SliceThickness": 2.5,
    "SliceTiming": [
      0,
      0,
      0,
      0,
      0,
      0,
      0,
      0,
      0,
      0,
      0,
      0,
      0,
      0,
      0,
      0,
      0,
      0,
      0,
      0,
      0,
      0,
      0,
      0,
      0,
      0,
      0,
      0,
      0,
      0,
      0,
      0,
      0,
      0,
      0,
      0,
      0,
      0,
      0,
      0,
      0,
      0,
      0,
      0,
      0,
      0,
      0,
      0
    ],
    "SoftwareVersion": "syngo MR E11",
    "TotalReadoutTime": 0.030625,
    "dataset": "ds004081",
    "deltaTE": 0,
    "modality": "bold",
    "run_id": 3,
    "subject_id": "MP03062",
    "task_id": "unequalVariance"
  },
  "dummy_trs": 2,
  "dvars_nstd": 28.522324388287284,
  "dvars_std": 1.4290526197790057,
  "dvars_vstd": 0.9439080731491712,
  "efc": 0.5735329607156996,
  "fber": 200.21913146972656,
  "fd_mean": 0.048689714478667746,
  "fd_num": 0,
  "fd_perc": 0.0,
  "fwhm_avg": 2.537004444444444,
  "fwhm_x": 2.3876466666666665,
  "fwhm_y": 2.61453,
  "fwhm_z": 2.6088366666666665,
  "gcor": 0.0036856,
  "gsr_x": -0.011435024440288544,
  "gsr_y": 0.05262335389852524,
  "provenance": {
    "md5sum": "7261c7405c535d1294552cbe8f963835",
    "settings": {
      "fd_thres": 0.2,
      "testing": false
    },
    "software": "mriqc",
    "version": "23.0.1",
    "webapi_port": null,
    "webapi_url": "https://mriqc.nimh.nih.gov/api/v1"
  },
  "size_t": 182,
  "size_x": 64,
  "size_y": 64,
  "size_z": 48,
  "snr": 2.394146050173226,
  "spacing_tr": 3.359999895095825,
  "spacing_x": 3.0,
  "spacing_y": 3.0,
  "spacing_z": 3.0,
  "summary_bg_k": 25.9549228175567,
  "summary_bg_mad": 8.211332753717812,
  "summary_bg_mean": 93.61954498291016,
  "summary_bg_median": 54.736263275146484,
  "summary_bg_n": 117129.0,
  "summary_bg_p05": 48.340660095214844,
  "summary_bg_p95": 298.99452514648317,
  "summary_bg_stdv": 105.25748443603516,
  "summary_fg_k": 1.9405953890359005,
  "summary_fg_mad": 308.3894056263909,
  "summary_fg_mean": 851.9228515625,
  "summary_fg_median": 791.6318969726562,
  "summary_fg_n": 37381.0,
  "summary_fg_p05": 441.0769348144531,
  "summary_fg_p95": 1481.2802734375,
  "summary_fg_stdv": 330.6487121582031,
  "tsnr": 70.3623746256344
}