{
  "aor": 0.0006077094972067039,
  "aqi": 0.003054943016759777,
  "bids_meta": {
    "AcquisitionDateTime": "20201202113834.010000",
    "ConversionSoftware": "dicm2nii.m 20180808",
    "DeviceSerialNumber": "167032",
    "EchoTime": 0.03,
    "EchoTime1": 0.03,
    "EchoTime2": 0.03,
    "EffectiveEchoSpacing": 0.00048611111,
    "FlipAngle": 90,
    "ImageType": [
      "ORIGINAL",
      "PRIMARY",
      "M",
      "ND",
      "MOSAIC"
    ],
    "InstitutionAddress": "Queen Square 12,London,Southeast,GB,WC1N 3BG",
    "InstitutionName": "Functional Imaging Laboratory",
    "MRAcquisitionType": "2D",
    "Manufacturer": "SIEMENS",
    "Modality": "MR",
    "PatientName": "MP03062",
    "PatientPosition": "HFS",
    "PhaseEncodingDirection": "j-",
    "RepetitionTime": 3.36,
    "ScanOptions": "FS",
    "ScanningSequence": "RM",
    "SequenceName": "ep2dv2o2d1",
    "SequenceVariant": "SP\\OSP",
    "SeriesDescription": "nc_epi2d_v2o_3mm_OFC_64ch",
    "SeriesNumber": 12,
    "SliceThickness": 2.5,
    "SliceTiming": [
      0,
      0.07,
      0.14,
      0.21,
      0.28,
      0.35,
      0.42,
      0.49,
      0.56,
      0.63,
      0.7,
      0.77,
      0.84,
      0.91,
      0.98,
      1.05,
      1.12,
      1.19,
      1.26,
      1.33,
      1.4,
      1.47,
      1.54,
      1.61,
      1.68,
      1.75,
      1.82,
      1.89,
      1.96,
      2.03,
      2.1,
      2.17,
      2.24,
      2.31,
      2.38,
      2.45,
      2.52,
      2.59,
      2.66,
      2.73,
      2.8,
      2.87,
      2.94,
      3.01,
      3.08,
      3.15,
      3.22,
      3.29
    ],
    "SoftwareVersion": "syngo MR E11",
    "TotalReadoutTime": 0.030625,
    "dataset": "ds004081",
    "deltaTE": 0,
    "modality": "bold",
    "run_id": 5,
    "subject_id": "MP03062",
    "task_id": "unequalVariance"
  },
  "dummy_trs": 5,
  "dvars_nstd": 32.021752796685384,
  "dvars_std": 1.5893795303370784,
  "dvars_vstd": 0.9667419539887631,
  "efc": 0.5752439081216663,
  "fber": 197.59930419921875,
  "fd_mean": 0.04929814347261457,
  "fd_num": 0,
  "fd_perc": 0.0,
  "fwhm_avg": 2.5329255555555554,
  "fwhm_x": 2.385013333333333,
  "fwhm_y": 2.595943333333333,
  "fwhm_z": 2.61782,
  "gcor": 0.00879016,
  "gsr_x": -0.009587163105607033,
  "gsr_y": 0.05388602241873741,
  "provenance": {
    "md5sum": "6ab17ec6ecc9149d3d7f181dc9385755",
    "settings": {
      "fd_thres": 0.2,
      "testing": false
    },
    "software": "mriqc",
    "version": "23.0.1",
    "webapi_port": null,
    "webapi_url": "https://mriqc.nimh.nih.gov/api/v1"
  },
  "size_t": 179,
  "size_x": 64,
  "size_y": 64,
  "size_z": 48,
  "snr": 2.391365086176673,
  "spacing_tr": 3.359999895095825,
  "spacing_x": 3.0,
  "spacing_y": 3.0,
  "spacing_z": 3.0,
  "summary_bg_k": 25.482514465567064,
  "summary_bg_mad": 8.315821416387532,
  "summary_bg_mean": 94.23435974121094,
  "summary_bg_median": 54.888267517089844,
  "summary_bg_n": 117089.0,
  "summary_bg_p05": 48.32960891723633,
  "summary_bg_p95": 302.65027465820293,
  "summary_bg_stdv": 106.14976501464844,
  "summary_fg_k": 1.918780710023067,
  "summary_fg_mad": 306.5839320263162,
  "summary_fg_mean": 847.8765869140625,
  "summary_fg_median": 787.284912109375,
  "summary_fg_n": 37503.0,
  "summary_fg_p05": 439.2810028076172,
  "summary_fg_p95": 1473.4982543945314,
  "summary_fg_stdv": 329.2154846191406,
  "tsnr": 80.08239350980148
}