{
  "aor": 0.0006923626373626372,
  "aqi": 0.0027909574725274726,
  "bids_meta": {
    "AcquisitionDateTime": "20201202110251.222500",
    "ConversionSoftware": "dicm2nii.m 20180808",
    "DeviceSerialNumber": "167032",
    "EchoTime": 0.03,
    "EchoTime1": 0.03,
    "EchoTime2": 0.03,
    "EffectiveEchoSpacing": 0.00048611111,
    "FlipAngle": 90,
    "ImageType": [
      "ORIGINAL",
      "PRIMARY",
      "M",
      "ND",
      "MOSAIC"
    ],
    "InstitutionAddress": "Queen Square 12,London,Southeast,GB,WC1N 3BG",
    "InstitutionName": "Functional Imaging Laboratory",
    "MRAcquisitionType": "2D",
    "Manufacturer": "SIEMENS",
    "Modality": "MR",
    "PatientName": "MP03062",
    "PatientPosition": "HFS",
    "PhaseEncodingDirection": "j-",
    "RepetitionTime": 3.36,
    "ScanOptions": "FS",
    "ScanningSequence": "RM",
    "SequenceName": "ep2dv2o2d1",
    "SequenceVariant": "SP\\OSP",
    "SeriesDescription": "nc_epi2d_v2o_3mm_OFC_64ch",
    "SeriesNumber": 8,
    "SliceThickness": 2.5,
    "SliceTiming": [
      0,
      0,
      0,
      0,
      0,
      0,
      0,
      0,
      0,
      0,
      0,
      0,
      0,
      0,
      0,
      0,
      0,
      0,
      0,
      0,
      0,
      0,
      0,
      0,
      0,
      0,
      0,
      0,
      0,
      0,
      0,
      0,
      0,
      0,
      0,
      0,
      0,
      0,
      0,
      0,
      0,
      0,
      0,
      0,
      0,
      0,
      0,
      0
    ],
    "SoftwareVersion": "syngo MR E11",
    "TotalReadoutTime": 0.030625,
    "dataset": "ds004081",
    "deltaTE": 0,
    "modality": "bold",
    "run_id": 2,
    "subject_id": "MP03062",
    "task_id": "unequalVariance"
  },
  "dummy_trs": 2,
  "dvars_nstd": 29.395939484640888,
  "dvars_std": 1.5348473954696134,
  "dvars_vstd": 0.9778692772375696,
  "efc": 0.5730105878198659,
  "fber": 201.07261657714844,
  "fd_mean": 0.04760018104569073,
  "fd_num": 0,
  "fd_perc": 0.0,
  "fwhm_avg": 2.5363544444444446,
  "fwhm_x": 2.3763566666666667,
  "fwhm_y": 2.6096033333333333,
  "fwhm_z": 2.6231033333333333,
  "gcor": 0.0152937,
  "gsr_x": -0.01200070045888424,
  "gsr_y": 0.052142105996608734,
  "provenance": {
    "md5sum": "91db1594db5d9ae25b536da1a4cb557c",
    "settings": {
      "fd_thres": 0.2,
      "testing": false
    },
    "software": "mriqc",
    "version": "23.0.1",
    "webapi_port": null,
    "webapi_url": "https://mriqc.nimh.nih.gov/api/v1"
  },
  "size_t": 182,
  "size_x": 64,
  "size_y": 64,
  "size_z": 48,
  "snr": 2.397410464770943,
  "spacing_tr": 3.359999895095825,
  "spacing_x": 3.0,
  "spacing_y": 3.0,
  "spacing_z": 3.0,
  "summary_bg_k": 26.123188891286837,
  "summary_bg_mad": 8.105435827069487,
  "summary_bg_mean": 93.122802734375,
  "summary_bg_median": 54.66483688354492,
  "summary_bg_n": 117198.0,
  "summary_bg_p05": 48.43955993652344,
  "summary_bg_p95": 296.9310607910155,
  "summary_bg_stdv": 104.50550079345703,
  "summary_fg_k": 1.9382012362194603,
  "summary_fg_mad": 308.7234073835017,
  "summary_fg_mean": 852.1520385742188,
  "summary_fg_median": 792.4588012695312,
  "summary_fg_n": 37364.0,
  "summary_fg_p05": 440.86346435546875,
  "summary_fg_p95": 1481.4818725585935,
  "summary_fg_stdv": 330.54339599609375,
  "tsnr": 82.34218641975895
}