{
  "aor": 0.0022646703296703295,
  "aqi": 0.003995886978021977,
  "bids_meta": {
    "AcquisitionDateTime": "20200217121319.972500",
    "ConversionSoftware": "dicm2nii.m 20180808",
    "DeviceSerialNumber": "167032",
    "EchoTime": 0.03,
    "EchoTime1": 0.03,
    "EchoTime2": 0.03,
    "EffectiveEchoSpacing": 0.00048611111,
    "FlipAngle": 90,
    "ImageType": [
      "ORIGINAL",
      "PRIMARY",
      "M",
      "ND",
      "MOSAIC"
    ],
    "InstitutionAddress": "Queen Square 12,London,Southeast,GB,WC1N 3BG",
    "InstitutionName": "Functional Imaging Laboratory",
    "MRAcquisitionType": "2D",
    "Manufacturer": "SIEMENS",
    "Modality": "MR",
    "PatientName": "MP02984",
    "PatientPosition": "HFS",
    "PhaseEncodingDirection": "j-",
    "RepetitionTime": 3.36,
    "ScanOptions": "FS",
    "ScanningSequence": "RM",
    "SequenceName": "ep2dv2o2d1",
    "SequenceVariant": "SP\\OSP",
    "SeriesDescription": "nc_epi2d_v2o_3mm_OFC_64ch",
    "SeriesNumber": 14,
    "SliceThickness": 2.5,
    "SliceTiming": [
      0,
      0,
      0,
      0,
      0,
      0,
      0,
      0,
      0,
      0,
      0,
      0,
      0,
      0,
      0,
      0,
      0,
      0,
      0,
      0,
      0,
      0,
      0,
      0,
      0,
      0,
      0,
      0,
      0,
      0,
      0,
      0,
      0,
      0,
      0,
      0,
      0,
      0,
      0,
      0,
      0,
      0,
      0,
      0,
      0,
      0,
      0,
      0
    ],
    "SoftwareVersion": "syngo MR E11",
    "TotalReadoutTime": 0.030625,
    "dataset": "ds004081",
    "deltaTE": 0,
    "modality": "bold",
    "run_id": 5,
    "subject_id": "MP02984",
    "task_id": "unequalVariance"
  },
  "dummy_trs": 2,
  "dvars_nstd": 35.86442395220994,
  "dvars_std": 1.5144559818784522,
  "dvars_vstd": 0.9987195865745854,
  "efc": 0.5754247781558169,
  "fber": 177.1761474609375,
  "fd_mean": 0.0721088900828623,
  "fd_num": 10,
  "fd_perc": 5.4945054945054945,
  "fwhm_avg": 2.863477777777778,
  "fwhm_x": 2.7420299999999997,
  "fwhm_y": 2.86754,
  "fwhm_z": 2.980863333333333,
  "gcor": 0.0166066,
  "gsr_x": 0.003976576961576939,
  "gsr_y": 0.04359777271747589,
  "provenance": {
    "md5sum": "f0302f7041b11b28ad94428990dc56c7",
    "settings": {
      "fd_thres": 0.2,
      "testing": false
    },
    "software": "mriqc",
    "version": "23.0.1",
    "webapi_port": null,
    "webapi_url": "https://mriqc.nimh.nih.gov/api/v1"
  },
  "size_t": 182,
  "size_x": 64,
  "size_y": 64,
  "size_z": 48,
  "snr": 2.1091304815655776,
  "spacing_tr": 3.359999895095825,
  "spacing_x": 3.0,
  "spacing_y": 3.0,
  "spacing_z": 3.0,
  "summary_bg_k": 20.71203143874194,
  "summary_bg_mad": 11.372042689574315,
  "summary_bg_mean": 94.88017272949219,
  "summary_bg_median": 57.126373291015625,
  "summary_bg_n": 112472.0,
  "summary_bg_p05": 48.21428680419922,
  "summary_bg_p95": 286.8483581542967,
  "summary_bg_stdv": 98.49407958984375,
  "summary_fg_k": 1.7803790188698878,
  "summary_fg_mad": 344.23247254174703,
  "summary_fg_mean": 871.8615112304688,
  "summary_fg_median": 792.4176025390625,
  "summary_fg_n": 38941.0,
  "summary_fg_p05": 428.6044006347656,
  "summary_fg_p95": 1602.313232421875,
  "summary_fg_stdv": 375.703369140625,
  "tsnr": 68.15707957139239
}