{
  "aor": 0.007025081967213115,
  "aqi": 0.00459696169398907,
  "bids_meta": {
    "AcquisitionDateTime": "20200217111939.520000",
    "ConversionSoftware": "dicm2nii.m 20180808",
    "DeviceSerialNumber": "167032",
    "EchoTime": 0.03,
    "EchoTime1": 0.03,
    "EchoTime2": 0.03,
    "EffectiveEchoSpacing": 0.00052083333,
    "FlipAngle": 90,
    "ImageType": [
      "ORIGINAL",
      "PRIMARY",
      "M",
      "ND",
      "MOSAIC"
    ],
    "InstitutionAddress": "Queen Square 12,London,Southeast,GB,WC1N 3BG",
    "InstitutionName": "Functional Imaging Laboratory",
    "MRAcquisitionType": "2D",
    "Manufacturer": "SIEMENS",
    "Modality": "MR",
    "PatientName": "MP02984",
    "PatientPosition": "HFS",
    "PhaseEncodingDirection": "j-",
    "RepetitionTime": 3.36,
    "ScanOptions": "FS",
    "ScanningSequence": "RM",
    "SequenceName": "ep2dv2o2d1",
    "SequenceVariant": "SP\\OSP",
    "SeriesDescription": "nc_epi2d_v2o_3mm_OFC_64ch",
    "SeriesNumber": 6,
    "SliceThickness": 2.5,
    "SliceTiming": [
      0,
      0.07,
      0.14,
      0.21,
      0.28,
      0.35,
      0.42,
      0.49,
      0.56,
      0.63,
      0.7,
      0.77,
      0.84,
      0.91,
      0.98,
      1.05,
      1.12,
      1.19,
      1.26,
      1.33,
      1.4,
      1.47,
      1.54,
      1.61,
      1.68,
      1.75,
      1.82,
      1.89,
      1.96,
      2.03,
      2.1,
      2.17,
      2.24,
      2.31,
      2.38,
      2.45,
      2.52,
      2.59,
      2.66,
      2.73,
      2.8,
      2.87,
      2.94,
      3.01,
      3.08,
      3.15,
      3.22,
      3.29
    ],
    "SoftwareVersion": "syngo MR E11",
    "TotalReadoutTime": 0.0328125,
    "dataset": "ds004081",
    "deltaTE": 0,
    "modality": "bold",
    "run_id": 1,
    "subject_id": "MP02984",
    "task_id": "unequalVariance"
  },
  "dummy_trs": 1,
  "dvars_nstd": 29.808265465879117,
  "dvars_std": 1.415919043901099,
  "dvars_vstd": 1.0289619759340658,
  "efc": 0.5723945274987503,
  "fber": 186.8736572265625,
  "fd_mean": 0.06897120156211003,
  "fd_num": 6,
  "fd_perc": 3.278688524590164,
  "fwhm_avg": 2.759956666666667,
  "fwhm_x": 2.646246666666667,
  "fwhm_y": 2.734776666666667,
  "fwhm_z": 2.898846666666667,
  "gcor": 0.0144911,
  "gsr_x": 0.0012386712478473783,
  "gsr_y": 0.04052029177546501,
  "provenance": {
    "md5sum": "faedc30e46c02d757b8189a50a9f7bbd",
    "settings": {
      "fd_thres": 0.2,
      "testing": false
    },
    "software": "mriqc",
    "version": "23.0.1",
    "webapi_port": null,
    "webapi_url": "https://mriqc.nimh.nih.gov/api/v1"
  },
  "size_t": 183,
  "size_x": 64,
  "size_y": 64,
  "size_z": 48,
  "snr": 2.1682875029466935,
  "spacing_tr": 3.359999895095825,
  "spacing_x": 3.0,
  "spacing_y": 3.0,
  "spacing_z": 3.0,
  "summary_bg_k": 23.628571892512056,
  "summary_bg_mad": 11.390921344837725,
  "summary_bg_mean": 92.7337646484375,
  "summary_bg_median": 56.098358154296875,
  "summary_bg_n": 114189.0,
  "summary_bg_p05": 46.61748504638672,
  "summary_bg_p95": 279.19453124999995,
  "summary_bg_stdv": 97.04913330078125,
  "summary_fg_k": 1.5348675280595998,
  "summary_fg_mad": 343.98398464550576,
  "summary_fg_mean": 868.532958984375,
  "summary_fg_median": 793.3688354492188,
  "summary_fg_n": 38448.0,
  "summary_fg_p05": 431.220751953125,
  "summary_fg_p95": 1578.6507934570316,
  "summary_fg_stdv": 365.8917541503906,
  "tsnr": 57.79797111265361
}