{
  "aor": 0.002472252747252747,
  "aqi": 0.004606436043956044,
  "bids_meta": {
    "AcquisitionDateTime": "20200217113121.125000",
    "ConversionSoftware": "dicm2nii.m 20180808",
    "DeviceSerialNumber": "167032",
    "EchoTime": 0.03,
    "EchoTime1": 0.03,
    "EchoTime2": 0.03,
    "EffectiveEchoSpacing": 0.00048611111,
    "FlipAngle": 90,
    "ImageType": [
      "ORIGINAL",
      "PRIMARY",
      "M",
      "ND",
      "MOSAIC"
    ],
    "InstitutionAddress": "Queen Square 12,London,Southeast,GB,WC1N 3BG",
    "InstitutionName": "Functional Imaging Laboratory",
    "MRAcquisitionType": "2D",
    "Manufacturer": "SIEMENS",
    "Modality": "MR",
    "PatientName": "MP02984",
    "PatientPosition": "HFS",
    "PhaseEncodingDirection": "j-",
    "RepetitionTime": 3.36,
    "ScanOptions": "FS",
    "ScanningSequence": "RM",
    "SequenceName": "ep2dv2o2d1",
    "SequenceVariant": "SP\\OSP",
    "SeriesDescription": "nc_epi2d_v2o_3mm_OFC_64ch",
    "SeriesNumber": 7,
    "SliceThickness": 2.5,
    "SliceTiming": [
      0,
      0.07,
      0.14,
      0.21,
      0.28,
      0.35,
      0.42,
      0.49,
      0.56,
      0.63,
      0.7,
      0.77,
      0.84,
      0.91,
      0.98,
      1.05,
      1.12,
      1.19,
      1.26,
      1.33,
      1.4,
      1.47,
      1.54,
      1.61,
      1.68,
      1.75,
      1.82,
      1.89,
      1.96,
      2.03,
      2.1,
      2.17,
      2.24,
      2.31,
      2.38,
      2.45,
      2.52,
      2.59,
      2.66,
      2.73,
      2.8,
      2.87,
      2.94,
      3.01,
      3.08,
      3.15,
      3.22,
      3.29
    ],
    "SoftwareVersion": "syngo MR E11",
    "TotalReadoutTime": 0.030625,
    "dataset": "ds004081",
    "deltaTE": 0,
    "modality": "bold",
    "run_id": 2,
    "subject_id": "MP02984",
    "task_id": "unequalVariance"
  },
  "dummy_trs": 2,
  "dvars_nstd": 31.650579062651932,
  "dvars_std": 1.4246645936464084,
  "dvars_vstd": 0.9884922699447514,
  "efc": 0.572581224764271,
  "fber": 186.60391235351562,
  "fd_mean": 0.05980931073915075,
  "fd_num": 5,
  "fd_perc": 2.7472527472527473,
  "fwhm_avg": 2.791518888888889,
  "fwhm_x": 2.69138,
  "fwhm_y": 2.7670933333333334,
  "fwhm_z": 2.9160833333333334,
  "gcor": 0.0133469,
  "gsr_x": 0.0029626197647303343,
  "gsr_y": 0.04153098165988922,
  "provenance": {
    "md5sum": "39811647043d834c6bb08b0c504a2e3e",
    "settings": {
      "fd_thres": 0.2,
      "testing": false
    },
    "software": "mriqc",
    "version": "23.0.1",
    "webapi_port": null,
    "webapi_url": "https://mriqc.nimh.nih.gov/api/v1"
  },
  "size_t": 182,
  "size_x": 64,
  "size_y": 64,
  "size_z": 48,
  "snr": 2.173263820287361,
  "spacing_tr": 3.359999895095825,
  "spacing_x": 3.0,
  "spacing_y": 3.0,
  "spacing_z": 3.0,
  "summary_bg_k": 25.236144797225787,
  "summary_bg_mad": 10.467824101736184,
  "summary_bg_mean": 93.64833068847656,
  "summary_bg_median": 56.20879364013672,
  "summary_bg_n": 114332.0,
  "summary_bg_p05": 48.0439567565918,
  "summary_bg_p95": 282.41676177978496,
  "summary_bg_stdv": 99.1744155883789,
  "summary_fg_k": 1.5006486586130077,
  "summary_fg_mad": 341.5198280895899,
  "summary_fg_mean": 867.8006591796875,
  "summary_fg_median": 792.3297119140625,
  "summary_fg_n": 38449.0,
  "summary_fg_p05": 430.8505554199219,
  "summary_fg_p95": 1573.5429199218743,
  "summary_fg_stdv": 364.5758056640625,
  "tsnr": 63.508788542822
}