{
  "aor": 0.00440445054945055,
  "aqi": 0.004515616208791208,
  "bids_meta": {
    "AcquisitionDateTime": "20200217114242.447500",
    "ConversionSoftware": "dicm2nii.m 20180808",
    "DeviceSerialNumber": "167032",
    "EchoTime": 0.03,
    "EchoTime1": 0.03,
    "EchoTime2": 0.03,
    "EffectiveEchoSpacing": 0.00048611111,
    "FlipAngle": 90,
    "ImageType": [
      "ORIGINAL",
      "PRIMARY",
      "M",
      "ND",
      "MOSAIC"
    ],
    "InstitutionAddress": "Queen Square 12,London,Southeast,GB,WC1N 3BG",
    "InstitutionName": "Functional Imaging Laboratory",
    "MRAcquisitionType": "2D",
    "Manufacturer": "SIEMENS",
    "Modality": "MR",
    "PatientName": "MP02984",
    "PatientPosition": "HFS",
    "PhaseEncodingDirection": "j-",
    "RepetitionTime": 3.36,
    "ScanOptions": "FS",
    "ScanningSequence": "RM",
    "SequenceName": "ep2dv2o2d1",
    "SequenceVariant": "SP\\OSP",
    "SeriesDescription": "nc_epi2d_v2o_3mm_OFC_64ch",
    "SeriesNumber": 8,
    "SliceThickness": 2.5,
    "SliceTiming": [
      0,
      0.07,
      0.14,
      0.21,
      0.28,
      0.35,
      0.42,
      0.49,
      0.56,
      0.63,
      0.7,
      0.77,
      0.84,
      0.91,
      0.98,
      1.05,
      1.12,
      1.19,
      1.26,
      1.33,
      1.4,
      1.47,
      1.54,
      1.61,
      1.68,
      1.75,
      1.82,
      1.89,
      1.96,
      2.03,
      2.1,
      2.17,
      2.24,
      2.31,
      2.38,
      2.45,
      2.52,
      2.59,
      2.66,
      2.73,
      2.8,
      2.87,
      2.94,
      3.01,
      3.08,
      3.15,
      3.22,
      3.29
    ],
    "SoftwareVersion": "syngo MR E11",
    "TotalReadoutTime": 0.030625,
    "dataset": "ds004081",
    "deltaTE": 0,
    "modality": "bold",
    "run_id": 3,
    "subject_id": "MP02984",
    "task_id": "unequalVariance"
  },
  "dummy_trs": 2,
  "dvars_nstd": 31.561615232651942,
  "dvars_std": 1.416940797900552,
  "dvars_vstd": 0.9945378172375697,
  "efc": 0.572798729563081,
  "fber": 184.27969360351562,
  "fd_mean": 0.06362636209071183,
  "fd_num": 7,
  "fd_perc": 3.8461538461538463,
  "fwhm_avg": 2.8016811111111113,
  "fwhm_x": 2.7081466666666665,
  "fwhm_y": 2.789093333333333,
  "fwhm_z": 2.9078033333333333,
  "gcor": 0.014933,
  "gsr_x": 0.0012432506773620844,
  "gsr_y": 0.04198595881462097,
  "provenance": {
    "md5sum": "632d2d856c5e461635a8e0866e29a07c",
    "settings": {
      "fd_thres": 0.2,
      "testing": false
    },
    "software": "mriqc",
    "version": "23.0.1",
    "webapi_port": null,
    "webapi_url": "https://mriqc.nimh.nih.gov/api/v1"
  },
  "size_t": 182,
  "size_x": 64,
  "size_y": 64,
  "size_z": 48,
  "snr": 2.166488560837206,
  "spacing_tr": 3.359999895095825,
  "spacing_x": 3.0,
  "spacing_y": 3.0,
  "spacing_z": 3.0,
  "summary_bg_k": 24.776673955384585,
  "summary_bg_mad": 10.866990588009715,
  "summary_bg_mean": 92.91307830810547,
  "summary_bg_median": 56.362640380859375,
  "summary_bg_n": 113647.0,
  "summary_bg_p05": 47.53296661376953,
  "summary_bg_p95": 276.7439575195312,
  "summary_bg_stdv": 96.95272827148438,
  "summary_fg_k": 1.5270574741602907,
  "summary_fg_mad": 344.9901072508802,
  "summary_fg_mean": 869.4026489257812,
  "summary_fg_median": 793.8983764648438,
  "summary_fg_n": 38528.0,
  "summary_fg_p05": 432.05523681640625,
  "summary_fg_p95": 1583.4681396484377,
  "summary_fg_stdv": 366.44000244140625,
  "tsnr": 64.30884230649099
}