{
  "aor": 0.0029702747252747254,
  "aqi": 0.007484655989010989,
  "bids_meta": {
    "AcquisitionDateTime": "20200120134805.017500",
    "ConversionSoftware": "dicm2nii.m 20180808",
    "DeviceSerialNumber": "167032",
    "EchoTime": 0.03,
    "EchoTime1": 0.03,
    "EchoTime2": 0.03,
    "EffectiveEchoSpacing": 0.00048611111,
    "FlipAngle": 90,
    "ImageType": [
      "ORIGINAL",
      "PRIMARY",
      "M",
      "ND",
      "MOSAIC"
    ],
    "InstitutionAddress": "Queen Square 12,London,Southeast,GB,WC1N 3BG",
    "InstitutionName": "FIL",
    "MRAcquisitionType": "2D",
    "Manufacturer": "SIEMENS",
    "Modality": "MR",
    "PatientName": "MP02935",
    "PatientPosition": "HFS",
    "PhaseEncodingDirection": "j-",
    "RepetitionTime": 3.36,
    "ScanOptions": "FS",
    "ScanningSequence": "RM",
    "SequenceName": "ep2dv2o2d1",
    "SequenceVariant": "SP\\OSP",
    "SeriesDescription": "nc_epi2d_v2o_3mm_OFC_64ch",
    "SeriesNumber": 10,
    "SliceThickness": 2.5,
    "SliceTiming": [
      0,
      0,
      0,
      0,
      0,
      0,
      0,
      0,
      0,
      0,
      0,
      0,
      0,
      0,
      0,
      0,
      0,
      0,
      0,
      0,
      0,
      0,
      0,
      0,
      0,
      0,
      0,
      0,
      0,
      0,
      0,
      0,
      0,
      0,
      0,
      0,
      0,
      0,
      0,
      0,
      0,
      0,
      0,
      0,
      0,
      0,
      0,
      0
    ],
    "SoftwareVersion": "syngo MR E11",
    "TotalReadoutTime": 0.030625,
    "dataset": "ds004081",
    "deltaTE": 0,
    "modality": "bold",
    "run_id": 4,
    "subject_id": "MP02935",
    "task_id": "unequalVariance"
  },
  "dummy_trs": 2,
  "dvars_nstd": 25.277287604364638,
  "dvars_std": 1.1019949913259675,
  "dvars_vstd": 0.9102861267403315,
  "efc": 0.607574291209088,
  "fber": 158.31045532226562,
  "fd_mean": 0.14288650659528432,
  "fd_num": 38,
  "fd_perc": 20.87912087912088,
  "fwhm_avg": 2.4743855555555556,
  "fwhm_x": 2.3299166666666666,
  "fwhm_y": 2.50542,
  "fwhm_z": 2.5878200000000002,
  "gcor": 0.0203803,
  "gsr_x": -0.005400777794420719,
  "gsr_y": 0.060972895473241806,
  "provenance": {
    "md5sum": "e534e374e77bf6ab57f8da53f170fbb2",
    "settings": {
      "fd_thres": 0.2,
      "testing": false
    },
    "software": "mriqc",
    "version": "23.0.1",
    "webapi_port": null,
    "webapi_url": "https://mriqc.nimh.nih.gov/api/v1"
  },
  "size_t": 182,
  "size_x": 64,
  "size_y": 64,
  "size_z": 48,
  "snr": 2.7765715449949715,
  "spacing_tr": 3.359999895095825,
  "spacing_x": 3.0,
  "spacing_y": 3.0,
  "spacing_z": 3.0,
  "summary_bg_k": 74.29669388902666,
  "summary_bg_mad": 9.017804247811922,
  "summary_bg_mean": 84.82659912109375,
  "summary_bg_median": 54.4945068359375,
  "summary_bg_n": 111186.0,
  "summary_bg_p05": 47.01785755157471,
  "summary_bg_p95": 231.3365478515625,
  "summary_bg_stdv": 84.8503646850586,
  "summary_fg_k": 0.9315380688768498,
  "summary_fg_mad": 242.34438139647335,
  "summary_fg_mean": 737.8411865234375,
  "summary_fg_median": 699.6703491210938,
  "summary_fg_n": 41944.0,
  "summary_fg_p05": 397.2458801269531,
  "summary_fg_p95": 1203.3401489257812,
  "summary_fg_stdv": 251.9877471923828,
  "tsnr": 46.27794401720166
}