{
  "aor": 0.001490824175824176,
  "aqi": 0.005097482747252747,
  "bids_meta": {
    "AcquisitionDateTime": "20200120133536.802500",
    "ConversionSoftware": "dicm2nii.m 20180808",
    "DeviceSerialNumber": "167032",
    "EchoTime": 0.03,
    "EchoTime1": 0.03,
    "EchoTime2": 0.03,
    "EffectiveEchoSpacing": 0.00048611111,
    "FlipAngle": 90,
    "ImageType": [
      "ORIGINAL",
      "PRIMARY",
      "M",
      "ND",
      "MOSAIC"
    ],
    "InstitutionAddress": "Queen Square 12,London,Southeast,GB,WC1N 3BG",
    "InstitutionName": "FIL",
    "MRAcquisitionType": "2D",
    "Manufacturer": "SIEMENS",
    "Modality": "MR",
    "PatientName": "MP02935",
    "PatientPosition": "HFS",
    "PhaseEncodingDirection": "j-",
    "RepetitionTime": 3.36,
    "ScanOptions": "FS",
    "ScanningSequence": "RM",
    "SequenceName": "ep2dv2o2d1",
    "SequenceVariant": "SP\\OSP",
    "SeriesDescription": "nc_epi2d_v2o_3mm_OFC_64ch",
    "SeriesNumber": 9,
    "SliceThickness": 2.5,
    "SliceTiming": [
      0,
      0.07,
      0.14,
      0.21,
      0.28,
      0.35,
      0.42,
      0.49,
      0.56,
      0.63,
      0.7,
      0.77,
      0.84,
      0.91,
      0.98,
      1.05,
      1.12,
      1.19,
      1.26,
      1.33,
      1.4,
      1.47,
      1.54,
      1.61,
      1.68,
      1.75,
      1.82,
      1.89,
      1.96,
      2.03,
      2.1,
      2.17,
      2.24,
      2.31,
      2.38,
      2.45,
      2.52,
      2.59,
      2.66,
      2.73,
      2.8,
      2.87,
      2.94,
      3.01,
      3.08,
      3.15,
      3.22,
      3.29
    ],
    "SoftwareVersion": "syngo MR E11",
    "TotalReadoutTime": 0.030625,
    "dataset": "ds004081",
    "deltaTE": 0,
    "modality": "bold",
    "run_id": 3,
    "subject_id": "MP02935",
    "task_id": "unequalVariance"
  },
  "dummy_trs": 2,
  "dvars_nstd": 24.03920508767957,
  "dvars_std": 1.144663749171271,
  "dvars_vstd": 0.9416616952486185,
  "efc": 0.6068337359294013,
  "fber": 158.99441528320312,
  "fd_mean": 0.1316927446062854,
  "fd_num": 32,
  "fd_perc": 17.582417582417584,
  "fwhm_avg": 2.4894855555555555,
  "fwhm_x": 2.3516,
  "fwhm_y": 2.49243,
  "fwhm_z": 2.624426666666667,
  "gcor": 0.0174746,
  "gsr_x": -0.007176307030022144,
  "gsr_y": 0.06065582484006882,
  "provenance": {
    "md5sum": "e22b9d024a785b0891a92cabede42e95",
    "settings": {
      "fd_thres": 0.2,
      "testing": false
    },
    "software": "mriqc",
    "version": "23.0.1",
    "webapi_port": null,
    "webapi_url": "https://mriqc.nimh.nih.gov/api/v1"
  },
  "size_t": 182,
  "size_x": 64,
  "size_y": 64,
  "size_z": 48,
  "snr": 2.7694858354795673,
  "spacing_tr": 3.359999895095825,
  "spacing_x": 3.0,
  "spacing_y": 3.0,
  "spacing_z": 3.0,
  "summary_bg_k": 74.16776213138553,
  "summary_bg_mad": 9.319212328984175,
  "summary_bg_mean": 85.13553619384766,
  "summary_bg_median": 54.66483688354492,
  "summary_bg_n": 111501.0,
  "summary_bg_p05": 47.010990142822266,
  "summary_bg_p95": 234.1593475341797,
  "summary_bg_stdv": 85.93582153320312,
  "summary_fg_k": 1.0044518109593445,
  "summary_fg_mad": 243.55406318706068,
  "summary_fg_mean": 740.1602783203125,
  "summary_fg_median": 702.379150390625,
  "summary_fg_n": 41763.0,
  "summary_fg_p05": 396.65167236328125,
  "summary_fg_p95": 1207.617663574219,
  "summary_fg_stdv": 253.6105194091797,
  "tsnr": 57.361480771098286
}