{
  "aor": 0.00504568306010929,
  "aqi": 0.003783137540983607,
  "bids_meta": {
    "AcquisitionDateTime": "20200120131218.235000",
    "ConversionSoftware": "dicm2nii.m 20180808",
    "DeviceSerialNumber": "167032",
    "EchoTime": 0.03,
    "EchoTime1": 0.03,
    "EchoTime2": 0.03,
    "EffectiveEchoSpacing": 0.00048611111,
    "FlipAngle": 90,
    "ImageType": [
      "ORIGINAL",
      "PRIMARY",
      "M",
      "ND",
      "MOSAIC"
    ],
    "InstitutionAddress": "Queen Square 12,London,Southeast,GB,WC1N 3BG",
    "InstitutionName": "FIL",
    "MRAcquisitionType": "2D",
    "Manufacturer": "SIEMENS",
    "Modality": "MR",
    "PatientName": "MP02935",
    "PatientPosition": "HFS",
    "PhaseEncodingDirection": "j-",
    "RepetitionTime": 3.36,
    "ScanOptions": "FS",
    "ScanningSequence": "RM",
    "SequenceName": "ep2dv2o2d1",
    "SequenceVariant": "SP\\OSP",
    "SeriesDescription": "nc_epi2d_v2o_3mm_OFC_64ch",
    "SeriesNumber": 7,
    "SliceThickness": 2.5,
    "SliceTiming": [
      0,
      0,
      0,
      0,
      0,
      0,
      0,
      0,
      0,
      0,
      0,
      0,
      0,
      0,
      0,
      0,
      0,
      0,
      0,
      0,
      0,
      0,
      0,
      0,
      0,
      0,
      0,
      0,
      0,
      0,
      0,
      0,
      0,
      0,
      0,
      0,
      0,
      0,
      0,
      0,
      0,
      0,
      0,
      0,
      0,
      0,
      0,
      0
    ],
    "SoftwareVersion": "syngo MR E11",
    "TotalReadoutTime": 0.030625,
    "dataset": "ds004081",
    "deltaTE": 0,
    "modality": "bold",
    "run_id": 1,
    "subject_id": "MP02935",
    "task_id": "unequalVariance"
  },
  "dummy_trs": 1,
  "dvars_nstd": 23.042837499450542,
  "dvars_std": 1.2298395813186809,
  "dvars_vstd": 0.9914128086263737,
  "efc": 0.6035834056503612,
  "fber": 163.6390380859375,
  "fd_mean": 0.10384947537746891,
  "fd_num": 9,
  "fd_perc": 4.918032786885246,
  "fwhm_avg": 2.515852222222222,
  "fwhm_x": 2.3804366666666668,
  "fwhm_y": 2.4939066666666667,
  "fwhm_z": 2.6732133333333334,
  "gcor": 0.0264726,
  "gsr_x": -0.008167858235538006,
  "gsr_y": 0.058897715061903,
  "provenance": {
    "md5sum": "b01bdec219dfa61282f0ac8d41d92e06",
    "settings": {
      "fd_thres": 0.2,
      "testing": false
    },
    "software": "mriqc",
    "version": "23.0.1",
    "webapi_port": null,
    "webapi_url": "https://mriqc.nimh.nih.gov/api/v1"
  },
  "size_t": 183,
  "size_x": 64,
  "size_y": 64,
  "size_z": 48,
  "snr": 2.7090335617061188,
  "spacing_tr": 3.359999895095825,
  "spacing_x": 3.0,
  "spacing_y": 3.0,
  "spacing_z": 3.0,
  "summary_bg_k": 77.1020907672499,
  "summary_bg_mad": 9.300695637153016,
  "summary_bg_mean": 84.35342407226562,
  "summary_bg_median": 54.344261169433594,
  "summary_bg_n": 111368.0,
  "summary_bg_p05": 46.081966400146484,
  "summary_bg_p95": 233.26748275756827,
  "summary_bg_stdv": 85.24391174316406,
  "summary_fg_k": 1.3795506153007668,
  "summary_fg_mad": 246.89380928559498,
  "summary_fg_mean": 750.6307983398438,
  "summary_fg_median": 709.6639404296875,
  "summary_fg_n": 41706.0,
  "summary_fg_p05": 400.6967010498047,
  "summary_fg_p95": 1234.9698791503906,
  "summary_fg_stdv": 261.9588928222656,
  "tsnr": 64.89494568575174
}