{
  "aor": 0.010301366120218581,
  "aqi": 0.01797195081967213,
  "bids_meta": {
    "AcquisitionDateTime": "20200211113828.225000",
    "ConversionSoftware": "dicm2nii.m 20180808",
    "DeviceSerialNumber": "167032",
    "EchoTime": 0.03,
    "EchoTime1": 0.03,
    "EchoTime2": 0.03,
    "EffectiveEchoSpacing": 0.00048611111,
    "FlipAngle": 90,
    "ImageType": [
      "ORIGINAL",
      "PRIMARY",
      "M",
      "ND",
      "MOSAIC"
    ],
    "InstitutionAddress": "Queen Square 12,London,Southeast,GB,WC1N 3BG",
    "InstitutionName": "Functional Imaging Laboratory",
    "MRAcquisitionType": "2D",
    "Manufacturer": "SIEMENS",
    "Modality": "MR",
    "PatientName": "MP02972",
    "PatientPosition": "HFS",
    "PhaseEncodingDirection": "j-",
    "RepetitionTime": 3.36,
    "ScanOptions": "FS",
    "ScanningSequence": "RM",
    "SequenceName": "ep2dv2o2d1",
    "SequenceVariant": "SP\\OSP",
    "SeriesDescription": "nc_epi2d_v2o_3mm_OFC_64ch",
    "SeriesNumber": 11,
    "SliceThickness": 2.5,
    "SliceTiming": [
      0,
      0.07,
      0.14,
      0.21,
      0.28,
      0.35,
      0.42,
      0.49,
      0.56,
      0.63,
      0.7,
      0.77,
      0.84,
      0.91,
      0.98,
      1.05,
      1.12,
      1.19,
      1.26,
      1.33,
      1.4,
      1.47,
      1.54,
      1.61,
      1.68,
      1.75,
      1.82,
      1.89,
      1.96,
      2.03,
      2.1,
      2.17,
      2.24,
      2.31,
      2.38,
      2.45,
      2.52,
      2.59,
      2.66,
      2.73,
      2.8,
      2.87,
      2.94,
      3.01,
      3.08,
      3.15,
      3.22,
      3.29
    ],
    "SoftwareVersion": "syngo MR E11",
    "TotalReadoutTime": 0.030625,
    "dataset": "ds004081",
    "deltaTE": 0,
    "modality": "bold",
    "run_id": 4,
    "subject_id": "MP02972",
    "task_id": "unequalVariance"
  },
  "dummy_trs": 1,
  "dvars_nstd": 37.38670021071426,
  "dvars_std": 1.0481564819230766,
  "dvars_vstd": 0.8862812582417587,
  "efc": 0.5629750564370125,
  "fber": 163.08145141601562,
  "fd_mean": 0.20682342699040016,
  "fd_num": 28,
  "fd_perc": 15.300546448087431,
  "fwhm_avg": 2.604407777777778,
  "fwhm_x": 2.4817566666666666,
  "fwhm_y": 2.6700166666666667,
  "fwhm_z": 2.66145,
  "gcor": 0.0103126,
  "gsr_x": 0.005797292571514845,
  "gsr_y": 0.04595160111784935,
  "provenance": {
    "md5sum": "7fc9a3c7f6a1cdc2dc9890257d7a1c36",
    "settings": {
      "fd_thres": 0.2,
      "testing": false
    },
    "software": "mriqc",
    "version": "23.0.1",
    "webapi_port": null,
    "webapi_url": "https://mriqc.nimh.nih.gov/api/v1"
  },
  "size_t": 183,
  "size_x": 64,
  "size_y": 64,
  "size_z": 48,
  "snr": 2.1491079687008168,
  "spacing_tr": 3.359999895095825,
  "spacing_x": 3.0,
  "spacing_y": 3.0,
  "spacing_z": 3.0,
  "summary_bg_k": 23.043909602756152,
  "summary_bg_mad": 10.961530911971124,
  "summary_bg_mean": 92.61394500732422,
  "summary_bg_median": 56.18032455444336,
  "summary_bg_n": 120622.0,
  "summary_bg_p05": 47.20764923095703,
  "summary_bg_p95": 275.6876876831054,
  "summary_bg_stdv": 97.26383972167969,
  "summary_fg_k": 2.526444691063827,
  "summary_fg_mad": 302.2726760756166,
  "summary_fg_mean": 817.969970703125,
  "summary_fg_median": 743.557373046875,
  "summary_fg_n": 33575.0,
  "summary_fg_p05": 416.1021728515625,
  "summary_fg_p95": 1493.4322387695313,
  "summary_fg_stdv": 345.9790344238281,
  "tsnr": 27.25442104274407
}