{
  "aor": 0.0029665934065934065,
  "aqi": 0.004228247692307692,
  "bids_meta": {
    "AcquisitionDateTime": "20200211114953.587500",
    "ConversionSoftware": "dicm2nii.m 20180808",
    "DeviceSerialNumber": "167032",
    "EchoTime": 0.03,
    "EchoTime1": 0.03,
    "EchoTime2": 0.03,
    "EffectiveEchoSpacing": 0.00048611111,
    "FlipAngle": 90,
    "ImageType": [
      "ORIGINAL",
      "PRIMARY",
      "M",
      "ND",
      "MOSAIC"
    ],
    "InstitutionAddress": "Queen Square 12,London,Southeast,GB,WC1N 3BG",
    "InstitutionName": "Functional Imaging Laboratory",
    "MRAcquisitionType": "2D",
    "Manufacturer": "SIEMENS",
    "Modality": "MR",
    "PatientName": "MP02972",
    "PatientPosition": "HFS",
    "PhaseEncodingDirection": "j-",
    "RepetitionTime": 3.36,
    "ScanOptions": "FS",
    "ScanningSequence": "RM",
    "SequenceName": "ep2dv2o2d1",
    "SequenceVariant": "SP\\OSP",
    "SeriesDescription": "nc_epi2d_v2o_3mm_OFC_64ch",
    "SeriesNumber": 12,
    "SliceThickness": 2.5,
    "SliceTiming": [
      0,
      0,
      0,
      0,
      0,
      0,
      0,
      0,
      0,
      0,
      0,
      0,
      0,
      0,
      0,
      0,
      0,
      0,
      0,
      0,
      0,
      0,
      0,
      0,
      0,
      0,
      0,
      0,
      0,
      0,
      0,
      0,
      0,
      0,
      0,
      0,
      0,
      0,
      0,
      0,
      0,
      0,
      0,
      0,
      0,
      0,
      0,
      0
    ],
    "SoftwareVersion": "syngo MR E11",
    "TotalReadoutTime": 0.030625,
    "dataset": "ds004081",
    "deltaTE": 0,
    "modality": "bold",
    "run_id": 5,
    "subject_id": "MP02972",
    "task_id": "unequalVariance"
  },
  "dummy_trs": 2,
  "dvars_nstd": 31.548194695414374,
  "dvars_std": 1.4091876391160219,
  "dvars_vstd": 1.0008455428729284,
  "efc": 0.5635192927435678,
  "fber": 164.99050903320312,
  "fd_mean": 0.07217601300147454,
  "fd_num": 11,
  "fd_perc": 6.043956043956044,
  "fwhm_avg": 2.576131111111111,
  "fwhm_x": 2.4345166666666667,
  "fwhm_y": 2.634,
  "fwhm_z": 2.659876666666667,
  "gcor": 0.0221319,
  "gsr_x": 0.0051851519383490086,
  "gsr_y": 0.04607437923550606,
  "provenance": {
    "md5sum": "4b1d18d52f6c7b3aef02b886941baf85",
    "settings": {
      "fd_thres": 0.2,
      "testing": false
    },
    "software": "mriqc",
    "version": "23.0.1",
    "webapi_port": null,
    "webapi_url": "https://mriqc.nimh.nih.gov/api/v1"
  },
  "size_t": 182,
  "size_x": 64,
  "size_y": 64,
  "size_z": 48,
  "snr": 2.1791496447353196,
  "spacing_tr": 3.359999895095825,
  "spacing_x": 3.0,
  "spacing_y": 3.0,
  "spacing_z": 3.0,
  "summary_bg_k": 23.617891586456896,
  "summary_bg_mad": 10.003492886299973,
  "summary_bg_mean": 92.94163513183594,
  "summary_bg_median": 55.840660095214844,
  "summary_bg_n": 121027.0,
  "summary_bg_p05": 47.89011001586914,
  "summary_bg_p95": 282.1269226074218,
  "summary_bg_stdv": 99.69694519042969,
  "summary_fg_k": 2.2752756425451173,
  "summary_fg_mad": 302.6871242055455,
  "summary_fg_mean": 815.5632934570312,
  "summary_fg_median": 743.84619140625,
  "summary_fg_n": 33397.0,
  "summary_fg_p05": 415.8011169433594,
  "summary_fg_p95": 1477.1671142578123,
  "summary_fg_stdv": 341.3418884277344,
  "tsnr": 66.6830102156382
}