{
  "aor": 0.001915300546448087,
  "aqi": 0.005629043879781419,
  "bids_meta": {
    "AcquisitionDateTime": "20200213101859.240000",
    "ConversionSoftware": "dicm2nii.m 20180808",
    "DeviceSerialNumber": "167032",
    "EchoTime": 0.03,
    "EchoTime1": 0.03,
    "EchoTime2": 0.03,
    "EffectiveEchoSpacing": 0.00048611111,
    "FlipAngle": 90,
    "ImageType": [
      "ORIGINAL",
      "PRIMARY",
      "M",
      "ND",
      "MOSAIC"
    ],
    "InstitutionAddress": "Queen Square 12,London,Southeast,GB,WC1N 3BG",
    "InstitutionName": "FIL",
    "MRAcquisitionType": "2D",
    "Manufacturer": "SIEMENS",
    "Modality": "MR",
    "PatientName": "MP02977",
    "PatientPosition": "HFS",
    "PhaseEncodingDirection": "j-",
    "RepetitionTime": 3.36,
    "ScanOptions": "FS",
    "ScanningSequence": "RM",
    "SequenceName": "ep2dv2o2d1",
    "SequenceVariant": "SP\\OSP",
    "SeriesDescription": "nc_epi2d_v2o_3mm_OFC_64ch",
    "SeriesNumber": 16,
    "SliceThickness": 2.5,
    "SliceTiming": [
      0,
      0,
      0,
      0,
      0,
      0,
      0,
      0,
      0,
      0,
      0,
      0,
      0,
      0,
      0,
      0,
      0,
      0,
      0,
      0,
      0,
      0,
      0,
      0,
      0,
      0,
      0,
      0,
      0,
      0,
      0,
      0,
      0,
      0,
      0,
      0,
      0,
      0,
      0,
      0,
      0,
      0,
      0,
      0,
      0,
      0,
      0,
      0
    ],
    "SoftwareVersion": "syngo MR E11",
    "TotalReadoutTime": 0.030625,
    "dataset": "ds004081",
    "deltaTE": 0,
    "modality": "bold",
    "run_id": 5,
    "subject_id": "MP02977",
    "task_id": "unequalVariance"
  },
  "dummy_trs": 1,
  "dvars_nstd": 32.375992271648336,
  "dvars_std": 1.240031276703297,
  "dvars_vstd": 0.9581880935714289,
  "efc": 0.6066615841561375,
  "fber": 165.17373657226562,
  "fd_mean": 0.1395855109565711,
  "fd_num": 33,
  "fd_perc": 18.0327868852459,
  "fwhm_avg": 2.7048877777777776,
  "fwhm_x": 2.5543299999999998,
  "fwhm_y": 2.7449100000000004,
  "fwhm_z": 2.8154233333333334,
  "gcor": 0.0216549,
  "gsr_x": -0.011479710228741169,
  "gsr_y": 0.06192224845290184,
  "provenance": {
    "md5sum": "4c38a4f99d071817aa505607ba28c434",
    "settings": {
      "fd_thres": 0.2,
      "testing": false
    },
    "software": "mriqc",
    "version": "23.0.1",
    "webapi_port": null,
    "webapi_url": "https://mriqc.nimh.nih.gov/api/v1"
  },
  "size_t": 183,
  "size_x": 64,
  "size_y": 64,
  "size_z": 48,
  "snr": 2.3157716182956114,
  "spacing_tr": 3.359999895095825,
  "spacing_x": 3.0,
  "spacing_y": 3.0,
  "spacing_z": 3.0,
  "summary_bg_k": 25.376961774751745,
  "summary_bg_mad": 9.10625906156859,
  "summary_bg_mean": 86.19346618652344,
  "summary_bg_median": 54.797813415527344,
  "summary_bg_n": 103689.0,
  "summary_bg_p05": 46.73770523071289,
  "summary_bg_p95": 247.4295013427734,
  "summary_bg_stdv": 86.09915924072266,
  "summary_fg_k": 2.273507561637544,
  "summary_fg_mad": 282.4559925775233,
  "summary_fg_mean": 780.8138427734375,
  "summary_fg_median": 721.08740234375,
  "summary_fg_n": 47543.0,
  "summary_fg_p05": 396.5857788085938,
  "summary_fg_p95": 1374.1982910156253,
  "summary_fg_stdv": 311.3777770996094,
  "tsnr": 54.811538990354165
}