{
  "aor": 0.0025085792349726775,
  "aqi": 0.006041390273224043,
  "bids_meta": {
    "AcquisitionDateTime": "20200213095021.167500",
    "ConversionSoftware": "dicm2nii.m 20180808",
    "DeviceSerialNumber": "167032",
    "EchoTime": 0.03,
    "EchoTime1": 0.03,
    "EchoTime2": 0.03,
    "EffectiveEchoSpacing": 0.00048611111,
    "FlipAngle": 90,
    "ImageType": [
      "ORIGINAL",
      "PRIMARY",
      "M",
      "ND",
      "MOSAIC"
    ],
    "InstitutionAddress": "Queen Square 12,London,Southeast,GB,WC1N 3BG",
    "InstitutionName": "FIL",
    "MRAcquisitionType": "2D",
    "Manufacturer": "SIEMENS",
    "Modality": "MR",
    "PatientName": "MP02977",
    "PatientPosition": "HFS",
    "PhaseEncodingDirection": "j-",
    "RepetitionTime": 3.36,
    "ScanOptions": "FS",
    "ScanningSequence": "RM",
    "SequenceName": "ep2dv2o2d1",
    "SequenceVariant": "SP\\OSP",
    "SeriesDescription": "nc_epi2d_v2o_3mm_OFC_64ch",
    "SeriesNumber": 13,
    "SliceThickness": 2.5,
    "SliceTiming": [
      0,
      0.07,
      0.14,
      0.21,
      0.28,
      0.35,
      0.42,
      0.49,
      0.56,
      0.63,
      0.7,
      0.77,
      0.84,
      0.91,
      0.98,
      1.05,
      1.12,
      1.19,
      1.26,
      1.33,
      1.4,
      1.47,
      1.54,
      1.61,
      1.68,
      1.75,
      1.82,
      1.89,
      1.96,
      2.03,
      2.1,
      2.17,
      2.24,
      2.31,
      2.38,
      2.45,
      2.52,
      2.59,
      2.66,
      2.73,
      2.8,
      2.87,
      2.94,
      3.01,
      3.08,
      3.15,
      3.22,
      3.29
    ],
    "SoftwareVersion": "syngo MR E11",
    "TotalReadoutTime": 0.030625,
    "dataset": "ds004081",
    "deltaTE": 0,
    "modality": "bold",
    "run_id": 3,
    "subject_id": "MP02977",
    "task_id": "unequalVariance"
  },
  "dummy_trs": 1,
  "dvars_nstd": 33.80326128543957,
  "dvars_std": 1.2939672748351656,
  "dvars_vstd": 0.9750345139560447,
  "efc": 0.605935438851699,
  "fber": 168.07373046875,
  "fd_mean": 0.15126404010149358,
  "fd_num": 41,
  "fd_perc": 22.404371584699454,
  "fwhm_avg": 2.70468,
  "fwhm_x": 2.5325433333333334,
  "fwhm_y": 2.76575,
  "fwhm_z": 2.815746666666667,
  "gcor": 0.0245367,
  "gsr_x": -0.011249708943068981,
  "gsr_y": 0.05977879464626312,
  "provenance": {
    "md5sum": "bcd7e2aa333b07f915a835a511b3a32b",
    "settings": {
      "fd_thres": 0.2,
      "testing": false
    },
    "software": "mriqc",
    "version": "23.0.1",
    "webapi_port": null,
    "webapi_url": "https://mriqc.nimh.nih.gov/api/v1"
  },
  "size_t": 183,
  "size_x": 64,
  "size_y": 64,
  "size_z": 48,
  "snr": 2.334497460540731,
  "spacing_tr": 3.359999895095825,
  "spacing_x": 3.0,
  "spacing_y": 3.0,
  "spacing_z": 3.0,
  "summary_bg_k": 25.111000320819453,
  "summary_bg_mad": 8.466222878167011,
  "summary_bg_mean": 83.81732177734375,
  "summary_bg_median": 54.174861907958984,
  "summary_bg_n": 103809.0,
  "summary_bg_p05": 46.50819396972656,
  "summary_bg_p95": 236.5081878662107,
  "summary_bg_stdv": 82.29342651367188,
  "summary_fg_k": 2.084662746796626,
  "summary_fg_mad": 279.46246450193837,
  "summary_fg_mean": 777.78662109375,
  "summary_fg_median": 718.5109252929688,
  "summary_fg_n": 47496.0,
  "summary_fg_p05": 396.79505920410156,
  "summary_fg_p95": 1367.3046264648438,
  "summary_fg_stdv": 307.7764587402344,
  "tsnr": 52.51907096011564
}