{
  "aor": 0.001627032967032967,
  "aqi": 0.003733418131868132,
  "bids_meta": {
    "AcquisitionDateTime": "20200213093406.790000",
    "ConversionSoftware": "dicm2nii.m 20180808",
    "DeviceSerialNumber": "167032",
    "EchoTime": 0.03,
    "EchoTime1": 0.03,
    "EchoTime2": 0.03,
    "EffectiveEchoSpacing": 0.00048611111,
    "FlipAngle": 90,
    "ImageType": [
      "ORIGINAL",
      "PRIMARY",
      "M",
      "ND",
      "MOSAIC"
    ],
    "InstitutionAddress": "Queen Square 12,London,Southeast,GB,WC1N 3BG",
    "InstitutionName": "FIL",
    "MRAcquisitionType": "2D",
    "Manufacturer": "SIEMENS",
    "Modality": "MR",
    "PatientName": "MP02977",
    "PatientPosition": "HFS",
    "PhaseEncodingDirection": "j-",
    "RepetitionTime": 3.36,
    "ScanOptions": "FS",
    "ScanningSequence": "RM",
    "SequenceName": "ep2dv2o2d1",
    "SequenceVariant": "SP\\OSP",
    "SeriesDescription": "nc_epi2d_v2o_3mm_OFC_64ch",
    "SeriesNumber": 8,
    "SliceThickness": 2.5,
    "SliceTiming": [
      0,
      0,
      0,
      0,
      0,
      0,
      0,
      0,
      0,
      0,
      0,
      0,
      0,
      0,
      0,
      0,
      0,
      0,
      0,
      0,
      0,
      0,
      0,
      0,
      0,
      0,
      0,
      0,
      0,
      0,
      0,
      0,
      0,
      0,
      0,
      0,
      0,
      0,
      0,
      0,
      0,
      0,
      0,
      0,
      0,
      0,
      0,
      0
    ],
    "SoftwareVersion": "syngo MR E11",
    "TotalReadoutTime": 0.030625,
    "dataset": "ds004081",
    "deltaTE": 0,
    "modality": "bold",
    "run_id": 2,
    "subject_id": "MP02977",
    "task_id": "unequalVariance"
  },
  "dummy_trs": 2,
  "dvars_nstd": 29.958061238729275,
  "dvars_std": 1.3256166166298338,
  "dvars_vstd": 0.9911692661878454,
  "efc": 0.6063758691296632,
  "fber": 166.085205078125,
  "fd_mean": 0.10369672723523213,
  "fd_num": 11,
  "fd_perc": 6.043956043956044,
  "fwhm_avg": 2.669141111111111,
  "fwhm_x": 2.50986,
  "fwhm_y": 2.6950133333333333,
  "fwhm_z": 2.80255,
  "gcor": 0.0123494,
  "gsr_x": -0.016206812113523483,
  "gsr_y": 0.055384449660778046,
  "provenance": {
    "md5sum": "4c8639b3f6cb8fbf44ef4f8fd6953041",
    "settings": {
      "fd_thres": 0.2,
      "testing": false
    },
    "software": "mriqc",
    "version": "23.0.1",
    "webapi_port": null,
    "webapi_url": "https://mriqc.nimh.nih.gov/api/v1"
  },
  "size_t": 182,
  "size_x": 64,
  "size_y": 64,
  "size_z": 48,
  "snr": 2.3533612575592526,
  "spacing_tr": 3.359999895095825,
  "spacing_x": 3.0,
  "spacing_y": 3.0,
  "spacing_z": 3.0,
  "summary_bg_k": 26.836067505290167,
  "summary_bg_mad": 9.384382713825485,
  "summary_bg_mean": 85.58808135986328,
  "summary_bg_median": 54.71428680419922,
  "summary_bg_n": 104491.0,
  "summary_bg_p05": 46.02472686767578,
  "summary_bg_p95": 246.44781494140625,
  "summary_bg_stdv": 86.15741729736328,
  "summary_fg_k": 1.9505236864111213,
  "summary_fg_mad": 281.8532782173941,
  "summary_fg_mean": 779.9674072265625,
  "summary_fg_median": 721.5879516601562,
  "summary_fg_n": 47102.0,
  "summary_fg_p05": 399.34698486328125,
  "summary_fg_p95": 1363.622338867187,
  "summary_fg_stdv": 306.61688232421875,
  "tsnr": 66.17076112702489
}