{
  "aor": 0.01172431693989071,
  "aqi": 0.004796021857923497,
  "bids_meta": {
    "AcquisitionDateTime": "20200213100121.157500",
    "ConversionSoftware": "dicm2nii.m 20180808",
    "DeviceSerialNumber": "167032",
    "EchoTime": 0.03,
    "EchoTime1": 0.03,
    "EchoTime2": 0.03,
    "EffectiveEchoSpacing": 0.00052083333,
    "FlipAngle": 90,
    "ImageType": [
      "ORIGINAL",
      "PRIMARY",
      "M",
      "ND",
      "MOSAIC"
    ],
    "InstitutionAddress": "Queen Square 12,London,Southeast,GB,WC1N 3BG",
    "InstitutionName": "FIL",
    "MRAcquisitionType": "2D",
    "Manufacturer": "SIEMENS",
    "Modality": "MR",
    "PatientName": "MP02977",
    "PatientPosition": "HFS",
    "PhaseEncodingDirection": "j-",
    "RepetitionTime": 3.36,
    "ScanOptions": "FS",
    "ScanningSequence": "RM",
    "SequenceName": "ep2dv2o2d1",
    "SequenceVariant": "SP\\OSP",
    "SeriesDescription": "nc_epi2d_v2o_3mm_OFC_64ch",
    "SeriesNumber": 14,
    "SliceThickness": 2.5,
    "SliceTiming": [
      0,
      0.07,
      0.14,
      0.21,
      0.28,
      0.35,
      0.42,
      0.49,
      0.56,
      0.63,
      0.7,
      0.77,
      0.84,
      0.91,
      0.98,
      1.05,
      1.12,
      1.19,
      1.26,
      1.33,
      1.4,
      1.47,
      1.54,
      1.61,
      1.68,
      1.75,
      1.82,
      1.89,
      1.96,
      2.03,
      2.1,
      2.17,
      2.24,
      2.31,
      2.38,
      2.45,
      2.52,
      2.59,
      2.66,
      2.73,
      2.8,
      2.87,
      2.94,
      3.01,
      3.08,
      3.15,
      3.22,
      3.29
    ],
    "SoftwareVersion": "syngo MR E11",
    "TotalReadoutTime": 0.0328125,
    "dataset": "ds004081",
    "deltaTE": 0,
    "modality": "bold",
    "run_id": 4,
    "subject_id": "MP02977",
    "task_id": "unequalVariance"
  },
  "dummy_trs": 1,
  "dvars_nstd": 33.517725137527464,
  "dvars_std": 1.4470265771978026,
  "dvars_vstd": 1.103896183351648,
  "efc": 0.6057891708270786,
  "fber": 170.9326629638672,
  "fd_mean": 0.14490675441989886,
  "fd_num": 27,
  "fd_perc": 14.754098360655737,
  "fwhm_avg": 2.724916666666667,
  "fwhm_x": 2.5527433333333334,
  "fwhm_y": 2.78162,
  "fwhm_z": 2.840386666666667,
  "gcor": 0.0220381,
  "gsr_x": -0.012394087389111519,
  "gsr_y": 0.059618622064590454,
  "provenance": {
    "md5sum": "cd6f1d90c86d3293a77d5439c1b892c5",
    "settings": {
      "fd_thres": 0.2,
      "testing": false
    },
    "software": "mriqc",
    "version": "23.0.1",
    "webapi_port": null,
    "webapi_url": "https://mriqc.nimh.nih.gov/api/v1"
  },
  "size_t": 183,
  "size_x": 64,
  "size_y": 64,
  "size_z": 48,
  "snr": 2.3447497393560495,
  "spacing_tr": 3.359999895095825,
  "spacing_x": 3.0,
  "spacing_y": 3.0,
  "spacing_z": 3.0,
  "summary_bg_k": 23.037998970379196,
  "summary_bg_mad": 7.510232208159538,
  "summary_bg_mean": 85.12596130371094,
  "summary_bg_median": 54.15300369262695,
  "summary_bg_n": 104000.0,
  "summary_bg_p05": 48.2786865234375,
  "summary_bg_p95": 243.18360671996993,
  "summary_bg_stdv": 83.77647399902344,
  "summary_fg_k": 2.089591572715551,
  "summary_fg_mad": 281.68636782969674,
  "summary_fg_mean": 781.455810546875,
  "summary_fg_median": 723.3660888671875,
  "summary_fg_n": 47305.0,
  "summary_fg_p05": 399.3158325195313,
  "summary_fg_p95": 1367.0207763671874,
  "summary_fg_stdv": 308.5013427734375,
  "tsnr": 54.81673922482878
}