{
  "bids_meta": {
    "AcquisitionDateTime": "20200227112638.952500",
    "ConversionSoftware": "dicm2nii.m 20180808",
    "DeviceSerialNumber": "167032",
    "EchoTime": 0.00334,
    "FlipAngle": 7,
    "ImageType": [
      "ORIGINAL",
      "PRIMARY",
      "M",
      "ND"
    ],
    "InstitutionAddress": "Queen Square 12,London,Southeast,GB,WC1N 3BG",
    "InstitutionName": "Functional Imaging Laboratory",
    "InversionTime": 1.1,
    "MRAcquisitionType": "3D",
    "Manufacturer": "SIEMENS",
    "Modality": "MR",
    "PatientName": "MP02996",
    "PatientPosition": "HFS",
    "PhaseEncodingDirection": "j-",
    "RepetitionTime": 2.53,
    "ScanOptions": "IR",
    "ScanningSequence": "GR\\IR",
    "SequenceName": "*tfl3d1_16ns",
    "SequenceVariant": "SK\\SP\\MP",
    "SeriesDescription": "MPRAGE_64ch_Head",
    "SeriesNumber": 2,
    "SliceThickness": 1,
    "SoftwareVersion": "syngo MR E11",
    "dataset": "ds004081",
    "modality": "T1w",
    "subject_id": "MP02996"
  },
  "cjv": 0.4430334912201084,
  "cnr": 2.7736558724416756,
  "efc": 0.4929683811904275,
  "fber": -1.0,
  "fwhm_avg": 3.7009233333333333,
  "fwhm_x": 3.87199,
  "fwhm_y": 3.66864,
  "fwhm_z": 3.56214,
  "icvs_csf": 0.18153424228029563,
  "icvs_gm": 0.43915403629687455,
  "icvs_wm": 0.3793117214228298,
  "inu_med": 0.9582573771476746,
  "inu_range": 1.030027136206627,
  "provenance": {
    "md5sum": "7d1f46ffb3c93c41ee8aa171051dc61f",
    "settings": {
      "testing": false
    },
    "software": "mriqc",
    "version": "23.0.1",
    "warnings": {
      "large_rot_frame": true,
      "small_air_mask": false
    },
    "webapi_port": null,
    "webapi_url": "https://mriqc.nimh.nih.gov/api/v1"
  },
  "qi_1": 0.0,
  "qi_2": 0.003008328600417863,
  "rpve_csf": 29.373569785256425,
  "rpve_gm": 12.64044415493177,
  "rpve_wm": 16.17602265237598,
  "size_x": 176,
  "size_y": 256,
  "size_z": 256,
  "snr_csf": 0.9127614517831992,
  "snr_gm": 8.559219818295041,
  "snr_total": 6.453333120516505,
  "snr_wm": 9.888018091471276,
  "snrd_csf": 7.107463541947502,
  "snrd_gm": 43.75482331048355,
  "snrd_total": 39.445091672126615,
  "snrd_wm": 67.47298816394881,
  "spacing_x": 1.0,
  "spacing_y": 1.0,
  "spacing_z": 1.0,
  "summary_bg_k": 33.48482439918398,
  "summary_bg_mad": 0.0,
  "summary_bg_mean": 6.884180987985288,
  "summary_bg_median": 0.0,
  "summary_bg_n": 2982829.0,
  "summary_bg_p05": 0.0,
  "summary_bg_p95": 27.046221401542425,
  "summary_bg_stdv": 9.710184690359673,
  "summary_csf_k": 29.08265164002959,
  "summary_csf_mad": 56.594569288003754,
  "summary_csf_mean": 138.4233060130457,
  "summary_csf_median": 105.3441446274519,
  "summary_csf_n": 25662.0,
  "summary_csf_p05": 36.219447478652,
  "summary_csf_p95": 375.39208391681314,
  "summary_csf_stdv": 115.4103209220842,
  "summary_gm_k": 0.4005027170008666,
  "summary_gm_mad": 71.15999332181558,
  "summary_gm_mean": 649.1878484063272,
  "summary_gm_median": 648.5174925997853,
  "summary_gm_n": 23639.0,
  "summary_gm_p05": 525.4778989590704,
  "summary_gm_p95": 774.8712840490043,
  "summary_gm_stdv": 75.76669242204501,
  "summary_wm_k": 1.5819825951222848,
  "summary_wm_mad": 84.58475161803972,
  "summary_wm_mean": 1012.8801125875106,
  "summary_wm_median": 1000.0591887161136,
  "summary_wm_n": 160197.0,
  "summary_wm_p05": 870.2728352509439,
  "summary_wm_p95": 1199.9171529896557,
  "summary_wm_stdv": 101.1381712814633,
  "tpm_overlap_csf": 0.1628921639044748,
  "tpm_overlap_gm": 0.45078004569481256,
  "tpm_overlap_wm": 0.46998037987355296,
  "wm2max": 0.31738201347595524
}