{
  "bids_meta": {
    "AcquisitionDateTime": "20201125103929.580000",
    "ConversionSoftware": "dicm2nii.m 20180808",
    "DeviceSerialNumber": "167032",
    "EchoTime": 0.00334,
    "FlipAngle": 7,
    "ImageType": [
      "ORIGINAL",
      "PRIMARY",
      "M",
      "ND"
    ],
    "InstitutionAddress": "Queen Square 12,London,Southeast,GB,WC1N 3BG",
    "InstitutionName": "Functional Imaging Laboratory",
    "InversionTime": 1.1,
    "MRAcquisitionType": "3D",
    "Manufacturer": "SIEMENS",
    "Modality": "MR",
    "PatientName": "MP03057",
    "PatientPosition": "HFS",
    "PhaseEncodingDirection": "j-",
    "RepetitionTime": 2.53,
    "ScanOptions": "IR",
    "ScanningSequence": "GR\\IR",
    "SequenceName": "*tfl3d1_16ns",
    "SequenceVariant": "SK\\SP\\MP",
    "SeriesDescription": "MPRAGE_64ch_Head",
    "SeriesNumber": 2,
    "SliceThickness": 1,
    "SoftwareVersion": "syngo MR E11",
    "dataset": "ds004081",
    "modality": "T1w",
    "subject_id": "MP03057"
  },
  "cjv": 0.4995054133760385,
  "cnr": 2.4477821916568683,
  "efc": 0.5217319375954763,
  "fber": 9890.49750096117,
  "fwhm_avg": 4.206916666666667,
  "fwhm_x": 4.27765,
  "fwhm_y": 4.32237,
  "fwhm_z": 4.02073,
  "icvs_csf": 0.19189384030115977,
  "icvs_gm": 0.3991591552726733,
  "icvs_wm": 0.40894700442616694,
  "inu_med": 0.9918432235717773,
  "inu_range": 1.037450343370437,
  "provenance": {
    "md5sum": "b69ff7cc2b47d2529bc76e433bc5690f",
    "settings": {
      "testing": false
    },
    "software": "mriqc",
    "version": "23.0.1",
    "warnings": {
      "large_rot_frame": true,
      "small_air_mask": false
    },
    "webapi_port": null,
    "webapi_url": "https://mriqc.nimh.nih.gov/api/v1"
  },
  "qi_1": 0.0,
  "qi_2": 0.0031891341544519696,
  "rpve_csf": 24.406592118776608,
  "rpve_gm": 11.622972096706286,
  "rpve_wm": 13.153699999654545,
  "size_x": 176,
  "size_y": 256,
  "size_z": 256,
  "snr_csf": 1.0188971759797774,
  "snr_gm": 7.991708308610518,
  "snr_total": 5.9213077532895895,
  "snr_wm": 8.753317775278475,
  "snrd_csf": 7.31954291260002,
  "snrd_gm": 42.19816323198881,
  "snrd_total": 37.98240520492687,
  "snrd_wm": 64.42950947019179,
  "spacing_x": 1.0,
  "spacing_y": 1.0,
  "spacing_z": 1.0,
  "summary_bg_k": 3.579849058429355,
  "summary_bg_mad": 0.0,
  "summary_bg_mean": 7.125379399611009,
  "summary_bg_median": 0.0,
  "summary_bg_n": 2610185.0,
  "summary_bg_p05": 0.0,
  "summary_bg_p95": 28.724771738052368,
  "summary_bg_stdv": 10.169034923754204,
  "summary_csf_k": 5.843091402418507,
  "summary_csf_mad": 69.70886634118408,
  "summary_csf_mean": 145.89312619704964,
  "summary_csf_median": 113.6140313744545,
  "summary_csf_n": 38730.0,
  "summary_csf_p05": 36.88865423202515,
  "summary_csf_p95": 385.97778150439194,
  "summary_csf_stdv": 111.50542694477988,
  "summary_gm_k": 0.2796661333682673,
  "summary_gm_mad": 78.22634840216477,
  "summary_gm_mean": 657.4369048189837,
  "summary_gm_median": 655.0003871321678,
  "summary_gm_n": 27444.0,
  "summary_gm_p05": 526.0412803292274,
  "summary_gm_p95": 796.8856412172318,
  "summary_gm_stdv": 81.95850353034866,
  "summary_wm_k": 1.5328138014771202,
  "summary_wm_mad": 94.1405912003129,
  "summary_wm_mean": 1021.9763640626982,
  "summary_wm_median": 1000.0756055116653,
  "summary_wm_n": 239081.0,
  "summary_wm_p05": 877.3150020837784,
  "summary_wm_p95": 1250.6614431738853,
  "summary_wm_stdv": 114.25079491965744,
  "tpm_overlap_csf": 0.16977565189977625,
  "tpm_overlap_gm": 0.44579049670535786,
  "tpm_overlap_wm": 0.49095419432119,
  "wm2max": 0.2794322646052465
}