{
  "bids_meta": {
    "AcquisitionDateTime": "20200130114744.940000",
    "ConversionSoftware": "dicm2nii.m 20180808",
    "DeviceSerialNumber": "167032",
    "EchoTime": 0.00334,
    "FlipAngle": 7,
    "ImageType": [
      "ORIGINAL",
      "PRIMARY",
      "M",
      "ND"
    ],
    "InstitutionAddress": "Queen Square 12,London,Southeast,GB,WC1N 3BG",
    "InstitutionName": "FIL",
    "InversionTime": 1.1,
    "MRAcquisitionType": "3D",
    "Manufacturer": "SIEMENS",
    "Modality": "MR",
    "PatientName": "MP02957",
    "PatientPosition": "HFS",
    "PhaseEncodingDirection": "j-",
    "RepetitionTime": 2.53,
    "ScanOptions": "IR",
    "ScanningSequence": "GR\\IR",
    "SequenceName": "*tfl3d1_16ns",
    "SequenceVariant": "SK\\SP\\MP",
    "SeriesDescription": "MPRAGE_64ch_Head",
    "SeriesNumber": 2,
    "SliceThickness": 1,
    "SoftwareVersion": "syngo MR E11",
    "dataset": "ds004081",
    "modality": "T1w",
    "subject_id": "MP02957"
  },
  "cjv": 0.4870513617152219,
  "cnr": 2.531504184396014,
  "efc": 0.5280240222545773,
  "fber": 5429.479224999999,
  "fwhm_avg": 3.8713833333333336,
  "fwhm_x": 3.99549,
  "fwhm_y": 3.98103,
  "fwhm_z": 3.63763,
  "icvs_csf": 0.21212706296926,
  "icvs_gm": 0.3879825297109316,
  "icvs_wm": 0.39989040731980835,
  "inu_med": 1.00405752658844,
  "inu_range": 0.9913086533546446,
  "provenance": {
    "md5sum": "3dbdaa61260b035dd66635b1e6d62d5d",
    "settings": {
      "testing": false
    },
    "software": "mriqc",
    "version": "23.0.1",
    "warnings": {
      "large_rot_frame": true,
      "small_air_mask": false
    },
    "webapi_port": null,
    "webapi_url": "https://mriqc.nimh.nih.gov/api/v1"
  },
  "qi_1": 0.0,
  "qi_2": 0.0028771810630491405,
  "rpve_csf": 26.073399794431456,
  "rpve_gm": 13.68764570166554,
  "rpve_wm": 15.52595984262651,
  "size_x": 176,
  "size_y": 256,
  "size_z": 256,
  "snr_csf": 1.2004831189270713,
  "snr_gm": 8.33563969241703,
  "snr_total": 6.33863891709375,
  "snr_wm": 9.479793939937148,
  "snrd_csf": 7.636294161909404,
  "snrd_gm": 42.67551116100264,
  "snrd_total": 38.18363713413196,
  "snrd_wm": 64.23910607948383,
  "spacing_x": 1.0,
  "spacing_y": 1.0,
  "spacing_z": 1.0,
  "summary_bg_k": 4.952527468277043,
  "summary_bg_mad": 0.0,
  "summary_bg_mean": 7.706709532353533,
  "summary_bg_median": 0.0,
  "summary_bg_n": 2050946.0,
  "summary_bg_p05": 0.0,
  "summary_bg_p95": 28.078519497066736,
  "summary_bg_stdv": 10.199952850562777,
  "summary_csf_k": 4.997555673363986,
  "summary_csf_mad": 70.65725645293534,
  "summary_csf_mean": 141.97787529686505,
  "summary_csf_median": 118.89102850109339,
  "summary_csf_n": 32887.0,
  "summary_csf_p05": 33.491855688393116,
  "summary_csf_p95": 346.1702014535663,
  "summary_csf_stdv": 99.03447957255406,
  "summary_gm_k": 0.5321199329888269,
  "summary_gm_mad": 73.1325106598853,
  "summary_gm_mean": 666.0434712432763,
  "summary_gm_median": 664.4237775765359,
  "summary_gm_n": 15339.0,
  "summary_gm_p05": 537.8883089024573,
  "summary_gm_p95": 801.7859186332672,
  "summary_gm_stdv": 79.70619457547299,
  "summary_wm_k": 1.3251154031114476,
  "summary_wm_mad": 90.38428240529414,
  "summary_wm_mean": 1018.848650631114,
  "summary_wm_median": 1000.151805292815,
  "summary_wm_n": 203375.0,
  "summary_wm_p05": 880.1477543972433,
  "summary_wm_p95": 1222.5185021314765,
  "summary_wm_stdv": 105.50327915783879,
  "tpm_overlap_csf": 0.16392267703076807,
  "tpm_overlap_gm": 0.43690461545773457,
  "tpm_overlap_wm": 0.4875292408874846,
  "wm2max": 0.3381811698401469
}