{
  "aor": 0.012788186813186815,
  "aqi": 0.021511304340659336,
  "bids_meta": {
    "AcquisitionDateTime": "20210616160742.060000",
    "ConversionSoftware": "dicm2nii.m 20180808",
    "DeviceSerialNumber": "167032",
    "EchoTime": 0.03,
    "EchoTime1": 0.03,
    "EchoTime2": 0.03,
    "EffectiveEchoSpacing": 0.00048611111,
    "FlipAngle": 90,
    "ImageType": [
      "ORIGINAL",
      "PRIMARY",
      "M",
      "ND",
      "MOSAIC"
    ],
    "InstitutionAddress": "Queen Square 12,London,Southeast,GB,WC1N 3BG",
    "InstitutionName": "FIL",
    "MRAcquisitionType": "2D",
    "Manufacturer": "SIEMENS",
    "Modality": "MR",
    "PatientName": "MP03145",
    "PatientPosition": "HFS",
    "PhaseEncodingDirection": "j-",
    "RepetitionTime": 3.36,
    "ScanOptions": "FS",
    "ScanningSequence": "RM",
    "SequenceName": "ep2dv2o2d1",
    "SequenceVariant": "SP\\OSP",
    "SeriesDescription": "nc_epi2d_v2o_3mm_OFC_64ch",
    "SeriesNumber": 10,
    "SliceThickness": 2.5,
    "SliceTiming": [
      0,
      0,
      0,
      0,
      0,
      0,
      0,
      0,
      0,
      0,
      0,
      0,
      0,
      0,
      0,
      0,
      0,
      0,
      0,
      0,
      0,
      0,
      0,
      0,
      0,
      0,
      0,
      0,
      0,
      0,
      0,
      0,
      0,
      0,
      0,
      0,
      0,
      0,
      0,
      0,
      0,
      0,
      0,
      0,
      0,
      0,
      0,
      0
    ],
    "SoftwareVersion": "syngo MR E11",
    "TotalReadoutTime": 0.030625,
    "dataset": "ds004081",
    "deltaTE": 0,
    "modality": "bold",
    "run_id": 4,
    "subject_id": "MP03145",
    "task_id": "unequalVariance"
  },
  "dummy_trs": 2,
  "dvars_nstd": 39.87218588099447,
  "dvars_std": 0.9937305123756905,
  "dvars_vstd": 0.8985674366850827,
  "efc": 0.6256612042794816,
  "fber": 114.43901824951172,
  "fd_mean": 0.20396490986957008,
  "fd_num": 43,
  "fd_perc": 23.626373626373628,
  "fwhm_avg": 2.496414444444445,
  "fwhm_x": 2.2580266666666664,
  "fwhm_y": 2.5347133333333334,
  "fwhm_z": 2.6965033333333337,
  "gcor": 0.0143091,
  "gsr_x": 0.01564801298081875,
  "gsr_y": 0.07136498391628265,
  "provenance": {
    "md5sum": "ad5edb1e8368dcc29f08a3837d3e91e8",
    "settings": {
      "fd_thres": 0.2,
      "testing": false
    },
    "software": "mriqc",
    "version": "23.0.1",
    "webapi_port": null,
    "webapi_url": "https://mriqc.nimh.nih.gov/api/v1"
  },
  "size_t": 182,
  "size_x": 64,
  "size_y": 64,
  "size_z": 48,
  "snr": 2.32021388744053,
  "spacing_tr": 3.359999895095825,
  "spacing_x": 3.0,
  "spacing_y": 3.0,
  "spacing_z": 3.0,
  "summary_bg_k": 62.73652561079538,
  "summary_bg_mad": 12.471778087614998,
  "summary_bg_mean": 103.78956604003906,
  "summary_bg_median": 58.60439682006836,
  "summary_bg_n": 106009.0,
  "summary_bg_p05": 49.0494499206543,
  "summary_bg_p95": 312.9747314453116,
  "summary_bg_stdv": 120.09700012207031,
  "summary_fg_k": 1.1402835532371958,
  "summary_fg_mad": 256.16025413297115,
  "summary_fg_mean": 701.7967529296875,
  "summary_fg_median": 646.9368286132812,
  "summary_fg_n": 43644.0,
  "summary_fg_p05": 353.29974365234375,
  "summary_fg_p95": 1247.71435546875,
  "summary_fg_stdv": 278.82318115234375,
  "tsnr": 25.423983755521476
}