{
  "aor": 0.03216923076923077,
  "aqi": 0.016014841373626375,
  "bids_meta": {
    "AcquisitionDateTime": "20210616153922.912500",
    "ConversionSoftware": "dicm2nii.m 20180808",
    "DeviceSerialNumber": "167032",
    "EchoTime": 0.03,
    "EchoTime1": 0.03,
    "EchoTime2": 0.03,
    "EffectiveEchoSpacing": 0.00052083333,
    "FlipAngle": 90,
    "ImageType": [
      "ORIGINAL",
      "PRIMARY",
      "M",
      "ND",
      "MOSAIC"
    ],
    "InstitutionAddress": "Queen Square 12,London,Southeast,GB,WC1N 3BG",
    "InstitutionName": "FIL",
    "MRAcquisitionType": "2D",
    "Manufacturer": "SIEMENS",
    "Modality": "MR",
    "PatientName": "MP03145",
    "PatientPosition": "HFS",
    "PhaseEncodingDirection": "j-",
    "RepetitionTime": 3.36,
    "ScanOptions": "FS",
    "ScanningSequence": "RM",
    "SequenceName": "ep2dv2o2d1",
    "SequenceVariant": "SP\\OSP",
    "SeriesDescription": "nc_epi2d_v2o_3mm_OFC_64ch",
    "SeriesNumber": 8,
    "SliceThickness": 2.5,
    "SliceTiming": [
      0,
      0.07,
      0.14,
      0.21,
      0.28,
      0.35,
      0.42,
      0.49,
      0.56,
      0.63,
      0.7,
      0.77,
      0.84,
      0.91,
      0.98,
      1.05,
      1.12,
      1.19,
      1.26,
      1.33,
      1.4,
      1.47,
      1.54,
      1.61,
      1.68,
      1.75,
      1.82,
      1.89,
      1.96,
      2.03,
      2.1,
      2.17,
      2.24,
      2.31,
      2.38,
      2.45,
      2.52,
      2.59,
      2.66,
      2.73,
      2.8,
      2.87,
      2.94,
      3.01,
      3.08,
      3.15,
      3.22,
      3.29
    ],
    "SoftwareVersion": "syngo MR E11",
    "TotalReadoutTime": 0.0328125,
    "dataset": "ds004081",
    "deltaTE": 0,
    "modality": "bold",
    "run_id": 2,
    "subject_id": "MP03145",
    "task_id": "unequalVariance"
  },
  "dummy_trs": 2,
  "dvars_nstd": 40.69586646359115,
  "dvars_std": 1.198885240939226,
  "dvars_vstd": 1.0854852897237568,
  "efc": 0.6232752466536565,
  "fber": 115.04559326171875,
  "fd_mean": 0.2405410697922115,
  "fd_num": 37,
  "fd_perc": 20.32967032967033,
  "fwhm_avg": 2.4833288888888894,
  "fwhm_x": 2.2812433333333333,
  "fwhm_y": 2.5453933333333336,
  "fwhm_z": 2.62335,
  "gcor": 0.0143925,
  "gsr_x": 0.007534521631896496,
  "gsr_y": 0.06193628907203674,
  "provenance": {
    "md5sum": "36760b5c3e49a67154a0cf346c3d50dc",
    "settings": {
      "fd_thres": 0.2,
      "testing": false
    },
    "software": "mriqc",
    "version": "23.0.1",
    "webapi_port": null,
    "webapi_url": "https://mriqc.nimh.nih.gov/api/v1"
  },
  "size_t": 182,
  "size_x": 64,
  "size_y": 64,
  "size_z": 48,
  "snr": 2.3155227757935584,
  "spacing_tr": 3.359999895095825,
  "spacing_x": 3.0,
  "spacing_y": 3.0,
  "spacing_z": 3.0,
  "summary_bg_k": 64.91601617874439,
  "summary_bg_mad": 13.604095850237023,
  "summary_bg_mean": 106.86674499511719,
  "summary_bg_median": 59.4505500793457,
  "summary_bg_n": 105545.0,
  "summary_bg_p05": 48.85165023803711,
  "summary_bg_p95": 319.58352661132756,
  "summary_bg_stdv": 133.4291229248047,
  "summary_fg_k": 1.1708158146623067,
  "summary_fg_mad": 262.2983847716773,
  "summary_fg_mean": 724.9379272460938,
  "summary_fg_median": 666.1868286132812,
  "summary_fg_n": 43159.0,
  "summary_fg_p05": 368.0373840332031,
  "summary_fg_p95": 1291.4296997070307,
  "summary_fg_stdv": 287.7013854980469,
  "tsnr": 27.963945616269484
}