{
  "aor": 0.002673131868131868,
  "aqi": 0.003970669945054945,
  "bids_meta": {
    "AcquisitionDateTime": "20210616163700.160000",
    "ConversionSoftware": "dicm2nii.m 20180808",
    "DeviceSerialNumber": "167032",
    "EchoTime": 0.03,
    "EchoTime1": 0.03,
    "EchoTime2": 0.03,
    "EffectiveEchoSpacing": 0.00052083333,
    "FlipAngle": 90,
    "ImageType": [
      "ORIGINAL",
      "PRIMARY",
      "M",
      "ND",
      "MOSAIC"
    ],
    "InstitutionAddress": "Queen Square 12,London,Southeast,GB,WC1N 3BG",
    "InstitutionName": "FIL",
    "MRAcquisitionType": "2D",
    "Manufacturer": "SIEMENS",
    "Modality": "MR",
    "PatientName": "MP03145",
    "PatientPosition": "HFS",
    "PhaseEncodingDirection": "j-",
    "RepetitionTime": 3.36,
    "ScanOptions": "FS",
    "ScanningSequence": "RM",
    "SequenceName": "ep2dv2o2d1",
    "SequenceVariant": "SP\\OSP",
    "SeriesDescription": "nc_epi2d_v2o_3mm_OFC_64ch",
    "SeriesNumber": 13,
    "SliceThickness": 2.5,
    "SliceTiming": [
      0,
      0.07,
      0.14,
      0.21,
      0.28,
      0.35,
      0.42,
      0.49,
      0.56,
      0.63,
      0.7,
      0.77,
      0.84,
      0.91,
      0.98,
      1.05,
      1.12,
      1.19,
      1.26,
      1.33,
      1.4,
      1.47,
      1.54,
      1.61,
      1.68,
      1.75,
      1.82,
      1.89,
      1.96,
      2.03,
      2.1,
      2.17,
      2.24,
      2.31,
      2.38,
      2.45,
      2.52,
      2.59,
      2.66,
      2.73,
      2.8,
      2.87,
      2.94,
      3.01,
      3.08,
      3.15,
      3.22,
      3.29
    ],
    "SoftwareVersion": "syngo MR E11",
    "TotalReadoutTime": 0.0328125,
    "dataset": "ds004081",
    "deltaTE": 0,
    "modality": "bold",
    "run_id": 5,
    "subject_id": "MP03145",
    "task_id": "unequalVariance"
  },
  "dummy_trs": 2,
  "dvars_nstd": 25.681173482762436,
  "dvars_std": 1.2468231586740328,
  "dvars_vstd": 1.004678758176796,
  "efc": 0.6245395299992631,
  "fber": 115.8683853149414,
  "fd_mean": 0.05504735237100315,
  "fd_num": 2,
  "fd_perc": 1.098901098901099,
  "fwhm_avg": 2.4423666666666666,
  "fwhm_x": 2.22595,
  "fwhm_y": 2.495836666666667,
  "fwhm_z": 2.6053133333333336,
  "gcor": 0.0118332,
  "gsr_x": 0.015451585873961449,
  "gsr_y": 0.06791232526302338,
  "provenance": {
    "md5sum": "460312ccfb6dc48af62e0040b276a324",
    "settings": {
      "fd_thres": 0.2,
      "testing": false
    },
    "software": "mriqc",
    "version": "23.0.1",
    "webapi_port": null,
    "webapi_url": "https://mriqc.nimh.nih.gov/api/v1"
  },
  "size_t": 182,
  "size_x": 64,
  "size_y": 64,
  "size_z": 48,
  "snr": 2.2952019678451894,
  "spacing_tr": 3.359999895095825,
  "spacing_x": 3.0,
  "spacing_y": 3.0,
  "spacing_z": 3.0,
  "summary_bg_k": 50.157394587324596,
  "summary_bg_mad": 12.186664016572731,
  "summary_bg_mean": 105.0386962890625,
  "summary_bg_median": 58.41758346557617,
  "summary_bg_n": 106558.0,
  "summary_bg_p05": 48.87912368774414,
  "summary_bg_p95": 323.0348861694333,
  "summary_bg_stdv": 122.61985778808594,
  "summary_fg_k": 1.2129666495335316,
  "summary_fg_mad": 258.00536272887746,
  "summary_fg_mean": 707.165283203125,
  "summary_fg_median": 649.7472534179688,
  "summary_fg_n": 43303.0,
  "summary_fg_p05": 354.5406799316406,
  "summary_fg_p95": 1259.5005493164065,
  "summary_fg_stdv": 283.0860900878906,
  "tsnr": 63.87521804287098
}