{
  "aor": 0.011153846153846153,
  "aqi": 0.009261418186813185,
  "bids_meta": {
    "AcquisitionDateTime": "20210616152726.850000",
    "ConversionSoftware": "dicm2nii.m 20180808",
    "DeviceSerialNumber": "167032",
    "EchoTime": 0.03,
    "EchoTime1": 0.03,
    "EchoTime2": 0.03,
    "EffectiveEchoSpacing": 0.00052083333,
    "FlipAngle": 90,
    "ImageType": [
      "ORIGINAL",
      "PRIMARY",
      "M",
      "ND",
      "MOSAIC"
    ],
    "InstitutionAddress": "Queen Square 12,London,Southeast,GB,WC1N 3BG",
    "InstitutionName": "FIL",
    "MRAcquisitionType": "2D",
    "Manufacturer": "SIEMENS",
    "Modality": "MR",
    "PatientName": "MP03145",
    "PatientPosition": "HFS",
    "PhaseEncodingDirection": "j-",
    "RepetitionTime": 3.36,
    "ScanOptions": "FS",
    "ScanningSequence": "RM",
    "SequenceName": "ep2dv2o2d1",
    "SequenceVariant": "SP\\OSP",
    "SeriesDescription": "nc_epi2d_v2o_3mm_OFC_64ch",
    "SeriesNumber": 7,
    "SliceThickness": 2.5,
    "SliceTiming": [
      0,
      0.07,
      0.14,
      0.21,
      0.28,
      0.35,
      0.42,
      0.49,
      0.56,
      0.63,
      0.7,
      0.77,
      0.84,
      0.91,
      0.98,
      1.05,
      1.12,
      1.19,
      1.26,
      1.33,
      1.4,
      1.47,
      1.54,
      1.61,
      1.68,
      1.75,
      1.82,
      1.89,
      1.96,
      2.03,
      2.1,
      2.17,
      2.24,
      2.31,
      2.38,
      2.45,
      2.52,
      2.59,
      2.66,
      2.73,
      2.8,
      2.87,
      2.94,
      3.01,
      3.08,
      3.15,
      3.22,
      3.29
    ],
    "SoftwareVersion": "syngo MR E11",
    "TotalReadoutTime": 0.0328125,
    "dataset": "ds004081",
    "deltaTE": 0,
    "modality": "bold",
    "run_id": 1,
    "subject_id": "MP03145",
    "task_id": "unequalVariance"
  },
  "dummy_trs": 2,
  "dvars_nstd": 26.46866221950275,
  "dvars_std": 1.0727611661878458,
  "dvars_vstd": 0.9752739800552482,
  "efc": 0.6207740995705177,
  "fber": 116.09120178222656,
  "fd_mean": 0.11028590231492545,
  "fd_num": 14,
  "fd_perc": 7.6923076923076925,
  "fwhm_avg": 2.4968744444444444,
  "fwhm_x": 2.279316666666667,
  "fwhm_y": 2.54927,
  "fwhm_z": 2.662036666666667,
  "gcor": 0.0173509,
  "gsr_x": 0.0075983102433383465,
  "gsr_y": 0.06211118400096893,
  "provenance": {
    "md5sum": "320dd8f3996466f52766c82e16dceb84",
    "settings": {
      "fd_thres": 0.2,
      "testing": false
    },
    "software": "mriqc",
    "version": "23.0.1",
    "webapi_port": null,
    "webapi_url": "https://mriqc.nimh.nih.gov/api/v1"
  },
  "size_t": 182,
  "size_x": 64,
  "size_y": 64,
  "size_z": 48,
  "snr": 2.2970187057198856,
  "spacing_tr": 3.359999895095825,
  "spacing_x": 3.0,
  "spacing_y": 3.0,
  "spacing_z": 3.0,
  "summary_bg_k": 61.16208660130205,
  "summary_bg_mad": 15.355523785333538,
  "summary_bg_mean": 105.06053161621094,
  "summary_bg_median": 59.30220031738281,
  "summary_bg_n": 105735.0,
  "summary_bg_p05": 45.13736343383789,
  "summary_bg_p95": 315.0615539550772,
  "summary_bg_stdv": 129.9957275390625,
  "summary_fg_k": 1.1926759198181918,
  "summary_fg_mad": 263.9765829798863,
  "summary_fg_mean": 730.1598510742188,
  "summary_fg_median": 669.3077392578125,
  "summary_fg_n": 42821.0,
  "summary_fg_p05": 370.1318664550781,
  "summary_fg_p95": 1301.7857666015625,
  "summary_fg_stdv": 291.3776550292969,
  "tsnr": 39.122178634861484
}