{
  "aor": 0.004487267759562841,
  "aqi": 0.005454073661202186,
  "bids_meta": {
    "AcquisitionDateTime": "20200218142917.145000",
    "ConversionSoftware": "dicm2nii.m 20180808",
    "DeviceSerialNumber": "167032",
    "EchoTime": 0.03,
    "EchoTime1": 0.03,
    "EchoTime2": 0.03,
    "EffectiveEchoSpacing": 0.00048611111,
    "FlipAngle": 90,
    "ImageType": [
      "ORIGINAL",
      "PRIMARY",
      "M",
      "ND",
      "MOSAIC"
    ],
    "InstitutionAddress": "Queen Square 12,London,Southeast,GB,WC1N 3BG",
    "InstitutionName": "FIL",
    "MRAcquisitionType": "2D",
    "Manufacturer": "SIEMENS",
    "Modality": "MR",
    "PatientName": "MP02987",
    "PatientPosition": "HFS",
    "PhaseEncodingDirection": "j-",
    "RepetitionTime": 3.36,
    "ScanOptions": "FS",
    "ScanningSequence": "RM",
    "SequenceName": "ep2dv2o2d1",
    "SequenceVariant": "SP\\OSP",
    "SeriesDescription": "nc_epi2d_v2o_3mm_OFC_64ch",
    "SeriesNumber": 7,
    "SliceThickness": 2.5,
    "SliceTiming": [
      0,
      0,
      0,
      0,
      0,
      0,
      0,
      0,
      0,
      0,
      0,
      0,
      0,
      0,
      0,
      0,
      0,
      0,
      0,
      0,
      0,
      0,
      0,
      0,
      0,
      0,
      0,
      0,
      0,
      0,
      0,
      0,
      0,
      0,
      0,
      0,
      0,
      0,
      0,
      0,
      0,
      0,
      0,
      0,
      0,
      0,
      0,
      0
    ],
    "SoftwareVersion": "syngo MR E11",
    "TotalReadoutTime": 0.030625,
    "dataset": "ds004081",
    "deltaTE": 0,
    "modality": "bold",
    "run_id": 1,
    "subject_id": "MP02987",
    "task_id": "unequalVariance"
  },
  "dummy_trs": 1,
  "dvars_nstd": 31.828190195439554,
  "dvars_std": 1.3506806597802197,
  "dvars_vstd": 0.9946876229670328,
  "efc": 0.6490660306291924,
  "fber": 140.99082946777344,
  "fd_mean": 0.08335113281804107,
  "fd_num": 5,
  "fd_perc": 2.73224043715847,
  "fwhm_avg": 2.516211111111111,
  "fwhm_x": 2.3051366666666664,
  "fwhm_y": 2.51248,
  "fwhm_z": 2.7310166666666666,
  "gcor": 0.0108024,
  "gsr_x": -0.0048340861685574055,
  "gsr_y": 0.07830620557069778,
  "provenance": {
    "md5sum": "3536e4f10453408257afb89c3b594ebc",
    "settings": {
      "fd_thres": 0.2,
      "testing": false
    },
    "software": "mriqc",
    "version": "23.0.1",
    "webapi_port": null,
    "webapi_url": "https://mriqc.nimh.nih.gov/api/v1"
  },
  "size_t": 183,
  "size_x": 64,
  "size_y": 64,
  "size_z": 48,
  "snr": 2.423116044110341,
  "spacing_tr": 3.359999895095825,
  "spacing_x": 3.0,
  "spacing_y": 3.0,
  "spacing_z": 3.0,
  "summary_bg_k": 18.01626281871461,
  "summary_bg_mad": 14.809818665784098,
  "summary_bg_mean": 109.4052963256836,
  "summary_bg_median": 60.15300369262695,
  "summary_bg_n": 94963.0,
  "summary_bg_p05": 47.743167877197266,
  "summary_bg_p95": 356.52732543945297,
  "summary_bg_stdv": 123.68406677246094,
  "summary_fg_k": 0.9808396369500274,
  "summary_fg_mad": 299.0926915869926,
  "summary_fg_mean": 805.6557006835938,
  "summary_fg_median": 752.2076416015625,
  "summary_fg_n": 52132.0,
  "summary_fg_p05": 411.67566986083983,
  "summary_fg_p95": 1394.9911926269526,
  "summary_fg_stdv": 310.4269104003906,
  "tsnr": 58.64146957639605
}