{
  "bids_meta": {
    "AcquisitionDateTime": "20200204112203.510000",
    "ConversionSoftware": "dicm2nii.m 20180808",
    "DeviceSerialNumber": "167032",
    "EchoTime": 0.00334,
    "FlipAngle": 7,
    "ImageType": [
      "ORIGINAL",
      "PRIMARY",
      "M",
      "ND"
    ],
    "InstitutionAddress": "Queen Square 12,London,Southeast,GB,WC1N 3BG",
    "InstitutionName": "Functional Imaging Laboratory",
    "InversionTime": 1.1,
    "MRAcquisitionType": "3D",
    "Manufacturer": "SIEMENS",
    "Modality": "MR",
    "PatientName": "MP02961",
    "PatientPosition": "HFS",
    "PhaseEncodingDirection": "j-",
    "RepetitionTime": 2.53,
    "ScanOptions": "IR",
    "ScanningSequence": "GR\\IR",
    "SequenceName": "*tfl3d1_16ns",
    "SequenceVariant": "SK\\SP\\MP",
    "SeriesDescription": "MPRAGE_64ch_Head",
    "SeriesNumber": 2,
    "SliceThickness": 1,
    "SoftwareVersion": "syngo MR E11",
    "dataset": "ds004081",
    "modality": "T1w",
    "subject_id": "MP02961"
  },
  "cjv": 0.4452473242762611,
  "cnr": 2.877896138253181,
  "efc": 0.46722999387509395,
  "fber": 8820.722056976667,
  "fwhm_avg": 4.093046666666667,
  "fwhm_x": 4.2732,
  "fwhm_y": 3.93589,
  "fwhm_z": 4.07005,
  "icvs_csf": 0.18120728245090137,
  "icvs_gm": 0.436155230278521,
  "icvs_wm": 0.38263748727057767,
  "inu_med": 0.9302734434604645,
  "inu_range": 1.1240366131067276,
  "provenance": {
    "md5sum": "fd9c8d02239157746428fd07dbd4bde7",
    "settings": {
      "testing": false
    },
    "software": "mriqc",
    "version": "23.0.1",
    "warnings": {
      "large_rot_frame": true,
      "small_air_mask": false
    },
    "webapi_port": null,
    "webapi_url": "https://mriqc.nimh.nih.gov/api/v1"
  },
  "qi_1": 0.0,
  "qi_2": 0.003247734076679042,
  "rpve_csf": 31.261521939997873,
  "rpve_gm": 13.71862651406783,
  "rpve_wm": 17.39915395419253,
  "size_x": 176,
  "size_y": 256,
  "size_z": 256,
  "snr_csf": 1.1328189546826426,
  "snr_gm": 9.072543238511996,
  "snr_total": 6.792447591029547,
  "snr_wm": 10.171980579894006,
  "snrd_csf": 8.162576477499783,
  "snrd_gm": 42.66762489599887,
  "snrd_total": 38.85984707324897,
  "snrd_wm": 65.74933984624826,
  "spacing_x": 1.0,
  "spacing_y": 1.0,
  "spacing_z": 1.0,
  "summary_bg_k": 4.399138967201585,
  "summary_bg_mad": 0.0,
  "summary_bg_mean": 6.9397552483796385,
  "summary_bg_median": 0.0,
  "summary_bg_n": 3010315.0,
  "summary_bg_p05": 0.0,
  "summary_bg_p95": 28.47113786637783,
  "summary_bg_stdv": 9.964799107773414,
  "summary_csf_k": 9.965865699805114,
  "summary_csf_mad": 71.31601689820151,
  "summary_csf_mean": 153.28822854436368,
  "summary_csf_median": 124.15496192872524,
  "summary_csf_n": 20071.0,
  "summary_csf_p05": 39.16406521573663,
  "summary_csf_p95": 383.93784430995584,
  "summary_csf_stdv": 109.59550816370941,
  "summary_gm_k": 0.1660972854015288,
  "summary_gm_mad": 69.3885569820339,
  "summary_gm_mean": 648.7982926811633,
  "summary_gm_median": 648.9859371185303,
  "summary_gm_n": 21999.0,
  "summary_gm_p05": 529.9011778235435,
  "summary_gm_p95": 765.8021057479083,
  "summary_gm_stdv": 71.53134127211729,
  "summary_wm_k": 1.0150284444298938,
  "summary_wm_mad": 86.92844221915914,
  "summary_wm_mean": 1016.0800850888086,
  "summary_wm_median": 1000.0649682059884,
  "summary_wm_n": 164688.0,
  "summary_wm_p05": 883.6453154236078,
  "summary_wm_p95": 1202.3530527725816,
  "summary_wm_stdv": 98.31535993461762,
  "tpm_overlap_csf": 0.15588343059490858,
  "tpm_overlap_gm": 0.4668492437093477,
  "tpm_overlap_wm": 0.49482232383432506,
  "wm2max": 0.291421211145417
}