{
  "aor": 0.0026867582417582415,
  "aqi": 0.003484487362637362,
  "bids_meta": {
    "AcquisitionDateTime": "20200221135512.402500",
    "ConversionSoftware": "dicm2nii.m 20180808",
    "DeviceSerialNumber": "167032",
    "EchoTime": 0.03,
    "EchoTime1": 0.03,
    "EchoTime2": 0.03,
    "EffectiveEchoSpacing": 0.00048611111,
    "FlipAngle": 90,
    "ImageType": [
      "ORIGINAL",
      "PRIMARY",
      "M",
      "ND",
      "MOSAIC"
    ],
    "InstitutionAddress": "Queen Square 12,London,Southeast,GB,WC1N 3BG",
    "InstitutionName": "Functional Imaging Laboratory",
    "MRAcquisitionType": "2D",
    "Manufacturer": "SIEMENS",
    "Modality": "MR",
    "PatientName": "MP02991",
    "PatientPosition": "HFS",
    "PhaseEncodingDirection": "j-",
    "RepetitionTime": 3.36,
    "ScanOptions": "FS",
    "ScanningSequence": "RM",
    "SequenceName": "ep2dv2o2d1",
    "SequenceVariant": "SP\\OSP",
    "SeriesDescription": "nc_epi2d_v2o_3mm_OFC_64ch",
    "SeriesNumber": 10,
    "SliceThickness": 2.5,
    "SliceTiming": [
      0,
      0,
      0,
      0,
      0,
      0,
      0,
      0,
      0,
      0,
      0,
      0,
      0,
      0,
      0,
      0,
      0,
      0,
      0,
      0,
      0,
      0,
      0,
      0,
      0,
      0,
      0,
      0,
      0,
      0,
      0,
      0,
      0,
      0,
      0,
      0,
      0,
      0,
      0,
      0,
      0,
      0,
      0,
      0,
      0,
      0,
      0,
      0
    ],
    "SoftwareVersion": "syngo MR E11",
    "TotalReadoutTime": 0.030625,
    "dataset": "ds004081",
    "deltaTE": 0,
    "modality": "bold",
    "run_id": 5,
    "subject_id": "MP02991",
    "task_id": "unequalVariance"
  },
  "dummy_trs": 2,
  "dvars_nstd": 21.24546899834254,
  "dvars_std": 1.2434254501657462,
  "dvars_vstd": 1.0049676596685082,
  "efc": 0.6367624414179999,
  "fber": 148.8287811279297,
  "fd_mean": 0.07701749516125725,
  "fd_num": 2,
  "fd_perc": 1.098901098901099,
  "fwhm_avg": 2.40361,
  "fwhm_x": 2.2509633333333334,
  "fwhm_y": 2.3684266666666667,
  "fwhm_z": 2.59144,
  "gcor": 0.00507175,
  "gsr_x": -0.015424010343849659,
  "gsr_y": 0.05878772586584091,
  "provenance": {
    "md5sum": "4d42e514abdbfcfb62d796be58cea3ed",
    "settings": {
      "fd_thres": 0.2,
      "testing": false
    },
    "software": "mriqc",
    "version": "23.0.1",
    "webapi_port": null,
    "webapi_url": "https://mriqc.nimh.nih.gov/api/v1"
  },
  "size_t": 182,
  "size_x": 64,
  "size_y": 64,
  "size_z": 48,
  "snr": 2.6011476073565727,
  "spacing_tr": 3.359999895095825,
  "spacing_x": 3.0,
  "spacing_y": 3.0,
  "spacing_z": 3.0,
  "summary_bg_k": 12.8726404580688,
  "summary_bg_mad": 21.46514980374989,
  "summary_bg_mean": 116.46601104736328,
  "summary_bg_median": 65.36813354492188,
  "summary_bg_n": 100294.0,
  "summary_bg_p05": 49.43406677246094,
  "summary_bg_p95": 371.26922607421875,
  "summary_bg_stdv": 122.77637481689453,
  "summary_fg_k": 0.7742475916361453,
  "summary_fg_mad": 302.52822225878674,
  "summary_fg_mean": 883.4340209960938,
  "summary_fg_median": 828.0769653320312,
  "summary_fg_n": 49550.0,
  "summary_fg_p05": 462.4629211425781,
  "summary_fg_p95": 1484.9914855957027,
  "summary_fg_stdv": 318.347412109375,
  "tsnr": 70.24885835766327
}