{
  "aor": 0.0009725274725274725,
  "aqi": 0.003790148021978022,
  "bids_meta": {
    "AcquisitionDateTime": "20200221133207.347500",
    "ConversionSoftware": "dicm2nii.m 20180808",
    "DeviceSerialNumber": "167032",
    "EchoTime": 0.03,
    "EchoTime1": 0.03,
    "EchoTime2": 0.03,
    "EffectiveEchoSpacing": 0.00048611111,
    "FlipAngle": 90,
    "ImageType": [
      "ORIGINAL",
      "PRIMARY",
      "M",
      "ND",
      "MOSAIC"
    ],
    "InstitutionAddress": "Queen Square 12,London,Southeast,GB,WC1N 3BG",
    "InstitutionName": "Functional Imaging Laboratory",
    "MRAcquisitionType": "2D",
    "Manufacturer": "SIEMENS",
    "Modality": "MR",
    "PatientName": "MP02991",
    "PatientPosition": "HFS",
    "PhaseEncodingDirection": "j-",
    "RepetitionTime": 3.36,
    "ScanOptions": "FS",
    "ScanningSequence": "RM",
    "SequenceName": "ep2dv2o2d1",
    "SequenceVariant": "SP\\OSP",
    "SeriesDescription": "nc_epi2d_v2o_3mm_OFC_64ch",
    "SeriesNumber": 8,
    "SliceThickness": 2.5,
    "SliceTiming": [
      0,
      0.07,
      0.14,
      0.21,
      0.28,
      0.35,
      0.42,
      0.49,
      0.56,
      0.63,
      0.7,
      0.77,
      0.84,
      0.91,
      0.98,
      1.05,
      1.12,
      1.19,
      1.26,
      1.33,
      1.4,
      1.47,
      1.54,
      1.61,
      1.68,
      1.75,
      1.82,
      1.89,
      1.96,
      2.03,
      2.1,
      2.17,
      2.24,
      2.31,
      2.38,
      2.45,
      2.52,
      2.59,
      2.66,
      2.73,
      2.8,
      2.87,
      2.94,
      3.01,
      3.08,
      3.15,
      3.22,
      3.29
    ],
    "SoftwareVersion": "syngo MR E11",
    "TotalReadoutTime": 0.030625,
    "dataset": "ds004081",
    "deltaTE": 0,
    "modality": "bold",
    "run_id": 3,
    "subject_id": "MP02991",
    "task_id": "unequalVariance"
  },
  "dummy_trs": 2,
  "dvars_nstd": 22.082021176077333,
  "dvars_std": 1.210035855082872,
  "dvars_vstd": 0.9627042929834256,
  "efc": 0.6363647893424184,
  "fber": 151.27845764160156,
  "fd_mean": 0.07304049356418066,
  "fd_num": 1,
  "fd_perc": 0.5494505494505495,
  "fwhm_avg": 2.404068888888889,
  "fwhm_x": 2.2590866666666667,
  "fwhm_y": 2.364383333333333,
  "fwhm_z": 2.5887366666666667,
  "gcor": 0.0077426,
  "gsr_x": -0.01358036044985056,
  "gsr_y": 0.05542343482375145,
  "provenance": {
    "md5sum": "d0a578e1741c677b8429a754b44e3457",
    "settings": {
      "fd_thres": 0.2,
      "testing": false
    },
    "software": "mriqc",
    "version": "23.0.1",
    "webapi_port": null,
    "webapi_url": "https://mriqc.nimh.nih.gov/api/v1"
  },
  "size_t": 182,
  "size_x": 64,
  "size_y": 64,
  "size_z": 48,
  "snr": 2.607454659015443,
  "spacing_tr": 3.359999895095825,
  "spacing_x": 3.0,
  "spacing_y": 3.0,
  "spacing_z": 3.0,
  "summary_bg_k": 13.66944205710763,
  "summary_bg_mad": 21.237050628965992,
  "summary_bg_mean": 117.65464782714844,
  "summary_bg_median": 65.25274658203125,
  "summary_bg_n": 100639.0,
  "summary_bg_p05": 49.91758346557617,
  "summary_bg_p95": 378.51977844238206,
  "summary_bg_stdv": 126.9493408203125,
  "summary_fg_k": 0.7935254805146603,
  "summary_fg_mad": 303.16772115271857,
  "summary_fg_mean": 886.7991943359375,
  "summary_fg_median": 830.989013671875,
  "summary_fg_n": 49579.0,
  "summary_fg_p05": 465.5483703613281,
  "summary_fg_p95": 1489.6198730468748,
  "summary_fg_stdv": 318.6941833496094,
  "tsnr": 67.18900410179049
}