{
  "aor": 0.007101868131868132,
  "aqi": 0.004688951923076923,
  "bids_meta": {
    "AcquisitionDateTime": "20200221130927.977500",
    "ConversionSoftware": "dicm2nii.m 20180808",
    "DeviceSerialNumber": "167032",
    "EchoTime": 0.03,
    "EchoTime1": 0.03,
    "EchoTime2": 0.03,
    "EffectiveEchoSpacing": 0.00048611111,
    "FlipAngle": 90,
    "ImageType": [
      "ORIGINAL",
      "PRIMARY",
      "M",
      "ND",
      "MOSAIC"
    ],
    "InstitutionAddress": "Queen Square 12,London,Southeast,GB,WC1N 3BG",
    "InstitutionName": "Functional Imaging Laboratory",
    "MRAcquisitionType": "2D",
    "Manufacturer": "SIEMENS",
    "Modality": "MR",
    "PatientName": "MP02991",
    "PatientPosition": "HFS",
    "PhaseEncodingDirection": "j-",
    "RepetitionTime": 3.36,
    "ScanOptions": "FS",
    "ScanningSequence": "RM",
    "SequenceName": "ep2dv2o2d1",
    "SequenceVariant": "SP\\OSP",
    "SeriesDescription": "nc_epi2d_v2o_3mm_OFC_64ch",
    "SeriesNumber": 6,
    "SliceThickness": 2.5,
    "SliceTiming": [
      0,
      0.07,
      0.14,
      0.21,
      0.28,
      0.35,
      0.42,
      0.49,
      0.56,
      0.63,
      0.7,
      0.77,
      0.84,
      0.91,
      0.98,
      1.05,
      1.12,
      1.19,
      1.26,
      1.33,
      1.4,
      1.47,
      1.54,
      1.61,
      1.68,
      1.75,
      1.82,
      1.89,
      1.96,
      2.03,
      2.1,
      2.17,
      2.24,
      2.31,
      2.38,
      2.45,
      2.52,
      2.59,
      2.66,
      2.73,
      2.8,
      2.87,
      2.94,
      3.01,
      3.08,
      3.15,
      3.22,
      3.29
    ],
    "SoftwareVersion": "syngo MR E11",
    "TotalReadoutTime": 0.030625,
    "dataset": "ds004081",
    "deltaTE": 0,
    "modality": "bold",
    "run_id": 1,
    "subject_id": "MP02991",
    "task_id": "unequalVariance"
  },
  "dummy_trs": 2,
  "dvars_nstd": 23.183991058121563,
  "dvars_std": 1.2727767827071823,
  "dvars_vstd": 0.9884906165745861,
  "efc": 0.6341858565334046,
  "fber": 156.09596252441406,
  "fd_mean": 0.07570086452906104,
  "fd_num": 4,
  "fd_perc": 2.197802197802198,
  "fwhm_avg": 2.3953988888888884,
  "fwhm_x": 2.2490666666666668,
  "fwhm_y": 2.3543766666666666,
  "fwhm_z": 2.5827533333333332,
  "gcor": 0.00712117,
  "gsr_x": -0.017767811194062233,
  "gsr_y": 0.05346754938364029,
  "provenance": {
    "md5sum": "b93d84f7975113f18cf772a95473d645",
    "settings": {
      "fd_thres": 0.2,
      "testing": false
    },
    "software": "mriqc",
    "version": "23.0.1",
    "webapi_port": null,
    "webapi_url": "https://mriqc.nimh.nih.gov/api/v1"
  },
  "size_t": 182,
  "size_x": 64,
  "size_y": 64,
  "size_z": 48,
  "snr": 2.5956627679548077,
  "spacing_tr": 3.359999895095825,
  "spacing_x": 3.0,
  "spacing_y": 3.0,
  "spacing_z": 3.0,
  "summary_bg_k": 13.432709872750138,
  "summary_bg_mad": 20.65867265397715,
  "summary_bg_mean": 115.00431823730469,
  "summary_bg_median": 64.5,
  "summary_bg_n": 100296.0,
  "summary_bg_p05": 49.20879364013672,
  "summary_bg_p95": 363.8255615234375,
  "summary_bg_stdv": 121.30278778076172,
  "summary_fg_k": 0.7934201701650392,
  "summary_fg_mad": 306.40168343817714,
  "summary_fg_mean": 892.0262451171875,
  "summary_fg_median": 836.3406982421875,
  "summary_fg_n": 49437.0,
  "summary_fg_p05": 467.39892578125,
  "summary_fg_p95": 1498.8549804687498,
  "summary_fg_stdv": 322.2037353515625,
  "tsnr": 58.82654176559299
}