{
  "bids_meta": {
    "AcquisitionDateTime": "20201014110832.282500",
    "ConversionSoftware": "dicm2nii.m 20180808",
    "DeviceSerialNumber": "167032",
    "EchoTime": 0.00334,
    "FlipAngle": 7,
    "ImageType": [
      "ORIGINAL",
      "PRIMARY",
      "M",
      "ND"
    ],
    "InstitutionAddress": "Queen Square 12,London,Southeast,GB,WC1N 3BG",
    "InstitutionName": "Functional Imaging Laboratory",
    "InversionTime": 1.1,
    "MRAcquisitionType": "3D",
    "Manufacturer": "SIEMENS",
    "Modality": "MR",
    "PatientName": "MP03032",
    "PatientPosition": "HFS",
    "PhaseEncodingDirection": "j-",
    "RepetitionTime": 2.53,
    "ScanOptions": "IR",
    "ScanningSequence": "GR\\IR",
    "SequenceName": "*tfl3d1_16ns",
    "SequenceVariant": "SK\\SP\\MP",
    "SeriesDescription": "MPRAGE_64ch_Head",
    "SeriesNumber": 2,
    "SliceThickness": 1,
    "SoftwareVersion": "syngo MR E11",
    "dataset": "ds004081",
    "modality": "T1w",
    "subject_id": "MP03032"
  },
  "cjv": 0.48242326999953133,
  "cnr": 2.6060972592966376,
  "efc": 0.5436484705648579,
  "fber": 4055.9282763693977,
  "fwhm_avg": 4.125213333333334,
  "fwhm_x": 4.21522,
  "fwhm_y": 4.21452,
  "fwhm_z": 3.9459,
  "icvs_csf": 0.21667322858156565,
  "icvs_gm": 0.3651793540334286,
  "icvs_wm": 0.41814741738500577,
  "inu_med": 1.0081780552864075,
  "inu_range": 0.9842629879713058,
  "provenance": {
    "md5sum": "818508607c1ba5dda0b7e895e61b27be",
    "settings": {
      "testing": false
    },
    "software": "mriqc",
    "version": "23.0.1",
    "warnings": {
      "large_rot_frame": true,
      "small_air_mask": false
    },
    "webapi_port": null,
    "webapi_url": "https://mriqc.nimh.nih.gov/api/v1"
  },
  "qi_1": 0.0,
  "qi_2": 0.001725882229252757,
  "rpve_csf": 23.98598021326816,
  "rpve_gm": 13.287565124101,
  "rpve_wm": 13.909929258276003,
  "size_x": 176,
  "size_y": 256,
  "size_z": 256,
  "snr_csf": 1.1022138210492873,
  "snr_gm": 7.4723436583038145,
  "snr_total": 6.085451990000966,
  "snr_wm": 9.681798490649793,
  "snrd_csf": 6.182480572628931,
  "snrd_gm": 37.92779569907938,
  "snrd_total": 34.23017004531274,
  "snrd_wm": 58.58023386422992,
  "spacing_x": 1.0,
  "spacing_y": 1.0,
  "spacing_z": 1.0,
  "summary_bg_k": 5.152606668100704,
  "summary_bg_mad": 0.0,
  "summary_bg_mean": 8.041831281432351,
  "summary_bg_median": 0.0,
  "summary_bg_n": 2047136.0,
  "summary_bg_p05": 0.0,
  "summary_bg_p95": 28.892768025398254,
  "summary_bg_stdv": 11.185020435437439,
  "summary_csf_k": 5.560711151504739,
  "summary_csf_mad": 62.9610037056099,
  "summary_csf_mean": 131.45123404923552,
  "summary_csf_median": 105.5523270368576,
  "summary_csf_n": 43019.0,
  "summary_csf_p05": 32.964903116226196,
  "summary_csf_p95": 336.24847549200047,
  "summary_csf_stdv": 95.76281679963374,
  "summary_gm_k": 0.35736343077313215,
  "summary_gm_mad": 81.7438906558375,
  "summary_gm_mean": 650.6959321685113,
  "summary_gm_median": 647.5341165065765,
  "summary_gm_n": 19868.0,
  "summary_gm_p05": 513.4994668066502,
  "summary_gm_p95": 800.5268173515792,
  "summary_gm_stdv": 86.65525168613712,
  "summary_wm_k": 1.2191375439670695,
  "summary_wm_mad": 88.35623351076457,
  "summary_wm_mean": 1017.6487442853678,
  "summary_wm_median": 1000.1293057203293,
  "summary_wm_n": 256793.0,
  "summary_wm_p05": 880.873920917511,
  "summary_wm_p95": 1218.8611334562302,
  "summary_wm_stdv": 103.29974945656676,
  "tpm_overlap_csf": 0.17812153376879322,
  "tpm_overlap_gm": 0.44146373690664936,
  "tpm_overlap_wm": 0.511776369606566,
  "wm2max": 0.26041003767681414
}