{
  "aor": 0.004447868852459016,
  "aqi": 0.010887799508196723,
  "bids_meta": {
    "AcquisitionDateTime": "20200204135047.372500",
    "ConversionSoftware": "dicm2nii.m 20180808",
    "DeviceSerialNumber": "167032",
    "EchoTime": 0.03,
    "EchoTime1": 0.03,
    "EchoTime2": 0.03,
    "EffectiveEchoSpacing": 0.00048611111,
    "FlipAngle": 90,
    "ImageType": [
      "ORIGINAL",
      "PRIMARY",
      "M",
      "ND",
      "MOSAIC"
    ],
    "InstitutionAddress": "Queen Square 12,London,Southeast,GB,WC1N 3BG",
    "InstitutionName": "Functional Imaging Laboratory",
    "MRAcquisitionType": "2D",
    "Manufacturer": "SIEMENS",
    "Modality": "MR",
    "PatientName": "MP02692",
    "PatientPosition": "HFS",
    "PhaseEncodingDirection": "j-",
    "RepetitionTime": 3.36,
    "ScanOptions": "FS",
    "ScanningSequence": "RM",
    "SequenceName": "ep2dv2o2d1",
    "SequenceVariant": "SP\\OSP",
    "SeriesDescription": "nc_epi2d_v2o_3mm_OFC_64ch",
    "SeriesNumber": 11,
    "SliceThickness": 2.5,
    "SliceTiming": [
      0,
      0,
      0,
      0,
      0,
      0,
      0,
      0,
      0,
      0,
      0,
      0,
      0,
      0,
      0,
      0,
      0,
      0,
      0,
      0,
      0,
      0,
      0,
      0,
      0,
      0,
      0,
      0,
      0,
      0,
      0,
      0,
      0,
      0,
      0,
      0,
      0,
      0,
      0,
      0,
      0,
      0,
      0,
      0,
      0,
      0,
      0,
      0
    ],
    "SoftwareVersion": "syngo MR E11",
    "TotalReadoutTime": 0.030625,
    "dataset": "ds004081",
    "deltaTE": 0,
    "modality": "bold",
    "run_id": 4,
    "subject_id": "MP02962",
    "task_id": "unequalVariance"
  },
  "dummy_trs": 1,
  "dvars_nstd": 34.90106822648353,
  "dvars_std": 1.2646220652197797,
  "dvars_vstd": 0.9266464337912089,
  "efc": 0.5846724588229805,
  "fber": 172.04595947265625,
  "fd_mean": 0.1319136900135368,
  "fd_num": 31,
  "fd_perc": 16.939890710382514,
  "fwhm_avg": 2.6309888888888886,
  "fwhm_x": 2.476923333333333,
  "fwhm_y": 2.7098666666666666,
  "fwhm_z": 2.7061766666666665,
  "gcor": 0.016204,
  "gsr_x": -0.007340786512941122,
  "gsr_y": 0.05226964130997658,
  "provenance": {
    "md5sum": "4b8c2022127c9fe8cb68b88eb27c0476",
    "settings": {
      "fd_thres": 0.2,
      "testing": false
    },
    "software": "mriqc",
    "version": "23.0.1",
    "webapi_port": null,
    "webapi_url": "https://mriqc.nimh.nih.gov/api/v1"
  },
  "size_t": 183,
  "size_x": 64,
  "size_y": 64,
  "size_z": 48,
  "snr": 2.542998380809649,
  "spacing_tr": 3.359999895095825,
  "spacing_x": 3.0,
  "spacing_y": 3.0,
  "spacing_z": 3.0,
  "summary_bg_k": 22.87986498922886,
  "summary_bg_mad": 10.191877885751433,
  "summary_bg_mean": 90.46566009521484,
  "summary_bg_median": 54.983604431152344,
  "summary_bg_n": 116749.0,
  "summary_bg_p05": 45.90163803100586,
  "summary_bg_p95": 274.206549072265,
  "summary_bg_stdv": 98.99564361572266,
  "summary_fg_k": 0.7070568923648297,
  "summary_fg_mad": 274.3705439187285,
  "summary_fg_mean": 791.4737548828125,
  "summary_fg_median": 736.2950439453125,
  "summary_fg_n": 37931.0,
  "summary_fg_p05": 419.1174774169922,
  "summary_fg_p95": 1352.1639404296875,
  "summary_fg_stdv": 289.5343322753906,
  "tsnr": 37.33755016326904
}