{
  "aor": 0.005901092896174864,
  "aqi": 0.006969078907103825,
  "bids_meta": {
    "AcquisitionDateTime": "20200204131239.460000",
    "ConversionSoftware": "dicm2nii.m 20180808",
    "DeviceSerialNumber": "167032",
    "EchoTime": 0.03,
    "EchoTime1": 0.03,
    "EchoTime2": 0.03,
    "EffectiveEchoSpacing": 0.00048611111,
    "FlipAngle": 90,
    "ImageType": [
      "ORIGINAL",
      "PRIMARY",
      "M",
      "ND",
      "MOSAIC"
    ],
    "InstitutionAddress": "Queen Square 12,London,Southeast,GB,WC1N 3BG",
    "InstitutionName": "Functional Imaging Laboratory",
    "MRAcquisitionType": "2D",
    "Manufacturer": "SIEMENS",
    "Modality": "MR",
    "PatientName": "MP02692",
    "PatientPosition": "HFS",
    "PhaseEncodingDirection": "j-",
    "RepetitionTime": 3.36,
    "ScanOptions": "FS",
    "ScanningSequence": "RM",
    "SequenceName": "ep2dv2o2d1",
    "SequenceVariant": "SP\\OSP",
    "SeriesDescription": "nc_epi2d_v2o_3mm_OFC_64ch",
    "SeriesNumber": 8,
    "SliceThickness": 2.5,
    "SliceTiming": [
      0,
      0,
      0,
      0,
      0,
      0,
      0,
      0,
      0,
      0,
      0,
      0,
      0,
      0,
      0,
      0,
      0,
      0,
      0,
      0,
      0,
      0,
      0,
      0,
      0,
      0,
      0,
      0,
      0,
      0,
      0,
      0,
      0,
      0,
      0,
      0,
      0,
      0,
      0,
      0,
      0,
      0,
      0,
      0,
      0,
      0,
      0,
      0
    ],
    "SoftwareVersion": "syngo MR E11",
    "TotalReadoutTime": 0.030625,
    "dataset": "ds004081",
    "deltaTE": 0,
    "modality": "bold",
    "run_id": 1,
    "subject_id": "MP02962",
    "task_id": "unequalVariance"
  },
  "dummy_trs": 1,
  "dvars_nstd": 33.83353986851648,
  "dvars_std": 1.4028867004395598,
  "dvars_vstd": 0.9508719673626372,
  "efc": 0.5805542324485017,
  "fber": 176.94586181640625,
  "fd_mean": 0.09426410986624005,
  "fd_num": 18,
  "fd_perc": 9.836065573770492,
  "fwhm_avg": 2.6387377777777776,
  "fwhm_x": 2.48787,
  "fwhm_y": 2.7027966666666665,
  "fwhm_z": 2.725546666666667,
  "gcor": 0.0137461,
  "gsr_x": -0.008290250785648823,
  "gsr_y": 0.04555423557758331,
  "provenance": {
    "md5sum": "aa7a2e3210b965947983ad1ce4573dae",
    "settings": {
      "fd_thres": 0.2,
      "testing": false
    },
    "software": "mriqc",
    "version": "23.0.1",
    "webapi_port": null,
    "webapi_url": "https://mriqc.nimh.nih.gov/api/v1"
  },
  "size_t": 183,
  "size_x": 64,
  "size_y": 64,
  "size_z": 48,
  "snr": 2.5444391485983555,
  "spacing_tr": 3.359999895095825,
  "spacing_x": 3.0,
  "spacing_y": 3.0,
  "spacing_z": 3.0,
  "summary_bg_k": 25.976093929776702,
  "summary_bg_mad": 11.79600367095713,
  "summary_bg_mean": 89.31877899169922,
  "summary_bg_median": 55.4207649230957,
  "summary_bg_n": 116806.0,
  "summary_bg_p05": 43.48633575439453,
  "summary_bg_p95": 268.5833206176758,
  "summary_bg_stdv": 98.8531494140625,
  "summary_fg_k": 0.5440115380367394,
  "summary_fg_mad": 283.1932215981633,
  "summary_fg_mean": 809.5975341796875,
  "summary_fg_median": 752.9343872070312,
  "summary_fg_n": 37607.0,
  "summary_fg_p05": 428.3879699707031,
  "summary_fg_p95": 1384.644775390625,
  "summary_fg_stdv": 295.9097595214844,
  "tsnr": 46.41115470556542
}