{
  "aor": 0.0032056284153005464,
  "aqi": 0.005127693387978141,
  "bids_meta": {
    "AcquisitionDateTime": "20200204132623.752500",
    "ConversionSoftware": "dicm2nii.m 20180808",
    "DeviceSerialNumber": "167032",
    "EchoTime": 0.03,
    "EchoTime1": 0.03,
    "EchoTime2": 0.03,
    "EffectiveEchoSpacing": 0.00048611111,
    "FlipAngle": 90,
    "ImageType": [
      "ORIGINAL",
      "PRIMARY",
      "M",
      "ND",
      "MOSAIC"
    ],
    "InstitutionAddress": "Queen Square 12,London,Southeast,GB,WC1N 3BG",
    "InstitutionName": "Functional Imaging Laboratory",
    "MRAcquisitionType": "2D",
    "Manufacturer": "SIEMENS",
    "Modality": "MR",
    "PatientName": "MP02692",
    "PatientPosition": "HFS",
    "PhaseEncodingDirection": "j-",
    "RepetitionTime": 3.36,
    "ScanOptions": "FS",
    "ScanningSequence": "RM",
    "SequenceName": "ep2dv2o2d1",
    "SequenceVariant": "SP\\OSP",
    "SeriesDescription": "nc_epi2d_v2o_3mm_OFC_64ch",
    "SeriesNumber": 9,
    "SliceThickness": 2.5,
    "SliceTiming": [
      0,
      0.07,
      0.14,
      0.21,
      0.28,
      0.35,
      0.42,
      0.49,
      0.56,
      0.63,
      0.7,
      0.77,
      0.84,
      0.91,
      0.98,
      1.05,
      1.12,
      1.19,
      1.26,
      1.33,
      1.4,
      1.47,
      1.54,
      1.61,
      1.68,
      1.75,
      1.82,
      1.89,
      1.96,
      2.03,
      2.1,
      2.17,
      2.24,
      2.31,
      2.38,
      2.45,
      2.52,
      2.59,
      2.66,
      2.73,
      2.8,
      2.87,
      2.94,
      3.01,
      3.08,
      3.15,
      3.22,
      3.29
    ],
    "SoftwareVersion": "syngo MR E11",
    "TotalReadoutTime": 0.030625,
    "dataset": "ds004081",
    "deltaTE": 0,
    "modality": "bold",
    "run_id": 2,
    "subject_id": "MP02962",
    "task_id": "unequalVariance"
  },
  "dummy_trs": 1,
  "dvars_nstd": 32.74221496785715,
  "dvars_std": 1.47203620489011,
  "dvars_vstd": 0.9878245560439556,
  "efc": 0.581750983151487,
  "fber": 182.3213348388672,
  "fd_mean": 0.07601361421546125,
  "fd_num": 9,
  "fd_perc": 4.918032786885246,
  "fwhm_avg": 2.604162222222222,
  "fwhm_x": 2.4690366666666668,
  "fwhm_y": 2.6648,
  "fwhm_z": 2.6786499999999998,
  "gcor": 0.0212737,
  "gsr_x": -0.008289707824587822,
  "gsr_y": 0.04468316584825516,
  "provenance": {
    "md5sum": "db71bb21ac20ef0cc87d77c85c270f46",
    "settings": {
      "fd_thres": 0.2,
      "testing": false
    },
    "software": "mriqc",
    "version": "23.0.1",
    "webapi_port": null,
    "webapi_url": "https://mriqc.nimh.nih.gov/api/v1"
  },
  "size_t": 183,
  "size_x": 64,
  "size_y": 64,
  "size_z": 48,
  "snr": 2.5611302017633446,
  "spacing_tr": 3.359999895095825,
  "spacing_x": 3.0,
  "spacing_y": 3.0,
  "spacing_z": 3.0,
  "summary_bg_k": 25.14565058443834,
  "summary_bg_mad": 8.87940979176169,
  "summary_bg_mean": 90.11051177978516,
  "summary_bg_median": 54.4207649230957,
  "summary_bg_n": 116940.0,
  "summary_bg_p05": 46.726776123046875,
  "summary_bg_p95": 274.0494369506835,
  "summary_bg_stdv": 100.88436126708984,
  "summary_fg_k": 0.577377802325441,
  "summary_fg_mad": 281.6579537002649,
  "summary_fg_mean": 808.2933349609375,
  "summary_fg_median": 753.3333129882812,
  "summary_fg_n": 37594.0,
  "summary_fg_p05": 429.6811325073242,
  "summary_fg_p95": 1378.8436889648433,
  "summary_fg_stdv": 294.1370544433594,
  "tsnr": 55.142665528692305
}