{
  "aor": 0.0025443093922651937,
  "aqi": 0.003561995580110497,
  "bids_meta": {
    "AcquisitionDateTime": "20200221111852.392500",
    "ConversionSoftware": "dicm2nii.m 20180808",
    "DeviceSerialNumber": "167032",
    "EchoTime": 0.03,
    "EchoTime1": 0.03,
    "EchoTime2": 0.03,
    "EffectiveEchoSpacing": 0.00048611111,
    "FlipAngle": 90,
    "ImageType": [
      "ORIGINAL",
      "PRIMARY",
      "M",
      "ND",
      "MOSAIC"
    ],
    "InstitutionAddress": "Queen Square 12,London,Southeast,GB,WC1N 3BG",
    "InstitutionName": "Functional Imaging Laboratory",
    "MRAcquisitionType": "2D",
    "Manufacturer": "SIEMENS",
    "Modality": "MR",
    "PatientName": "MP02989",
    "PatientPosition": "HFS",
    "PhaseEncodingDirection": "j-",
    "RepetitionTime": 3.36,
    "ScanOptions": "FS",
    "ScanningSequence": "RM",
    "SequenceName": "ep2dv2o2d1",
    "SequenceVariant": "SP\\OSP",
    "SeriesDescription": "nc_epi2d_v2o_3mm_OFC_64ch",
    "SeriesNumber": 11,
    "SliceThickness": 2.5,
    "SliceTiming": [
      0,
      0.07,
      0.14,
      0.21,
      0.28,
      0.35,
      0.42,
      0.49,
      0.56,
      0.63,
      0.7,
      0.77,
      0.84,
      0.91,
      0.98,
      1.05,
      1.12,
      1.19,
      1.26,
      1.33,
      1.4,
      1.47,
      1.54,
      1.61,
      1.68,
      1.75,
      1.82,
      1.89,
      1.96,
      2.03,
      2.1,
      2.17,
      2.24,
      2.31,
      2.38,
      2.45,
      2.52,
      2.59,
      2.66,
      2.73,
      2.8,
      2.87,
      2.94,
      3.01,
      3.08,
      3.15,
      3.22,
      3.29
    ],
    "SoftwareVersion": "syngo MR E11",
    "TotalReadoutTime": 0.030625,
    "dataset": "ds004081",
    "deltaTE": 0,
    "modality": "bold",
    "run_id": 6,
    "subject_id": "MP02989",
    "task_id": "unequalVariance"
  },
  "dummy_trs": 3,
  "dvars_nstd": 26.87702643083332,
  "dvars_std": 1.312855280444444,
  "dvars_vstd": 1.0020440919444455,
  "efc": 0.6276475222469323,
  "fber": 147.6724853515625,
  "fd_mean": 0.060907016703412635,
  "fd_num": 8,
  "fd_perc": 4.419889502762431,
  "fwhm_avg": 2.463698888888889,
  "fwhm_x": 2.283446666666667,
  "fwhm_y": 2.4747266666666667,
  "fwhm_z": 2.6329233333333333,
  "gcor": 0.0297109,
  "gsr_x": 0.019662009552121162,
  "gsr_y": 0.04966249689459801,
  "provenance": {
    "md5sum": "78286a44935e5c704b4607918c56cf2d",
    "settings": {
      "fd_thres": 0.2,
      "testing": false
    },
    "software": "mriqc",
    "version": "23.0.1",
    "webapi_port": null,
    "webapi_url": "https://mriqc.nimh.nih.gov/api/v1"
  },
  "size_t": 181,
  "size_x": 64,
  "size_y": 64,
  "size_z": 48,
  "snr": 2.489984453159758,
  "spacing_tr": 3.359999895095825,
  "spacing_x": 3.0,
  "spacing_y": 3.0,
  "spacing_z": 3.0,
  "summary_bg_k": 24.08443623305032,
  "summary_bg_mad": 14.154348135404135,
  "summary_bg_mean": 106.03202056884766,
  "summary_bg_median": 59.740333557128906,
  "summary_bg_n": 104109.0,
  "summary_bg_p05": 48.856353759765625,
  "summary_bg_p95": 339.37238769531183,
  "summary_bg_stdv": 118.32323455810547,
  "summary_fg_k": 0.723377112957234,
  "summary_fg_mad": 288.2924266954472,
  "summary_fg_mean": 795.7197875976562,
  "summary_fg_median": 741.1630249023438,
  "summary_fg_n": 47236.0,
  "summary_fg_p05": 416.9309539794922,
  "summary_fg_p95": 1363.7652587890625,
  "summary_fg_stdv": 297.654541015625,
  "tsnr": 70.83521714340895
}