{
  "aor": 0.0016730219780219779,
  "aqi": 0.004486097637362637,
  "bids_meta": {
    "AcquisitionDateTime": "20200130123230.897500",
    "ConversionSoftware": "dicm2nii.m 20180808",
    "DeviceSerialNumber": "167032",
    "EchoTime": 0.03,
    "EchoTime1": 0.03,
    "EchoTime2": 0.03,
    "EffectiveEchoSpacing": 0.00048611111,
    "FlipAngle": 90,
    "ImageType": [
      "ORIGINAL",
      "PRIMARY",
      "M",
      "ND",
      "MOSAIC"
    ],
    "InstitutionAddress": "Queen Square 12,London,Southeast,GB,WC1N 3BG",
    "InstitutionName": "FIL",
    "MRAcquisitionType": "2D",
    "Manufacturer": "SIEMENS",
    "Modality": "MR",
    "PatientName": "MP02957",
    "PatientPosition": "HFS",
    "PhaseEncodingDirection": "j-",
    "RepetitionTime": 3.36,
    "ScanOptions": "FS",
    "ScanningSequence": "RM",
    "SequenceName": "ep2dv2o2d1",
    "SequenceVariant": "SP\\OSP",
    "SeriesDescription": "nc_epi2d_v2o_3mm_OFC_64ch",
    "SeriesNumber": 9,
    "SliceThickness": 2.5,
    "SliceTiming": [
      0,
      0,
      0,
      0,
      0,
      0,
      0,
      0,
      0,
      0,
      0,
      0,
      0,
      0,
      0,
      0,
      0,
      0,
      0,
      0,
      0,
      0,
      0,
      0,
      0,
      0,
      0,
      0,
      0,
      0,
      0,
      0,
      0,
      0,
      0,
      0,
      0,
      0,
      0,
      0,
      0,
      0,
      0,
      0,
      0,
      0,
      0,
      0
    ],
    "SoftwareVersion": "syngo MR E11",
    "TotalReadoutTime": 0.030625,
    "dataset": "ds004081",
    "deltaTE": 0,
    "modality": "bold",
    "run_id": 4,
    "subject_id": "MP02957",
    "task_id": "unequalVariance"
  },
  "dummy_trs": 2,
  "dvars_nstd": 28.76229009038673,
  "dvars_std": 1.3255937224861878,
  "dvars_vstd": 0.9559575768508288,
  "efc": 0.5887975965648982,
  "fber": 179.23428344726562,
  "fd_mean": 0.06076559292551508,
  "fd_num": 5,
  "fd_perc": 2.7472527472527473,
  "fwhm_avg": 2.5045777777777776,
  "fwhm_x": 2.4148366666666665,
  "fwhm_y": 2.4924666666666666,
  "fwhm_z": 2.60643,
  "gcor": 0.00994939,
  "gsr_x": -0.0069264997728168964,
  "gsr_y": 0.04200050234794617,
  "provenance": {
    "md5sum": "cb8a9102bc69c14d60a559ad569bb656",
    "settings": {
      "fd_thres": 0.2,
      "testing": false
    },
    "software": "mriqc",
    "version": "23.0.1",
    "webapi_port": null,
    "webapi_url": "https://mriqc.nimh.nih.gov/api/v1"
  },
  "size_t": 182,
  "size_x": 64,
  "size_y": 64,
  "size_z": 48,
  "snr": 2.3769672715398755,
  "spacing_tr": 3.359999895095825,
  "spacing_x": 3.0,
  "spacing_y": 3.0,
  "spacing_z": 3.0,
  "summary_bg_k": 18.282776082066906,
  "summary_bg_mad": 8.77749446286814,
  "summary_bg_mean": 90.9372329711914,
  "summary_bg_median": 54.74176025390625,
  "summary_bg_n": 111764.0,
  "summary_bg_p05": 47.63187026977539,
  "summary_bg_p95": 280.36181640624994,
  "summary_bg_stdv": 95.2429428100586,
  "summary_fg_k": 1.6591451527987324,
  "summary_fg_mad": 292.84651486375907,
  "summary_fg_mean": 814.7488403320312,
  "summary_fg_median": 751.2857055664062,
  "summary_fg_n": 40615.0,
  "summary_fg_p05": 420.23846435546875,
  "summary_fg_p95": 1406.2945556640625,
  "summary_fg_stdv": 316.06512451171875,
  "tsnr": 61.47594800568186
}