{
  "aor": 0.0045130769230769235,
  "aqi": 0.009556415494505496,
  "bids_meta": {
    "AcquisitionDateTime": "20200130124710.875000",
    "ConversionSoftware": "dicm2nii.m 20180808",
    "DeviceSerialNumber": "167032",
    "EchoTime": 0.03,
    "EchoTime1": 0.03,
    "EchoTime2": 0.03,
    "EffectiveEchoSpacing": 0.00048611111,
    "FlipAngle": 90,
    "ImageType": [
      "ORIGINAL",
      "PRIMARY",
      "M",
      "ND",
      "MOSAIC"
    ],
    "InstitutionAddress": "Queen Square 12,London,Southeast,GB,WC1N 3BG",
    "InstitutionName": "FIL",
    "MRAcquisitionType": "2D",
    "Manufacturer": "SIEMENS",
    "Modality": "MR",
    "PatientName": "MP02957",
    "PatientPosition": "HFS",
    "PhaseEncodingDirection": "j-",
    "RepetitionTime": 3.36,
    "ScanOptions": "FS",
    "ScanningSequence": "RM",
    "SequenceName": "ep2dv2o2d1",
    "SequenceVariant": "SP\\OSP",
    "SeriesDescription": "nc_epi2d_v2o_3mm_OFC_64ch",
    "SeriesNumber": 10,
    "SliceThickness": 2.5,
    "SliceTiming": [
      0,
      0.07,
      0.14,
      0.21,
      0.28,
      0.35,
      0.42,
      0.49,
      0.56,
      0.63,
      0.7,
      0.77,
      0.84,
      0.91,
      0.98,
      1.05,
      1.12,
      1.19,
      1.26,
      1.33,
      1.4,
      1.47,
      1.54,
      1.61,
      1.68,
      1.75,
      1.82,
      1.89,
      1.96,
      2.03,
      2.1,
      2.17,
      2.24,
      2.31,
      2.38,
      2.45,
      2.52,
      2.59,
      2.66,
      2.73,
      2.8,
      2.87,
      2.94,
      3.01,
      3.08,
      3.15,
      3.22,
      3.29
    ],
    "SoftwareVersion": "syngo MR E11",
    "TotalReadoutTime": 0.030625,
    "dataset": "ds004081",
    "deltaTE": 0,
    "modality": "bold",
    "run_id": 5,
    "subject_id": "MP02957",
    "task_id": "unequalVariance"
  },
  "dummy_trs": 2,
  "dvars_nstd": 30.107779613480666,
  "dvars_std": 1.183101260497238,
  "dvars_vstd": 0.8848099292265195,
  "efc": 0.5901477525216237,
  "fber": 177.0702667236328,
  "fd_mean": 0.08551681843949442,
  "fd_num": 11,
  "fd_perc": 6.043956043956044,
  "fwhm_avg": 2.456501111111111,
  "fwhm_x": 2.37685,
  "fwhm_y": 2.4572766666666666,
  "fwhm_z": 2.5353766666666666,
  "gcor": 0.00560486,
  "gsr_x": -0.00446890015155077,
  "gsr_y": 0.04082510247826576,
  "provenance": {
    "md5sum": "fffe14438b1c3d7831e1c30babd59944",
    "settings": {
      "fd_thres": 0.2,
      "testing": false
    },
    "software": "mriqc",
    "version": "23.0.1",
    "webapi_port": null,
    "webapi_url": "https://mriqc.nimh.nih.gov/api/v1"
  },
  "size_t": 182,
  "size_x": 64,
  "size_y": 64,
  "size_z": 48,
  "snr": 2.3710799705245753,
  "spacing_tr": 3.359999895095825,
  "spacing_x": 3.0,
  "spacing_y": 3.0,
  "spacing_z": 3.0,
  "summary_bg_k": 18.133597822500416,
  "summary_bg_mad": 9.677646617772059,
  "summary_bg_mean": 91.17729187011719,
  "summary_bg_median": 54.862640380859375,
  "summary_bg_n": 111415.0,
  "summary_bg_p05": 46.230770111083984,
  "summary_bg_p95": 281.1060485839837,
  "summary_bg_stdv": 95.4366683959961,
  "summary_fg_k": 1.7965037596966056,
  "summary_fg_mad": 290.8996040525318,
  "summary_fg_mean": 816.7689208984375,
  "summary_fg_median": 752.2692260742188,
  "summary_fg_n": 40760.0,
  "summary_fg_p05": 424.79095458984375,
  "summary_fg_p95": 1413.8132324218745,
  "summary_fg_stdv": 317.26470947265625,
  "tsnr": 36.53505699080415
}