{
  "aor": 0.0024396703296703293,
  "aqi": 0.007700552637362636,
  "bids_meta": {
    "AcquisitionDateTime": "20200130115747.787500",
    "ConversionSoftware": "dicm2nii.m 20180808",
    "DeviceSerialNumber": "167032",
    "EchoTime": 0.03,
    "EchoTime1": 0.03,
    "EchoTime2": 0.03,
    "EffectiveEchoSpacing": 0.00048611111,
    "FlipAngle": 90,
    "ImageType": [
      "ORIGINAL",
      "PRIMARY",
      "M",
      "ND",
      "MOSAIC"
    ],
    "InstitutionAddress": "Queen Square 12,London,Southeast,GB,WC1N 3BG",
    "InstitutionName": "FIL",
    "MRAcquisitionType": "2D",
    "Manufacturer": "SIEMENS",
    "Modality": "MR",
    "PatientName": "MP02957",
    "PatientPosition": "HFS",
    "PhaseEncodingDirection": "j-",
    "RepetitionTime": 3.36,
    "ScanOptions": "FS",
    "ScanningSequence": "RM",
    "SequenceName": "ep2dv2o2d1",
    "SequenceVariant": "SP\\OSP",
    "SeriesDescription": "nc_epi2d_v2o_3mm_OFC_64ch",
    "SeriesNumber": 6,
    "SliceThickness": 2.5,
    "SliceTiming": [
      0,
      0,
      0,
      0,
      0,
      0,
      0,
      0,
      0,
      0,
      0,
      0,
      0,
      0,
      0,
      0,
      0,
      0,
      0,
      0,
      0,
      0,
      0,
      0,
      0,
      0,
      0,
      0,
      0,
      0,
      0,
      0,
      0,
      0,
      0,
      0,
      0,
      0,
      0,
      0,
      0,
      0,
      0,
      0,
      0,
      0,
      0,
      0
    ],
    "SoftwareVersion": "syngo MR E11",
    "TotalReadoutTime": 0.030625,
    "dataset": "ds004081",
    "deltaTE": 0,
    "modality": "bold",
    "run_id": 1,
    "subject_id": "MP02957",
    "task_id": "unequalVariance"
  },
  "dummy_trs": 2,
  "dvars_nstd": 36.17664731276243,
  "dvars_std": 1.2088758837016573,
  "dvars_vstd": 0.923399225966851,
  "efc": 0.5892897491678131,
  "fber": 175.9977264404297,
  "fd_mean": 0.14380557058883484,
  "fd_num": 39,
  "fd_perc": 21.428571428571427,
  "fwhm_avg": 2.5070288888888883,
  "fwhm_x": 2.40576,
  "fwhm_y": 2.5066866666666665,
  "fwhm_z": 2.60864,
  "gcor": 0.0085626,
  "gsr_x": -0.00918175932019949,
  "gsr_y": 0.04365327209234238,
  "provenance": {
    "md5sum": "a6019af5841e2b85bd9339ddda75d3d2",
    "settings": {
      "fd_thres": 0.2,
      "testing": false
    },
    "software": "mriqc",
    "version": "23.0.1",
    "webapi_port": null,
    "webapi_url": "https://mriqc.nimh.nih.gov/api/v1"
  },
  "size_t": 182,
  "size_x": 64,
  "size_y": 64,
  "size_z": 48,
  "snr": 2.3716663979585055,
  "spacing_tr": 3.359999895095825,
  "spacing_x": 3.0,
  "spacing_y": 3.0,
  "spacing_z": 3.0,
  "summary_bg_k": 20.255775933209634,
  "summary_bg_mad": 9.034098257941906,
  "summary_bg_mean": 88.3535385131836,
  "summary_bg_median": 54.5384635925293,
  "summary_bg_n": 110250.0,
  "summary_bg_p05": 46.82115554809571,
  "summary_bg_p95": 264.7013854980467,
  "summary_bg_stdv": 89.66073608398438,
  "summary_fg_k": 1.8498545516670664,
  "summary_fg_mad": 290.99733417923994,
  "summary_fg_mean": 817.3853759765625,
  "summary_fg_median": 751.7033081054688,
  "summary_fg_n": 40590.0,
  "summary_fg_p05": 428.1337890625,
  "summary_fg_p95": 1412.3879394531243,
  "summary_fg_stdv": 316.9476318359375,
  "tsnr": 41.346273495582864
}