{
  "aor": 0.004334835164835165,
  "aqi": 0.007949970384615384,
  "bids_meta": {
    "AcquisitionDateTime": "20200130122102.967500",
    "ConversionSoftware": "dicm2nii.m 20180808",
    "DeviceSerialNumber": "167032",
    "EchoTime": 0.03,
    "EchoTime1": 0.03,
    "EchoTime2": 0.03,
    "EffectiveEchoSpacing": 0.00052083333,
    "FlipAngle": 90,
    "ImageType": [
      "ORIGINAL",
      "PRIMARY",
      "M",
      "ND",
      "MOSAIC"
    ],
    "InstitutionAddress": "Queen Square 12,London,Southeast,GB,WC1N 3BG",
    "InstitutionName": "FIL",
    "MRAcquisitionType": "2D",
    "Manufacturer": "SIEMENS",
    "Modality": "MR",
    "PatientName": "MP02957",
    "PatientPosition": "HFS",
    "PhaseEncodingDirection": "j-",
    "RepetitionTime": 3.36,
    "ScanOptions": "FS",
    "ScanningSequence": "RM",
    "SequenceName": "ep2dv2o2d1",
    "SequenceVariant": "SP\\OSP",
    "SeriesDescription": "nc_epi2d_v2o_3mm_OFC_64ch",
    "SeriesNumber": 8,
    "SliceThickness": 2.5,
    "SliceTiming": [
      0,
      0.07,
      0.14,
      0.21,
      0.28,
      0.35,
      0.42,
      0.49,
      0.56,
      0.63,
      0.7,
      0.77,
      0.84,
      0.91,
      0.98,
      1.05,
      1.12,
      1.19,
      1.26,
      1.33,
      1.4,
      1.47,
      1.54,
      1.61,
      1.68,
      1.75,
      1.82,
      1.89,
      1.96,
      2.03,
      2.1,
      2.17,
      2.24,
      2.31,
      2.38,
      2.45,
      2.52,
      2.59,
      2.66,
      2.73,
      2.8,
      2.87,
      2.94,
      3.01,
      3.08,
      3.15,
      3.22,
      3.29
    ],
    "SoftwareVersion": "syngo MR E11",
    "TotalReadoutTime": 0.0328125,
    "dataset": "ds004081",
    "deltaTE": 0,
    "modality": "bold",
    "run_id": 3,
    "subject_id": "MP02957",
    "task_id": "unequalVariance"
  },
  "dummy_trs": 2,
  "dvars_nstd": 32.54141077292817,
  "dvars_std": 1.2438482138674027,
  "dvars_vstd": 0.91234504237569,
  "efc": 0.5895165142955444,
  "fber": 175.43284606933594,
  "fd_mean": 0.09457426143232794,
  "fd_num": 11,
  "fd_perc": 6.043956043956044,
  "fwhm_avg": 2.4721022222222224,
  "fwhm_x": 2.38638,
  "fwhm_y": 2.47556,
  "fwhm_z": 2.5543666666666667,
  "gcor": 0.00703417,
  "gsr_x": -0.008511940017342567,
  "gsr_y": 0.04260038211941719,
  "provenance": {
    "md5sum": "f95a4d8adda6304b4c6eecad371114f9",
    "settings": {
      "fd_thres": 0.2,
      "testing": false
    },
    "software": "mriqc",
    "version": "23.0.1",
    "webapi_port": null,
    "webapi_url": "https://mriqc.nimh.nih.gov/api/v1"
  },
  "size_t": 182,
  "size_x": 64,
  "size_y": 64,
  "size_z": 48,
  "snr": 2.3889577754124,
  "spacing_tr": 3.359999895095825,
  "spacing_x": 3.0,
  "spacing_y": 3.0,
  "spacing_z": 3.0,
  "summary_bg_k": 19.569710576069774,
  "summary_bg_mad": 10.117533990173978,
  "summary_bg_mean": 88.26216125488281,
  "summary_bg_median": 54.81318664550781,
  "summary_bg_n": 110642.0,
  "summary_bg_p05": 45.587913513183594,
  "summary_bg_p95": 264.0,
  "summary_bg_stdv": 89.42180633544922,
  "summary_fg_k": 1.8902168688617103,
  "summary_fg_mad": 289.05037812258365,
  "summary_fg_mean": 817.3695678710938,
  "summary_fg_median": 753.0467529296875,
  "summary_fg_n": 40390.0,
  "summary_fg_p05": 428.1667785644531,
  "summary_fg_p95": 1410.1525573730466,
  "summary_fg_stdv": 315.21588134765625,
  "tsnr": 40.42942432931159
}