{
  "aor": 0.0010063736263736262,
  "aqi": 0.0032572294505494506,
  "bids_meta": {
    "AcquisitionDateTime": "20201202105048.545000",
    "ConversionSoftware": "dicm2nii.m 20180808",
    "DeviceSerialNumber": "167032",
    "EchoTime": 0.03,
    "EchoTime1": 0.03,
    "EchoTime2": 0.03,
    "EffectiveEchoSpacing": 0.00048611111,
    "FlipAngle": 90,
    "ImageType": [
      "ORIGINAL",
      "PRIMARY",
      "M",
      "ND",
      "MOSAIC"
    ],
    "InstitutionAddress": "Queen Square 12,London,Southeast,GB,WC1N 3BG",
    "InstitutionName": "Functional Imaging Laboratory",
    "MRAcquisitionType": "2D",
    "Manufacturer": "SIEMENS",
    "Modality": "MR",
    "PatientName": "MP03062",
    "PatientPosition": "HFS",
    "PhaseEncodingDirection": "j-",
    "RepetitionTime": 3.36,
    "ScanOptions": "FS",
    "ScanningSequence": "RM",
    "SequenceName": "ep2dv2o2d1",
    "SequenceVariant": "SP\\OSP",
    "SeriesDescription": "nc_epi2d_v2o_3mm_OFC_64ch",
    "SeriesNumber": 7,
    "SliceThickness": 2.5,
    "SliceTiming": [
      0,
      0.07,
      0.14,
      0.21,
      0.28,
      0.35,
      0.42,
      0.49,
      0.56,
      0.63,
      0.7,
      0.77,
      0.84,
      0.91,
      0.98,
      1.05,
      1.12,
      1.19,
      1.26,
      1.33,
      1.4,
      1.47,
      1.54,
      1.61,
      1.68,
      1.75,
      1.82,
      1.89,
      1.96,
      2.03,
      2.1,
      2.17,
      2.24,
      2.31,
      2.38,
      2.45,
      2.52,
      2.59,
      2.66,
      2.73,
      2.8,
      2.87,
      2.94,
      3.01,
      3.08,
      3.15,
      3.22,
      3.29
    ],
    "SoftwareVersion": "syngo MR E11",
    "TotalReadoutTime": 0.030625,
    "dataset": "ds004081",
    "deltaTE": 0,
    "modality": "bold",
    "run_id": 1,
    "subject_id": "MP03062",
    "task_id": "unequalVariance"
  },
  "dummy_trs": 2,
  "dvars_nstd": 26.70407899049722,
  "dvars_std": 1.442624717127072,
  "dvars_vstd": 0.9637055162983427,
  "efc": 0.5718988966259478,
  "fber": 202.72021484375,
  "fd_mean": 0.04346211390005167,
  "fd_num": 0,
  "fd_perc": 0.0,
  "fwhm_avg": 2.5267288888888886,
  "fwhm_x": 2.3827599999999998,
  "fwhm_y": 2.59944,
  "fwhm_z": 2.597986666666667,
  "gcor": 0.0103594,
  "gsr_x": -0.011221823282539845,
  "gsr_y": 0.054867394268512726,
  "provenance": {
    "md5sum": "83230a22ae908ec6d43b8c401c913886",
    "settings": {
      "fd_thres": 0.2,
      "testing": false
    },
    "software": "mriqc",
    "version": "23.0.1",
    "webapi_port": null,
    "webapi_url": "https://mriqc.nimh.nih.gov/api/v1"
  },
  "size_t": 182,
  "size_x": 64,
  "size_y": 64,
  "size_z": 48,
  "snr": 2.3953802890463654,
  "spacing_tr": 3.359999895095825,
  "spacing_x": 3.0,
  "spacing_y": 3.0,
  "spacing_z": 3.0,
  "summary_bg_k": 26.410025415757882,
  "summary_bg_mad": 7.755151371185909,
  "summary_bg_mean": 91.10833740234375,
  "summary_bg_median": 54.34615707397461,
  "summary_bg_n": 116892.0,
  "summary_bg_p05": 48.335166931152344,
  "summary_bg_p95": 286.5887451171874,
  "summary_bg_stdv": 99.34152221679688,
  "summary_fg_k": 1.8639249857588487,
  "summary_fg_mad": 309.49321311304436,
  "summary_fg_mean": 852.4010620117188,
  "summary_fg_median": 792.423095703125,
  "summary_fg_n": 37504.0,
  "summary_fg_p05": 442.337646484375,
  "summary_fg_p95": 1480.597607421875,
  "summary_fg_stdv": 330.80865478515625,
  "tsnr": 74.95885576761793
}