{
  "aor": 0.004272582417582418,
  "aqi": 0.0030156307692307694,
  "bids_meta": {
    "AcquisitionDateTime": "20201202112643.925000",
    "ConversionSoftware": "dicm2nii.m 20180808",
    "DeviceSerialNumber": "167032",
    "EchoTime": 0.03,
    "EchoTime1": 0.03,
    "EchoTime2": 0.03,
    "EffectiveEchoSpacing": 0.00048611111,
    "FlipAngle": 90,
    "ImageType": [
      "ORIGINAL",
      "PRIMARY",
      "M",
      "ND",
      "MOSAIC"
    ],
    "InstitutionAddress": "Queen Square 12,London,Southeast,GB,WC1N 3BG",
    "InstitutionName": "Functional Imaging Laboratory",
    "MRAcquisitionType": "2D",
    "Manufacturer": "SIEMENS",
    "Modality": "MR",
    "PatientName": "MP03062",
    "PatientPosition": "HFS",
    "PhaseEncodingDirection": "j-",
    "RepetitionTime": 3.36,
    "ScanOptions": "FS",
    "ScanningSequence": "RM",
    "SequenceName": "ep2dv2o2d1",
    "SequenceVariant": "SP\\OSP",
    "SeriesDescription": "nc_epi2d_v2o_3mm_OFC_64ch",
    "SeriesNumber": 11,
    "SliceThickness": 2.5,
    "SliceTiming": [
      0,
      0,
      0,
      0,
      0,
      0,
      0,
      0,
      0,
      0,
      0,
      0,
      0,
      0,
      0,
      0,
      0,
      0,
      0,
      0,
      0,
      0,
      0,
      0,
      0,
      0,
      0,
      0,
      0,
      0,
      0,
      0,
      0,
      0,
      0,
      0,
      0,
      0,
      0,
      0,
      0,
      0,
      0,
      0,
      0,
      0,
      0,
      0
    ],
    "SoftwareVersion": "syngo MR E11",
    "TotalReadoutTime": 0.030625,
    "dataset": "ds004081",
    "deltaTE": 0,
    "modality": "bold",
    "run_id": 4,
    "subject_id": "MP03062",
    "task_id": "unequalVariance"
  },
  "dummy_trs": 2,
  "dvars_nstd": 30.476506175359123,
  "dvars_std": 1.5554288591160224,
  "dvars_vstd": 1.0101397990055252,
  "efc": 0.5742694956574644,
  "fber": 198.79879760742188,
  "fd_mean": 0.05846338225151375,
  "fd_num": 2,
  "fd_perc": 1.098901098901099,
  "fwhm_avg": 2.5348055555555553,
  "fwhm_x": 2.3760966666666667,
  "fwhm_y": 2.6125599999999998,
  "fwhm_z": 2.61576,
  "gcor": 0.00842801,
  "gsr_x": -0.011704015545547009,
  "gsr_y": 0.053313419222831726,
  "provenance": {
    "md5sum": "bc94ed37b39503f5809691af6f8beb42",
    "settings": {
      "fd_thres": 0.2,
      "testing": false
    },
    "software": "mriqc",
    "version": "23.0.1",
    "webapi_port": null,
    "webapi_url": "https://mriqc.nimh.nih.gov/api/v1"
  },
  "size_t": 182,
  "size_x": 64,
  "size_y": 64,
  "size_z": 48,
  "snr": 2.3830846039784164,
  "spacing_tr": 3.359999895095825,
  "spacing_x": 3.0,
  "spacing_y": 3.0,
  "spacing_z": 3.0,
  "summary_bg_k": 25.28024664221975,
  "summary_bg_mad": 8.390549898111754,
  "summary_bg_mean": 94.20467376708984,
  "summary_bg_median": 54.901100158691406,
  "summary_bg_n": 116992.0,
  "summary_bg_p05": 48.41209030151367,
  "summary_bg_p95": 300.99340820312494,
  "summary_bg_stdv": 105.8109359741211,
  "summary_fg_k": 1.9955548144972894,
  "summary_fg_mad": 309.1062742039667,
  "summary_fg_mean": 851.3397216796875,
  "summary_fg_median": 790.379150390625,
  "summary_fg_n": 37501.0,
  "summary_fg_p05": 439.9725341796875,
  "summary_fg_p95": 1484.80224609375,
  "summary_fg_stdv": 331.6578063964844,
  "tsnr": 76.76523936679587
}