{
  "bids_meta": {
    "AcquisitionDateTime": "20200204125558.540000",
    "ConversionSoftware": "dicm2nii.m 20180808",
    "DeviceSerialNumber": "167032",
    "EchoTime": 0.00334,
    "FlipAngle": 7,
    "ImageType": [
      "ORIGINAL",
      "PRIMARY",
      "M",
      "ND"
    ],
    "InstitutionAddress": "Queen Square 12,London,Southeast,GB,WC1N 3BG",
    "InstitutionName": "Functional Imaging Laboratory",
    "InversionTime": 1.1,
    "MRAcquisitionType": "3D",
    "Manufacturer": "SIEMENS",
    "Modality": "MR",
    "PatientName": "MP02692",
    "PatientPosition": "HFS",
    "PhaseEncodingDirection": "j-",
    "RepetitionTime": 2.53,
    "ScanOptions": "IR",
    "ScanningSequence": "GR\\IR",
    "SequenceName": "*tfl3d1_16ns",
    "SequenceVariant": "SK\\SP\\MP",
    "SeriesDescription": "MPRAGE_64ch_Head",
    "SeriesNumber": 2,
    "SliceThickness": 1,
    "SoftwareVersion": "syngo MR E11",
    "dataset": "ds004081",
    "modality": "T1w",
    "subject_id": "MP02962"
  },
  "cjv": 0.4526749388184449,
  "cnr": 2.7710924890548903,
  "efc": 0.5060173217499699,
  "fber": 6836.797898292362,
  "fwhm_avg": 3.8661933333333334,
  "fwhm_x": 3.95895,
  "fwhm_y": 3.86529,
  "fwhm_z": 3.77434,
  "icvs_csf": 0.18537522729013425,
  "icvs_gm": 0.41684908679717353,
  "icvs_wm": 0.39777568591269225,
  "inu_med": 0.9805617332458496,
  "inu_range": 1.0291176438331604,
  "provenance": {
    "md5sum": "b54360802f93708de5fde688745b02b4",
    "settings": {
      "testing": false
    },
    "software": "mriqc",
    "version": "23.0.1",
    "warnings": {
      "large_rot_frame": true,
      "small_air_mask": false
    },
    "webapi_port": null,
    "webapi_url": "https://mriqc.nimh.nih.gov/api/v1"
  },
  "qi_1": 0.0,
  "qi_2": 0.0018813611492567927,
  "rpve_csf": 30.073485369013465,
  "rpve_gm": 13.737846790490378,
  "rpve_wm": 16.35050640561311,
  "size_x": 176,
  "size_y": 256,
  "size_z": 256,
  "snr_csf": 1.113827414095055,
  "snr_gm": 8.948861033097023,
  "snr_total": 6.850320817999292,
  "snr_wm": 10.488274006805797,
  "snrd_csf": 9.333893888966342,
  "snrd_gm": 42.04392283614637,
  "snrd_total": 38.23258283148511,
  "snrd_wm": 63.31993176934263,
  "spacing_x": 1.0,
  "spacing_y": 1.0,
  "spacing_z": 1.0,
  "summary_bg_k": 5.935425962210735,
  "summary_bg_mad": 0.0,
  "summary_bg_mean": 7.7414540980022775,
  "summary_bg_median": 0.0,
  "summary_bg_n": 2898828.0,
  "summary_bg_p05": 0.0,
  "summary_bg_p95": 25.858993604779243,
  "summary_bg_stdv": 10.347678174789944,
  "summary_csf_k": 1.3611924941910765,
  "summary_csf_mad": 106.02606286892359,
  "summary_csf_mean": 188.70482695987022,
  "summary_csf_median": 147.4259865283966,
  "summary_csf_n": 18606.0,
  "summary_csf_p05": 40.126024559140205,
  "summary_csf_p95": 451.3583303280175,
  "summary_csf_stdv": 132.35625449996598,
  "summary_gm_k": 0.41594793619839976,
  "summary_gm_mad": 70.86031134381925,
  "summary_gm_mean": 664.2284611652011,
  "summary_gm_median": 664.0708449631929,
  "summary_gm_n": 18911.0,
  "summary_gm_p05": 543.1874806061387,
  "summary_gm_p95": 785.6675608679652,
  "summary_gm_stdv": 74.20534126992807,
  "summary_wm_k": 1.3834713231074183,
  "summary_wm_mad": 81.26020778482756,
  "summary_wm_mean": 1015.4388095610472,
  "summary_wm_median": 1000.1188699007034,
  "summary_wm_n": 183016.0,
  "summary_wm_p05": 887.2309874743223,
  "summary_wm_p95": 1199.9316107146442,
  "summary_wm_stdv": 95.35564544954428,
  "tpm_overlap_csf": 0.1570278156272891,
  "tpm_overlap_gm": 0.4688469987739674,
  "tpm_overlap_wm": 0.4951794237622589,
  "wm2max": 0.3671532090470287
}