{
  "aor": 0.0069554098360655745,
  "aqi": 0.016649334644808743,
  "bids_meta": {
    "AcquisitionDateTime": "20200211143530.172500",
    "ConversionSoftware": "dicm2nii.m 20180808",
    "DeviceSerialNumber": "167032",
    "EchoTime": 0.03,
    "EchoTime1": 0.03,
    "EchoTime2": 0.03,
    "EffectiveEchoSpacing": 0.00048611111,
    "FlipAngle": 90,
    "ImageType": [
      "ORIGINAL",
      "PRIMARY",
      "M",
      "ND",
      "MOSAIC"
    ],
    "InstitutionAddress": "Queen Square 12,London,Southeast,GB,WC1N 3BG",
    "InstitutionName": "FIL",
    "MRAcquisitionType": "2D",
    "Manufacturer": "SIEMENS",
    "Modality": "MR",
    "PatientName": "MP02973",
    "PatientPosition": "HFS",
    "PhaseEncodingDirection": "j-",
    "RepetitionTime": 3.36,
    "ScanOptions": "FS",
    "ScanningSequence": "RM",
    "SequenceName": "ep2dv2o2d1",
    "SequenceVariant": "SP\\OSP",
    "SeriesDescription": "nc_epi2d_v2o_3mm_OFC_64ch",
    "SeriesNumber": 7,
    "SliceThickness": 2.5,
    "SliceTiming": [
      0,
      0,
      0,
      0,
      0,
      0,
      0,
      0,
      0,
      0,
      0,
      0,
      0,
      0,
      0,
      0,
      0,
      0,
      0,
      0,
      0,
      0,
      0,
      0,
      0,
      0,
      0,
      0,
      0,
      0,
      0,
      0,
      0,
      0,
      0,
      0,
      0,
      0,
      0,
      0,
      0,
      0,
      0,
      0,
      0,
      0,
      0,
      0
    ],
    "SoftwareVersion": "syngo MR E11",
    "TotalReadoutTime": 0.030625,
    "dataset": "ds004081",
    "deltaTE": 0,
    "modality": "bold",
    "run_id": 2,
    "subject_id": "MP02973",
    "task_id": "unequalVariance"
  },
  "dummy_trs": 1,
  "dvars_nstd": 51.6380327246703,
  "dvars_std": 1.3836766957692308,
  "dvars_vstd": 0.9956644292307695,
  "efc": 0.6443440308090449,
  "fber": 126.74378967285156,
  "fd_mean": 0.19381572735296565,
  "fd_num": 52,
  "fd_perc": 28.415300546448087,
  "fwhm_avg": 2.417692222222222,
  "fwhm_x": 2.21248,
  "fwhm_y": 2.4446933333333334,
  "fwhm_z": 2.5959033333333332,
  "gcor": 0.00900461,
  "gsr_x": 0.01200181059539318,
  "gsr_y": 0.06004109978675842,
  "provenance": {
    "md5sum": "aa2c78b6dfd9e76edb00597bbe756739",
    "settings": {
      "fd_thres": 0.2,
      "testing": false
    },
    "software": "mriqc",
    "version": "23.0.1",
    "webapi_port": null,
    "webapi_url": "https://mriqc.nimh.nih.gov/api/v1"
  },
  "size_t": 183,
  "size_x": 64,
  "size_y": 64,
  "size_z": 48,
  "snr": 2.3067029655040505,
  "spacing_tr": 3.359999895095825,
  "spacing_x": 3.0,
  "spacing_y": 3.0,
  "spacing_z": 3.0,
  "summary_bg_k": 18.931855910549665,
  "summary_bg_mad": 19.4844745911078,
  "summary_bg_mean": 118.98065948486328,
  "summary_bg_median": 64.8415298461914,
  "summary_bg_n": 94914.0,
  "summary_bg_p05": 49.94535446166992,
  "summary_bg_p95": 371.6218429565426,
  "summary_bg_stdv": 133.9110565185547,
  "summary_fg_k": 0.9239948573731427,
  "summary_fg_mad": 327.8657530073089,
  "summary_fg_mean": 852.0667724609375,
  "summary_fg_median": 788.874267578125,
  "summary_fg_n": 49491.0,
  "summary_fg_p05": 428.86883544921875,
  "summary_fg_p95": 1505.5928344726562,
  "summary_fg_stdv": 341.9886779785156,
  "tsnr": 31.78944121906534
}