{
  "aor": 0.006265934065934065,
  "aqi": 0.018263773681318683,
  "bids_meta": {
    "AcquisitionDateTime": "20200211142025.265000",
    "ConversionSoftware": "dicm2nii.m 20180808",
    "DeviceSerialNumber": "167032",
    "EchoTime": 0.03,
    "EchoTime1": 0.03,
    "EchoTime2": 0.03,
    "EffectiveEchoSpacing": 0.00048611111,
    "FlipAngle": 90,
    "ImageType": [
      "ORIGINAL",
      "PRIMARY",
      "M",
      "ND",
      "MOSAIC"
    ],
    "InstitutionAddress": "Queen Square 12,London,Southeast,GB,WC1N 3BG",
    "InstitutionName": "FIL",
    "MRAcquisitionType": "2D",
    "Manufacturer": "SIEMENS",
    "Modality": "MR",
    "PatientName": "MP02973",
    "PatientPosition": "HFS",
    "PhaseEncodingDirection": "j-",
    "RepetitionTime": 3.36,
    "ScanOptions": "FS",
    "ScanningSequence": "RM",
    "SequenceName": "ep2dv2o2d1",
    "SequenceVariant": "SP\\OSP",
    "SeriesDescription": "nc_epi2d_v2o_3mm_OFC_64ch",
    "SeriesNumber": 6,
    "SliceThickness": 2.5,
    "SliceTiming": [
      0,
      0,
      0,
      0,
      0,
      0,
      0,
      0,
      0,
      0,
      0,
      0,
      0,
      0,
      0,
      0,
      0,
      0,
      0,
      0,
      0,
      0,
      0,
      0,
      0,
      0,
      0,
      0,
      0,
      0,
      0,
      0,
      0,
      0,
      0,
      0,
      0,
      0,
      0,
      0,
      0,
      0,
      0,
      0,
      0,
      0,
      0,
      0
    ],
    "SoftwareVersion": "syngo MR E11",
    "TotalReadoutTime": 0.030625,
    "dataset": "ds004081",
    "deltaTE": 0,
    "modality": "bold",
    "run_id": 1,
    "subject_id": "MP02973",
    "task_id": "unequalVariance"
  },
  "dummy_trs": 2,
  "dvars_nstd": 43.48103975381214,
  "dvars_std": 1.2885682903867404,
  "dvars_vstd": 0.9419246969613255,
  "efc": 0.6420149451544974,
  "fber": 128.6932830810547,
  "fd_mean": 0.12008309263490123,
  "fd_num": 20,
  "fd_perc": 10.989010989010989,
  "fwhm_avg": 2.4039788888888887,
  "fwhm_x": 2.2016266666666664,
  "fwhm_y": 2.437613333333333,
  "fwhm_z": 2.572696666666667,
  "gcor": 0.00508174,
  "gsr_x": 0.013893675990402699,
  "gsr_y": 0.055249374359846115,
  "provenance": {
    "md5sum": "f46f66eed85340c99e3f33df5003fcec",
    "settings": {
      "fd_thres": 0.2,
      "testing": false
    },
    "software": "mriqc",
    "version": "23.0.1",
    "webapi_port": null,
    "webapi_url": "https://mriqc.nimh.nih.gov/api/v1"
  },
  "size_t": 182,
  "size_x": 64,
  "size_y": 64,
  "size_z": 48,
  "snr": 2.307908208452696,
  "spacing_tr": 3.359999895095825,
  "spacing_x": 3.0,
  "spacing_y": 3.0,
  "spacing_z": 3.0,
  "summary_bg_k": 20.032930180842357,
  "summary_bg_mad": 20.58536940326742,
  "summary_bg_mean": 116.84278106689453,
  "summary_bg_median": 64.75274658203125,
  "summary_bg_n": 95349.0,
  "summary_bg_p05": 47.69780349731445,
  "summary_bg_p95": 361.89671630859317,
  "summary_bg_stdv": 130.8818817138672,
  "summary_fg_k": 1.0185796490978136,
  "summary_fg_mad": 326.9423390462041,
  "summary_fg_mean": 853.1026611328125,
  "summary_fg_median": 788.8269653320312,
  "summary_fg_n": 49394.0,
  "summary_fg_p05": 429.85467529296875,
  "summary_fg_p95": 1503.8385009765623,
  "summary_fg_stdv": 341.7895812988281,
  "tsnr": 28.770148484269157
}