{
  "aor": 0.002558121546961326,
  "aqi": 0.015236892928176798,
  "bids_meta": {
    "AcquisitionDateTime": "20200211144659.262500",
    "ConversionSoftware": "dicm2nii.m 20180808",
    "DeviceSerialNumber": "167032",
    "EchoTime": 0.03,
    "EchoTime1": 0.03,
    "EchoTime2": 0.03,
    "EffectiveEchoSpacing": 0.00048611111,
    "FlipAngle": 90,
    "ImageType": [
      "ORIGINAL",
      "PRIMARY",
      "M",
      "ND",
      "MOSAIC"
    ],
    "InstitutionAddress": "Queen Square 12,London,Southeast,GB,WC1N 3BG",
    "InstitutionName": "FIL",
    "MRAcquisitionType": "2D",
    "Manufacturer": "SIEMENS",
    "Modality": "MR",
    "PatientName": "MP02973",
    "PatientPosition": "HFS",
    "PhaseEncodingDirection": "j-",
    "RepetitionTime": 3.36,
    "ScanOptions": "FS",
    "ScanningSequence": "RM",
    "SequenceName": "ep2dv2o2d1",
    "SequenceVariant": "SP\\OSP",
    "SeriesDescription": "nc_epi2d_v2o_3mm_OFC_64ch",
    "SeriesNumber": 8,
    "SliceThickness": 2.5,
    "SliceTiming": [
      0,
      0,
      0,
      0,
      0,
      0,
      0,
      0,
      0,
      0,
      0,
      0,
      0,
      0,
      0,
      0,
      0,
      0,
      0,
      0,
      0,
      0,
      0,
      0,
      0,
      0,
      0,
      0,
      0,
      0,
      0,
      0,
      0,
      0,
      0,
      0,
      0,
      0,
      0,
      0,
      0,
      0,
      0,
      0,
      0,
      0,
      0,
      0
    ],
    "SoftwareVersion": "syngo MR E11",
    "TotalReadoutTime": 0.030625,
    "dataset": "ds004081",
    "deltaTE": 0,
    "modality": "bold",
    "run_id": 3,
    "subject_id": "MP02973",
    "task_id": "unequalVariance"
  },
  "dummy_trs": 3,
  "dvars_nstd": 38.69720548016665,
  "dvars_std": 1.228505546277778,
  "dvars_vstd": 0.921702510166667,
  "efc": 0.6464506878801364,
  "fber": 122.2290267944336,
  "fd_mean": 0.09402661332567577,
  "fd_num": 13,
  "fd_perc": 7.18232044198895,
  "fwhm_avg": 2.456382222222222,
  "fwhm_x": 2.233103333333333,
  "fwhm_y": 2.492503333333333,
  "fwhm_z": 2.6435400000000002,
  "gcor": 0.0126863,
  "gsr_x": 0.007682612631469965,
  "gsr_y": 0.05947481095790863,
  "provenance": {
    "md5sum": "65f989709ad74572ee9cc19a32397e9f",
    "settings": {
      "fd_thres": 0.2,
      "testing": false
    },
    "software": "mriqc",
    "version": "23.0.1",
    "webapi_port": null,
    "webapi_url": "https://mriqc.nimh.nih.gov/api/v1"
  },
  "size_t": 181,
  "size_x": 64,
  "size_y": 64,
  "size_z": 48,
  "snr": 2.2871981439814952,
  "spacing_tr": 3.359999895095825,
  "spacing_x": 3.0,
  "spacing_y": 3.0,
  "spacing_z": 3.0,
  "summary_bg_k": 24.08471633017563,
  "summary_bg_mad": 20.084757009426543,
  "summary_bg_mean": 123.21147918701172,
  "summary_bg_median": 65.5911636352539,
  "summary_bg_n": 94549.0,
  "summary_bg_p05": 50.11050033569336,
  "summary_bg_p95": 389.1016662597652,
  "summary_bg_stdv": 145.64532470703125,
  "summary_fg_k": 1.022202071058044,
  "summary_fg_mad": 328.6298578127936,
  "summary_fg_mean": 855.1054077148438,
  "summary_fg_median": 789.6795654296875,
  "summary_fg_n": 49335.0,
  "summary_fg_p05": 428.797802734375,
  "summary_fg_p95": 1512.8657958984368,
  "summary_fg_stdv": 345.2571716308594,
  "tsnr": 36.815258296905085
}