{
  "aor": 0.002155714285714285,
  "aqi": 0.0031698575824175824,
  "bids_meta": {
    "AcquisitionDateTime": "20200212164005.687500",
    "ConversionSoftware": "dicm2nii.m 20180808",
    "DeviceSerialNumber": "167032",
    "EchoTime": 0.03,
    "EchoTime1": 0.03,
    "EchoTime2": 0.03,
    "EffectiveEchoSpacing": 0.00048611111,
    "FlipAngle": 90,
    "ImageType": [
      "ORIGINAL",
      "PRIMARY",
      "M",
      "ND",
      "MOSAIC"
    ],
    "InstitutionAddress": "Queen Square 12,London,Southeast,GB,WC1N 3BG",
    "InstitutionName": "Functional Imaging Laboratory",
    "MRAcquisitionType": "2D",
    "Manufacturer": "SIEMENS",
    "Modality": "MR",
    "PatientName": "MP02976",
    "PatientPosition": "HFS",
    "PhaseEncodingDirection": "j-",
    "RepetitionTime": 3.36,
    "ScanOptions": "FS",
    "ScanningSequence": "RM",
    "SequenceName": "ep2dv2o2d1",
    "SequenceVariant": "SP\\OSP",
    "SeriesDescription": "nc_epi2d_v2o_3mm_OFC_64ch",
    "SeriesNumber": 9,
    "SliceThickness": 2.5,
    "SliceTiming": [
      0,
      0.07,
      0.14,
      0.21,
      0.28,
      0.35,
      0.42,
      0.49,
      0.56,
      0.63,
      0.7,
      0.77,
      0.84,
      0.91,
      0.98,
      1.05,
      1.12,
      1.19,
      1.26,
      1.33,
      1.4,
      1.47,
      1.54,
      1.61,
      1.68,
      1.75,
      1.82,
      1.89,
      1.96,
      2.03,
      2.1,
      2.17,
      2.24,
      2.31,
      2.38,
      2.45,
      2.52,
      2.59,
      2.66,
      2.73,
      2.8,
      2.87,
      2.94,
      3.01,
      3.08,
      3.15,
      3.22,
      3.29
    ],
    "SoftwareVersion": "syngo MR E11",
    "TotalReadoutTime": 0.030625,
    "dataset": "ds004081",
    "deltaTE": 0,
    "modality": "bold",
    "run_id": 4,
    "subject_id": "MP02976",
    "task_id": "unequalVariance"
  },
  "dummy_trs": 2,
  "dvars_nstd": 27.859899952762436,
  "dvars_std": 1.4201162377900556,
  "dvars_vstd": 1.009951844033149,
  "efc": 0.5811351035197163,
  "fber": 179.02894592285156,
  "fd_mean": 0.07571559644132399,
  "fd_num": 9,
  "fd_perc": 4.945054945054945,
  "fwhm_avg": 2.7129588888888887,
  "fwhm_x": 2.52847,
  "fwhm_y": 2.7875933333333336,
  "fwhm_z": 2.822813333333333,
  "gcor": 0.0200246,
  "gsr_x": 0.014496932737529278,
  "gsr_y": 0.04262693598866463,
  "provenance": {
    "md5sum": "8444e3d140c29953612f40f302309b3f",
    "settings": {
      "fd_thres": 0.2,
      "testing": false
    },
    "software": "mriqc",
    "version": "23.0.1",
    "webapi_port": null,
    "webapi_url": "https://mriqc.nimh.nih.gov/api/v1"
  },
  "size_t": 182,
  "size_x": 64,
  "size_y": 64,
  "size_z": 48,
  "snr": 2.398977356388923,
  "spacing_tr": 3.359999895095825,
  "spacing_x": 3.0,
  "spacing_y": 3.0,
  "spacing_z": 3.0,
  "summary_bg_k": 20.072588921463836,
  "summary_bg_mad": 13.066455728412455,
  "summary_bg_mean": 102.12499237060547,
  "summary_bg_median": 58.54945373535156,
  "summary_bg_n": 115965.0,
  "summary_bg_p05": 48.81868362426758,
  "summary_bg_p95": 324.9692382812495,
  "summary_bg_stdv": 115.07566833496094,
  "summary_fg_k": 0.965232647633472,
  "summary_fg_mad": 309.77427771818833,
  "summary_fg_mean": 872.4664306640625,
  "summary_fg_median": 805.5604858398438,
  "summary_fg_n": 37087.0,
  "summary_fg_p05": 447.412109375,
  "summary_fg_p95": 1530.5511718749988,
  "summary_fg_stdv": 335.78875732421875,
  "tsnr": 78.36052598431706
}