{
  "aor": 0.003310163934426229,
  "aqi": 0.008027607213114754,
  "bids_meta": {
    "AcquisitionDateTime": "20200213113300.207500",
    "ConversionSoftware": "dicm2nii.m 20180808",
    "DeviceSerialNumber": "167032",
    "EchoTime": 0.03,
    "EchoTime1": 0.03,
    "EchoTime2": 0.03,
    "EffectiveEchoSpacing": 0.00048611111,
    "FlipAngle": 90,
    "ImageType": [
      "ORIGINAL",
      "PRIMARY",
      "M",
      "ND",
      "MOSAIC"
    ],
    "InstitutionAddress": "Queen Square 12,London,Southeast,GB,WC1N 3BG",
    "InstitutionName": "FIL",
    "MRAcquisitionType": "2D",
    "Manufacturer": "SIEMENS",
    "Modality": "MR",
    "PatientName": "MP02978",
    "PatientPosition": "HFS",
    "PhaseEncodingDirection": "j-",
    "RepetitionTime": 3.36,
    "ScanOptions": "FS",
    "ScanningSequence": "RM",
    "SequenceName": "ep2dv2o2d1",
    "SequenceVariant": "SP\\OSP",
    "SeriesDescription": "nc_epi2d_v2o_3mm_OFC_64ch",
    "SeriesNumber": 10,
    "SliceThickness": 2.5,
    "SliceTiming": [
      0,
      0,
      0,
      0,
      0,
      0,
      0,
      0,
      0,
      0,
      0,
      0,
      0,
      0,
      0,
      0,
      0,
      0,
      0,
      0,
      0,
      0,
      0,
      0,
      0,
      0,
      0,
      0,
      0,
      0,
      0,
      0,
      0,
      0,
      0,
      0,
      0,
      0,
      0,
      0,
      0,
      0,
      0,
      0,
      0,
      0,
      0,
      0
    ],
    "SoftwareVersion": "syngo MR E11",
    "TotalReadoutTime": 0.030625,
    "dataset": "ds004081",
    "deltaTE": 0,
    "modality": "bold",
    "run_id": 3,
    "subject_id": "MP02978",
    "task_id": "unequalVariance"
  },
  "dummy_trs": 1,
  "dvars_nstd": 31.11233657824177,
  "dvars_std": 1.1886725936263738,
  "dvars_vstd": 0.9287752434065938,
  "efc": 0.6180441997768547,
  "fber": 143.13003540039062,
  "fd_mean": 0.11505755833775391,
  "fd_num": 22,
  "fd_perc": 12.021857923497267,
  "fwhm_avg": 2.674332222222222,
  "fwhm_x": 2.4422366666666666,
  "fwhm_y": 2.7354299999999996,
  "fwhm_z": 2.84533,
  "gcor": 0.0180853,
  "gsr_x": -0.0022837610449641943,
  "gsr_y": 0.07252783328294754,
  "provenance": {
    "md5sum": "7dfbc7ed80af35953c0a8796ada4920c",
    "settings": {
      "fd_thres": 0.2,
      "testing": false
    },
    "software": "mriqc",
    "version": "23.0.1",
    "webapi_port": null,
    "webapi_url": "https://mriqc.nimh.nih.gov/api/v1"
  },
  "size_t": 183,
  "size_x": 64,
  "size_y": 64,
  "size_z": 48,
  "snr": 2.3718650383002315,
  "spacing_tr": 3.359999895095825,
  "spacing_x": 3.0,
  "spacing_y": 3.0,
  "spacing_z": 3.0,
  "summary_bg_k": 17.60736384375884,
  "summary_bg_mad": 14.696394030880649,
  "summary_bg_mean": 103.33306121826172,
  "summary_bg_median": 59.267757415771484,
  "summary_bg_n": 106707.0,
  "summary_bg_p05": 47.819671630859375,
  "summary_bg_p95": 323.2448089599607,
  "summary_bg_stdv": 110.4949951171875,
  "summary_fg_k": 1.3119553218331887,
  "summary_fg_mad": 280.30909696997657,
  "summary_fg_mean": 793.0055541992188,
  "summary_fg_median": 730.5464477539062,
  "summary_fg_n": 44265.0,
  "summary_fg_p05": 413.3868774414063,
  "summary_fg_p95": 1390.736596679687,
  "summary_fg_stdv": 308.0015869140625,
  "tsnr": 48.222636841237545
}