{
  "aor": 0.009372786885245902,
  "aqi": 0.009597595737704917,
  "bids_meta": {
    "AcquisitionDateTime": "20200213114522.430000",
    "ConversionSoftware": "dicm2nii.m 20180808",
    "DeviceSerialNumber": "167032",
    "EchoTime": 0.03,
    "EchoTime1": 0.03,
    "EchoTime2": 0.03,
    "EffectiveEchoSpacing": 0.00048611111,
    "FlipAngle": 90,
    "ImageType": [
      "ORIGINAL",
      "PRIMARY",
      "M",
      "ND",
      "MOSAIC"
    ],
    "InstitutionAddress": "Queen Square 12,London,Southeast,GB,WC1N 3BG",
    "InstitutionName": "FIL",
    "MRAcquisitionType": "2D",
    "Manufacturer": "SIEMENS",
    "Modality": "MR",
    "PatientName": "MP02978",
    "PatientPosition": "HFS",
    "PhaseEncodingDirection": "j-",
    "RepetitionTime": 3.36,
    "ScanOptions": "FS",
    "ScanningSequence": "RM",
    "SequenceName": "ep2dv2o2d1",
    "SequenceVariant": "SP\\OSP",
    "SeriesDescription": "nc_epi2d_v2o_3mm_OFC_64ch",
    "SeriesNumber": 11,
    "SliceThickness": 2.5,
    "SliceTiming": [
      0,
      0,
      0,
      0,
      0,
      0,
      0,
      0,
      0,
      0,
      0,
      0,
      0,
      0,
      0,
      0,
      0,
      0,
      0,
      0,
      0,
      0,
      0,
      0,
      0,
      0,
      0,
      0,
      0,
      0,
      0,
      0,
      0,
      0,
      0,
      0,
      0,
      0,
      0,
      0,
      0,
      0,
      0,
      0,
      0,
      0,
      0,
      0
    ],
    "SoftwareVersion": "syngo MR E11",
    "TotalReadoutTime": 0.030625,
    "dataset": "ds004081",
    "deltaTE": 0,
    "modality": "bold",
    "run_id": 4,
    "subject_id": "MP02978",
    "task_id": "unequalVariance"
  },
  "dummy_trs": 1,
  "dvars_nstd": 28.506803009505486,
  "dvars_std": 1.2445060531868124,
  "dvars_vstd": 0.9973079674175824,
  "efc": 0.6178132787941928,
  "fber": 141.65231323242188,
  "fd_mean": 0.08656528883158206,
  "fd_num": 11,
  "fd_perc": 6.0109289617486334,
  "fwhm_avg": 2.6705488888888884,
  "fwhm_x": 2.45432,
  "fwhm_y": 2.7468266666666667,
  "fwhm_z": 2.8104999999999998,
  "gcor": 0.0117659,
  "gsr_x": 0.0023016314953565598,
  "gsr_y": 0.07480322569608688,
  "provenance": {
    "md5sum": "79f5ba18d9e023c7486598d315247cd4",
    "settings": {
      "fd_thres": 0.2,
      "testing": false
    },
    "software": "mriqc",
    "version": "23.0.1",
    "webapi_port": null,
    "webapi_url": "https://mriqc.nimh.nih.gov/api/v1"
  },
  "size_t": 183,
  "size_x": 64,
  "size_y": 64,
  "size_z": 48,
  "snr": 2.350568572561086,
  "spacing_tr": 3.359999895095825,
  "spacing_x": 3.0,
  "spacing_y": 3.0,
  "spacing_z": 3.0,
  "summary_bg_k": 16.36504587972414,
  "summary_bg_mad": 15.449849193507047,
  "summary_bg_mean": 102.02650451660156,
  "summary_bg_median": 59.25682830810547,
  "summary_bg_n": 106092.0,
  "summary_bg_p05": 45.99453353881836,
  "summary_bg_p95": 314.78932342529293,
  "summary_bg_stdv": 107.5531997680664,
  "summary_fg_k": 1.489205832289092,
  "summary_fg_mad": 280.0659932797901,
  "summary_fg_mean": 793.7778930664062,
  "summary_fg_median": 729.84423828125,
  "summary_fg_n": 44552.0,
  "summary_fg_p05": 414.85463256835936,
  "summary_fg_p95": 1398.8493652343748,
  "summary_fg_stdv": 310.493408203125,
  "tsnr": 41.08554766327143
}