{
  "aor": 0.00342989010989011,
  "aqi": 0.005474416483516483,
  "bids_meta": {
    "AcquisitionDateTime": "20200213110258.122500",
    "ConversionSoftware": "dicm2nii.m 20180808",
    "DeviceSerialNumber": "167032",
    "EchoTime": 0.03,
    "EchoTime1": 0.03,
    "EchoTime2": 0.03,
    "EffectiveEchoSpacing": 0.00052083333,
    "FlipAngle": 90,
    "ImageType": [
      "ORIGINAL",
      "PRIMARY",
      "M",
      "ND",
      "MOSAIC"
    ],
    "InstitutionAddress": "Queen Square 12,London,Southeast,GB,WC1N 3BG",
    "InstitutionName": "FIL",
    "MRAcquisitionType": "2D",
    "Manufacturer": "SIEMENS",
    "Modality": "MR",
    "PatientName": "MP02978",
    "PatientPosition": "HFS",
    "PhaseEncodingDirection": "j-",
    "RepetitionTime": 3.36,
    "ScanOptions": "FS",
    "ScanningSequence": "RM",
    "SequenceName": "ep2dv2o2d1",
    "SequenceVariant": "SP\\OSP",
    "SeriesDescription": "nc_epi2d_v2o_3mm_OFC_64ch",
    "SeriesNumber": 8,
    "SliceThickness": 2.5,
    "SliceTiming": [
      0,
      0.07,
      0.14,
      0.21,
      0.28,
      0.35,
      0.42,
      0.49,
      0.56,
      0.63,
      0.7,
      0.77,
      0.84,
      0.91,
      0.98,
      1.05,
      1.12,
      1.19,
      1.26,
      1.33,
      1.4,
      1.47,
      1.54,
      1.61,
      1.68,
      1.75,
      1.82,
      1.89,
      1.96,
      2.03,
      2.1,
      2.17,
      2.24,
      2.31,
      2.38,
      2.45,
      2.52,
      2.59,
      2.66,
      2.73,
      2.8,
      2.87,
      2.94,
      3.01,
      3.08,
      3.15,
      3.22,
      3.29
    ],
    "SoftwareVersion": "syngo MR E11",
    "TotalReadoutTime": 0.0328125,
    "dataset": "ds004081",
    "deltaTE": 0,
    "modality": "bold",
    "run_id": 1,
    "subject_id": "MP02978",
    "task_id": "unequalVariance"
  },
  "dummy_trs": 2,
  "dvars_nstd": 24.93099186276243,
  "dvars_std": 1.2689890464640885,
  "dvars_vstd": 0.9743996868508285,
  "efc": 0.6154747972937155,
  "fber": 146.62109375,
  "fd_mean": 0.048441281325304696,
  "fd_num": 2,
  "fd_perc": 1.098901098901099,
  "fwhm_avg": 2.644138888888889,
  "fwhm_x": 2.4253033333333334,
  "fwhm_y": 2.696486666666667,
  "fwhm_z": 2.8106266666666664,
  "gcor": 0.0218716,
  "gsr_x": 0.0030758751090615988,
  "gsr_y": 0.06878519803285599,
  "provenance": {
    "md5sum": "ea7e11c1998924601ab19fa2fc09655f",
    "settings": {
      "fd_thres": 0.2,
      "testing": false
    },
    "software": "mriqc",
    "version": "23.0.1",
    "webapi_port": null,
    "webapi_url": "https://mriqc.nimh.nih.gov/api/v1"
  },
  "size_t": 182,
  "size_x": 64,
  "size_y": 64,
  "size_z": 48,
  "snr": 2.3772225626997443,
  "spacing_tr": 3.359999895095825,
  "spacing_x": 3.0,
  "spacing_y": 3.0,
  "spacing_z": 3.0,
  "summary_bg_k": 18.045613272954494,
  "summary_bg_mad": 13.058305895508148,
  "summary_bg_mean": 101.2226333618164,
  "summary_bg_median": 57.9505500793457,
  "summary_bg_n": 107422.0,
  "summary_bg_p05": 48.0,
  "summary_bg_p95": 319.1423034667968,
  "summary_bg_stdv": 109.871826171875,
  "summary_fg_k": 1.2247329969958836,
  "summary_fg_mad": 278.505252205347,
  "summary_fg_mean": 783.0347290039062,
  "summary_fg_median": 722.813232421875,
  "summary_fg_n": 44348.0,
  "summary_fg_p05": 406.80413818359375,
  "summary_fg_p95": 1375.5951110839846,
  "summary_fg_stdv": 304.054443359375,
  "tsnr": 59.70574084483087
}