{
  "aor": 0.0036597802197802197,
  "aqi": 0.00952476120879121,
  "bids_meta": {
    "AcquisitionDateTime": "20200213115635.862500",
    "ConversionSoftware": "dicm2nii.m 20180808",
    "DeviceSerialNumber": "167032",
    "EchoTime": 0.03,
    "EchoTime1": 0.03,
    "EchoTime2": 0.03,
    "EffectiveEchoSpacing": 0.00052083333,
    "FlipAngle": 90,
    "ImageType": [
      "ORIGINAL",
      "PRIMARY",
      "M",
      "ND",
      "MOSAIC"
    ],
    "InstitutionAddress": "Queen Square 12,London,Southeast,GB,WC1N 3BG",
    "InstitutionName": "FIL",
    "MRAcquisitionType": "2D",
    "Manufacturer": "SIEMENS",
    "Modality": "MR",
    "PatientName": "MP02978",
    "PatientPosition": "HFS",
    "PhaseEncodingDirection": "j-",
    "RepetitionTime": 3.36,
    "ScanOptions": "FS",
    "ScanningSequence": "RM",
    "SequenceName": "ep2dv2o2d1",
    "SequenceVariant": "SP\\OSP",
    "SeriesDescription": "nc_epi2d_v2o_3mm_OFC_64ch",
    "SeriesNumber": 12,
    "SliceThickness": 2.5,
    "SliceTiming": [
      0,
      0,
      0,
      0,
      0,
      0,
      0,
      0,
      0,
      0,
      0,
      0,
      0,
      0,
      0,
      0,
      0,
      0,
      0,
      0,
      0,
      0,
      0,
      0,
      0,
      0,
      0,
      0,
      0,
      0,
      0,
      0,
      0,
      0,
      0,
      0,
      0,
      0,
      0,
      0,
      0,
      0,
      0,
      0,
      0,
      0,
      0,
      0
    ],
    "SoftwareVersion": "syngo MR E11",
    "TotalReadoutTime": 0.0328125,
    "dataset": "ds004081",
    "deltaTE": 0,
    "modality": "bold",
    "run_id": 5,
    "subject_id": "MP02978",
    "task_id": "unequalVariance"
  },
  "dummy_trs": 2,
  "dvars_nstd": 29.10639479961324,
  "dvars_std": 1.1717362991712705,
  "dvars_vstd": 0.9359651475138129,
  "efc": 0.6184759569662682,
  "fber": 142.13226318359375,
  "fd_mean": 0.10923545089195487,
  "fd_num": 22,
  "fd_perc": 12.087912087912088,
  "fwhm_avg": 2.6648944444444447,
  "fwhm_x": 2.4342133333333336,
  "fwhm_y": 2.7128033333333335,
  "fwhm_z": 2.8476666666666666,
  "gcor": 0.0153755,
  "gsr_x": 0.0015591956907883286,
  "gsr_y": 0.07449377328157425,
  "provenance": {
    "md5sum": "cc70b655123891008e8c8806c10dafee",
    "settings": {
      "fd_thres": 0.2,
      "testing": false
    },
    "software": "mriqc",
    "version": "23.0.1",
    "webapi_port": null,
    "webapi_url": "https://mriqc.nimh.nih.gov/api/v1"
  },
  "size_t": 182,
  "size_x": 64,
  "size_y": 64,
  "size_z": 48,
  "snr": 2.3520718832294047,
  "spacing_tr": 3.359999895095825,
  "spacing_x": 3.0,
  "spacing_y": 3.0,
  "spacing_z": 3.0,
  "summary_bg_k": 16.745948991369232,
  "summary_bg_mad": 14.369835146845487,
  "summary_bg_mean": 102.5449447631836,
  "summary_bg_median": 59.093406677246094,
  "summary_bg_n": 106402.0,
  "summary_bg_p05": 47.63187026977539,
  "summary_bg_p95": 320.3063354492187,
  "summary_bg_stdv": 108.944580078125,
  "summary_fg_k": 1.4926807837447242,
  "summary_fg_mad": 278.4440803852964,
  "summary_fg_mean": 790.4666137695312,
  "summary_fg_median": 726.9066162109375,
  "summary_fg_n": 44537.0,
  "summary_fg_p05": 411.1131896972656,
  "summary_fg_p95": 1389.7780761718748,
  "summary_fg_stdv": 309.0460205078125,
  "tsnr": 45.47368593281135
}