{
  "bids_meta": {
    "AcquisitionDateTime": "20200221100858.652500",
    "ConversionSoftware": "dicm2nii.m 20180808",
    "DeviceSerialNumber": "167032",
    "EchoTime": 0.00334,
    "FlipAngle": 7,
    "ImageType": [
      "ORIGINAL",
      "PRIMARY",
      "M",
      "ND"
    ],
    "InstitutionAddress": "Queen Square 12,London,Southeast,GB,WC1N 3BG",
    "InstitutionName": "Functional Imaging Laboratory",
    "InversionTime": 1.1,
    "MRAcquisitionType": "3D",
    "Manufacturer": "SIEMENS",
    "Modality": "MR",
    "PatientName": "MP02989",
    "PatientPosition": "HFS",
    "PhaseEncodingDirection": "j-",
    "RepetitionTime": 2.53,
    "ScanOptions": "IR",
    "ScanningSequence": "GR\\IR",
    "SequenceName": "*tfl3d1_16ns",
    "SequenceVariant": "SK\\SP\\MP",
    "SeriesDescription": "MPRAGE_64ch_Head",
    "SeriesNumber": 2,
    "SliceThickness": 1,
    "SoftwareVersion": "syngo MR E11",
    "dataset": "ds004081",
    "modality": "T1w",
    "subject_id": "MP02989"
  },
  "cjv": 0.44882004596536895,
  "cnr": 2.7263413876703333,
  "efc": 0.5306286516349572,
  "fber": 7579.238754325259,
  "fwhm_avg": 4.229443333333333,
  "fwhm_x": 4.26246,
  "fwhm_y": 4.33419,
  "fwhm_z": 4.09168,
  "icvs_csf": 0.20579163377065815,
  "icvs_gm": 0.3974891968153679,
  "icvs_wm": 0.396719169413974,
  "inu_med": 1.0225414037704468,
  "inu_range": 0.9958320319652552,
  "provenance": {
    "md5sum": "e0d93a611676f4bdae154b80eefb86be",
    "settings": {
      "testing": false
    },
    "software": "mriqc",
    "version": "23.0.1",
    "warnings": {
      "large_rot_frame": true,
      "small_air_mask": false
    },
    "webapi_port": null,
    "webapi_url": "https://mriqc.nimh.nih.gov/api/v1"
  },
  "qi_1": 0.0,
  "qi_2": 0.0025917212888493654,
  "rpve_csf": 22.806730388124624,
  "rpve_gm": 11.6147650443551,
  "rpve_wm": 13.571670274114592,
  "size_x": 176,
  "size_y": 256,
  "size_z": 256,
  "snr_csf": 1.0137151361968981,
  "snr_gm": 7.376745947838427,
  "snr_total": 6.092331696819817,
  "snr_wm": 9.886534006424124,
  "snrd_csf": 6.1709051910200285,
  "snrd_gm": 41.1301497719011,
  "snrd_total": 37.30724371779714,
  "snrd_wm": 64.6206761904703,
  "spacing_x": 1.0,
  "spacing_y": 1.0,
  "spacing_z": 1.0,
  "summary_bg_k": 4.362123373547677,
  "summary_bg_mad": 0.0,
  "summary_bg_mean": 7.038922719823631,
  "summary_bg_median": 0.0,
  "summary_bg_n": 2488978.0,
  "summary_bg_p05": 0.0,
  "summary_bg_p95": 27.208803948014975,
  "summary_bg_stdv": 10.139424969003024,
  "summary_csf_k": 5.928261911016595,
  "summary_csf_mad": 55.387950610752604,
  "summary_csf_mean": 123.16168380060367,
  "summary_csf_median": 95.50595902651548,
  "summary_csf_n": 44940.0,
  "summary_csf_p05": 33.62885881215334,
  "summary_csf_p95": 329.69121745638495,
  "summary_csf_stdv": 94.2127556512476,
  "summary_gm_k": 0.22082986652053682,
  "summary_gm_mad": 82.49269239899324,
  "summary_gm_mean": 639.106756371101,
  "summary_gm_median": 636.5637256242335,
  "summary_gm_n": 21853.0,
  "summary_gm_p05": 500.1283882543445,
  "summary_gm_p95": 786.6095793060958,
  "summary_gm_stdv": 86.29132211991342,
  "summary_wm_k": 1.9051650541315537,
  "summary_wm_mad": 80.67966619242196,
  "summary_wm_mean": 1018.6576471445525,
  "summary_wm_median": 1000.1222610734403,
  "summary_wm_n": 232586.0,
  "summary_wm_p05": 889.0858836136758,
  "summary_wm_p95": 1216.7532552033663,
  "summary_wm_stdv": 101.15983118208823,
  "tpm_overlap_csf": 0.17769689469505603,
  "tpm_overlap_gm": 0.4438540952303083,
  "tpm_overlap_wm": 0.481935445215507,
  "wm2max": 0.2845091490990051
}