{
  "bids_meta": {
    "AcquisitionDateTime": "20200120130022.260000",
    "ConversionSoftware": "dicm2nii.m 20180808",
    "DeviceSerialNumber": "167032",
    "EchoTime": 0.00334,
    "FlipAngle": 7,
    "ImageType": [
      "ORIGINAL",
      "PRIMARY",
      "M",
      "ND"
    ],
    "InstitutionAddress": "Queen Square 12,London,Southeast,GB,WC1N 3BG",
    "InstitutionName": "FIL",
    "InversionTime": 1.1,
    "MRAcquisitionType": "3D",
    "Manufacturer": "SIEMENS",
    "Modality": "MR",
    "PatientName": "MP02935",
    "PatientPosition": "HFS",
    "PhaseEncodingDirection": "j-",
    "RepetitionTime": 2.53,
    "ScanOptions": "IR",
    "ScanningSequence": "GR\\IR",
    "SequenceName": "*tfl3d1_16ns",
    "SequenceVariant": "SK\\SP\\MP",
    "SeriesDescription": "MPRAGE_64ch_Head",
    "SeriesNumber": 2,
    "SliceThickness": 1,
    "SoftwareVersion": "syngo MR E11",
    "dataset": "ds004081",
    "modality": "T1w",
    "subject_id": "MP02935"
  },
  "cjv": 0.4599407228986183,
  "cnr": 2.921209456417556,
  "efc": 0.516677513169013,
  "fber": 8495.876109467457,
  "fwhm_avg": 3.862726666666667,
  "fwhm_x": 3.94897,
  "fwhm_y": 4.02029,
  "fwhm_z": 3.61892,
  "icvs_csf": 0.15978465730407013,
  "icvs_gm": 0.4242288802229407,
  "icvs_wm": 0.41598646247298915,
  "inu_med": 1.0492441654205322,
  "inu_range": 0.9113290905952454,
  "provenance": {
    "md5sum": "c6024be8d6529bbd0b9b6699febba763",
    "settings": {
      "testing": false
    },
    "software": "mriqc",
    "version": "23.0.1",
    "warnings": {
      "large_rot_frame": true,
      "small_air_mask": false
    },
    "webapi_port": null,
    "webapi_url": "https://mriqc.nimh.nih.gov/api/v1"
  },
  "qi_1": 0.0,
  "qi_2": 0.003030510172817047,
  "rpve_csf": 29.960949956349683,
  "rpve_gm": 12.271720959848047,
  "rpve_wm": 14.4146576226088,
  "size_x": 176,
  "size_y": 256,
  "size_z": 256,
  "snr_csf": 0.9284592774551547,
  "snr_gm": 8.68027939157718,
  "snr_total": 7.6850507882668735,
  "snr_wm": 13.446413695768284,
  "snrd_csf": 9.78918352660572,
  "snrd_gm": 50.92211027793683,
  "snrd_total": 45.09833043801786,
  "snrd_wm": 74.58369750951104,
  "spacing_x": 1.0,
  "spacing_y": 1.0,
  "spacing_z": 1.0,
  "summary_bg_k": 3.159465338483251,
  "summary_bg_mad": 0.0,
  "summary_bg_mean": 6.745486153050961,
  "summary_bg_median": 0.0,
  "summary_bg_n": 2666206.0,
  "summary_bg_p05": 0.0,
  "summary_bg_p95": 24.926685750484467,
  "summary_bg_stdv": 8.78436866413426,
  "summary_csf_k": 2.513931809148229,
  "summary_csf_mad": 94.09896602419374,
  "summary_csf_mean": 177.62311080470928,
  "summary_csf_median": 131.2578525915742,
  "summary_csf_n": 15090.0,
  "summary_csf_p05": 33.200669676065445,
  "summary_csf_p95": 472.59896476194245,
  "summary_csf_stdv": 141.36700072890932,
  "summary_gm_k": 0.1942693329653422,
  "summary_gm_mad": 76.20308180919649,
  "summary_gm_mean": 682.9220986021948,
  "summary_gm_median": 682.7869583144784,
  "summary_gm_n": 26104.0,
  "summary_gm_p05": 553.9379871189594,
  "summary_gm_p95": 814.3590128272772,
  "summary_gm_stdv": 78.65805340852748,
  "summary_wm_k": 0.7471548476610597,
  "summary_wm_mad": 69.72019099812374,
  "summary_wm_mean": 1008.3091143953477,
  "summary_wm_median": 1000.0523482710123,
  "summary_wm_n": 238431.0,
  "summary_wm_p05": 901.8642478883266,
  "summary_wm_p95": 1143.2236903756857,
  "summary_wm_stdv": 74.37300932002502,
  "tpm_overlap_csf": 0.15065193877618827,
  "tpm_overlap_gm": 0.44801814783042276,
  "tpm_overlap_wm": 0.49339062082881485,
  "wm2max": 0.3746432054132769
}