{
  "aor": 0.019174505494505497,
  "aqi": 0.015550364120879123,
  "bids_meta": {
    "AcquisitionDateTime": "20201014112446.677500",
    "ConversionSoftware": "dicm2nii.m 20180808",
    "DeviceSerialNumber": "167032",
    "EchoTime": 0.03,
    "EchoTime1": 0.03,
    "EchoTime2": 0.03,
    "EffectiveEchoSpacing": 0.00048611111,
    "FlipAngle": 90,
    "ImageType": [
      "ORIGINAL",
      "PRIMARY",
      "M",
      "ND",
      "MOSAIC"
    ],
    "InstitutionAddress": "Queen Square 12,London,Southeast,GB,WC1N 3BG",
    "InstitutionName": "Functional Imaging Laboratory",
    "MRAcquisitionType": "2D",
    "Manufacturer": "SIEMENS",
    "Modality": "MR",
    "PatientName": "MP03032",
    "PatientPosition": "HFS",
    "PhaseEncodingDirection": "j-",
    "RepetitionTime": 3.36,
    "ScanOptions": "FS",
    "ScanningSequence": "RM",
    "SequenceName": "ep2d_2i2d1",
    "SequenceVariant": "SP\\OSP",
    "SeriesDescription": "nc_epi2d_v2i_3mm_OFC_64ch",
    "SeriesNumber": 8,
    "SliceThickness": 2.5,
    "SliceTiming": [
      0,
      0,
      0,
      0,
      0,
      0,
      0,
      0,
      0,
      0,
      0,
      0,
      0,
      0,
      0,
      0,
      0,
      0,
      0,
      0,
      0,
      0,
      0,
      0,
      0,
      0,
      0,
      0,
      0,
      0,
      0,
      0,
      0,
      0,
      0,
      0,
      0,
      0,
      0,
      0,
      0,
      0,
      0,
      0,
      0,
      0,
      0,
      0
    ],
    "SoftwareVersion": "syngo MR E11",
    "TotalReadoutTime": 0.030625,
    "dataset": "ds004081",
    "deltaTE": 0,
    "modality": "bold",
    "run_id": 1,
    "subject_id": "MP03032",
    "task_id": "unequalVariance"
  },
  "dummy_trs": 2,
  "dvars_nstd": 55.67239286082874,
  "dvars_std": 1.2902870357458567,
  "dvars_vstd": 1.0644277012154693,
  "efc": 0.6284157229963745,
  "fber": 109.889404296875,
  "fd_mean": 0.38926407851667766,
  "fd_num": 78,
  "fd_perc": 42.857142857142854,
  "fwhm_avg": 2.51206,
  "fwhm_x": 2.341833333333333,
  "fwhm_y": 2.56699,
  "fwhm_z": 2.6273566666666666,
  "gcor": 0.0396263,
  "gsr_x": 0.019301095977425575,
  "gsr_y": 0.045885633677244186,
  "provenance": {
    "md5sum": "fd76970ed1ce86d78fd804a60fff28d1",
    "settings": {
      "fd_thres": 0.2,
      "testing": false
    },
    "software": "mriqc",
    "version": "23.0.1",
    "webapi_port": null,
    "webapi_url": "https://mriqc.nimh.nih.gov/api/v1"
  },
  "size_t": 182,
  "size_x": 64,
  "size_y": 64,
  "size_z": 48,
  "snr": 2.2803713816975613,
  "spacing_tr": 3.359999895095825,
  "spacing_x": 3.0,
  "spacing_y": 3.0,
  "spacing_z": 3.0,
  "summary_bg_k": 25.928391022492146,
  "summary_bg_mad": 20.487605342487516,
  "summary_bg_mean": 123.70863342285156,
  "summary_bg_median": 65.9120864868164,
  "summary_bg_n": 106512.0,
  "summary_bg_p05": 50.725276947021484,
  "summary_bg_p95": 408.15714874267564,
  "summary_bg_stdv": 149.77349853515625,
  "summary_fg_k": 1.4799733871948062,
  "summary_fg_mad": 286.2889138525014,
  "summary_fg_mean": 788.6553955078125,
  "summary_fg_median": 722.2197875976562,
  "summary_fg_n": 43003.0,
  "summary_fg_p05": 397.9505615234375,
  "summary_fg_p95": 1397.118212890625,
  "summary_fg_stdv": 316.7077941894531,
  "tsnr": 31.692536674439907
}