{
  "aor": 0.018178131868131865,
  "aqi": 0.007760009175824175,
  "bids_meta": {
    "AcquisitionDateTime": "20201014114836.890000",
    "ConversionSoftware": "dicm2nii.m 20180808",
    "DeviceSerialNumber": "167032",
    "EchoTime": 0.03,
    "EchoTime1": 0.03,
    "EchoTime2": 0.03,
    "EffectiveEchoSpacing": 0.00052083333,
    "FlipAngle": 90,
    "ImageType": [
      "ORIGINAL",
      "PRIMARY",
      "M",
      "ND",
      "MOSAIC"
    ],
    "InstitutionAddress": "Queen Square 12,London,Southeast,GB,WC1N 3BG",
    "InstitutionName": "Functional Imaging Laboratory",
    "MRAcquisitionType": "2D",
    "Manufacturer": "SIEMENS",
    "Modality": "MR",
    "PatientName": "MP03032",
    "PatientPosition": "HFS",
    "PhaseEncodingDirection": "j-",
    "RepetitionTime": 3.36,
    "ScanOptions": "FS",
    "ScanningSequence": "RM",
    "SequenceName": "ep2dv2o2d1",
    "SequenceVariant": "SP\\OSP",
    "SeriesDescription": "nc_epi2d_v2o_3mm_OFC_64ch",
    "SeriesNumber": 10,
    "SliceThickness": 2.5,
    "SliceTiming": [
      0,
      0.07,
      0.14,
      0.21,
      0.28,
      0.35,
      0.42,
      0.49,
      0.56,
      0.63,
      0.7,
      0.77,
      0.84,
      0.91,
      0.98,
      1.05,
      1.12,
      1.19,
      1.26,
      1.33,
      1.4,
      1.47,
      1.54,
      1.61,
      1.68,
      1.75,
      1.82,
      1.89,
      1.96,
      2.03,
      2.1,
      2.17,
      2.24,
      2.31,
      2.38,
      2.45,
      2.52,
      2.59,
      2.66,
      2.73,
      2.8,
      2.87,
      2.94,
      3.01,
      3.08,
      3.15,
      3.22,
      3.29
    ],
    "SoftwareVersion": "syngo MR E11",
    "TotalReadoutTime": 0.0328125,
    "dataset": "ds004081",
    "deltaTE": 0,
    "modality": "bold",
    "run_id": 3,
    "subject_id": "MP03032",
    "task_id": "unequalVariance"
  },
  "dummy_trs": 2,
  "dvars_nstd": 37.00994978419888,
  "dvars_std": 1.3989909246961332,
  "dvars_vstd": 1.1284657958563533,
  "efc": 0.6302653494744795,
  "fber": 108.29007720947266,
  "fd_mean": 0.17343676620229628,
  "fd_num": 35,
  "fd_perc": 19.23076923076923,
  "fwhm_avg": 2.4305922222222223,
  "fwhm_x": 2.291936666666667,
  "fwhm_y": 2.4834666666666667,
  "fwhm_z": 2.5163733333333336,
  "gcor": 0.0201599,
  "gsr_x": 0.017833556979894638,
  "gsr_y": 0.04682004824280739,
  "provenance": {
    "md5sum": "ea81eefe112c6b77beba6b6721518f42",
    "settings": {
      "fd_thres": 0.2,
      "testing": false
    },
    "software": "mriqc",
    "version": "23.0.1",
    "webapi_port": null,
    "webapi_url": "https://mriqc.nimh.nih.gov/api/v1"
  },
  "size_t": 182,
  "size_x": 64,
  "size_y": 64,
  "size_z": 48,
  "snr": 2.2922000602467496,
  "spacing_tr": 3.359999895095825,
  "spacing_x": 3.0,
  "spacing_y": 3.0,
  "spacing_z": 3.0,
  "summary_bg_k": 26.314011267327626,
  "summary_bg_mad": 22.027239424287377,
  "summary_bg_mean": 126.28792572021484,
  "summary_bg_median": 67.10440063476562,
  "summary_bg_n": 105856.0,
  "summary_bg_p05": 50.74725341796875,
  "summary_bg_p95": 419.60302734375,
  "summary_bg_stdv": 153.44122314453125,
  "summary_fg_k": 1.4929705841247962,
  "summary_fg_mad": 289.7672919455884,
  "summary_fg_mean": 797.2948608398438,
  "summary_fg_median": 732.6868286132812,
  "summary_fg_n": 42961.0,
  "summary_fg_p05": 401.489013671875,
  "summary_fg_p95": 1413.7747802734375,
  "summary_fg_stdv": 319.6397705078125,
  "tsnr": 48.09271418116987
}