{
  "bids_meta": {
    "AcquisitionDateTime": "20201202103949.952500",
    "ConversionSoftware": "dicm2nii.m 20180808",
    "DeviceSerialNumber": "167032",
    "EchoTime": 0.00334,
    "FlipAngle": 7,
    "ImageType": [
      "ORIGINAL",
      "PRIMARY",
      "M",
      "ND"
    ],
    "InstitutionAddress": "Queen Square 12,London,Southeast,GB,WC1N 3BG",
    "InstitutionName": "Functional Imaging Laboratory",
    "InversionTime": 1.1,
    "MRAcquisitionType": "3D",
    "Manufacturer": "SIEMENS",
    "Modality": "MR",
    "PatientName": "MP03062",
    "PatientPosition": "HFS",
    "PhaseEncodingDirection": "j-",
    "RepetitionTime": 2.53,
    "ScanOptions": "IR",
    "ScanningSequence": "GR\\IR",
    "SequenceName": "*tfl3d1_16ns",
    "SequenceVariant": "SK\\SP\\MP",
    "SeriesDescription": "MPRAGE_64ch_Head",
    "SeriesNumber": 2,
    "SliceThickness": 1,
    "SoftwareVersion": "syngo MR E11",
    "dataset": "ds004081",
    "modality": "T1w",
    "subject_id": "MP03062"
  },
  "cjv": 0.4883135305610384,
  "cnr": 2.5620785600713174,
  "efc": 0.4928598132712497,
  "fber": 12116.102914931587,
  "fwhm_avg": 3.6356800000000002,
  "fwhm_x": 3.78616,
  "fwhm_y": 3.63457,
  "fwhm_z": 3.48631,
  "icvs_csf": 0.18973398657871976,
  "icvs_gm": 0.41581842318962553,
  "icvs_wm": 0.3944475902316547,
  "inu_med": 0.9663357138633728,
  "inu_range": 0.9838133454322815,
  "provenance": {
    "md5sum": "a99346773cd2d1626c3f27da2e76e7ad",
    "settings": {
      "testing": false
    },
    "software": "mriqc",
    "version": "23.0.1",
    "warnings": {
      "large_rot_frame": true,
      "small_air_mask": false
    },
    "webapi_port": null,
    "webapi_url": "https://mriqc.nimh.nih.gov/api/v1"
  },
  "qi_1": 0.0,
  "qi_2": 0.0031708758640909018,
  "rpve_csf": 30.967294524707235,
  "rpve_gm": 14.192399490989493,
  "rpve_wm": 16.763565681407712,
  "size_x": 176,
  "size_y": 256,
  "size_z": 256,
  "snr_csf": 1.0702996369802278,
  "snr_gm": 8.744413251835546,
  "snr_total": 6.39746465962013,
  "snr_wm": 9.377681090044618,
  "snrd_csf": 8.289191171319656,
  "snrd_gm": 47.41133284424003,
  "snrd_total": 42.37442943536263,
  "snrd_wm": 71.42276429052819,
  "spacing_x": 1.0,
  "spacing_y": 1.0,
  "spacing_z": 1.0,
  "summary_bg_k": 3.3818515329021057,
  "summary_bg_mad": 0.0,
  "summary_bg_mean": 6.652027518386947,
  "summary_bg_median": 0.0,
  "summary_bg_n": 2712296.0,
  "summary_bg_p05": 0.0,
  "summary_bg_p95": 23.478069342672825,
  "summary_bg_stdv": 9.173162299433454,
  "summary_csf_k": 4.230183058027881,
  "summary_csf_mad": 70.27249680276053,
  "summary_csf_mean": 146.05150550720148,
  "summary_csf_median": 116.06452632695436,
  "summary_csf_n": 21785.0,
  "summary_csf_p05": 33.10131564736366,
  "summary_csf_p95": 382.4549874663351,
  "summary_csf_stdv": 108.43866373765196,
  "summary_gm_k": 0.42662206744969744,
  "summary_gm_mad": 71.37818294126551,
  "summary_gm_mean": 665.2818875525059,
  "summary_gm_median": 663.8493159785867,
  "summary_gm_n": 20432.0,
  "summary_gm_p05": 542.8682057186961,
  "summary_gm_p95": 792.2329233959317,
  "summary_gm_stdv": 75.91510731800915,
  "summary_wm_k": 1.0999925494525336,
  "summary_wm_mad": 92.79573295749148,
  "summary_wm_mean": 1019.0593529176265,
  "summary_wm_median": 1000.0552689656615,
  "summary_wm_n": 169483.0,
  "summary_wm_p05": 878.2455209642649,
  "summary_wm_p95": 1226.4943424612284,
  "summary_wm_stdv": 106.64174960177786,
  "tpm_overlap_csf": 0.16224432541047198,
  "tpm_overlap_gm": 0.45689810408306547,
  "tpm_overlap_wm": 0.48912730384120084,
  "wm2max": 0.37168796340690574
}