{
  "aor": 0.016029065934065934,
  "aqi": 0.01579589945054945,
  "bids_meta": {
    "AcquisitionDateTime": "20201014113641.065000",
    "ConversionSoftware": "dicm2nii.m 20180808",
    "DeviceSerialNumber": "167032",
    "EchoTime": 0.03,
    "EchoTime1": 0.03,
    "EchoTime2": 0.03,
    "EffectiveEchoSpacing": 0.00048611111,
    "FlipAngle": 90,
    "ImageType": [
      "ORIGINAL",
      "PRIMARY",
      "M",
      "ND",
      "MOSAIC"
    ],
    "InstitutionAddress": "Queen Square 12,London,Southeast,GB,WC1N 3BG",
    "InstitutionName": "Functional Imaging Laboratory",
    "MRAcquisitionType": "2D",
    "Manufacturer": "SIEMENS",
    "Modality": "MR",
    "PatientName": "MP03032",
    "PatientPosition": "HFS",
    "PhaseEncodingDirection": "j-",
    "RepetitionTime": 3.36,
    "ScanOptions": "FS",
    "ScanningSequence": "RM",
    "SequenceName": "ep2d_2i2d1",
    "SequenceVariant": "SP\\OSP",
    "SeriesDescription": "nc_epi2d_v2i_3mm_OFC_64ch",
    "SeriesNumber": 9,
    "SliceThickness": 2.5,
    "SliceTiming": [
      0,
      0.07,
      0.14,
      0.21,
      0.28,
      0.35,
      0.42,
      0.49,
      0.56,
      0.63,
      0.7,
      0.77,
      0.84,
      0.91,
      0.98,
      1.05,
      1.12,
      1.19,
      1.26,
      1.33,
      1.4,
      1.47,
      1.54,
      1.61,
      1.68,
      1.75,
      1.82,
      1.89,
      1.96,
      2.03,
      2.1,
      2.17,
      2.24,
      2.31,
      2.38,
      2.45,
      2.52,
      2.59,
      2.66,
      2.73,
      2.8,
      2.87,
      2.94,
      3.01,
      3.08,
      3.15,
      3.22,
      3.29
    ],
    "SoftwareVersion": "syngo MR E11",
    "TotalReadoutTime": 0.030625,
    "dataset": "ds004081",
    "deltaTE": 0,
    "modality": "bold",
    "run_id": 2,
    "subject_id": "MP03032",
    "task_id": "unequalVariance"
  },
  "dummy_trs": 2,
  "dvars_nstd": 55.31032919486187,
  "dvars_std": 1.3024873487845303,
  "dvars_vstd": 1.06141111961326,
  "efc": 0.6297093231881757,
  "fber": 107.97566223144531,
  "fd_mean": 0.39663519414509285,
  "fd_num": 82,
  "fd_perc": 45.05494505494506,
  "fwhm_avg": 2.5079422222222223,
  "fwhm_x": 2.3370133333333336,
  "fwhm_y": 2.5664599999999997,
  "fwhm_z": 2.6203533333333335,
  "gcor": 0.0299763,
  "gsr_x": 0.021620741114020348,
  "gsr_y": 0.045882418751716614,
  "provenance": {
    "md5sum": "86ca4ae027217f07a14fdbf3a11ab9b6",
    "settings": {
      "fd_thres": 0.2,
      "testing": false
    },
    "software": "mriqc",
    "version": "23.0.1",
    "webapi_port": null,
    "webapi_url": "https://mriqc.nimh.nih.gov/api/v1"
  },
  "size_t": 182,
  "size_x": 64,
  "size_y": 64,
  "size_z": 48,
  "snr": 2.2630895818812338,
  "spacing_tr": 3.359999895095825,
  "spacing_x": 3.0,
  "spacing_y": 3.0,
  "spacing_z": 3.0,
  "summary_bg_k": 24.217469333031495,
  "summary_bg_mad": 22.08018223193291,
  "summary_bg_mean": 126.2778091430664,
  "summary_bg_median": 66.7445068359375,
  "summary_bg_n": 106408.0,
  "summary_bg_p05": 49.71428680419922,
  "summary_bg_p95": 419.37913970947204,
  "summary_bg_stdv": 152.54164123535156,
  "summary_fg_k": 1.5740137895250719,
  "summary_fg_mad": 288.03212974222873,
  "summary_fg_mean": 792.464111328125,
  "summary_fg_median": 724.9725341796875,
  "summary_fg_n": 43065.0,
  "summary_fg_p05": 398.4945068359375,
  "summary_fg_p95": 1410.3374023437498,
  "summary_fg_stdv": 320.3426513671875,
  "tsnr": 31.214842906221747
}