{
  "aor": 0.001777166666666667,
  "aqi": 0.0029797373333333333,
  "bids_meta": {
    "AcquisitionDateTime": "20200227123946.525000",
    "ConversionSoftware": "dicm2nii.m 20180808",
    "DeviceSerialNumber": "167032",
    "EchoTime": 0.03,
    "EchoTime1": 0.03,
    "EchoTime2": 0.03,
    "EffectiveEchoSpacing": 0.00048611111,
    "FlipAngle": 90,
    "ImageType": [
      "ORIGINAL",
      "PRIMARY",
      "M",
      "ND",
      "MOSAIC"
    ],
    "InstitutionAddress": "Queen Square 12,London,Southeast,GB,WC1N 3BG",
    "InstitutionName": "Functional Imaging Laboratory",
    "MRAcquisitionType": "2D",
    "Manufacturer": "SIEMENS",
    "Modality": "MR",
    "PatientName": "MP02996",
    "PatientPosition": "HFS",
    "PhaseEncodingDirection": "j-",
    "RepetitionTime": 3.36,
    "ScanOptions": "FS",
    "ScanningSequence": "RM",
    "SequenceName": "ep2dv2o2d1",
    "SequenceVariant": "SP\\OSP",
    "SeriesDescription": "nc_epi2d_v2o_3mm_OFC_64ch",
    "SeriesNumber": 15,
    "SliceThickness": 2.5,
    "SliceTiming": [
      0,
      0,
      0,
      0,
      0,
      0,
      0,
      0,
      0,
      0,
      0,
      0,
      0,
      0,
      0,
      0,
      0,
      0,
      0,
      0,
      0,
      0,
      0,
      0,
      0,
      0,
      0,
      0,
      0,
      0,
      0,
      0,
      0,
      0,
      0,
      0,
      0,
      0,
      0,
      0,
      0,
      0,
      0,
      0,
      0,
      0,
      0,
      0
    ],
    "SoftwareVersion": "syngo MR E11",
    "TotalReadoutTime": 0.030625,
    "dataset": "ds004081",
    "deltaTE": 0,
    "modality": "bold",
    "run_id": 5,
    "subject_id": "MP02996",
    "task_id": "unequalVariance"
  },
  "dummy_trs": 4,
  "dvars_nstd": 24.247364827709504,
  "dvars_std": 1.3174518145251402,
  "dvars_vstd": 0.9996212570949718,
  "efc": 0.5881458500981834,
  "fber": 188.9204864501953,
  "fd_mean": 0.05611815709945704,
  "fd_num": 0,
  "fd_perc": 0.0,
  "fwhm_avg": 2.61865,
  "fwhm_x": 2.5199366666666667,
  "fwhm_y": 2.641286666666667,
  "fwhm_z": 2.6947266666666665,
  "gcor": 0.0156999,
  "gsr_x": -0.007246945984661579,
  "gsr_y": 0.04501304030418396,
  "provenance": {
    "md5sum": "1f13a2f893818e6e7ebccee29a5977a8",
    "settings": {
      "fd_thres": 0.2,
      "testing": false
    },
    "software": "mriqc",
    "version": "23.0.1",
    "webapi_port": null,
    "webapi_url": "https://mriqc.nimh.nih.gov/api/v1"
  },
  "size_t": 180,
  "size_x": 64,
  "size_y": 64,
  "size_z": 48,
  "snr": 2.4822614851597002,
  "spacing_tr": 3.359999895095825,
  "spacing_x": 3.0,
  "spacing_y": 3.0,
  "spacing_z": 3.0,
  "summary_bg_k": 24.685338994166063,
  "summary_bg_mad": 8.467303112785139,
  "summary_bg_mean": 92.88150024414062,
  "summary_bg_median": 54.86111068725586,
  "summary_bg_n": 114466.0,
  "summary_bg_p05": 48.644447326660156,
  "summary_bg_p95": 288.9972229003906,
  "summary_bg_stdv": 100.61302947998047,
  "summary_fg_k": 0.7221819632440778,
  "summary_fg_mad": 295.4497106230889,
  "summary_fg_mean": 828.1024780273438,
  "summary_fg_median": 770.8472900390625,
  "summary_fg_n": 39938.0,
  "summary_fg_p05": 436.29223785400393,
  "summary_fg_p95": 1427.9250793457031,
  "summary_fg_stdv": 310.5384521484375,
  "tsnr": 78.43344816588797
}