{
  "aor": 0.002921043956043956,
  "aqi": 0.0036836842307692306,
  "bids_meta": {
    "AcquisitionDateTime": "20200227120526.747500",
    "ConversionSoftware": "dicm2nii.m 20180808",
    "DeviceSerialNumber": "167032",
    "EchoTime": 0.03,
    "EchoTime1": 0.03,
    "EchoTime2": 0.03,
    "EffectiveEchoSpacing": 0.00048611111,
    "FlipAngle": 90,
    "ImageType": [
      "ORIGINAL",
      "PRIMARY",
      "M",
      "ND",
      "MOSAIC"
    ],
    "InstitutionAddress": "Queen Square 12,London,Southeast,GB,WC1N 3BG",
    "InstitutionName": "Functional Imaging Laboratory",
    "MRAcquisitionType": "2D",
    "Manufacturer": "SIEMENS",
    "Modality": "MR",
    "PatientName": "MP02996",
    "PatientPosition": "HFS",
    "PhaseEncodingDirection": "j-",
    "RepetitionTime": 3.36,
    "ScanOptions": "FS",
    "ScanningSequence": "RM",
    "SequenceName": "ep2dv2o2d1",
    "SequenceVariant": "SP\\OSP",
    "SeriesDescription": "nc_epi2d_v2o_3mm_OFC_64ch",
    "SeriesNumber": 9,
    "SliceThickness": 2.5,
    "SliceTiming": [
      0,
      0.07,
      0.14,
      0.21,
      0.28,
      0.35,
      0.42,
      0.49,
      0.56,
      0.63,
      0.7,
      0.77,
      0.84,
      0.91,
      0.98,
      1.05,
      1.12,
      1.19,
      1.26,
      1.33,
      1.4,
      1.47,
      1.54,
      1.61,
      1.68,
      1.75,
      1.82,
      1.89,
      1.96,
      2.03,
      2.1,
      2.17,
      2.24,
      2.31,
      2.38,
      2.45,
      2.52,
      2.59,
      2.66,
      2.73,
      2.8,
      2.87,
      2.94,
      3.01,
      3.08,
      3.15,
      3.22,
      3.29
    ],
    "SoftwareVersion": "syngo MR E11",
    "TotalReadoutTime": 0.030625,
    "dataset": "ds004081",
    "deltaTE": 0,
    "modality": "bold",
    "run_id": 3,
    "subject_id": "MP02996",
    "task_id": "unequalVariance"
  },
  "dummy_trs": 2,
  "dvars_nstd": 24.230396850552495,
  "dvars_std": 1.3007766738121553,
  "dvars_vstd": 1.0043098234806627,
  "efc": 0.5860737046919499,
  "fber": 194.4384307861328,
  "fd_mean": 0.0613198346275387,
  "fd_num": 7,
  "fd_perc": 3.8461538461538463,
  "fwhm_avg": 2.593228888888889,
  "fwhm_x": 2.52871,
  "fwhm_y": 2.6199066666666666,
  "fwhm_z": 2.63107,
  "gcor": 0.0208408,
  "gsr_x": -0.0060991887003183365,
  "gsr_y": 0.04366780072450638,
  "provenance": {
    "md5sum": "2b159587731620fac9bee28efd8965e5",
    "settings": {
      "fd_thres": 0.2,
      "testing": false
    },
    "software": "mriqc",
    "version": "23.0.1",
    "webapi_port": null,
    "webapi_url": "https://mriqc.nimh.nih.gov/api/v1"
  },
  "size_t": 182,
  "size_x": 64,
  "size_y": 64,
  "size_z": 48,
  "snr": 2.5071662492777973,
  "spacing_tr": 3.359999895095825,
  "spacing_x": 3.0,
  "spacing_y": 3.0,
  "spacing_z": 3.0,
  "summary_bg_k": 25.170631186282765,
  "summary_bg_mad": 8.626787594442698,
  "summary_bg_mean": 91.76258850097656,
  "summary_bg_median": 54.763736724853516,
  "summary_bg_n": 114653.0,
  "summary_bg_p05": 48.16483688354492,
  "summary_bg_p95": 282.68133544921875,
  "summary_bg_stdv": 97.28366088867188,
  "summary_fg_k": 0.6629418867063137,
  "summary_fg_mad": 301.1597290122987,
  "summary_fg_mean": 838.0623168945312,
  "summary_fg_median": 781.9258422851562,
  "summary_fg_n": 39604.0,
  "summary_fg_p05": 443.63379364013673,
  "summary_fg_p95": 1440.7832946777344,
  "summary_fg_stdv": 311.8724060058594,
  "tsnr": 69.56199774867855
}