{
  "aor": 0.0012392857142857143,
  "aqi": 0.0030020009340659343,
  "bids_meta": {
    "AcquisitionDateTime": "20200227115315.952500",
    "ConversionSoftware": "dicm2nii.m 20180808",
    "DeviceSerialNumber": "167032",
    "EchoTime": 0.03,
    "EchoTime1": 0.03,
    "EchoTime2": 0.03,
    "EffectiveEchoSpacing": 0.00052083333,
    "FlipAngle": 90,
    "ImageType": [
      "ORIGINAL",
      "PRIMARY",
      "M",
      "ND",
      "MOSAIC"
    ],
    "InstitutionAddress": "Queen Square 12,London,Southeast,GB,WC1N 3BG",
    "InstitutionName": "Functional Imaging Laboratory",
    "MRAcquisitionType": "2D",
    "Manufacturer": "SIEMENS",
    "Modality": "MR",
    "PatientName": "MP02996",
    "PatientPosition": "HFS",
    "PhaseEncodingDirection": "j-",
    "RepetitionTime": 3.36,
    "ScanOptions": "FS",
    "ScanningSequence": "RM",
    "SequenceName": "ep2dv2o2d1",
    "SequenceVariant": "SP\\OSP",
    "SeriesDescription": "nc_epi2d_v2o_3mm_OFC_64ch",
    "SeriesNumber": 8,
    "SliceThickness": 2.5,
    "SliceTiming": [
      0,
      0.07,
      0.14,
      0.21,
      0.28,
      0.35,
      0.42,
      0.49,
      0.56,
      0.63,
      0.7,
      0.77,
      0.84,
      0.91,
      0.98,
      1.05,
      1.12,
      1.19,
      1.26,
      1.33,
      1.4,
      1.47,
      1.54,
      1.61,
      1.68,
      1.75,
      1.82,
      1.89,
      1.96,
      2.03,
      2.1,
      2.17,
      2.24,
      2.31,
      2.38,
      2.45,
      2.52,
      2.59,
      2.66,
      2.73,
      2.8,
      2.87,
      2.94,
      3.01,
      3.08,
      3.15,
      3.22,
      3.29
    ],
    "SoftwareVersion": "syngo MR E11",
    "TotalReadoutTime": 0.0328125,
    "dataset": "ds004081",
    "deltaTE": 0,
    "modality": "bold",
    "run_id": 2,
    "subject_id": "MP02996",
    "task_id": "unequalVariance"
  },
  "dummy_trs": 2,
  "dvars_nstd": 23.985502616740327,
  "dvars_std": 1.3113789648618783,
  "dvars_vstd": 0.9917709875138118,
  "efc": 0.5860751502067083,
  "fber": 194.12757873535156,
  "fd_mean": 0.04698296297864209,
  "fd_num": 0,
  "fd_perc": 0.0,
  "fwhm_avg": 2.605561111111111,
  "fwhm_x": 2.5279233333333333,
  "fwhm_y": 2.6248733333333334,
  "fwhm_z": 2.663886666666667,
  "gcor": 0.0360592,
  "gsr_x": -0.005928799044340849,
  "gsr_y": 0.04437487944960594,
  "provenance": {
    "md5sum": "ccae8eed751db54e094dd0567746384c",
    "settings": {
      "fd_thres": 0.2,
      "testing": false
    },
    "software": "mriqc",
    "version": "23.0.1",
    "webapi_port": null,
    "webapi_url": "https://mriqc.nimh.nih.gov/api/v1"
  },
  "size_t": 182,
  "size_x": 64,
  "size_y": 64,
  "size_z": 48,
  "snr": 2.502102560329111,
  "spacing_tr": 3.359999895095825,
  "spacing_x": 3.0,
  "spacing_y": 3.0,
  "spacing_z": 3.0,
  "summary_bg_k": 24.7708442703543,
  "summary_bg_mad": 8.162456379006489,
  "summary_bg_mean": 90.71183776855469,
  "summary_bg_median": 54.5439567565918,
  "summary_bg_n": 114349.0,
  "summary_bg_p05": 48.406593322753906,
  "summary_bg_p95": 276.82857055663953,
  "summary_bg_stdv": 95.81047821044922,
  "summary_fg_k": 0.6317880519320287,
  "summary_fg_mad": 300.821609921146,
  "summary_fg_mean": 834.3850708007812,
  "summary_fg_median": 778.532958984375,
  "summary_fg_n": 39742.0,
  "summary_fg_p05": 439.8631896972656,
  "summary_fg_p95": 1436.5797668457017,
  "summary_fg_stdv": 311.1475830078125,
  "tsnr": 77.24013642466161
}