{
  "bids_meta": {
    "AcquisitionDateTime": "20200213101232.630000",
    "ConversionSoftware": "dicm2nii.m 20180808",
    "DeviceSerialNumber": "167032",
    "EchoTime": 0.00334,
    "FlipAngle": 7,
    "ImageType": [
      "ORIGINAL",
      "PRIMARY",
      "M",
      "ND"
    ],
    "InstitutionAddress": "Queen Square 12,London,Southeast,GB,WC1N 3BG",
    "InstitutionName": "FIL",
    "InversionTime": 1.1,
    "MRAcquisitionType": "3D",
    "Manufacturer": "SIEMENS",
    "Modality": "MR",
    "PatientName": "MP02977",
    "PatientPosition": "HFS",
    "PhaseEncodingDirection": "j-",
    "RepetitionTime": 2.53,
    "ScanOptions": "IR",
    "ScanningSequence": "GR\\IR",
    "SequenceName": "*tfl3d1_16ns",
    "SequenceVariant": "SK\\SP\\MP",
    "SeriesDescription": "MPRAGE_64ch_Head",
    "SeriesNumber": 15,
    "SliceThickness": 1,
    "SoftwareVersion": "syngo MR E11",
    "dataset": "ds004081",
    "modality": "T1w",
    "subject_id": "MP02977"
  },
  "cjv": 0.4187261273460913,
  "cnr": 2.996425331033817,
  "efc": 0.5001304254981043,
  "fber": 8193.731139053254,
  "fwhm_avg": 4.116583333333334,
  "fwhm_x": 4.12966,
  "fwhm_y": 4.19909,
  "fwhm_z": 4.021,
  "icvs_csf": 0.19145833782445837,
  "icvs_gm": 0.4013170349865328,
  "icvs_wm": 0.4072246271890088,
  "inu_med": 0.9797044396400452,
  "inu_range": 1.0512138694524764,
  "provenance": {
    "md5sum": "501ea2d2a09ffe94dff8705f6205a1a0",
    "settings": {
      "testing": false
    },
    "software": "mriqc",
    "version": "23.0.1",
    "warnings": {
      "large_rot_frame": true,
      "small_air_mask": false
    },
    "webapi_port": null,
    "webapi_url": "https://mriqc.nimh.nih.gov/api/v1"
  },
  "qi_1": 0.0,
  "qi_2": 0.0031830751147330573,
  "rpve_csf": 24.95297643811984,
  "rpve_gm": 12.053439026020389,
  "rpve_wm": 13.975464155332594,
  "size_x": 176,
  "size_y": 256,
  "size_z": 256,
  "snr_csf": 1.0854108795299127,
  "snr_gm": 7.744675028675527,
  "snr_total": 7.03033122035544,
  "snr_wm": 12.260907752860879,
  "snrd_csf": 7.895322638388505,
  "snrd_gm": 43.96670771705393,
  "snrd_total": 39.885060036543685,
  "snrd_wm": 67.79314975418862,
  "spacing_x": 1.0,
  "spacing_y": 1.0,
  "spacing_z": 1.0,
  "summary_bg_k": 3.3996217040257752,
  "summary_bg_mad": 0.0,
  "summary_bg_mean": 7.236125683790747,
  "summary_bg_median": 0.0,
  "summary_bg_n": 3213400.0,
  "summary_bg_p05": 0.0,
  "summary_bg_p95": 25.565486907958984,
  "summary_bg_stdv": 9.664237804297771,
  "summary_csf_k": 4.982934555621173,
  "summary_csf_mad": 71.40210003294999,
  "summary_csf_mean": 145.1032997279225,
  "summary_csf_median": 116.46776994690299,
  "summary_csf_n": 30396.0,
  "summary_csf_p05": 31.95685863494873,
  "summary_csf_p95": 370.71204331330955,
  "summary_csf_stdv": 107.30116703932485,
  "summary_gm_k": 0.35015218011179794,
  "summary_gm_mad": 80.10064513805277,
  "summary_gm_mean": 650.393434237014,
  "summary_gm_median": 648.5744325146079,
  "summary_gm_n": 20599.0,
  "summary_gm_p05": 516.397869244963,
  "summary_gm_p95": 792.2304985970259,
  "summary_gm_stdv": 83.74253110170349,
  "summary_wm_k": 2.0140097072410104,
  "summary_wm_mad": 67.07133502317542,
  "summary_wm_mean": 1011.8212062056455,
  "summary_wm_median": 1000.0499449074268,
  "summary_wm_n": 242741.0,
  "summary_wm_p05": 902.2819305211306,
  "summary_wm_p95": 1165.7262838929892,
  "summary_wm_stdv": 81.5639351629965,
  "tpm_overlap_csf": 0.1537610938628537,
  "tpm_overlap_gm": 0.4427094449540722,
  "tpm_overlap_wm": 0.5028993564470757,
  "wm2max": 0.36147818914190105
}