{
  "bids_meta": {
    "AcquisitionDateTime": "20200218101718.577500",
    "ConversionSoftware": "dicm2nii.m 20180808",
    "DeviceSerialNumber": "167032",
    "EchoTime": 0.00334,
    "FlipAngle": 7,
    "ImageType": [
      "ORIGINAL",
      "PRIMARY",
      "M",
      "ND"
    ],
    "InstitutionAddress": "Queen Square 12,London,Southeast,GB,WC1N 3BG",
    "InstitutionName": "Functional Imaging Laboratory",
    "InversionTime": 1.1,
    "MRAcquisitionType": "3D",
    "Manufacturer": "SIEMENS",
    "Modality": "MR",
    "PatientName": "MP02985",
    "PatientPosition": "HFS",
    "PhaseEncodingDirection": "j-",
    "RepetitionTime": 2.53,
    "ScanOptions": "IR",
    "ScanningSequence": "GR\\IR",
    "SequenceName": "*tfl3d1_16ns",
    "SequenceVariant": "SK\\SP\\MP",
    "SeriesDescription": "MPRAGE_64ch_Head",
    "SeriesNumber": 2,
    "SliceThickness": 1,
    "SoftwareVersion": "syngo MR E11",
    "dataset": "ds004081",
    "modality": "T1w",
    "subject_id": "MP02985"
  },
  "cjv": 0.45072128264600825,
  "cnr": 2.769038849088464,
  "efc": 0.5376101043150023,
  "fber": 7308.292115844064,
  "fwhm_avg": 4.296446666666666,
  "fwhm_x": 4.37602,
  "fwhm_y": 4.34519,
  "fwhm_z": 4.16813,
  "icvs_csf": 0.18640895296207363,
  "icvs_gm": 0.41302285510973324,
  "icvs_wm": 0.40056819192819315,
  "inu_med": 0.9678441286087036,
  "inu_range": 1.168304020166397,
  "provenance": {
    "md5sum": "5afb4357c57322699f75dadadeaf79a2",
    "settings": {
      "testing": false
    },
    "software": "mriqc",
    "version": "23.0.1",
    "warnings": {
      "large_rot_frame": true,
      "small_air_mask": false
    },
    "webapi_port": null,
    "webapi_url": "https://mriqc.nimh.nih.gov/api/v1"
  },
  "qi_1": 0.0,
  "qi_2": 0.0032079860829774182,
  "rpve_csf": 25.352771751162276,
  "rpve_gm": 11.723578697061068,
  "rpve_wm": 13.999793003265404,
  "size_x": 176,
  "size_y": 256,
  "size_z": 256,
  "snr_csf": 1.1103017818337655,
  "snr_gm": 8.157561296188907,
  "snr_total": 6.322167437285934,
  "snr_wm": 9.698639233835129,
  "snrd_csf": 8.163973860316586,
  "snrd_gm": 41.673457128361356,
  "snrd_total": 38.31287513317067,
  "snrd_wm": 65.10119441083407,
  "spacing_x": 1.0,
  "spacing_y": 1.0,
  "spacing_z": 1.0,
  "summary_bg_k": 3.52690473752628,
  "summary_bg_mad": 0.0,
  "summary_bg_mean": 7.232186152939083,
  "summary_bg_median": 0.0,
  "summary_bg_n": 2710315.0,
  "summary_bg_p05": 0.0,
  "summary_bg_p95": 28.15253283828497,
  "summary_bg_stdv": 10.064047149739109,
  "summary_csf_k": 6.32248124387772,
  "summary_csf_mad": 79.19185802115464,
  "summary_csf_mean": 155.66121147612802,
  "summary_csf_median": 125.41299469769001,
  "summary_csf_n": 24145.0,
  "summary_csf_p05": 35.3799556940794,
  "summary_csf_p95": 386.97686947882175,
  "summary_csf_stdv": 112.95163138767658,
  "summary_gm_k": 0.2876462658644905,
  "summary_gm_mad": 74.95672643883775,
  "summary_gm_mean": 642.955309427138,
  "summary_gm_median": 640.17758352682,
  "summary_gm_n": 24718.0,
  "summary_gm_p05": 518.2888178788126,
  "summary_gm_p95": 776.6382103040814,
  "summary_gm_stdv": 78.4750013550614,
  "summary_wm_k": 1.2149613321002821,
  "summary_wm_mad": 87.25391573207116,
  "summary_wm_mean": 1017.0400928271636,
  "summary_wm_median": 1000.0688254460692,
  "summary_wm_n": 225261.0,
  "summary_wm_p05": 879.2676148563623,
  "summary_wm_p95": 1215.652524344623,
  "summary_wm_stdv": 103.11411544771423,
  "tpm_overlap_csf": 0.1719179350601539,
  "tpm_overlap_gm": 0.45600555613815047,
  "tpm_overlap_wm": 0.49271920627139365,
  "wm2max": 0.2925115561845228
}