{
  "aor": 0.0036335714285714287,
  "aqi": 0.005677688681318681,
  "bids_meta": {
    "AcquisitionDateTime": "20200130120936.300000",
    "ConversionSoftware": "dicm2nii.m 20180808",
    "DeviceSerialNumber": "167032",
    "EchoTime": 0.03,
    "EchoTime1": 0.03,
    "EchoTime2": 0.03,
    "EffectiveEchoSpacing": 0.00048611111,
    "FlipAngle": 90,
    "ImageType": [
      "ORIGINAL",
      "PRIMARY",
      "M",
      "ND",
      "MOSAIC"
    ],
    "InstitutionAddress": "Queen Square 12,London,Southeast,GB,WC1N 3BG",
    "InstitutionName": "FIL",
    "MRAcquisitionType": "2D",
    "Manufacturer": "SIEMENS",
    "Modality": "MR",
    "PatientName": "MP02957",
    "PatientPosition": "HFS",
    "PhaseEncodingDirection": "j-",
    "RepetitionTime": 3.36,
    "ScanOptions": "FS",
    "ScanningSequence": "RM",
    "SequenceName": "ep2dv2o2d1",
    "SequenceVariant": "SP\\OSP",
    "SeriesDescription": "nc_epi2d_v2o_3mm_OFC_64ch",
    "SeriesNumber": 7,
    "SliceThickness": 2.5,
    "SliceTiming": [
      0,
      0.07,
      0.14,
      0.21,
      0.28,
      0.35,
      0.42,
      0.49,
      0.56,
      0.63,
      0.7,
      0.77,
      0.84,
      0.91,
      0.98,
      1.05,
      1.12,
      1.19,
      1.26,
      1.33,
      1.4,
      1.47,
      1.54,
      1.61,
      1.68,
      1.75,
      1.82,
      1.89,
      1.96,
      2.03,
      2.1,
      2.17,
      2.24,
      2.31,
      2.38,
      2.45,
      2.52,
      2.59,
      2.66,
      2.73,
      2.8,
      2.87,
      2.94,
      3.01,
      3.08,
      3.15,
      3.22,
      3.29
    ],
    "SoftwareVersion": "syngo MR E11",
    "TotalReadoutTime": 0.030625,
    "dataset": "ds004081",
    "deltaTE": 0,
    "modality": "bold",
    "run_id": 2,
    "subject_id": "MP02957",
    "task_id": "unequalVariance"
  },
  "dummy_trs": 2,
  "dvars_nstd": 32.71359751348064,
  "dvars_std": 1.3528748277900564,
  "dvars_vstd": 0.9670494306077362,
  "efc": 0.589115067743722,
  "fber": 175.4930419921875,
  "fd_mean": 0.08679837610021092,
  "fd_num": 11,
  "fd_perc": 6.043956043956044,
  "fwhm_avg": 2.4861033333333338,
  "fwhm_x": 2.38903,
  "fwhm_y": 2.4927966666666665,
  "fwhm_z": 2.5764833333333335,
  "gcor": 0.0088426,
  "gsr_x": -0.006020763888955116,
  "gsr_y": 0.040082093328237534,
  "provenance": {
    "md5sum": "baaf051ac39ad49401ec005e6e13c07d",
    "settings": {
      "fd_thres": 0.2,
      "testing": false
    },
    "software": "mriqc",
    "version": "23.0.1",
    "webapi_port": null,
    "webapi_url": "https://mriqc.nimh.nih.gov/api/v1"
  },
  "size_t": 182,
  "size_x": 64,
  "size_y": 64,
  "size_z": 48,
  "snr": 2.364834077635867,
  "spacing_tr": 3.359999895095825,
  "spacing_x": 3.0,
  "spacing_y": 3.0,
  "spacing_z": 3.0,
  "summary_bg_k": 17.89407305701334,
  "summary_bg_mad": 10.198998385145272,
  "summary_bg_mean": 89.93631744384766,
  "summary_bg_median": 55.0,
  "summary_bg_n": 111343.0,
  "summary_bg_p05": 45.70934295654297,
  "summary_bg_p95": 274.57528686523426,
  "summary_bg_stdv": 92.97914123535156,
  "summary_fg_k": 1.775473676202708,
  "summary_fg_mad": 292.7243522053739,
  "summary_fg_mean": 813.6998291015625,
  "summary_fg_median": 750.0879516601562,
  "summary_fg_n": 40879.0,
  "summary_fg_p05": 418.67254333496095,
  "summary_fg_p95": 1408.4582519531248,
  "summary_fg_stdv": 317.1802978515625,
  "tsnr": 52.092782942345366
}