{
  "aor": 0.0017025824175824174,
  "aqi": 0.004255066703296703,
  "bids_meta": {
    "AcquisitionDateTime": "20200122113641.957500",
    "ConversionSoftware": "dicm2nii.m 20180808",
    "DeviceSerialNumber": "167032",
    "EchoTime": 0.03,
    "EchoTime1": 0.03,
    "EchoTime2": 0.03,
    "EffectiveEchoSpacing": 0.00048611111,
    "FlipAngle": 90,
    "ImageType": [
      "ORIGINAL",
      "PRIMARY",
      "M",
      "ND",
      "MOSAIC"
    ],
    "InstitutionAddress": "Queen Square 12,London,Southeast,GB,WC1N 3BG",
    "InstitutionName": "FIL",
    "MRAcquisitionType": "2D",
    "Manufacturer": "SIEMENS",
    "Modality": "MR",
    "PatientName": "MP02937",
    "PatientPosition": "HFS",
    "PhaseEncodingDirection": "j-",
    "RepetitionTime": 3.36,
    "ScanOptions": "FS",
    "ScanningSequence": "RM",
    "SequenceName": "ep2dv2o2d1",
    "SequenceVariant": "SP\\OSP",
    "SeriesDescription": "nc_epi2d_v2o_3mm_OFC_64ch",
    "SeriesNumber": 12,
    "SliceThickness": 2.5,
    "SliceTiming": [
      0,
      0,
      0,
      0,
      0,
      0,
      0,
      0,
      0,
      0,
      0,
      0,
      0,
      0,
      0,
      0,
      0,
      0,
      0,
      0,
      0,
      0,
      0,
      0,
      0,
      0,
      0,
      0,
      0,
      0,
      0,
      0,
      0,
      0,
      0,
      0,
      0,
      0,
      0,
      0,
      0,
      0,
      0,
      0,
      0,
      0,
      0,
      0
    ],
    "SoftwareVersion": "syngo MR E11",
    "TotalReadoutTime": 0.030625,
    "dataset": "ds004081",
    "deltaTE": 0,
    "modality": "bold",
    "run_id": 5,
    "subject_id": "MP02937",
    "task_id": "unequalVariance"
  },
  "dummy_trs": 2,
  "dvars_nstd": 28.867517935248625,
  "dvars_std": 1.3394261998342538,
  "dvars_vstd": 0.9901070816574588,
  "efc": 0.6291975206190132,
  "fber": 140.72637939453125,
  "fd_mean": 0.0690897415170736,
  "fd_num": 6,
  "fd_perc": 3.2967032967032965,
  "fwhm_avg": 2.7032544444444446,
  "fwhm_x": 2.5081333333333333,
  "fwhm_y": 2.748333333333333,
  "fwhm_z": 2.8532966666666666,
  "gcor": 0.0300691,
  "gsr_x": 0.017695751041173935,
  "gsr_y": 0.06064616143703461,
  "provenance": {
    "md5sum": "f87052e5c5e369bd886e6720d0c571dc",
    "settings": {
      "fd_thres": 0.2,
      "testing": false
    },
    "software": "mriqc",
    "version": "23.0.1",
    "webapi_port": null,
    "webapi_url": "https://mriqc.nimh.nih.gov/api/v1"
  },
  "size_t": 182,
  "size_x": 64,
  "size_y": 64,
  "size_z": 48,
  "snr": 2.3102548321359433,
  "spacing_tr": 3.359999895095825,
  "spacing_x": 3.0,
  "spacing_y": 3.0,
  "spacing_z": 3.0,
  "summary_bg_k": 25.17700065820897,
  "summary_bg_mad": 14.589784488725076,
  "summary_bg_mean": 120.59175872802734,
  "summary_bg_median": 60.80220031738281,
  "summary_bg_n": 101567.0,
  "summary_bg_p05": 49.71428680419922,
  "summary_bg_p95": 410.96374511718744,
  "summary_bg_stdv": 155.50376892089844,
  "summary_fg_k": 1.003008944182044,
  "summary_fg_mad": 312.4909942589583,
  "summary_fg_mean": 822.9613037109375,
  "summary_fg_median": 760.4148559570312,
  "summary_fg_n": 46944.0,
  "summary_fg_p05": 408.3857162475586,
  "summary_fg_p95": 1452.004669189453,
  "summary_fg_stdv": 329.14410400390625,
  "tsnr": 68.35802896530367
}