{
  "aor": 0.002695409836065574,
  "aqi": 0.008144001475409836,
  "bids_meta": {
    "AcquisitionDateTime": "20200122105423.157500",
    "ConversionSoftware": "dicm2nii.m 20180808",
    "DeviceSerialNumber": "167032",
    "EchoTime": 0.03,
    "EchoTime1": 0.03,
    "EchoTime2": 0.03,
    "EffectiveEchoSpacing": 0.00048611111,
    "FlipAngle": 90,
    "ImageType": [
      "ORIGINAL",
      "PRIMARY",
      "M",
      "ND",
      "MOSAIC"
    ],
    "InstitutionAddress": "Queen Square 12,London,Southeast,GB,WC1N 3BG",
    "InstitutionName": "FIL",
    "MRAcquisitionType": "2D",
    "Manufacturer": "SIEMENS",
    "Modality": "MR",
    "PatientName": "MP02937",
    "PatientPosition": "HFS",
    "PhaseEncodingDirection": "j-",
    "RepetitionTime": 3.36,
    "ScanOptions": "FS",
    "ScanningSequence": "RM",
    "SequenceName": "ep2dv2o2d1",
    "SequenceVariant": "SP\\OSP",
    "SeriesDescription": "nc_epi2d_v2o_3mm_OFC_64ch",
    "SeriesNumber": 5,
    "SliceThickness": 2.5,
    "SliceTiming": [
      0,
      0.07,
      0.14,
      0.21,
      0.28,
      0.35,
      0.42,
      0.49,
      0.56,
      0.63,
      0.7,
      0.77,
      0.84,
      0.91,
      0.98,
      1.05,
      1.12,
      1.19,
      1.26,
      1.33,
      1.4,
      1.47,
      1.54,
      1.61,
      1.68,
      1.75,
      1.82,
      1.89,
      1.96,
      2.03,
      2.1,
      2.17,
      2.24,
      2.31,
      2.38,
      2.45,
      2.52,
      2.59,
      2.66,
      2.73,
      2.8,
      2.87,
      2.94,
      3.01,
      3.08,
      3.15,
      3.22,
      3.29
    ],
    "SoftwareVersion": "syngo MR E11",
    "TotalReadoutTime": 0.030625,
    "dataset": "ds004081",
    "deltaTE": 0,
    "modality": "bold",
    "run_id": 2,
    "subject_id": "MP02937",
    "task_id": "unequalVariance"
  },
  "dummy_trs": 1,
  "dvars_nstd": 30.220963121978023,
  "dvars_std": 1.1881856041758243,
  "dvars_vstd": 0.9115634025824181,
  "efc": 0.6310376157341798,
  "fber": 141.0283660888672,
  "fd_mean": 0.10387179233115201,
  "fd_num": 17,
  "fd_perc": 9.289617486338798,
  "fwhm_avg": 2.6748966666666667,
  "fwhm_x": 2.48293,
  "fwhm_y": 2.723603333333333,
  "fwhm_z": 2.818156666666667,
  "gcor": 0.0228252,
  "gsr_x": 0.013188058510422707,
  "gsr_y": 0.06242258474230766,
  "provenance": {
    "md5sum": "74b576ad560854d7283325468f1d771a",
    "settings": {
      "fd_thres": 0.2,
      "testing": false
    },
    "software": "mriqc",
    "version": "23.0.1",
    "webapi_port": null,
    "webapi_url": "https://mriqc.nimh.nih.gov/api/v1"
  },
  "size_t": 183,
  "size_x": 64,
  "size_y": 64,
  "size_z": 48,
  "snr": 2.3508636631075106,
  "spacing_tr": 3.359999895095825,
  "spacing_x": 3.0,
  "spacing_y": 3.0,
  "spacing_z": 3.0,
  "summary_bg_k": 29.002769009930397,
  "summary_bg_mad": 15.344529146078873,
  "summary_bg_mean": 120.05081176757812,
  "summary_bg_median": 61.15300369262695,
  "summary_bg_n": 101047.0,
  "summary_bg_p05": 49.24043655395508,
  "summary_bg_p95": 400.3300354003906,
  "summary_bg_stdv": 153.664794921875,
  "summary_fg_k": 1.1446334523377173,
  "summary_fg_mad": 308.6324640711483,
  "summary_fg_mean": 828.9797973632812,
  "summary_fg_median": 767.1639404296875,
  "summary_fg_n": 46715.0,
  "summary_fg_p05": 420.35081481933594,
  "summary_fg_p95": 1448.5349243164055,
  "summary_fg_stdv": 326.3293151855469,
  "tsnr": 46.359518705052324
}