{
  "bids_meta": {
    "AcquisitionDateTime": "20201202142937.472500",
    "ConversionSoftware": "dicm2nii.m 20180808",
    "DeviceSerialNumber": "167032",
    "EchoTime": 0.00334,
    "FlipAngle": 7,
    "ImageType": [
      "ORIGINAL",
      "PRIMARY",
      "M",
      "ND"
    ],
    "InstitutionAddress": "Queen Square 12,London,Southeast,GB,WC1N 3BG",
    "InstitutionName": "Functional Imaging Laboratory",
    "InversionTime": 1.1,
    "MRAcquisitionType": "3D",
    "Manufacturer": "SIEMENS",
    "Modality": "MR",
    "PatientName": "MP03063",
    "PatientPosition": "HFS",
    "PhaseEncodingDirection": "j-",
    "RepetitionTime": 2.53,
    "ScanOptions": "IR",
    "ScanningSequence": "GR\\IR",
    "SequenceName": "*tfl3d1_16ns",
    "SequenceVariant": "SK\\SP\\MP",
    "SeriesDescription": "MPRAGE_64ch_Head",
    "SeriesNumber": 2,
    "SliceThickness": 1,
    "SoftwareVersion": "syngo MR E11",
    "dataset": "ds004081",
    "modality": "T1w",
    "subject_id": "MP03063"
  },
  "cjv": 0.47250456449434597,
  "cnr": 2.7535523048711203,
  "efc": 0.49124574717868497,
  "fber": 5226.15275849009,
  "fwhm_avg": 3.717303333333333,
  "fwhm_x": 3.75664,
  "fwhm_y": 3.77153,
  "fwhm_z": 3.62374,
  "icvs_csf": 0.18309492425555998,
  "icvs_gm": 0.40947296556293683,
  "icvs_wm": 0.40743211018150316,
  "inu_med": 1.0456618070602417,
  "inu_range": 0.7636409521102905,
  "provenance": {
    "md5sum": "cf4d20aa4033a271b7f0139c7a579bd9",
    "settings": {
      "testing": false
    },
    "software": "mriqc",
    "version": "23.0.1",
    "warnings": {
      "large_rot_frame": true,
      "small_air_mask": false
    },
    "webapi_port": null,
    "webapi_url": "https://mriqc.nimh.nih.gov/api/v1"
  },
  "qi_1": 0.0009168283288255105,
  "qi_2": 0.0007904341101836907,
  "rpve_csf": 28.054576611422558,
  "rpve_gm": 13.123833837656127,
  "rpve_wm": 15.441094593391654,
  "size_x": 176,
  "size_y": 256,
  "size_z": 256,
  "snr_csf": 1.0206711400598374,
  "snr_gm": 8.285882686730966,
  "snr_total": 7.349461887455036,
  "snr_wm": 12.741831835574306,
  "snrd_csf": 3.0726085960087395,
  "snrd_gm": 18.94530276263124,
  "snrd_total": 16.618657976038055,
  "snrd_wm": 27.838062569474182,
  "spacing_x": 1.0,
  "spacing_y": 1.0,
  "spacing_z": 1.0,
  "summary_bg_k": 285.2625472058521,
  "summary_bg_mad": 0.0,
  "summary_bg_mean": 8.655797013848881,
  "summary_bg_median": 0.0,
  "summary_bg_n": 2762446.0,
  "summary_bg_p05": 0.0,
  "summary_bg_p95": 27.22844898700714,
  "summary_bg_stdv": 23.53521700489964,
  "summary_csf_k": 4.90448087691698,
  "summary_csf_mad": 65.33855197161024,
  "summary_csf_mean": 142.1989160671367,
  "summary_csf_median": 110.38084600120783,
  "summary_csf_n": 21853.0,
  "summary_csf_p05": 34.59890845417977,
  "summary_csf_p95": 382.0667794495818,
  "summary_csf_stdv": 108.14288374521477,
  "summary_gm_k": 0.14813817282602715,
  "summary_gm_mad": 79.25888261802521,
  "summary_gm_mean": 682.4273614727955,
  "summary_gm_median": 680.5938606709242,
  "summary_gm_n": 20046.0,
  "summary_gm_p05": 551.0386704746634,
  "summary_gm_p95": 822.9857388325036,
  "summary_gm_stdv": 82.13692015540049,
  "summary_wm_k": 1.4435772405781533,
  "summary_wm_mad": 71.68970282903707,
  "summary_wm_mean": 1010.5267745314359,
  "summary_wm_median": 1000.0586802512407,
  "summary_wm_n": 223687.0,
  "summary_wm_p05": 902.7052387222648,
  "summary_wm_p95": 1152.6318857818842,
  "summary_wm_stdv": 78.48608094632407,
  "tpm_overlap_csf": 0.1675984903110393,
  "tpm_overlap_gm": 0.4511295820815981,
  "tpm_overlap_wm": 0.5024386282827978,
  "wm2max": 0.2724801739575339
}