{
  "aor": 0.0011896153846153844,
  "aqi": 0.002847826758241759,
  "bids_meta": {
    "AcquisitionDateTime": "20200121111337.930000",
    "ConversionSoftware": "dicm2nii.m 20180808",
    "DeviceSerialNumber": "167032",
    "EchoTime": 0.03,
    "EchoTime1": 0.03,
    "EchoTime2": 0.03,
    "EffectiveEchoSpacing": 0.00048611111,
    "FlipAngle": 90,
    "ImageType": [
      "ORIGINAL",
      "PRIMARY",
      "M",
      "ND",
      "MOSAIC"
    ],
    "InstitutionAddress": "Queen Square 12,London,Southeast,GB,WC1N 3BG",
    "InstitutionName": "FIL",
    "MRAcquisitionType": "2D",
    "Manufacturer": "SIEMENS",
    "Modality": "MR",
    "PatientName": "MP02936",
    "PatientPosition": "HFS",
    "PhaseEncodingDirection": "j-",
    "RepetitionTime": 3.36,
    "ScanOptions": "FS",
    "ScanningSequence": "RM",
    "SequenceName": "ep2dv2o2d1",
    "SequenceVariant": "SP\\OSP",
    "SeriesDescription": "nc_epi2d_v2o_3mm_OFC_64ch",
    "SeriesNumber": 10,
    "SliceThickness": 2.5,
    "SliceTiming": [
      0,
      0,
      0,
      0,
      0,
      0,
      0,
      0,
      0,
      0,
      0,
      0,
      0,
      0,
      0,
      0,
      0,
      0,
      0,
      0,
      0,
      0,
      0,
      0,
      0,
      0,
      0,
      0,
      0,
      0,
      0,
      0,
      0,
      0,
      0,
      0,
      0,
      0,
      0,
      0,
      0,
      0,
      0,
      0,
      0,
      0,
      0,
      0
    ],
    "SoftwareVersion": "syngo MR E11",
    "TotalReadoutTime": 0.030625,
    "dataset": "ds004081",
    "deltaTE": 0,
    "modality": "bold",
    "run_id": 3,
    "subject_id": "MP02936",
    "task_id": "unequalVariance"
  },
  "dummy_trs": 2,
  "dvars_nstd": 31.214275633977884,
  "dvars_std": 1.5295010932596682,
  "dvars_vstd": 0.9974770398342548,
  "efc": 0.6050103545786292,
  "fber": 170.7536163330078,
  "fd_mean": 0.07036364534860595,
  "fd_num": 2,
  "fd_perc": 1.098901098901099,
  "fwhm_avg": 2.4985500000000003,
  "fwhm_x": 2.3740466666666666,
  "fwhm_y": 2.5043133333333336,
  "fwhm_z": 2.61729,
  "gcor": 0.0112132,
  "gsr_x": 0.00039533787639811635,
  "gsr_y": 0.043705470860004425,
  "provenance": {
    "md5sum": "d4cee0653c2579a8344916127d015f6c",
    "settings": {
      "fd_thres": 0.2,
      "testing": false
    },
    "software": "mriqc",
    "version": "23.0.1",
    "webapi_port": null,
    "webapi_url": "https://mriqc.nimh.nih.gov/api/v1"
  },
  "size_t": 182,
  "size_x": 64,
  "size_y": 64,
  "size_z": 48,
  "snr": 2.5315215063494927,
  "spacing_tr": 3.359999895095825,
  "spacing_x": 3.0,
  "spacing_y": 3.0,
  "spacing_z": 3.0,
  "summary_bg_k": 35.622959502727234,
  "summary_bg_mad": 9.49027964047381,
  "summary_bg_mean": 89.09550476074219,
  "summary_bg_median": 55.71977996826172,
  "summary_bg_n": 107527.0,
  "summary_bg_p05": 48.516483306884766,
  "summary_bg_p95": 248.15989685058588,
  "summary_bg_stdv": 89.84535217285156,
  "summary_fg_k": 0.4207575322241044,
  "summary_fg_mad": 300.7890784576723,
  "summary_fg_mean": 802.6449584960938,
  "summary_fg_median": 753.6593627929688,
  "summary_fg_n": 43353.0,
  "summary_fg_p05": 411.19012451171875,
  "summary_fg_p95": 1355.5835449218753,
  "summary_fg_stdv": 297.70660400390625,
  "tsnr": 77.85367119172588
}