{
  "aor": 0.004020670391061453,
  "aqi": 0.00827139720670391,
  "bids_meta": {
    "AcquisitionDateTime": "20201125105331.077500",
    "ConversionSoftware": "dicm2nii.m 20180808",
    "DeviceSerialNumber": "167032",
    "EchoTime": 0.03,
    "FlipAngle": 90,
    "ImageType": [
      "ORIGINAL",
      "PRIMARY",
      "M",
      "ND",
      "MOSAIC"
    ],
    "InstitutionAddress": "Queen Square 12,London,Southeast,GB,WC1N 3BG",
    "InstitutionName": "Functional Imaging Laboratory",
    "MRAcquisitionType": "2D",
    "Manufacturer": "SIEMENS",
    "Modality": "MR",
    "PatientName": "MP03057",
    "PatientPosition": "HFS",
    "PhaseEncodingDirection": "j-",
    "RepetitionTime": 3.36,
    "ScanOptions": "FS",
    "ScanningSequence": "RM",
    "SequenceName": "ep2dv2o2d1",
    "SequenceVariant": "SP\\OSP",
    "SeriesDescription": "nc_epi2d_v2o_3mm_OFC_64ch",
    "SeriesNumber": 10,
    "SliceThickness": 2.5,
    "SliceTiming": [
      0,
      0.07,
      0.14,
      0.21,
      0.28,
      0.35,
      0.42,
      0.49,
      0.56,
      0.63,
      0.7,
      0.77,
      0.84,
      0.91,
      0.98,
      1.05,
      1.12,
      1.19,
      1.26,
      1.33,
      1.4,
      1.47,
      1.54,
      1.61,
      1.68,
      1.75,
      1.82,
      1.89,
      1.96,
      2.03,
      2.1,
      2.17,
      2.24,
      2.31,
      2.38,
      2.45,
      2.52,
      2.59,
      2.66,
      2.73,
      2.8,
      2.87,
      2.94,
      3.01,
      3.08,
      3.15,
      3.22,
      3.29
    ],
    "SoftwareVersion": "syngo MR E11",
    "dataset": "ds004081",
    "modality": "bold",
    "run_id": 1,
    "subject_id": "MP03057",
    "task_id": "unequalVariance"
  },
  "dummy_trs": 5,
  "dvars_nstd": 28.039711534887644,
  "dvars_std": 1.2488887480898878,
  "dvars_vstd": 0.9414784080898879,
  "efc": 0.6271345451970286,
  "fber": 141.9662322998047,
  "fd_mean": 0.055463405235636004,
  "fd_num": 2,
  "fd_perc": 1.1173184357541899,
  "fwhm_avg": 2.4551377777777774,
  "fwhm_x": 2.3011466666666665,
  "fwhm_y": 2.489666666666667,
  "fwhm_z": 2.5745999999999998,
  "gcor": 0.00621532,
  "gsr_x": 0.010692061856389046,
  "gsr_y": 0.06473968178033829,
  "provenance": {
    "md5sum": "cded61bfddd1ce8d2691e1bd0e603371",
    "settings": {
      "fd_thres": 0.2,
      "testing": false
    },
    "software": "mriqc",
    "version": "23.0.1",
    "webapi_port": null,
    "webapi_url": "https://mriqc.nimh.nih.gov/api/v1"
  },
  "size_t": 179,
  "size_x": 64,
  "size_y": 64,
  "size_z": 48,
  "snr": 2.3528017492480626,
  "spacing_tr": 3.359999895095825,
  "spacing_x": 3.0,
  "spacing_y": 3.0,
  "spacing_z": 3.0,
  "summary_bg_k": 31.919048133539093,
  "summary_bg_mad": 12.9044318470505,
  "summary_bg_mean": 101.24200439453125,
  "summary_bg_median": 58.078208923339844,
  "summary_bg_n": 101647.0,
  "summary_bg_p05": 47.379886627197266,
  "summary_bg_p95": 318.9977569580075,
  "summary_bg_stdv": 117.53678131103516,
  "summary_fg_k": 1.233407305938564,
  "summary_fg_mad": 281.98014640039855,
  "summary_fg_mean": 778.1203002929688,
  "summary_fg_median": 717.7569580078125,
  "summary_fg_n": 47670.0,
  "summary_fg_p05": 397.65585937500003,
  "summary_fg_p95": 1360.1351196289056,
  "summary_fg_stdv": 305.06158447265625,
  "tsnr": 47.024794805562124
}