{
  "bids_meta": {
    "AcquisitionDateTime": "20201028102453.152500",
    "ConversionSoftware": "dicm2nii.m 20180808",
    "DeviceSerialNumber": "167032",
    "EchoTime": 0.00334,
    "FlipAngle": 7,
    "ImageType": [
      "ORIGINAL",
      "PRIMARY",
      "M",
      "ND"
    ],
    "InstitutionAddress": "Queen Square 12,London,Southeast,GB,WC1N 3BG",
    "InstitutionName": "Functional Imaging Laboratory",
    "InversionTime": 1.1,
    "MRAcquisitionType": "3D",
    "Manufacturer": "SIEMENS",
    "Modality": "MR",
    "PatientName": "MP03041",
    "PatientPosition": "HFS",
    "PhaseEncodingDirection": "j-",
    "RepetitionTime": 2.53,
    "ScanOptions": "IR",
    "ScanningSequence": "GR\\IR",
    "SequenceName": "*tfl3d1_16ns",
    "SequenceVariant": "SK\\SP\\MP",
    "SeriesDescription": "MPRAGE_64ch_Head",
    "SeriesNumber": 2,
    "SliceThickness": 1,
    "SoftwareVersion": "syngo MR E11",
    "dataset": "ds004081",
    "modality": "T1w",
    "subject_id": "MP03041"
  },
  "cjv": 0.47421811048173207,
  "cnr": 2.8296727339329273,
  "efc": 0.5278969463848436,
  "fber": 11897.153635116598,
  "fwhm_avg": 4.392006666666667,
  "fwhm_x": 4.40243,
  "fwhm_y": 4.52012,
  "fwhm_z": 4.25347,
  "icvs_csf": 0.15560847867700306,
  "icvs_gm": 0.41888849965036806,
  "icvs_wm": 0.4255030216726289,
  "inu_med": 0.9927567839622498,
  "inu_range": 1.0568858504295342,
  "provenance": {
    "md5sum": "1b2fb683a01222ef236b6b8e2d0b88c8",
    "settings": {
      "testing": false
    },
    "software": "mriqc",
    "version": "23.0.1",
    "warnings": {
      "large_rot_frame": true,
      "small_air_mask": false
    },
    "webapi_port": null,
    "webapi_url": "https://mriqc.nimh.nih.gov/api/v1"
  },
  "qi_1": 0.0,
  "qi_2": 0.0032130428749195267,
  "rpve_csf": 28.930427053452387,
  "rpve_gm": 11.855806320015608,
  "rpve_wm": 13.602232043594528,
  "size_x": 176,
  "size_y": 256,
  "size_z": 256,
  "snr_csf": 1.0185632972440162,
  "snr_gm": 8.63775304837334,
  "snr_total": 7.147838799229892,
  "snr_wm": 11.78720005207232,
  "snrd_csf": 12.832536200030402,
  "snrd_gm": 53.23306841913752,
  "snrd_total": 48.38088426238753,
  "snrd_wm": 79.07704816799469,
  "spacing_x": 1.0,
  "spacing_y": 1.0,
  "spacing_z": 1.0,
  "summary_bg_k": 2.679213540015784,
  "summary_bg_mad": 0.0,
  "summary_bg_mean": 6.33560086742265,
  "summary_bg_median": 0.0,
  "summary_bg_n": 2555325.0,
  "summary_bg_p05": 0.0,
  "summary_bg_p95": 22.21536612510681,
  "summary_bg_stdv": 8.285637993724922,
  "summary_csf_k": 6.82751890055418,
  "summary_csf_mad": 137.76932370673515,
  "summary_csf_mean": 209.85462218065268,
  "summary_csf_median": 162.29559141397476,
  "summary_csf_n": 15469.0,
  "summary_csf_p05": 35.07148078083992,
  "summary_csf_p95": 498.29271916449045,
  "summary_csf_stdv": 159.33260695234668,
  "summary_gm_k": 0.2195748572546008,
  "summary_gm_mad": 74.86966014389259,
  "summary_gm_mean": 676.4880993026711,
  "summary_gm_median": 673.2490122914314,
  "summary_gm_n": 33660.0,
  "summary_gm_p05": 553.887701381743,
  "summary_gm_p95": 810.5034635789692,
  "summary_gm_stdv": 77.94145163896387,
  "summary_wm_k": 0.5749416591307308,
  "summary_wm_mad": 80.13035927823942,
  "summary_wm_mean": 1012.0081259592255,
  "summary_wm_median": 1000.10287129879,
  "summary_wm_n": 268405.0,
  "summary_wm_p05": 894.3741843700409,
  "summary_wm_p95": 1170.7806494683027,
  "summary_wm_stdv": 84.84635908704095,
  "tpm_overlap_csf": 0.1573897827393801,
  "tpm_overlap_gm": 0.4426095683147408,
  "tpm_overlap_wm": 0.4901444503784378,
  "wm2max": 0.3795324148159713
}