{
  "aor": 0.001118232044198895,
  "aqi": 0.003105525690607735,
  "bids_meta": {
    "AcquisitionDateTime": "20210623161022.365000",
    "ConversionSoftware": "dicm2nii.m 20180808",
    "DeviceSerialNumber": "167032",
    "EchoTime": 0.03,
    "EchoTime1": 0.03,
    "EchoTime2": 0.03,
    "EffectiveEchoSpacing": 0.00048611111,
    "FlipAngle": 90,
    "ImageType": [
      "ORIGINAL",
      "PRIMARY",
      "M",
      "ND",
      "MOSAIC"
    ],
    "InstitutionAddress": "Queen Square 12,London,Southeast,GB,WC1N 3BG",
    "InstitutionName": "FIL",
    "MRAcquisitionType": "2D",
    "Manufacturer": "SIEMENS",
    "Modality": "MR",
    "PatientName": "MP03153",
    "PatientPosition": "HFS",
    "PhaseEncodingDirection": "j-",
    "RepetitionTime": 3.36,
    "ScanOptions": "FS",
    "ScanningSequence": "RM",
    "SequenceName": "ep2dv2o2d1",
    "SequenceVariant": "SP\\OSP",
    "SeriesDescription": "nc_epi2d_v2o_3mm_OFC_64ch",
    "SeriesNumber": 10,
    "SliceThickness": 2.5,
    "SliceTiming": [
      0,
      0,
      0,
      0,
      0,
      0,
      0,
      0,
      0,
      0,
      0,
      0,
      0,
      0,
      0,
      0,
      0,
      0,
      0,
      0,
      0,
      0,
      0,
      0,
      0,
      0,
      0,
      0,
      0,
      0,
      0,
      0,
      0,
      0,
      0,
      0,
      0,
      0,
      0,
      0,
      0,
      0,
      0,
      0,
      0,
      0,
      0,
      0
    ],
    "SoftwareVersion": "syngo MR E11",
    "TotalReadoutTime": 0.030625,
    "dataset": "ds004081",
    "deltaTE": 0,
    "modality": "bold",
    "run_id": 4,
    "subject_id": "MP03153",
    "task_id": "unequalVariance"
  },
  "dummy_trs": 3,
  "dvars_nstd": 28.49273329866666,
  "dvars_std": 1.206097222833333,
  "dvars_vstd": 0.992351471555556,
  "efc": 0.5874080955033412,
  "fber": 142.01995849609375,
  "fd_mean": 0.10887427298853648,
  "fd_num": 7,
  "fd_perc": 3.867403314917127,
  "fwhm_avg": 2.58604,
  "fwhm_x": 2.44258,
  "fwhm_y": 2.6163266666666667,
  "fwhm_z": 2.6992133333333332,
  "gcor": 0.0113435,
  "gsr_x": 0.019002828747034073,
  "gsr_y": 0.0357835590839386,
  "provenance": {
    "md5sum": "b4a519ff38f7f975d7c8c3e08f5a1145",
    "settings": {
      "fd_thres": 0.2,
      "testing": false
    },
    "software": "mriqc",
    "version": "23.0.1",
    "webapi_port": null,
    "webapi_url": "https://mriqc.nimh.nih.gov/api/v1"
  },
  "size_t": 181,
  "size_x": 64,
  "size_y": 64,
  "size_z": 48,
  "snr": 2.091161829325061,
  "spacing_tr": 3.359999895095825,
  "spacing_x": 3.0,
  "spacing_y": 3.0,
  "spacing_z": 3.0,
  "summary_bg_k": 30.244752969615917,
  "summary_bg_mad": 13.978235958577482,
  "summary_bg_mean": 101.1243667602539,
  "summary_bg_median": 59.770721435546875,
  "summary_bg_n": 112664.0,
  "summary_bg_p05": 49.44751739501953,
  "summary_bg_p95": 294.6881271362303,
  "summary_bg_stdv": 114.14110565185547,
  "summary_fg_k": 3.169919824596879,
  "summary_fg_mad": 290.3443521474567,
  "summary_fg_mean": 821.778076171875,
  "summary_fg_median": 740.0884399414062,
  "summary_fg_n": 38963.0,
  "summary_fg_p05": 420.1392303466797,
  "summary_fg_p95": 1516.8735107421878,
  "summary_fg_stdv": 353.90802001953125,
  "tsnr": 71.29383219592273
}