{
  "aor": 0.004974696132596686,
  "aqi": 0.00860563585635359,
  "bids_meta": {
    "AcquisitionDateTime": "20210623155812.465000",
    "ConversionSoftware": "dicm2nii.m 20180808",
    "DeviceSerialNumber": "167032",
    "EchoTime": 0.03,
    "EchoTime1": 0.03,
    "EchoTime2": 0.03,
    "EffectiveEchoSpacing": 0.00048611111,
    "FlipAngle": 90,
    "ImageType": [
      "ORIGINAL",
      "PRIMARY",
      "M",
      "ND",
      "MOSAIC"
    ],
    "InstitutionAddress": "Queen Square 12,London,Southeast,GB,WC1N 3BG",
    "InstitutionName": "FIL",
    "MRAcquisitionType": "2D",
    "Manufacturer": "SIEMENS",
    "Modality": "MR",
    "PatientName": "MP03153",
    "PatientPosition": "HFS",
    "PhaseEncodingDirection": "j-",
    "RepetitionTime": 3.36,
    "ScanOptions": "FS",
    "ScanningSequence": "RM",
    "SequenceName": "ep2dv2o2d1",
    "SequenceVariant": "SP\\OSP",
    "SeriesDescription": "nc_epi2d_v2o_3mm_OFC_64ch",
    "SeriesNumber": 9,
    "SliceThickness": 2.5,
    "SliceTiming": [
      0,
      0,
      0,
      0,
      0,
      0,
      0,
      0,
      0,
      0,
      0,
      0,
      0,
      0,
      0,
      0,
      0,
      0,
      0,
      0,
      0,
      0,
      0,
      0,
      0,
      0,
      0,
      0,
      0,
      0,
      0,
      0,
      0,
      0,
      0,
      0,
      0,
      0,
      0,
      0,
      0,
      0,
      0,
      0,
      0,
      0,
      0,
      0
    ],
    "SoftwareVersion": "syngo MR E11",
    "TotalReadoutTime": 0.030625,
    "dataset": "ds004081",
    "deltaTE": 0,
    "modality": "bold",
    "run_id": 3,
    "subject_id": "MP03153",
    "task_id": "unequalVariance"
  },
  "dummy_trs": 3,
  "dvars_nstd": 30.129774782222235,
  "dvars_std": 1.1043054982777776,
  "dvars_vstd": 0.9668600231666665,
  "efc": 0.5862245802948628,
  "fber": 139.39410400390625,
  "fd_mean": 0.13510061990775044,
  "fd_num": 13,
  "fd_perc": 7.18232044198895,
  "fwhm_avg": 2.5910744444444447,
  "fwhm_x": 2.4449033333333334,
  "fwhm_y": 2.631816666666667,
  "fwhm_z": 2.6965033333333337,
  "gcor": 0.00406604,
  "gsr_x": 0.017008470371365547,
  "gsr_y": 0.04238171502947807,
  "provenance": {
    "md5sum": "f020c632d5cc000a8bcdb54deb1a1017",
    "settings": {
      "fd_thres": 0.2,
      "testing": false
    },
    "software": "mriqc",
    "version": "23.0.1",
    "webapi_port": null,
    "webapi_url": "https://mriqc.nimh.nih.gov/api/v1"
  },
  "size_t": 181,
  "size_x": 64,
  "size_y": 64,
  "size_z": 48,
  "snr": 2.082255212349229,
  "spacing_tr": 3.359999895095825,
  "spacing_x": 3.0,
  "spacing_y": 3.0,
  "spacing_z": 3.0,
  "summary_bg_k": 36.75140360387561,
  "summary_bg_mad": 16.521594638013095,
  "summary_bg_mean": 97.61336517333984,
  "summary_bg_median": 60.099449157714844,
  "summary_bg_n": 111208.0,
  "summary_bg_p05": 44.83425521850586,
  "summary_bg_p95": 269.19863739013664,
  "summary_bg_stdv": 108.3736572265625,
  "summary_fg_k": 3.119053271427725,
  "summary_fg_mad": 289.8774193198512,
  "summary_fg_mean": 824.03955078125,
  "summary_fg_median": 739.8011474609375,
  "summary_fg_n": 39417.0,
  "summary_fg_p05": 421.09503784179685,
  "summary_fg_p95": 1522.2365234374993,
  "summary_fg_stdv": 355.2839050292969,
  "tsnr": 42.148310533724725
}